{
  "aor": 0.0011737724550898204,
  "aqi": 0.007633594011976048,
  "bids_meta": {
    "AcquisitionMatrixPE": 84,
    "AcquisitionNumber": 1,
    "AcquisitionTime": "09:10:48.030000",
    "BandwidthPerPixelPhaseEncode": 15.664,
    "BaseResolution": 84,
    "BodyPartExamined": "BRAIN",
    "ConsistencyInfo": "N4_VE11B_LATEST_20150530",
    "ConversionSoftware": "dcm2niix",
    "ConversionSoftwareVersion": "v1.0.20181114  Clang4.0.1",
    "DerivedVendorReportedEchoSpacing": 0.000760008,
    "DeviceSerialNumber": "67007",
    "DwellTime": 3.8e-06,
    "EchoTime": 0.03,
    "EchoTrainLength": 74,
    "EffectiveEchoSpacing": 0.000760008,
    "FlipAngle": 40,
    "ImageComments": "Unaliased_MB4_PE3",
    "ImageOrientationPatientDICOM": [
      1,
      0,
      0,
      0,
      0.888617,
      -0.45865
    ],
    "ImageType": [
      "ORIGINAL",
      "PRIMARY",
      "M",
      "MB",
      "ND",
      "NORM",
      "MOSAIC"
    ],
    "ImagingFrequency": 123.211,
    "InPlanePhaseEncodingDirectionDICOM": "COL",
    "InstitutionAddress": "Perth_Drive_100_London_Ontario_CA_N6A_5K8",
    "InstitutionName": "Robarts_Research_Institute",
    "InstitutionalDepartmentName": "CFMM",
    "MRAcquisitionType": "2D",
    "MagneticFieldStrength": 3,
    "Manufacturer": "Siemens",
    "ManufacturersModelName": "Prisma_fit",
    "Modality": "MR",
    "MultibandAccelerationFactor": 4,
    "PartialFourier": 0.875,
    "PatientPosition": "HFS",
    "PercentPhaseFOV": 100,
    "PhaseEncodingDirection": "j-",
    "PhaseEncodingSteps": 74,
    "PhaseResolution": 1,
    "PixelBandwidth": 1565,
    "ProcedureStepDescription": "Ansari_ITG",
    "ProtocolName": "ep_bold_mb4_nfa_2.5iso",
    "PulseSequenceDetails": "%CustomerSeq%_cmrr_mbep2d_bold",
    "ReceiveCoilActiveElements": "HEA;HEP",
    "ReceiveCoilName": "Head_32",
    "ReconMatrixPE": 84,
    "RepetitionTime": 1,
    "SAR": 0.0578282,
    "ScanOptions": "PFP_FS",
    "ScanningSequence": "EP",
    "SequenceName": "epfid2d1_84",
    "SequenceVariant": "SK_SS",
    "SeriesDescription": "ep_bold_mb4_nfa_2.5iso",
    "SeriesNumber": 2,
    "ShimSetting": [
      5239,
      -6155,
      -3927,
      572,
      -65,
      -6,
      166,
      43
    ],
    "SliceThickness": 2.5,
    "SliceTiming": [
      0,
      0.4075,
      0.815,
      0.245,
      0.6525,
      0.08,
      0.49,
      0.8975,
      0.325,
      0.735,
      0.1625,
      0.57,
      0,
      0.4075,
      0.815,
      0.245,
      0.6525,
      0.08,
      0.49,
      0.8975,
      0.325,
      0.735,
      0.1625,
      0.57,
      0,
      0.4075,
      0.815,
      0.245,
      0.6525,
      0.08,
      0.49,
      0.8975,
      0.325,
      0.735,
      0.1625,
      0.57,
      0,
      0.4075,
      0.815,
      0.245,
      0.6525,
      0.08,
      0.49,
      0.8975,
      0.325,
      0.735,
      0.1625,
      0.57
    ],
    "SoftwareVersions": "syngo_MR_E11",
    "SpacingBetweenSlices": 2.5,
    "StationName": "MRC35368",
    "TaskName": "ChangeDetection",
    "TotalReadoutTime": 0.0630806,
    "TxRefAmp": 252.194,
    "WipMemBlock": "d3cde2b4-e8c5-4a7e-9054-e6860c758aea||Sequence: ve11b/master r/50434d5; Mar  3 2017 10:46:13 by eja",
    "dataset": "ds002033",
    "modality": "bold",
    "run_id": 1,
    "session_id": "01",
    "subject_id": "30",
    "task_id": "ChangeDetection"
  },
  "dummy_trs": 1,
  "dvars_nstd": 33.71890124201206,
  "dvars_std": 1.2202319446546563,
  "dvars_vstd": 1.0089119502102109,
  "efc": 0.5359525404242157,
  "fber": 3973.192138671875,
  "fd_mean": 0.16961601366185153,
  "fd_num": 97,
  "fd_perc": 29.04191616766467,
  "fwhm_avg": 1.932235980723038,
  "fwhm_x": 1.8471841630149193,
  "fwhm_y": 1.993763965669985,
  "fwhm_z": 1.9557598134842098,
  "gcor": 0.0147183,
  "gsr_x": -0.0242615994066,
  "gsr_y": 0.05313919484615326,
  "provenance": {
    "md5sum": "2ecb4944dc6244c1cdc91ca561248659",
    "settings": {
      "fd_thres": 0.2,
      "testing": false
    },
    "software": "mriqc",
    "version": "22.0.6",
    "webapi_port": null,
    "webapi_url": "https://mriqc.nimh.nih.gov/api/v1"
  },
  "size_t": 334,
  "size_x": 84,
  "size_y": 84,
  "size_z": 48,
  "snr": 4.466149872299524,
  "spacing_tr": 1.0,
  "spacing_x": 2.4761905670166016,
  "spacing_y": 2.4761908054351807,
  "spacing_z": 2.500000238418579,
  "summary_bg_k": 11.668219539726877,
  "summary_bg_mad": 43.79224199758656,
  "summary_bg_mean": 205.27517700195312,
  "summary_bg_median": 58.47735595703125,
  "summary_bg_n": 208122.0,
  "summary_bg_p05": 23.327127838134764,
  "summary_bg_p95": 942.7888061523427,
  "summary_bg_stdv": 339.2689208984375,
  "summary_fg_k": 2.7101972310792606,
  "summary_fg_mad": 763.5180627610175,
  "summary_fg_mean": 3971.1279296875,
  "summary_fg_median": 3837.3486328125,
  "summary_fg_n": 71370.0,
  "summary_fg_p05": 2882.08154296875,
  "summary_fg_p95": 5474.520678710937,
  "summary_fg_stdv": 859.2012939453125,
  "tsnr": 48.98223114013672
}