{
  "bids_meta": {
    "AcquisitionMatrixPE": 256,
    "AcquisitionNumber": 1,
    "AcquisitionTime": "13:59:17.312500",
    "BaseResolution": 256,
    "BodyPartExamined": "BRAIN",
    "ConsistencyInfo": "N4_VE11B_LATEST_20150530",
    "ConversionSoftware": "dcm2niix",
    "ConversionSoftwareVersion": "v1.0.20181114  Clang4.0.1",
    "DeviceSerialNumber": "67007",
    "DwellTime": 8.2e-06,
    "EchoTime": 0.00298,
    "FlipAngle": 9,
    "ImageOrientationPatientDICOM": [
      -0.00342423,
      0.999994,
      1.6745e-08,
      -0.0054058,
      -1.84941e-05,
      -0.999985
    ],
    "ImageType": [
      "ORIGINAL",
      "PRIMARY",
      "M",
      "ND",
      "NORM"
    ],
    "ImagingFrequency": 123.211,
    "InPlanePhaseEncodingDirectionDICOM": "ROW",
    "InstitutionAddress": "Perth_Drive_100_London_Ontario_CA_N6A_5K8",
    "InstitutionName": "Robarts_Research_Institute",
    "InstitutionalDepartmentName": "CFMM",
    "InversionTime": 0.9,
    "MRAcquisitionType": "3D",
    "MagneticFieldStrength": 3,
    "Manufacturer": "Siemens",
    "ManufacturersModelName": "Prisma_fit",
    "Modality": "MR",
    "PartialFourier": 1,
    "PatientPosition": "HFS",
    "PercentPhaseFOV": 100,
    "PhaseEncodingSteps": 255,
    "PhaseResolution": 1,
    "PixelBandwidth": 240,
    "ProcedureStepDescription": "Ansari_ITG",
    "ProtocolName": "mprage_sag_p2",
    "PulseSequenceDetails": "%SiemensSeq%_tfl",
    "ReceiveCoilActiveElements": "HEA;HEP;SP1",
    "ReceiveCoilName": "Spine_32",
    "ReconMatrixPE": 256,
    "RepetitionTime": 2.3,
    "SAR": 0.064766,
    "ScanOptions": "IR",
    "ScanningSequence": "GR_IR",
    "SequenceName": "_tfl3d1_16ns",
    "SequenceVariant": "SK_SP_MP",
    "SeriesDescription": "mprage_sag_p2",
    "SeriesNumber": 9,
    "ShimSetting": [
      5238,
      -6165,
      -3858,
      232,
      102,
      -130,
      -4,
      -10
    ],
    "SliceThickness": 1,
    "SoftwareVersions": "syngo_MR_E11",
    "StationName": "MRC35368",
    "TxRefAmp": 283.405,
    "dataset": "ds002033",
    "modality": "T1w",
    "session_id": "01",
    "subject_id": "19"
  },
  "cjv": 0.36883236690223453,
  "cnr": 3.6564530135132856,
  "efc": 0.5821104856527489,
  "fber": 13734.820888468812,
  "fwhm_avg": 3.748673333333334,
  "fwhm_x": 3.71801,
  "fwhm_y": 4.03544,
  "fwhm_z": 3.49257,
  "icvs_csf": 0.2145937069784885,
  "icvs_gm": 0.4478240190078237,
  "icvs_wm": 0.3375822740136878,
  "inu_med": 0.5158882737159729,
  "inu_range": 0.12056516855955124,
  "provenance": {
    "md5sum": "6519fd90e7a3cd5b15242361c5d254cc",
    "settings": {
      "testing": false
    },
    "software": "mriqc",
    "version": "22.0.6",
    "warnings": {
      "large_rot_frame": true,
      "small_air_mask": false
    },
    "webapi_port": null,
    "webapi_url": "https://mriqc.nimh.nih.gov/api/v1"
  },
  "qi_1": 0.0,
  "qi_2": 0.016300386553874245,
  "rpve_csf": 20.554262549483077,
  "rpve_gm": 10.34428332581649,
  "rpve_wm": 15.319045967948142,
  "size_x": 176,
  "size_y": 256,
  "size_z": 256,
  "snr_csf": 2.3966466983654335,
  "snr_gm": 11.048738077910913,
  "snr_total": 11.771016061528586,
  "snr_wm": 21.867663408309415,
  "snrd_csf": 21.062622244007276,
  "snrd_gm": 60.2474270349716,
  "snrd_total": 55.38115248425435,
  "snrd_wm": 84.83340817378416,
  "spacing_x": 1.0,
  "spacing_y": 1.0,
  "spacing_z": 1.0,
  "summary_bg_k": 12.363262755883499,
  "summary_bg_mad": 0.0,
  "summary_bg_mean": 4.560107968549205,
  "summary_bg_median": 0.0,
  "summary_bg_n": 2698471.0,
  "summary_bg_p05": 0.0,
  "summary_bg_p95": 20.987068861722946,
  "summary_bg_stdv": 7.722883922669809,
  "summary_csf_k": 1.8254304361208797,
  "summary_csf_mad": 79.69576462687193,
  "summary_csf_mean": 259.0836738394087,
  "summary_csf_median": 248.29056467860937,
  "summary_csf_n": 50219.0,
  "summary_csf_p05": 104.05185640975833,
  "summary_csf_p95": 460.05685951560736,
  "summary_csf_stdv": 103.59812013914916,
  "summary_gm_k": -0.027953863438479942,
  "summary_gm_mad": 64.33877219877193,
  "summary_gm_mean": 709.0010735316656,
  "summary_gm_median": 710.209180302918,
  "summary_gm_n": 48125.0,
  "summary_gm_p05": 602.0242253318429,
  "summary_gm_p95": 812.6666964814066,
  "summary_gm_stdv": 64.27899697321742,
  "summary_wm_k": 0.8660010409058434,
  "summary_wm_mad": 42.55793980074773,
  "summary_wm_mean": 1000.6036366221352,
  "summary_wm_median": 1000.0338312610984,
  "summary_wm_n": 215557.0,
  "summary_wm_p05": 927.5268933549523,
  "summary_wm_p95": 1075.3164782747626,
  "summary_wm_stdv": 45.731063851469855,
  "tpm_overlap_csf": 0.17271593004936714,
  "tpm_overlap_gm": 0.4694458113232851,
  "tpm_overlap_wm": 0.49526433158811195,
  "wm2max": 0.49056823087908075
}