{
  "bids_meta": {
    "AcquisitionMatrixPE": 224,
    "AcquisitionNumber": 1,
    "AcquisitionTime": "16:25:49.140000",
    "BaseResolution": 256,
    "BodyPartExamined": "BRAIN",
    "ConsistencyInfo": "N4_VE11B_LATEST_20150530",
    "ConversionSoftware": "dcm2niix",
    "ConversionSoftwareVersion": "v1.0.20181114  Clang4.0.1",
    "DeviceSerialNumber": "67007",
    "DwellTime": 8.2e-06,
    "EchoTime": 0.00298,
    "FlipAngle": 9,
    "ImageOrientationPatientDICOM": [
      -0.0313442,
      0.999509,
      1.83494e-08,
      -0.00365953,
      -0.000114743,
      -0.999993
    ],
    "ImageType": [
      "ORIGINAL",
      "PRIMARY",
      "M",
      "ND",
      "NORM"
    ],
    "ImagingFrequency": 123.211,
    "InPlanePhaseEncodingDirectionDICOM": "ROW",
    "InstitutionAddress": "Perth_Drive_100_London_Ontario_CA_N6A_5K8",
    "InstitutionName": "Robarts_Research_Institute",
    "InstitutionalDepartmentName": "CFMM",
    "InversionTime": 0.9,
    "MRAcquisitionType": "3D",
    "MagneticFieldStrength": 3,
    "Manufacturer": "Siemens",
    "ManufacturersModelName": "Prisma_fit",
    "Modality": "MR",
    "PartialFourier": 1,
    "PatientPosition": "HFS",
    "PercentPhaseFOV": 87.5,
    "PhaseEncodingSteps": 223,
    "PhaseResolution": 1,
    "PixelBandwidth": 240,
    "ProcedureStepDescription": "Ansari_ITG",
    "ProtocolName": "mprage_sag_p2",
    "PulseSequenceDetails": "%SiemensSeq%_tfl",
    "ReceiveCoilActiveElements": "HEA;HEP",
    "ReceiveCoilName": "Head_32",
    "ReconMatrixPE": 256,
    "RepetitionTime": 2.3,
    "SAR": 0.0530612,
    "ScanOptions": "IR",
    "ScanningSequence": "GR_IR",
    "SequenceName": "_tfl3d1_16ns",
    "SequenceVariant": "SK_SP_MP",
    "SeriesDescription": "mprage_sag_p2",
    "SeriesNumber": 6,
    "ShimSetting": [
      5241,
      -6188,
      -3913,
      402,
      23,
      -190,
      44,
      -7
    ],
    "SliceThickness": 1,
    "SoftwareVersions": "syngo_MR_E11",
    "StationName": "MRC35368",
    "TxRefAmp": 251.587,
    "dataset": "ds002033",
    "modality": "T1w",
    "session_id": "01",
    "subject_id": "17"
  },
  "cjv": 0.36388765457141614,
  "cnr": 3.6786660997461134,
  "efc": 0.5774418518502716,
  "fber": 16059.947484377502,
  "fwhm_avg": 3.6447266666666667,
  "fwhm_x": 3.59173,
  "fwhm_y": 3.77295,
  "fwhm_z": 3.5695,
  "icvs_csf": 0.21056038220080195,
  "icvs_gm": 0.43705597464972334,
  "icvs_wm": 0.3523836431494747,
  "inu_med": 0.46289075911045074,
  "inu_range": 0.11743132621049873,
  "provenance": {
    "md5sum": "1100ecf2b0db029a4178adec8cd38191",
    "settings": {
      "testing": false
    },
    "software": "mriqc",
    "version": "22.0.6",
    "warnings": {
      "large_rot_frame": true,
      "small_air_mask": false
    },
    "webapi_port": null,
    "webapi_url": "https://mriqc.nimh.nih.gov/api/v1"
  },
  "qi_1": 0.0,
  "qi_2": 0.01633273721033087,
  "rpve_csf": 20.359831385276102,
  "rpve_gm": 10.226592739610956,
  "rpve_wm": 14.432593241739552,
  "size_x": 176,
  "size_y": 224,
  "size_z": 256,
  "snr_csf": 2.1104329028295568,
  "snr_gm": 10.258237118272321,
  "snr_total": 12.026528126302297,
  "snr_wm": 23.710914357805013,
  "snrd_csf": 28.538797186897284,
  "snrd_gm": 82.42630359848881,
  "snrd_total": 76.05977802907718,
  "snrd_wm": 117.21423330184545,
  "spacing_x": 1.0,
  "spacing_y": 1.0,
  "spacing_z": 1.0,
  "summary_bg_k": 15.772592867248708,
  "summary_bg_mad": 0.0,
  "summary_bg_mean": 3.216918085603346,
  "summary_bg_median": 0.0,
  "summary_bg_n": 2358499.0,
  "summary_bg_p05": 0.0,
  "summary_bg_p95": 13.559025806564366,
  "summary_bg_stdv": 5.589222180797432,
  "summary_csf_k": 2.2988066988103437,
  "summary_csf_mad": 95.7219323330171,
  "summary_csf_mean": 261.1633580284778,
  "summary_csf_median": 243.47552395239472,
  "summary_csf_n": 40408.0,
  "summary_csf_p05": 98.10292312502861,
  "summary_csf_p95": 480.4615115905183,
  "summary_csf_stdv": 115.36614639250422,
  "summary_gm_k": 0.00967123044710183,
  "summary_gm_mad": 68.01022573227891,
  "summary_gm_mean": 704.613989199129,
  "summary_gm_median": 703.2106968164444,
  "summary_gm_n": 36494.0,
  "summary_gm_p05": 592.413437111117,
  "summary_gm_p95": 818.9917107895017,
  "summary_gm_stdv": 68.54989351833771,
  "summary_wm_k": 0.6308931414721086,
  "summary_wm_mad": 39.987733636953024,
  "summary_wm_mean": 1000.3429867599506,
  "summary_wm_median": 999.9999888204038,
  "summary_wm_n": 210265.0,
  "summary_wm_p05": 932.2572651952505,
  "summary_wm_p95": 1069.4196854904294,
  "summary_wm_stdv": 42.17456972665407,
  "tpm_overlap_csf": 0.1578826250631792,
  "tpm_overlap_gm": 0.47766441446781555,
  "tpm_overlap_wm": 0.5143872420823253,
  "wm2max": 0.49414128889701125
}