{
  "bids_meta": {
    "AcquisitionMatrixPE": 248,
    "AcquisitionNumber": 1,
    "AcquisitionTime": "15:04:28.225000",
    "BaseResolution": 256,
    "BodyPartExamined": "BRAIN",
    "ConsistencyInfo": "N4_VE11B_LATEST_20150530",
    "ConversionSoftware": "dcm2niix",
    "ConversionSoftwareVersion": "v1.0.20181114  Clang4.0.1",
    "DeviceSerialNumber": "67007",
    "DwellTime": 8.2e-06,
    "EchoTime": 0.00298,
    "FlipAngle": 9,
    "ImageOrientationPatientDICOM": [
      -0.0313563,
      0.999508,
      1.44024e-08,
      -0.0280664,
      -0.000880478,
      -0.999606
    ],
    "ImageType": [
      "ORIGINAL",
      "PRIMARY",
      "M",
      "ND",
      "NORM"
    ],
    "ImagingFrequency": 123.211,
    "InPlanePhaseEncodingDirectionDICOM": "ROW",
    "InstitutionAddress": "Perth_Drive_100_London_Ontario_CA_N6A_5K8",
    "InstitutionName": "Robarts_Research_Institute",
    "InstitutionalDepartmentName": "CFMM",
    "InversionTime": 0.9,
    "MRAcquisitionType": "3D",
    "MagneticFieldStrength": 3,
    "Manufacturer": "Siemens",
    "ManufacturersModelName": "Prisma_fit",
    "Modality": "MR",
    "PartialFourier": 1,
    "PatientPosition": "HFS",
    "PercentPhaseFOV": 96.875,
    "PhaseEncodingSteps": 247,
    "PhaseResolution": 1,
    "PixelBandwidth": 240,
    "ProcedureStepDescription": "Ansari_ITG",
    "ProtocolName": "mprage_sag_p2",
    "PulseSequenceDetails": "%SiemensSeq%_tfl",
    "ReceiveCoilActiveElements": "HEA;HEP",
    "ReceiveCoilName": "Head_32",
    "ReconMatrixPE": 256,
    "RepetitionTime": 2.3,
    "SAR": 0.0802651,
    "ScanOptions": "IR",
    "ScanningSequence": "GR_IR",
    "SequenceName": "_tfl3d1_16ns",
    "SequenceVariant": "SK_SP_MP",
    "SeriesDescription": "mprage_sag_p2",
    "SeriesNumber": 4,
    "ShimSetting": [
      5256,
      -6215,
      -3875,
      343,
      49,
      -82,
      143,
      -40
    ],
    "SliceThickness": 1,
    "SoftwareVersions": "syngo_MR_E11",
    "StationName": "MRC35368",
    "TxRefAmp": 293.257,
    "dataset": "ds002033",
    "modality": "T1w",
    "session_id": "01",
    "subject_id": "40"
  },
  "cjv": 0.354325138366114,
  "cnr": 3.704020539263393,
  "efc": 0.5877810229160908,
  "fber": 25410.910464,
  "fwhm_avg": 3.70904,
  "fwhm_x": 3.66038,
  "fwhm_y": 3.92941,
  "fwhm_z": 3.53733,
  "icvs_csf": 0.20349947554736209,
  "icvs_gm": 0.4276015984447254,
  "icvs_wm": 0.36889892600791246,
  "inu_med": 0.44988688826560974,
  "inu_range": 0.12335063815116876,
  "provenance": {
    "md5sum": "ecb5eccf3317169720ba6bf48a40c434",
    "settings": {
      "testing": false
    },
    "software": "mriqc",
    "version": "22.0.6",
    "warnings": {
      "large_rot_frame": true,
      "small_air_mask": false
    },
    "webapi_port": null,
    "webapi_url": "https://mriqc.nimh.nih.gov/api/v1"
  },
  "qi_1": 0.01576856369423425,
  "qi_2": 0.023037285069405635,
  "rpve_csf": 21.350894193665223,
  "rpve_gm": 10.846156196468735,
  "rpve_wm": 14.717146472887036,
  "size_x": 176,
  "size_y": 248,
  "size_z": 256,
  "snr_csf": 2.5023524863544027,
  "snr_gm": 10.093539298901385,
  "snr_total": 12.571984616974872,
  "snr_wm": 25.120062065668826,
  "snrd_csf": 42.49028619741374,
  "snrd_gm": 116.11874957641768,
  "snrd_total": 107.95842554556157,
  "snrd_wm": 165.26624086285324,
  "spacing_x": 1.0,
  "spacing_y": 1.0,
  "spacing_z": 1.0,
  "summary_bg_k": 22.2017002914679,
  "summary_bg_mad": 0.0,
  "summary_bg_mean": 1.924921426261729,
  "summary_bg_median": 0.0,
  "summary_bg_n": 2184716.0,
  "summary_bg_p05": 0.0,
  "summary_bg_p95": 7.1785798370838165,
  "summary_bg_stdv": 3.964127142572509,
  "summary_csf_k": 1.7814171840470268,
  "summary_csf_mad": 84.18545467558532,
  "summary_csf_mean": 273.05232049768045,
  "summary_csf_median": 257.1020276248455,
  "summary_csf_n": 42003.0,
  "summary_csf_p05": 129.99693629145622,
  "summary_csf_p95": 466.471602588892,
  "summary_csf_stdv": 102.74290632067303,
  "summary_gm_k": 0.06381570872789055,
  "summary_gm_mad": 68.1957667593717,
  "summary_gm_mean": 703.8968127696869,
  "summary_gm_median": 702.6162596940994,
  "summary_gm_n": 43759.0,
  "summary_gm_p05": 590.5147404372692,
  "summary_gm_p95": 820.8416859209538,
  "summary_gm_stdv": 69.6096988968103,
  "summary_wm_k": 0.6994655219856019,
  "summary_wm_mad": 37.174763388799505,
  "summary_wm_mean": 1001.1581614468222,
  "summary_wm_median": 999.999986499548,
  "summary_wm_n": 255986.0,
  "summary_wm_p05": 938.3186346292496,
  "summary_wm_p95": 1068.4176360368729,
  "summary_wm_stdv": 39.80874054576999,
  "tpm_overlap_csf": 0.16016362818586866,
  "tpm_overlap_gm": 0.455741614789811,
  "tpm_overlap_wm": 0.5194609936908064,
  "wm2max": 0.4997024872069499
}