{
  "aor": 0.0009782634730538921,
  "aqi": 0.005577356257485031,
  "bids_meta": {
    "AcquisitionMatrixPE": 84,
    "AcquisitionNumber": 1,
    "AcquisitionTime": "14:13:21.605000",
    "BandwidthPerPixelPhaseEncode": 15.664,
    "BaseResolution": 84,
    "BodyPartExamined": "BRAIN",
    "ConsistencyInfo": "N4_VE11B_LATEST_20150530",
    "ConversionSoftware": "dcm2niix",
    "ConversionSoftwareVersion": "v1.0.20181114  Clang4.0.1",
    "DerivedVendorReportedEchoSpacing": 0.000760008,
    "DeviceSerialNumber": "67007",
    "DwellTime": 3.8e-06,
    "EchoTime": 0.03,
    "EchoTrainLength": 74,
    "EffectiveEchoSpacing": 0.000760008,
    "FlipAngle": 40,
    "ImageComments": "Unaliased_MB4_PE3",
    "ImageOrientationPatientDICOM": [
      0.997768,
      0.0193445,
      0.063916,
      -4.05195e-08,
      0.957124,
      -0.289678
    ],
    "ImageType": [
      "ORIGINAL",
      "PRIMARY",
      "M",
      "MB",
      "ND",
      "NORM",
      "MOSAIC"
    ],
    "ImagingFrequency": 123.211,
    "InPlanePhaseEncodingDirectionDICOM": "COL",
    "InstitutionAddress": "Perth_Drive_100_London_Ontario_CA_N6A_5K8",
    "InstitutionName": "Robarts_Research_Institute",
    "InstitutionalDepartmentName": "CFMM",
    "MRAcquisitionType": "2D",
    "MagneticFieldStrength": 3,
    "Manufacturer": "Siemens",
    "ManufacturersModelName": "Prisma_fit",
    "Modality": "MR",
    "MultibandAccelerationFactor": 4,
    "PartialFourier": 0.875,
    "PatientPosition": "HFS",
    "PercentPhaseFOV": 100,
    "PhaseEncodingDirection": "j-",
    "PhaseEncodingSteps": 74,
    "PhaseResolution": 1,
    "PixelBandwidth": 1565,
    "ProcedureStepDescription": "Ansari_ITG",
    "ProtocolName": "ep_bold_mb4_nfa_2.5iso",
    "PulseSequenceDetails": "%CustomerSeq%_cmrr_mbep2d_bold",
    "ReceiveCoilActiveElements": "HEA;HEP",
    "ReceiveCoilName": "Head_32",
    "ReconMatrixPE": 84,
    "RepetitionTime": 1,
    "SAR": 0.0518769,
    "ScanOptions": "PFP_FS",
    "ScanningSequence": "EP",
    "SequenceName": "epfid2d1_84",
    "SequenceVariant": "SK_SS",
    "SeriesDescription": "ep_bold_mb4_nfa_2.5iso",
    "SeriesNumber": 4,
    "ShimSetting": [
      5286,
      -6134,
      -4062,
      508,
      -20,
      574,
      231,
      13
    ],
    "SliceThickness": 2.5,
    "SliceTiming": [
      0,
      0.4075,
      0.8175,
      0.245,
      0.6525,
      0.0825,
      0.49,
      0.8975,
      0.3275,
      0.735,
      0.1625,
      0.5725,
      0,
      0.4075,
      0.8175,
      0.245,
      0.6525,
      0.0825,
      0.49,
      0.8975,
      0.3275,
      0.735,
      0.1625,
      0.5725,
      0,
      0.4075,
      0.8175,
      0.245,
      0.6525,
      0.0825,
      0.49,
      0.8975,
      0.3275,
      0.735,
      0.1625,
      0.5725,
      0,
      0.4075,
      0.8175,
      0.245,
      0.6525,
      0.0825,
      0.49,
      0.8975,
      0.3275,
      0.735,
      0.1625,
      0.5725
    ],
    "SoftwareVersions": "syngo_MR_E11",
    "SpacingBetweenSlices": 2.5,
    "StationName": "MRC35368",
    "TaskName": "ChangeDetection",
    "TotalReadoutTime": 0.0630806,
    "TxRefAmp": 236.775,
    "WipMemBlock": "77bebc54-fb1a-4807-bfd6-9becd745c350||Sequence: ve11b/master r/50434d5; Mar  3 2017 10:46:13 by eja",
    "dataset": "ds002033",
    "modality": "bold",
    "run_id": 2,
    "session_id": "01",
    "subject_id": "15",
    "task_id": "ChangeDetection"
  },
  "dummy_trs": 1,
  "dvars_nstd": 24.490587824774774,
  "dvars_std": 1.1364203341741739,
  "dvars_vstd": 1.0188256349249252,
  "efc": 0.5564919576576733,
  "fber": 4781.38037109375,
  "fd_mean": 0.14470921034100515,
  "fd_num": 87,
  "fd_perc": 26.047904191616766,
  "fwhm_avg": 1.8718776850236407,
  "fwhm_x": 1.7480559214172835,
  "fwhm_y": 2.0085853109409144,
  "fwhm_z": 1.8589918227127245,
  "gcor": 0.0162225,
  "gsr_x": -0.020630154758691788,
  "gsr_y": 0.029725797474384308,
  "provenance": {
    "md5sum": "8697c8ca8587e6f055ec30d4ff8e662d",
    "settings": {
      "fd_thres": 0.2,
      "testing": false
    },
    "software": "mriqc",
    "version": "22.0.6",
    "webapi_port": null,
    "webapi_url": "https://mriqc.nimh.nih.gov/api/v1"
  },
  "size_t": 334,
  "size_x": 84,
  "size_y": 84,
  "size_z": 48,
  "snr": 5.404421572935059,
  "spacing_tr": 1.0,
  "spacing_x": 2.4761908054351807,
  "spacing_y": 2.4761905670166016,
  "spacing_z": 2.500000238418579,
  "summary_bg_k": 23.312582905614164,
  "summary_bg_mad": 2.5917530842837766,
  "summary_bg_mean": 10.489505767822266,
  "summary_bg_median": 3.469296932220459,
  "summary_bg_n": 193321.0,
  "summary_bg_p05": 1.1456172466278076,
  "summary_bg_p95": 42.53483200073242,
  "summary_bg_stdv": 19.56385612487793,
  "summary_fg_k": 3.246607207993228,
  "summary_fg_mad": 43.56645033968327,
  "summary_fg_mean": 257.5935974121094,
  "summary_fg_median": 252.80783081054688,
  "summary_fg_n": 83696.0,
  "summary_fg_p05": 194.69970703125,
  "summary_fg_p95": 334.2075653076172,
  "summary_fg_stdv": 46.77768325805664,
  "tsnr": 62.81072998046875
}