{
  "aor": 0.0019521194029850746,
  "aqi": 0.006230769671641791,
  "bids_meta": {
    "AcquisitionMatrixPE": 84,
    "AcquisitionNumber": 1,
    "AcquisitionTime": "14:25:29.152500",
    "BandwidthPerPixelPhaseEncode": 15.664,
    "BaseResolution": 84,
    "BodyPartExamined": "BRAIN",
    "ConsistencyInfo": "N4_VE11B_LATEST_20150530",
    "ConversionSoftware": "dcm2niix",
    "ConversionSoftwareVersion": "v1.0.20181114  Clang4.0.1",
    "DerivedVendorReportedEchoSpacing": 0.000760008,
    "DeviceSerialNumber": "67007",
    "DwellTime": 3.8e-06,
    "EchoTime": 0.03,
    "EchoTrainLength": 74,
    "EffectiveEchoSpacing": 0.000760008,
    "FlipAngle": 40,
    "ImageComments": "Unaliased_MB4_PE3",
    "ImageOrientationPatientDICOM": [
      0.997768,
      0.0193445,
      0.063916,
      -4.05195e-08,
      0.957124,
      -0.289678
    ],
    "ImageType": [
      "ORIGINAL",
      "PRIMARY",
      "M",
      "MB",
      "ND",
      "NORM",
      "MOSAIC"
    ],
    "ImagingFrequency": 123.211,
    "InPlanePhaseEncodingDirectionDICOM": "COL",
    "InstitutionAddress": "Perth_Drive_100_London_Ontario_CA_N6A_5K8",
    "InstitutionName": "Robarts_Research_Institute",
    "InstitutionalDepartmentName": "CFMM",
    "MRAcquisitionType": "2D",
    "MagneticFieldStrength": 3,
    "Manufacturer": "Siemens",
    "ManufacturersModelName": "Prisma_fit",
    "Modality": "MR",
    "MultibandAccelerationFactor": 4,
    "PartialFourier": 0.875,
    "PatientPosition": "HFS",
    "PercentPhaseFOV": 100,
    "PhaseEncodingDirection": "j-",
    "PhaseEncodingSteps": 74,
    "PhaseResolution": 1,
    "PixelBandwidth": 1565,
    "ProcedureStepDescription": "Ansari_ITG",
    "ProtocolName": "ep_bold_mb4_nfa_2.5iso",
    "PulseSequenceDetails": "%CustomerSeq%_cmrr_mbep2d_bold",
    "ReceiveCoilActiveElements": "HEA;HEP",
    "ReceiveCoilName": "Head_32",
    "ReconMatrixPE": 84,
    "RepetitionTime": 1,
    "SAR": 0.0518769,
    "ScanOptions": "PFP_FS",
    "ScanningSequence": "EP",
    "SequenceName": "epfid2d1_84",
    "SequenceVariant": "SK_SS",
    "SeriesDescription": "ep_bold_mb4_nfa_2.5iso",
    "SeriesNumber": 7,
    "ShimSetting": [
      5286,
      -6134,
      -4062,
      508,
      -20,
      574,
      231,
      13
    ],
    "SliceThickness": 2.5,
    "SliceTiming": [
      0,
      0.4075,
      0.815,
      0.245,
      0.6525,
      0.08,
      0.49,
      0.8975,
      0.325,
      0.7325,
      0.1625,
      0.57,
      0,
      0.4075,
      0.815,
      0.245,
      0.6525,
      0.08,
      0.49,
      0.8975,
      0.325,
      0.7325,
      0.1625,
      0.57,
      0,
      0.4075,
      0.815,
      0.245,
      0.6525,
      0.08,
      0.49,
      0.8975,
      0.325,
      0.7325,
      0.1625,
      0.57,
      0,
      0.4075,
      0.815,
      0.245,
      0.6525,
      0.08,
      0.49,
      0.8975,
      0.325,
      0.7325,
      0.1625,
      0.57
    ],
    "SoftwareVersions": "syngo_MR_E11",
    "SpacingBetweenSlices": 2.5,
    "StationName": "MRC35368",
    "TaskName": "ChangeDetection",
    "TotalReadoutTime": 0.0630806,
    "TxRefAmp": 236.775,
    "WipMemBlock": "4ef627e7-6ff5-4cba-bc69-08e390212b39||Sequence: ve11b/master r/50434d5; Mar  3 2017 10:46:13 by eja",
    "dataset": "ds002033",
    "modality": "bold",
    "run_id": 3,
    "session_id": "01",
    "subject_id": "15",
    "task_id": "ChangeDetection"
  },
  "dummy_trs": 0,
  "dvars_nstd": 24.404397901556884,
  "dvars_std": 1.1298963718263488,
  "dvars_vstd": 1.016396898413173,
  "efc": 0.5569271208054936,
  "fber": 4845.626953125,
  "fd_mean": 0.14320580533116795,
  "fd_num": 75,
  "fd_perc": 22.388059701492537,
  "fwhm_avg": 1.8804932355446666,
  "fwhm_x": 1.756577074130429,
  "fwhm_y": 2.0171428106270275,
  "fwhm_z": 1.867759821876543,
  "gcor": 0.0174111,
  "gsr_x": -0.020921630784869194,
  "gsr_y": 0.030156036838889122,
  "provenance": {
    "md5sum": "9a9745356bc62a0c72e4517de6ae2356",
    "settings": {
      "fd_thres": 0.2,
      "testing": false
    },
    "software": "mriqc",
    "version": "22.0.6",
    "webapi_port": null,
    "webapi_url": "https://mriqc.nimh.nih.gov/api/v1"
  },
  "size_t": 335,
  "size_x": 84,
  "size_y": 84,
  "size_z": 48,
  "snr": 5.411206714439994,
  "spacing_tr": 1.0,
  "spacing_x": 2.4761908054351807,
  "spacing_y": 2.4761905670166016,
  "spacing_z": 2.500000238418579,
  "summary_bg_k": 22.794513712558665,
  "summary_bg_mad": 2.5856154357916736,
  "summary_bg_mean": 10.560528755187988,
  "summary_bg_median": 3.4500091075897217,
  "summary_bg_n": 193289.0,
  "summary_bg_p05": 1.143455934524536,
  "summary_bg_p95": 43.18905868530279,
  "summary_bg_stdv": 19.633134841918945,
  "summary_fg_k": 3.25437422823061,
  "summary_fg_mad": 43.525797321698434,
  "summary_fg_mean": 257.8792724609375,
  "summary_fg_median": 252.9781494140625,
  "summary_fg_n": 83726.0,
  "summary_fg_p05": 194.67883682250977,
  "summary_fg_p95": 334.1414489746094,
  "summary_fg_stdv": 46.75050354003906,
  "tsnr": 60.245182037353516
}