{
  "aor": 0.0011066767371601207,
  "aqi": 0.010080755589123866,
  "bids_meta": {
    "AcquisitionMatrixPE": 84,
    "AcquisitionNumber": 1,
    "AcquisitionTime": "12:40:31.697500",
    "BandwidthPerPixelPhaseEncode": 15.664,
    "BaseResolution": 84,
    "BodyPartExamined": "BRAIN",
    "ConsistencyInfo": "N4_VE11B_LATEST_20150530",
    "ConversionSoftware": "dcm2niix",
    "ConversionSoftwareVersion": "v1.0.20181114  Clang4.0.1",
    "DerivedVendorReportedEchoSpacing": 0.000760008,
    "DeviceSerialNumber": "67007",
    "DwellTime": 3.8e-06,
    "EchoTime": 0.03,
    "EchoTrainLength": 74,
    "EffectiveEchoSpacing": 0.000760008,
    "FlipAngle": 40,
    "ImageComments": "Unaliased_MB4_PE3",
    "ImageOrientationPatientDICOM": [
      0.999681,
      0.0107605,
      0.0228582,
      -4.2534e-08,
      0.904763,
      -0.425915
    ],
    "ImageType": [
      "ORIGINAL",
      "PRIMARY",
      "M",
      "MB",
      "ND",
      "NORM",
      "MOSAIC"
    ],
    "ImagingFrequency": 123.211,
    "InPlanePhaseEncodingDirectionDICOM": "COL",
    "InstitutionAddress": "Perth_Drive_100_London_Ontario_CA_N6A_5K8",
    "InstitutionName": "Robarts_Research_Institute",
    "InstitutionalDepartmentName": "CFMM",
    "MRAcquisitionType": "2D",
    "MagneticFieldStrength": 3,
    "Manufacturer": "Siemens",
    "ManufacturersModelName": "Prisma_fit",
    "Modality": "MR",
    "MultibandAccelerationFactor": 4,
    "PartialFourier": 0.875,
    "PatientPosition": "HFS",
    "PercentPhaseFOV": 100,
    "PhaseEncodingDirection": "j-",
    "PhaseEncodingSteps": 74,
    "PhaseResolution": 1,
    "PixelBandwidth": 1565,
    "ProcedureStepDescription": "Ansari_ITG",
    "ProtocolName": "ep_bold_mb4_nfa_2.5iso",
    "PulseSequenceDetails": "%CustomerSeq%_cmrr_mbep2d_bold",
    "ReceiveCoilActiveElements": "HEA;HEP",
    "ReceiveCoilName": "Head_32",
    "ReconMatrixPE": 84,
    "RepetitionTime": 1,
    "SAR": 0.0499071,
    "ScanOptions": "PFP_FS",
    "ScanningSequence": "EP",
    "SequenceName": "epfid2d1_84",
    "SequenceVariant": "SK_SS",
    "SeriesDescription": "ep_bold_mb4_nfa_2.5iso",
    "SeriesNumber": 4,
    "ShimSetting": [
      5247,
      -6204,
      -3962,
      712,
      98,
      -63,
      -50,
      18
    ],
    "SliceThickness": 2.5,
    "SliceTiming": [
      0,
      0.4075,
      0.8175,
      0.245,
      0.6525,
      0.0825,
      0.49,
      0.8975,
      0.3275,
      0.735,
      0.1625,
      0.5725,
      0,
      0.4075,
      0.8175,
      0.245,
      0.6525,
      0.0825,
      0.49,
      0.8975,
      0.3275,
      0.735,
      0.1625,
      0.5725,
      0,
      0.4075,
      0.8175,
      0.245,
      0.6525,
      0.0825,
      0.49,
      0.8975,
      0.3275,
      0.735,
      0.1625,
      0.5725,
      0,
      0.4075,
      0.8175,
      0.245,
      0.6525,
      0.0825,
      0.49,
      0.8975,
      0.3275,
      0.735,
      0.1625,
      0.5725
    ],
    "SoftwareVersions": "syngo_MR_E11",
    "SpacingBetweenSlices": 2.5,
    "StationName": "MRC35368",
    "TaskName": "ChangeDetection",
    "TotalReadoutTime": 0.0630806,
    "TxRefAmp": 247.419,
    "WipMemBlock": "8493479f-5dd5-4a24-9787-23f3d08d5806||Sequence: ve11b/master r/50434d5; Mar  3 2017 10:46:13 by eja",
    "dataset": "ds002033",
    "modality": "bold",
    "run_id": 2,
    "session_id": "01",
    "subject_id": "24",
    "task_id": "ChangeDetection"
  },
  "dummy_trs": 4,
  "dvars_nstd": 23.965968617606055,
  "dvars_std": 1.067724524030303,
  "dvars_vstd": 0.9868294426363637,
  "efc": 0.5099607345374583,
  "fber": 4636.11181640625,
  "fd_mean": 0.13387275171551324,
  "fd_num": 56,
  "fd_perc": 16.91842900302115,
  "fwhm_avg": 1.960640336415205,
  "fwhm_x": 1.859622624097141,
  "fwhm_y": 2.0826183851484745,
  "fwhm_z": 1.9396799999999998,
  "gcor": 0.00712747,
  "gsr_x": -0.01544165425002575,
  "gsr_y": 0.02747022919356823,
  "provenance": {
    "md5sum": "ea99dba50f0390c651617369426ed45f",
    "settings": {
      "fd_thres": 0.2,
      "testing": false
    },
    "software": "mriqc",
    "version": "22.0.6",
    "webapi_port": null,
    "webapi_url": "https://mriqc.nimh.nih.gov/api/v1"
  },
  "size_t": 331,
  "size_x": 84,
  "size_y": 84,
  "size_z": 48,
  "snr": 5.386632725410016,
  "spacing_tr": 1.0,
  "spacing_x": 2.4761905670166016,
  "spacing_y": 2.4761905670166016,
  "spacing_z": 2.5,
  "summary_bg_k": 25.153127050881665,
  "summary_bg_mad": 1.9871871963634418,
  "summary_bg_mean": 8.465027809143066,
  "summary_bg_median": 2.9799768924713135,
  "summary_bg_n": 214606.0,
  "summary_bg_p05": 1.080762356519699,
  "summary_bg_p95": 34.91778564453125,
  "summary_bg_stdv": 15.667975425720215,
  "summary_fg_k": 4.489936209147674,
  "summary_fg_mad": 32.9524835021752,
  "summary_fg_mean": 212.7845001220703,
  "summary_fg_median": 207.84376525878906,
  "summary_fg_n": 66902.0,
  "summary_fg_p05": 163.85902786254883,
  "summary_fg_p95": 277.76961822509764,
  "summary_fg_stdv": 38.58481216430664,
  "tsnr": 52.62027359008789
}