{
  "aor": 0.0008241515151515152,
  "aqi": 0.008828932121212121,
  "bids_meta": {
    "AcquisitionMatrixPE": 84,
    "AcquisitionNumber": 1,
    "AcquisitionTime": "15:10:21.607500",
    "BandwidthPerPixelPhaseEncode": 15.664,
    "BaseResolution": 84,
    "BodyPartExamined": "BRAIN",
    "ConsistencyInfo": "N4_VE11B_LATEST_20150530",
    "ConversionSoftware": "dcm2niix",
    "ConversionSoftwareVersion": "v1.0.20181114  Clang4.0.1",
    "DerivedVendorReportedEchoSpacing": 0.000760008,
    "DeviceSerialNumber": "67007",
    "DwellTime": 3.8e-06,
    "EchoTime": 0.03,
    "EchoTrainLength": 74,
    "EffectiveEchoSpacing": 0.000760008,
    "FlipAngle": 40,
    "ImageComments": "Unaliased_MB4_PE3",
    "ImageOrientationPatientDICOM": [
      1,
      0,
      0,
      0,
      0.980615,
      -0.195946
    ],
    "ImageType": [
      "ORIGINAL",
      "PRIMARY",
      "M",
      "MB",
      "ND",
      "NORM",
      "MOSAIC"
    ],
    "ImagingFrequency": 123.211,
    "InPlanePhaseEncodingDirectionDICOM": "COL",
    "InstitutionAddress": "Perth_Drive_100_London_Ontario_CA_N6A_5K8",
    "InstitutionName": "Robarts_Research_Institute",
    "InstitutionalDepartmentName": "CFMM",
    "MRAcquisitionType": "2D",
    "MagneticFieldStrength": 3,
    "Manufacturer": "Siemens",
    "ManufacturersModelName": "Prisma_fit",
    "Modality": "MR",
    "MultibandAccelerationFactor": 4,
    "PartialFourier": 0.875,
    "PatientPosition": "HFS",
    "PercentPhaseFOV": 100,
    "PhaseEncodingDirection": "j-",
    "PhaseEncodingSteps": 74,
    "PhaseResolution": 1,
    "PixelBandwidth": 1565,
    "ProcedureStepDescription": "Ansari_ITG",
    "ProtocolName": "ep_bold_mb4_nfa_2.5iso",
    "PulseSequenceDetails": "%CustomerSeq%_cmrr_mbep2d_bold",
    "ReceiveCoilActiveElements": "HEA;HEP",
    "ReceiveCoilName": "Head_32",
    "ReconMatrixPE": 84,
    "RepetitionTime": 1,
    "SAR": 0.0861105,
    "ScanOptions": "PFP_FS",
    "ScanningSequence": "EP",
    "SequenceName": "epfid2d1_84",
    "SequenceVariant": "SK_SS",
    "SeriesDescription": "ep_bold_mb4_nfa_2.5iso",
    "SeriesNumber": 5,
    "ShimSetting": [
      5261,
      -6237,
      -3851,
      470,
      26,
      107,
      249,
      -40
    ],
    "SliceThickness": 2.5,
    "SliceTiming": [
      0,
      0.4075,
      0.815,
      0.245,
      0.6525,
      0.08,
      0.49,
      0.8975,
      0.325,
      0.735,
      0.1625,
      0.57,
      0,
      0.4075,
      0.815,
      0.245,
      0.6525,
      0.08,
      0.49,
      0.8975,
      0.325,
      0.735,
      0.1625,
      0.57,
      0,
      0.4075,
      0.815,
      0.245,
      0.6525,
      0.08,
      0.49,
      0.8975,
      0.325,
      0.735,
      0.1625,
      0.57,
      0,
      0.4075,
      0.815,
      0.245,
      0.6525,
      0.08,
      0.49,
      0.8975,
      0.325,
      0.735,
      0.1625,
      0.57
    ],
    "SoftwareVersions": "syngo_MR_E11",
    "SpacingBetweenSlices": 2.5,
    "StationName": "MRC35368",
    "TaskName": "ChangeDetection",
    "TotalReadoutTime": 0.0630806,
    "TxRefAmp": 293.257,
    "WipMemBlock": "503cc4ca-89bf-42e8-b971-e3a03df5a573||Sequence: ve11b/master r/50434d5; Mar  3 2017 10:46:13 by eja",
    "dataset": "ds002033",
    "modality": "bold",
    "run_id": 3,
    "session_id": "01",
    "subject_id": "40",
    "task_id": "ChangeDetection"
  },
  "dummy_trs": 5,
  "dvars_nstd": 24.776746564072962,
  "dvars_std": 1.0804250168996965,
  "dvars_vstd": 0.971138262097264,
  "efc": 0.5881616080896545,
  "fber": 2882.451416015625,
  "fd_mean": 0.14418853242698648,
  "fd_num": 69,
  "fd_perc": 20.90909090909091,
  "fwhm_avg": 2.232311021446264,
  "fwhm_x": 2.0851626158243834,
  "fwhm_y": 2.4522264485144087,
  "fwhm_z": 2.159544,
  "gcor": 0.00591111,
  "gsr_x": -0.02475532330572605,
  "gsr_y": 0.06444530189037323,
  "provenance": {
    "md5sum": "ad604b38bddbbaa7a8ee406d6588a5db",
    "settings": {
      "fd_thres": 0.2,
      "testing": false
    },
    "software": "mriqc",
    "version": "22.0.6",
    "webapi_port": null,
    "webapi_url": "https://mriqc.nimh.nih.gov/api/v1"
  },
  "size_t": 330,
  "size_x": 84,
  "size_y": 84,
  "size_z": 48,
  "snr": 4.074669372977205,
  "spacing_tr": 1.0,
  "spacing_x": 2.4761905670166016,
  "spacing_y": 2.4761905670166016,
  "spacing_z": 2.5,
  "summary_bg_k": 12.511369936929027,
  "summary_bg_mad": 54.697112907133274,
  "summary_bg_mean": 250.91226196289062,
  "summary_bg_median": 67.22296142578125,
  "summary_bg_n": 188490.0,
  "summary_bg_p05": 25.492534255981447,
  "summary_bg_p95": 1084.9280761718744,
  "summary_bg_stdv": 413.1383056640625,
  "summary_fg_k": 3.5209286141109555,
  "summary_fg_mad": 809.9109158728006,
  "summary_fg_mean": 3929.544677734375,
  "summary_fg_median": 3782.257568359375,
  "summary_fg_n": 89719.0,
  "summary_fg_p05": 2762.04306640625,
  "summary_fg_p95": 5551.844628906248,
  "summary_fg_stdv": 928.2315063476562,
  "tsnr": 47.38954544067383
}