{
  "bids_meta": {
    "AcquisitionMatrixPE": 256,
    "AcquisitionNumber": 1,
    "AcquisitionTime": "12:11:6.722500",
    "BaseResolution": 256,
    "BodyPartExamined": "BRAIN",
    "ConsistencyInfo": "N4_VE11B_LATEST_20150530",
    "ConversionSoftware": "dcm2niix",
    "ConversionSoftwareVersion": "v1.0.20181114  Clang4.0.1",
    "DeviceSerialNumber": "67007",
    "DwellTime": 8.2e-06,
    "EchoTime": 0.00298,
    "FlipAngle": 9,
    "ImageOrientationPatientDICOM": [
      0,
      1,
      0,
      0,
      0,
      -1
    ],
    "ImageType": [
      "ORIGINAL",
      "PRIMARY",
      "M",
      "ND",
      "NORM"
    ],
    "ImagingFrequency": 123.211,
    "InPlanePhaseEncodingDirectionDICOM": "ROW",
    "InstitutionAddress": "Perth_Drive_100_London_Ontario_CA_N6A_5K8",
    "InstitutionName": "Robarts_Research_Institute",
    "InstitutionalDepartmentName": "CFMM",
    "InversionTime": 0.9,
    "MRAcquisitionType": "3D",
    "MagneticFieldStrength": 3,
    "Manufacturer": "Siemens",
    "ManufacturersModelName": "Prisma_fit",
    "Modality": "MR",
    "PartialFourier": 1,
    "PatientPosition": "HFS",
    "PercentPhaseFOV": 100,
    "PhaseEncodingSteps": 255,
    "PhaseResolution": 1,
    "PixelBandwidth": 240,
    "ProcedureStepDescription": "Ansari_ITG",
    "ProtocolName": "mprage_sag_p2",
    "PulseSequenceDetails": "%SiemensSeq%_tfl",
    "ReceiveCoilActiveElements": "HEA;HEP;SP1",
    "ReceiveCoilName": "Spine_32",
    "ReconMatrixPE": 256,
    "RepetitionTime": 2.3,
    "SAR": 0.0710522,
    "ScanOptions": "IR",
    "ScanningSequence": "GR_IR",
    "SequenceName": "_tfl3d1_16ns",
    "SequenceVariant": "SK_SP_MP",
    "SeriesDescription": "mprage_sag_p2",
    "SeriesNumber": 2,
    "ShimSetting": [
      5239,
      -6150,
      -3907,
      313,
      4,
      -179,
      -60,
      -4
    ],
    "SliceThickness": 1,
    "SoftwareVersions": "syngo_MR_E11",
    "StationName": "MRC35368",
    "TxRefAmp": 268.367,
    "dataset": "ds002033",
    "modality": "T1w",
    "session_id": "01",
    "subject_id": "03"
  },
  "cjv": 0.3279253182803031,
  "cnr": 3.9702921917942398,
  "efc": 0.5497082003198246,
  "fber": 17966.940441482715,
  "fwhm_avg": 3.93118,
  "fwhm_x": 3.86213,
  "fwhm_y": 4.1882,
  "fwhm_z": 3.74321,
  "icvs_csf": 0.22206783191168059,
  "icvs_gm": 0.4492186313017178,
  "icvs_wm": 0.3287135367866016,
  "inu_med": 0.43972885608673096,
  "inu_range": 0.0950492843985557,
  "provenance": {
    "md5sum": "47245636bf7a3e79457e8e3982efd92e",
    "settings": {
      "testing": false
    },
    "software": "mriqc",
    "version": "22.0.6",
    "warnings": {
      "large_rot_frame": true,
      "small_air_mask": false
    },
    "webapi_port": null,
    "webapi_url": "https://mriqc.nimh.nih.gov/api/v1"
  },
  "qi_1": 0.038274618985734386,
  "qi_2": 0.025561319794448156,
  "rpve_csf": 19.208822294266852,
  "rpve_gm": 10.057593604117411,
  "rpve_wm": 15.526578336685604,
  "size_x": 176,
  "size_y": 256,
  "size_z": 256,
  "snr_csf": 2.6572760642304827,
  "snr_gm": 11.976474545203702,
  "snr_total": 12.966368571174563,
  "snr_wm": 24.2653551040895,
  "snrd_csf": 21.781583076975068,
  "snrd_gm": 63.83993260148547,
  "snrd_total": 58.4497984598765,
  "snrd_wm": 89.72787970116896,
  "spacing_x": 1.0,
  "spacing_y": 1.0,
  "spacing_z": 1.0,
  "summary_bg_k": 667.1867583481667,
  "summary_bg_mad": 0.0,
  "summary_bg_mean": 2.4683805570095334,
  "summary_bg_median": 0.0,
  "summary_bg_n": 2160551.0,
  "summary_bg_p05": 0.0,
  "summary_bg_p95": 12.293916523456573,
  "summary_bg_stdv": 7.301369171744747,
  "summary_csf_k": 2.4535419041343154,
  "summary_csf_mad": 62.95159119826669,
  "summary_csf_mean": 255.4976770867925,
  "summary_csf_median": 242.75155401229858,
  "summary_csf_n": 63944.0,
  "summary_csf_p05": 131.11142188310623,
  "summary_csf_p95": 441.82950254827733,
  "summary_csf_stdv": 91.35281768993447,
  "summary_gm_k": 0.2484012090004959,
  "summary_gm_mad": 56.314017565646104,
  "summary_gm_mean": 709.4758735461656,
  "summary_gm_median": 711.4837701320648,
  "summary_gm_n": 52032.0,
  "summary_gm_p05": 608.4422732591629,
  "summary_gm_p95": 804.9832690790295,
  "summary_gm_stdv": 59.40620759732846,
  "summary_wm_k": 0.8395423886004076,
  "summary_wm_mad": 38.29774627710451,
  "summary_wm_mean": 1000.8887804663092,
  "summary_wm_median": 999.9999613761902,
  "summary_wm_n": 228402.0,
  "summary_wm_p05": 935.3343157783152,
  "summary_wm_p95": 1069.1088273823261,
  "summary_wm_stdv": 41.21092677035084,
  "tpm_overlap_csf": 0.1610728670300483,
  "tpm_overlap_gm": 0.450221186986332,
  "tpm_overlap_wm": 0.46269325184748755,
  "wm2max": 0.5107247849598955
}