{
  "aor": 0.00027792792792792793,
  "aqi": 0.0048460334234234235,
  "bids_meta": {
    "AcquisitionMatrixPE": 84,
    "AcquisitionNumber": 1,
    "AcquisitionTime": "11:07:24.202500",
    "BandwidthPerPixelPhaseEncode": 15.664,
    "BaseResolution": 84,
    "BodyPartExamined": "BRAIN",
    "ConsistencyInfo": "N4_VE11B_LATEST_20150530",
    "ConversionSoftware": "dcm2niix",
    "ConversionSoftwareVersion": "v1.0.20181114  Clang4.0.1",
    "DerivedVendorReportedEchoSpacing": 0.000760008,
    "DeviceSerialNumber": "67007",
    "DwellTime": 3.8e-06,
    "EchoTime": 0.03,
    "EchoTrainLength": 74,
    "EffectiveEchoSpacing": 0.000760008,
    "FlipAngle": 40,
    "ImageComments": "Unaliased_MB4_PE3",
    "ImageOrientationPatientDICOM": [
      0.999783,
      0.00228469,
      0.0206902,
      3.22249e-08,
      0.993958,
      -0.109758
    ],
    "ImageType": [
      "ORIGINAL",
      "PRIMARY",
      "M",
      "MB",
      "ND",
      "NORM",
      "MOSAIC"
    ],
    "ImagingFrequency": 123.211,
    "InPlanePhaseEncodingDirectionDICOM": "COL",
    "InstitutionAddress": "Perth_Drive_100_London_Ontario_CA_N6A_5K8",
    "InstitutionName": "Robarts_Research_Institute",
    "InstitutionalDepartmentName": "CFMM",
    "MRAcquisitionType": "2D",
    "MagneticFieldStrength": 3,
    "Manufacturer": "Siemens",
    "ManufacturersModelName": "Prisma_fit",
    "Modality": "MR",
    "MultibandAccelerationFactor": 4,
    "PartialFourier": 0.875,
    "PatientPosition": "HFS",
    "PercentPhaseFOV": 100,
    "PhaseEncodingDirection": "j-",
    "PhaseEncodingSteps": 74,
    "PhaseResolution": 1,
    "PixelBandwidth": 1565,
    "ProcedureStepDescription": "Ansari_ITG",
    "ProtocolName": "ep_bold_mb4_nfa_2.5iso",
    "PulseSequenceDetails": "%CustomerSeq%_cmrr_mbep2d_bold",
    "ReceiveCoilActiveElements": "HEA;HEP",
    "ReceiveCoilName": "Head_32",
    "ReconMatrixPE": 84,
    "RepetitionTime": 1,
    "SAR": 0.0528301,
    "ScanOptions": "PFP_FS",
    "ScanningSequence": "EP",
    "SequenceName": "epfid2d1_84",
    "SequenceVariant": "SK_SS",
    "SeriesDescription": "ep_bold_mb4_nfa_2.5iso",
    "SeriesNumber": 6,
    "ShimSetting": [
      5237,
      -6293,
      -3926,
      379,
      72,
      118,
      70,
      30
    ],
    "SliceThickness": 2.5,
    "SliceTiming": [
      0,
      0.4075,
      0.815,
      0.245,
      0.6525,
      0.08,
      0.49,
      0.8975,
      0.325,
      0.735,
      0.1625,
      0.57,
      0,
      0.4075,
      0.815,
      0.245,
      0.6525,
      0.08,
      0.49,
      0.8975,
      0.325,
      0.735,
      0.1625,
      0.57,
      0,
      0.4075,
      0.815,
      0.245,
      0.6525,
      0.08,
      0.49,
      0.8975,
      0.325,
      0.735,
      0.1625,
      0.57,
      0,
      0.4075,
      0.815,
      0.245,
      0.6525,
      0.08,
      0.49,
      0.8975,
      0.325,
      0.735,
      0.1625,
      0.57
    ],
    "SoftwareVersions": "syngo_MR_E11",
    "SpacingBetweenSlices": 2.5,
    "StationName": "MRC35368",
    "TaskName": "ChangeDetection",
    "TotalReadoutTime": 0.0630806,
    "TxRefAmp": 238.715,
    "WipMemBlock": "e6c22c65-529c-475b-9744-6d1f439eb45e||Sequence: ve11b/master r/50434d5; Mar  3 2017 10:46:13 by eja",
    "dataset": "ds002033",
    "modality": "bold",
    "run_id": 4,
    "session_id": "01",
    "subject_id": "32",
    "task_id": "ChangeDetection"
  },
  "dummy_trs": 2,
  "dvars_nstd": 25.706166583433767,
  "dvars_std": 1.1757455317168664,
  "dvars_vstd": 0.9842284246385535,
  "efc": 0.5327182713775069,
  "fber": 3539.60498046875,
  "fd_mean": 0.0827212044256559,
  "fd_num": 6,
  "fd_perc": 1.8018018018018018,
  "fwhm_avg": 1.981274183818936,
  "fwhm_x": 1.8675541622677523,
  "fwhm_y": 2.11434857629231,
  "fwhm_z": 1.9619198128967463,
  "gcor": 0.05899,
  "gsr_x": -0.005719348322600126,
  "gsr_y": 0.023896856233477592,
  "provenance": {
    "md5sum": "edbf1af004ed16eae454a8738b34f4cf",
    "settings": {
      "fd_thres": 0.2,
      "testing": false
    },
    "software": "mriqc",
    "version": "22.0.6",
    "webapi_port": null,
    "webapi_url": "https://mriqc.nimh.nih.gov/api/v1"
  },
  "size_t": 333,
  "size_x": 84,
  "size_y": 84,
  "size_z": 48,
  "snr": 4.752015501900846,
  "spacing_tr": 1.0,
  "spacing_x": 2.4761905670166016,
  "spacing_y": 2.4761905670166016,
  "spacing_z": 2.500000238418579,
  "summary_bg_k": 19.47321038977795,
  "summary_bg_mad": 45.628864247710155,
  "summary_bg_mean": 195.3780059814453,
  "summary_bg_median": 60.24976348876953,
  "summary_bg_n": 209974.0,
  "summary_bg_p05": 25.46640815734863,
  "summary_bg_p95": 793.260614013671,
  "summary_bg_stdv": 342.3897705078125,
  "summary_fg_k": 5.24159088043584,
  "summary_fg_mad": 669.8469939821624,
  "summary_fg_mean": 3814.744140625,
  "summary_fg_median": 3711.436279296875,
  "summary_fg_n": 70505.0,
  "summary_fg_p05": 2843.377587890625,
  "summary_fg_p95": 5083.9560546875,
  "summary_fg_stdv": 781.01806640625,
  "tsnr": 65.82442474365234
}