{
  "aor": 0.0002577878787878788,
  "aqi": 0.004922651272727271,
  "bids_meta": {
    "AcquisitionMatrixPE": 84,
    "AcquisitionNumber": 1,
    "AcquisitionTime": "15:56:18.202500",
    "BandwidthPerPixelPhaseEncode": 15.664,
    "BaseResolution": 84,
    "BodyPartExamined": "BRAIN",
    "ConsistencyInfo": "N4_VE11B_LATEST_20150530",
    "ConversionSoftware": "dcm2niix",
    "ConversionSoftwareVersion": "v1.0.20181114  Clang4.0.1",
    "DerivedVendorReportedEchoSpacing": 0.000760008,
    "DeviceSerialNumber": "67007",
    "DwellTime": 3.8e-06,
    "EchoTime": 0.03,
    "EchoTrainLength": 74,
    "EffectiveEchoSpacing": 0.000760008,
    "FlipAngle": 40,
    "ImageComments": "Unaliased_MB4_PE3",
    "ImageOrientationPatientDICOM": [
      0.998313,
      -0.0187441,
      -0.0549462,
      6.33195e-09,
      0.946445,
      -0.322866
    ],
    "ImageType": [
      "ORIGINAL",
      "PRIMARY",
      "M",
      "MB",
      "ND",
      "NORM",
      "MOSAIC"
    ],
    "ImagingFrequency": 123.211,
    "InPlanePhaseEncodingDirectionDICOM": "COL",
    "InstitutionAddress": "Perth_Drive_100_London_Ontario_CA_N6A_5K8",
    "InstitutionName": "Robarts_Research_Institute",
    "InstitutionalDepartmentName": "CFMM",
    "MRAcquisitionType": "2D",
    "MagneticFieldStrength": 3,
    "Manufacturer": "Siemens",
    "ManufacturersModelName": "Prisma_fit",
    "Modality": "MR",
    "MultibandAccelerationFactor": 4,
    "PartialFourier": 0.875,
    "PatientPosition": "HFS",
    "PercentPhaseFOV": 100,
    "PhaseEncodingDirection": "j-",
    "PhaseEncodingSteps": 74,
    "PhaseResolution": 1,
    "PixelBandwidth": 1565,
    "ProcedureStepDescription": "Ansari_ITG",
    "ProtocolName": "ep_bold_mb4_nfa_2.5iso",
    "PulseSequenceDetails": "%CustomerSeq%_cmrr_mbep2d_bold",
    "ReceiveCoilActiveElements": "HEA;HEP",
    "ReceiveCoilName": "Head_32",
    "ReconMatrixPE": 84,
    "RepetitionTime": 1,
    "SAR": 0.0510513,
    "ScanOptions": "PFP_FS",
    "ScanningSequence": "EP",
    "SequenceName": "epfid2d1_84",
    "SequenceVariant": "SK_SS",
    "SeriesDescription": "ep_bold_mb4_nfa_2.5iso",
    "SeriesNumber": 4,
    "ShimSetting": [
      5241,
      -6181,
      -3930,
      463,
      25,
      -43,
      -26,
      3
    ],
    "SliceThickness": 2.5,
    "SliceTiming": [
      0,
      0.41,
      0.8175,
      0.245,
      0.655,
      0.0825,
      0.49,
      0.9,
      0.3275,
      0.735,
      0.165,
      0.5725,
      0,
      0.41,
      0.8175,
      0.245,
      0.655,
      0.0825,
      0.49,
      0.9,
      0.3275,
      0.735,
      0.165,
      0.5725,
      0,
      0.41,
      0.8175,
      0.245,
      0.655,
      0.0825,
      0.49,
      0.9,
      0.3275,
      0.735,
      0.165,
      0.5725,
      0,
      0.41,
      0.8175,
      0.245,
      0.655,
      0.0825,
      0.49,
      0.9,
      0.3275,
      0.735,
      0.165,
      0.5725
    ],
    "SoftwareVersions": "syngo_MR_E11",
    "SpacingBetweenSlices": 2.5,
    "StationName": "MRC35368",
    "TaskName": "ChangeDetection",
    "TotalReadoutTime": 0.0630806,
    "TxRefAmp": 234.752,
    "WipMemBlock": "ba714516-63f1-444e-bb27-df66925c08d9||Sequence: ve11b/master r/50434d5; Mar  3 2017 10:46:13 by eja",
    "dataset": "ds002033",
    "modality": "bold",
    "run_id": 2,
    "session_id": "01",
    "subject_id": "07",
    "task_id": "ChangeDetection"
  },
  "dummy_trs": 5,
  "dvars_nstd": 24.65470694896659,
  "dvars_std": 1.1484312672948334,
  "dvars_vstd": 0.9954638644376894,
  "efc": 0.5119773836224775,
  "fber": 5453.43603515625,
  "fd_mean": 0.08456734433244392,
  "fd_num": 2,
  "fd_perc": 0.6060606060606061,
  "fwhm_avg": 1.9088984276091345,
  "fwhm_x": 1.8224405100763574,
  "fwhm_y": 2.001178772751046,
  "fwhm_z": 1.903076,
  "gcor": 0.0107812,
  "gsr_x": -0.008000411093235016,
  "gsr_y": 0.032250843942165375,
  "provenance": {
    "md5sum": "f8b51b55e8f1a7ae50ba03fa5241e40b",
    "settings": {
      "fd_thres": 0.2,
      "testing": false
    },
    "software": "mriqc",
    "version": "22.0.6",
    "webapi_port": null,
    "webapi_url": "https://mriqc.nimh.nih.gov/api/v1"
  },
  "size_t": 330,
  "size_x": 84,
  "size_y": 84,
  "size_z": 48,
  "snr": 5.296421643239256,
  "spacing_tr": 1.0,
  "spacing_x": 2.4761905670166016,
  "spacing_y": 2.4761905670166016,
  "spacing_z": 2.5,
  "summary_bg_k": 45.93872210085878,
  "summary_bg_mad": 2.2554531775100464,
  "summary_bg_mean": 10.100924491882324,
  "summary_bg_median": 2.8588271141052246,
  "summary_bg_n": 215091.0,
  "summary_bg_p05": 1.0045455694198608,
  "summary_bg_p95": 45.914785385131836,
  "summary_bg_stdv": 21.375202178955078,
  "summary_fg_k": 2.8887819541894117,
  "summary_fg_mad": 37.26069669777244,
  "summary_fg_mean": 221.98809814453125,
  "summary_fg_median": 217.0994415283203,
  "summary_fg_n": 66391.0,
  "summary_fg_p05": 167.7623291015625,
  "summary_fg_p95": 290.73492431640625,
  "summary_fg_stdv": 40.989524841308594,
  "tsnr": 64.27717590332031
}