{
  "bids_meta": {
    "AcquisitionMatrixPE": 248,
    "AcquisitionNumber": 1,
    "AcquisitionTime": "10:12:43.870000",
    "BaseResolution": 256,
    "BodyPartExamined": "BRAIN",
    "ConsistencyInfo": "N4_VE11B_LATEST_20150530",
    "ConversionSoftware": "dcm2niix",
    "ConversionSoftwareVersion": "v1.0.20181114  Clang4.0.1",
    "DeviceSerialNumber": "67007",
    "DwellTime": 8.2e-06,
    "EchoTime": 0.00298,
    "FlipAngle": 9,
    "ImageOrientationPatientDICOM": [
      0,
      1,
      0,
      0.0645323,
      0,
      -0.997916
    ],
    "ImageType": [
      "ORIGINAL",
      "PRIMARY",
      "M",
      "ND",
      "NORM"
    ],
    "ImagingFrequency": 123.211,
    "InPlanePhaseEncodingDirectionDICOM": "ROW",
    "InstitutionAddress": "Perth_Drive_100_London_Ontario_CA_N6A_5K8",
    "InstitutionName": "Robarts_Research_Institute",
    "InstitutionalDepartmentName": "CFMM",
    "InversionTime": 0.9,
    "MRAcquisitionType": "3D",
    "MagneticFieldStrength": 3,
    "Manufacturer": "Siemens",
    "ManufacturersModelName": "Prisma_fit",
    "Modality": "MR",
    "PartialFourier": 1,
    "PatientPosition": "HFS",
    "PercentPhaseFOV": 96.875,
    "PhaseEncodingSteps": 247,
    "PhaseResolution": 1,
    "PixelBandwidth": 240,
    "ProcedureStepDescription": "Ansari_ITG",
    "ProtocolName": "mprage_sag_p2",
    "PulseSequenceDetails": "%SiemensSeq%_tfl",
    "ReceiveCoilActiveElements": "HEA;HEP",
    "ReceiveCoilName": "Head_32",
    "ReconMatrixPE": 256,
    "RepetitionTime": 2.3,
    "SAR": 0.0547803,
    "ScanOptions": "IR",
    "ScanningSequence": "GR_IR",
    "SequenceName": "_tfl3d1_16ns",
    "SequenceVariant": "SK_SP_MP",
    "SeriesDescription": "mprage_sag_p2",
    "SeriesNumber": 4,
    "ShimSetting": [
      5266,
      -6165,
      -3893,
      341,
      -28,
      -194,
      80,
      14
    ],
    "SliceThickness": 1,
    "SoftwareVersions": "syngo_MR_E11",
    "StationName": "MRC35368",
    "TxRefAmp": 250.367,
    "dataset": "ds002033",
    "modality": "T1w",
    "session_id": "01",
    "subject_id": "31"
  },
  "cjv": 0.34650432487091154,
  "cnr": 3.7940800534155854,
  "efc": 0.5771951691113835,
  "fber": 18504.832222971832,
  "fwhm_avg": 3.5757833333333333,
  "fwhm_x": 3.5516,
  "fwhm_y": 3.75489,
  "fwhm_z": 3.42086,
  "icvs_csf": 0.18834912629270206,
  "icvs_gm": 0.453577534266773,
  "icvs_wm": 0.35807333944052494,
  "inu_med": 0.48378732800483704,
  "inu_range": 0.14536449909210197,
  "provenance": {
    "md5sum": "f467e99e66c8c06eb098e0f09bbeae5f",
    "settings": {
      "testing": false
    },
    "software": "mriqc",
    "version": "22.0.6",
    "warnings": {
      "large_rot_frame": true,
      "small_air_mask": false
    },
    "webapi_port": null,
    "webapi_url": "https://mriqc.nimh.nih.gov/api/v1"
  },
  "qi_1": 0.013600046322669753,
  "qi_2": 0.0407159460616986,
  "rpve_csf": 22.70899930542892,
  "rpve_gm": 10.4887276894242,
  "rpve_wm": 15.273890656909579,
  "size_x": 176,
  "size_y": 248,
  "size_z": 256,
  "snr_csf": 2.2019869380593033,
  "snr_gm": 10.667952148716648,
  "snr_total": 12.279510836549639,
  "snr_wm": 23.96859342287296,
  "snrd_csf": 32.86182029158343,
  "snrd_gm": 86.23512614760183,
  "snrd_total": 80.57067719035336,
  "snrd_wm": 122.61508513187485,
  "spacing_x": 1.0,
  "spacing_y": 1.0,
  "spacing_z": 1.0,
  "summary_bg_k": 301.97322866283304,
  "summary_bg_mad": 0.0,
  "summary_bg_mean": 2.1268496806763504,
  "summary_bg_median": 0.0,
  "summary_bg_n": 1951960.0,
  "summary_bg_p05": 0.0,
  "summary_bg_p95": 11.325171761214733,
  "summary_bg_stdv": 5.34303269137253,
  "summary_csf_k": 3.272748379427462,
  "summary_csf_mad": 100.95540526517695,
  "summary_csf_mean": 282.62457534678157,
  "summary_csf_median": 268.0079753100872,
  "summary_csf_n": 25718.0,
  "summary_csf_p05": 103.37699033487588,
  "summary_csf_p95": 503.53200474586333,
  "summary_csf_stdv": 121.70951612550444,
  "summary_gm_k": 0.12225533412546019,
  "summary_gm_mad": 64.67712142191824,
  "summary_gm_mean": 703.9359647885187,
  "summary_gm_median": 703.2994932830334,
  "summary_gm_n": 39640.0,
  "summary_gm_p05": 596.1848799213767,
  "summary_gm_p95": 814.4949646256864,
  "summary_gm_stdv": 65.92555087794183,
  "summary_wm_k": 0.9900507756771848,
  "summary_wm_mad": 38.130891744756724,
  "summary_wm_mean": 1000.9063193594636,
  "summary_wm_median": 1000.000012692064,
  "summary_wm_n": 231325.0,
  "summary_wm_p05": 934.8960923440754,
  "summary_wm_p95": 1070.3552696667612,
  "summary_wm_stdv": 41.72117377043353,
  "tpm_overlap_csf": 0.1603378864783088,
  "tpm_overlap_gm": 0.466107130853652,
  "tpm_overlap_wm": 0.5146054284658197,
  "wm2max": 0.5730050143240739
}