{
  "aor": 0.0007377710843373494,
  "aqi": 0.0052995548192771086,
  "bids_meta": {
    "AcquisitionMatrixPE": 84,
    "AcquisitionNumber": 1,
    "AcquisitionTime": "13:26:33.775000",
    "BandwidthPerPixelPhaseEncode": 15.664,
    "BaseResolution": 84,
    "BodyPartExamined": "BRAIN",
    "ConsistencyInfo": "N4_VE11B_LATEST_20150530",
    "ConversionSoftware": "dcm2niix",
    "ConversionSoftwareVersion": "v1.0.20181114  Clang4.0.1",
    "DerivedVendorReportedEchoSpacing": 0.000760008,
    "DeviceSerialNumber": "67007",
    "DwellTime": 3.8e-06,
    "EchoTime": 0.03,
    "EchoTrainLength": 74,
    "EffectiveEchoSpacing": 0.000760008,
    "FlipAngle": 40,
    "ImageComments": "Unaliased_MB4_PE3",
    "ImageOrientationPatientDICOM": [
      1,
      0,
      0,
      0,
      0.873772,
      -0.486335
    ],
    "ImageType": [
      "ORIGINAL",
      "PRIMARY",
      "M",
      "MB",
      "ND",
      "NORM",
      "MOSAIC"
    ],
    "ImagingFrequency": 123.211,
    "InPlanePhaseEncodingDirectionDICOM": "COL",
    "InstitutionAddress": "Perth_Drive_100_London_Ontario_CA_N6A_5K8",
    "InstitutionName": "Robarts_Research_Institute",
    "InstitutionalDepartmentName": "CFMM",
    "MRAcquisitionType": "2D",
    "MagneticFieldStrength": 3,
    "Manufacturer": "Siemens",
    "ManufacturersModelName": "Prisma_fit",
    "Modality": "MR",
    "MultibandAccelerationFactor": 4,
    "PartialFourier": 0.875,
    "PatientPosition": "HFS",
    "PercentPhaseFOV": 100,
    "PhaseEncodingDirection": "j-",
    "PhaseEncodingSteps": 74,
    "PhaseResolution": 1,
    "PixelBandwidth": 1565,
    "ProcedureStepDescription": "Ansari_ITG",
    "ProtocolName": "ep_bold_mb4_nfa_2.5iso",
    "PulseSequenceDetails": "%CustomerSeq%_cmrr_mbep2d_bold",
    "ReceiveCoilActiveElements": "HEA;HEP",
    "ReceiveCoilName": "Head_32",
    "ReconMatrixPE": 84,
    "RepetitionTime": 1,
    "SAR": 0.0696463,
    "ScanOptions": "PFP_FS",
    "ScanningSequence": "EP",
    "SequenceName": "epfid2d1_84",
    "SequenceVariant": "SK_SS",
    "SeriesDescription": "ep_bold_mb4_nfa_2.5iso",
    "SeriesNumber": 4,
    "ShimSetting": [
      5264,
      -6187,
      -3916,
      405,
      -32,
      27,
      -3,
      9
    ],
    "SliceThickness": 2.5,
    "SliceTiming": [
      0,
      0.41,
      0.8175,
      0.245,
      0.655,
      0.0825,
      0.49,
      0.9,
      0.3275,
      0.735,
      0.165,
      0.5725,
      0,
      0.41,
      0.8175,
      0.245,
      0.655,
      0.0825,
      0.49,
      0.9,
      0.3275,
      0.735,
      0.165,
      0.5725,
      0,
      0.41,
      0.8175,
      0.245,
      0.655,
      0.0825,
      0.49,
      0.9,
      0.3275,
      0.735,
      0.165,
      0.5725,
      0,
      0.41,
      0.8175,
      0.245,
      0.655,
      0.0825,
      0.49,
      0.9,
      0.3275,
      0.735,
      0.165,
      0.5725
    ],
    "SoftwareVersions": "syngo_MR_E11",
    "SpacingBetweenSlices": 2.5,
    "StationName": "MRC35368",
    "TaskName": "ChangeDetection",
    "TotalReadoutTime": 0.0630806,
    "TxRefAmp": 287.086,
    "WipMemBlock": "d8822d39-2942-4c4e-a419-70946703fc8b||Sequence: ve11b/master r/50434d5; Mar  3 2017 10:46:13 by eja",
    "dataset": "ds002033",
    "modality": "bold",
    "run_id": 2,
    "session_id": "01",
    "subject_id": "25",
    "task_id": "ChangeDetection"
  },
  "dummy_trs": 3,
  "dvars_nstd": 30.47744079081574,
  "dvars_std": 1.2295710105438067,
  "dvars_vstd": 1.0029197293353473,
  "efc": 0.5713103698580478,
  "fber": 1491.6939697265625,
  "fd_mean": 0.123908912770429,
  "fd_num": 16,
  "fd_perc": 4.819277108433735,
  "fwhm_avg": 2.01688072000721,
  "fwhm_x": 1.9342695444360314,
  "fwhm_y": 2.091672615585598,
  "fwhm_z": 2.0247,
  "gcor": 0.0111377,
  "gsr_x": -0.0022290691267699003,
  "gsr_y": 0.02572142705321312,
  "provenance": {
    "md5sum": "3063fcdadf324d0030c3c9731714c583",
    "settings": {
      "fd_thres": 0.2,
      "testing": false
    },
    "software": "mriqc",
    "version": "22.0.6",
    "webapi_port": null,
    "webapi_url": "https://mriqc.nimh.nih.gov/api/v1"
  },
  "size_t": 332,
  "size_x": 84,
  "size_y": 84,
  "size_z": 48,
  "snr": 4.464279705231779,
  "spacing_tr": 1.0,
  "spacing_x": 2.4761905670166016,
  "spacing_y": 2.4761905670166016,
  "spacing_z": 2.5,
  "summary_bg_k": 14.150723839695225,
  "summary_bg_mad": 6.619464061280735,
  "summary_bg_mean": 17.96356964111328,
  "summary_bg_median": 6.315124988555908,
  "summary_bg_n": 199655.0,
  "summary_bg_p05": 1.3209465622901917,
  "summary_bg_p95": 76.2394142150878,
  "summary_bg_stdv": 28.5018253326416,
  "summary_fg_k": 4.365380551405618,
  "summary_fg_mad": 46.765777249218196,
  "summary_fg_mean": 263.3047790527344,
  "summary_fg_median": 254.48683166503906,
  "summary_fg_n": 80326.0,
  "summary_fg_p05": 194.29759979248047,
  "summary_fg_p95": 362.28900146484375,
  "summary_fg_stdv": 57.0047721862793,
  "tsnr": 59.90950012207031
}