{
  "aor": 0.00045758308157099693,
  "aqi": 0.00613032824773414,
  "bids_meta": {
    "AcquisitionMatrixPE": 84,
    "AcquisitionNumber": 1,
    "AcquisitionTime": "13:20:33.410000",
    "BandwidthPerPixelPhaseEncode": 15.664,
    "BaseResolution": 84,
    "BodyPartExamined": "BRAIN",
    "ConsistencyInfo": "N4_VE11B_LATEST_20150530",
    "ConversionSoftware": "dcm2niix",
    "ConversionSoftwareVersion": "v1.0.20181114  Clang4.0.1",
    "DerivedVendorReportedEchoSpacing": 0.000760008,
    "DeviceSerialNumber": "67007",
    "DwellTime": 3.8e-06,
    "EchoTime": 0.03,
    "EchoTrainLength": 74,
    "EffectiveEchoSpacing": 0.000760008,
    "FlipAngle": 40,
    "ImageComments": "Unaliased_MB4_PE3",
    "ImageOrientationPatientDICOM": [
      1,
      0,
      0,
      0,
      0.873772,
      -0.486335
    ],
    "ImageType": [
      "ORIGINAL",
      "PRIMARY",
      "M",
      "MB",
      "ND",
      "NORM",
      "MOSAIC"
    ],
    "ImagingFrequency": 123.211,
    "InPlanePhaseEncodingDirectionDICOM": "COL",
    "InstitutionAddress": "Perth_Drive_100_London_Ontario_CA_N6A_5K8",
    "InstitutionName": "Robarts_Research_Institute",
    "InstitutionalDepartmentName": "CFMM",
    "MRAcquisitionType": "2D",
    "MagneticFieldStrength": 3,
    "Manufacturer": "Siemens",
    "ManufacturersModelName": "Prisma_fit",
    "Modality": "MR",
    "MultibandAccelerationFactor": 4,
    "PartialFourier": 0.875,
    "PatientPosition": "HFS",
    "PercentPhaseFOV": 100,
    "PhaseEncodingDirection": "j-",
    "PhaseEncodingSteps": 74,
    "PhaseResolution": 1,
    "PixelBandwidth": 1565,
    "ProcedureStepDescription": "Ansari_ITG",
    "ProtocolName": "ep_bold_mb4_nfa_2.5iso",
    "PulseSequenceDetails": "%CustomerSeq%_cmrr_mbep2d_bold",
    "ReceiveCoilActiveElements": "HEA;HEP",
    "ReceiveCoilName": "Head_32",
    "ReconMatrixPE": 84,
    "RepetitionTime": 1,
    "SAR": 0.0696463,
    "ScanOptions": "PFP_FS",
    "ScanningSequence": "EP",
    "SequenceName": "epfid2d1_84",
    "SequenceVariant": "SK_SS",
    "SeriesDescription": "ep_bold_mb4_nfa_2.5iso",
    "SeriesNumber": 2,
    "ShimSetting": [
      5264,
      -6187,
      -3916,
      405,
      -32,
      27,
      -3,
      9
    ],
    "SliceThickness": 2.5,
    "SliceTiming": [
      0,
      0.4075,
      0.8175,
      0.245,
      0.6525,
      0.0825,
      0.49,
      0.8975,
      0.3275,
      0.735,
      0.1625,
      0.5725,
      0,
      0.4075,
      0.8175,
      0.245,
      0.6525,
      0.0825,
      0.49,
      0.8975,
      0.3275,
      0.735,
      0.1625,
      0.5725,
      0,
      0.4075,
      0.8175,
      0.245,
      0.6525,
      0.0825,
      0.49,
      0.8975,
      0.3275,
      0.735,
      0.1625,
      0.5725,
      0,
      0.4075,
      0.8175,
      0.245,
      0.6525,
      0.0825,
      0.49,
      0.8975,
      0.3275,
      0.735,
      0.1625,
      0.5725
    ],
    "SoftwareVersions": "syngo_MR_E11",
    "SpacingBetweenSlices": 2.5,
    "StationName": "MRC35368",
    "TaskName": "ChangeDetection",
    "TotalReadoutTime": 0.0630806,
    "TxRefAmp": 287.086,
    "WipMemBlock": "92b3fd83-cf4e-4bc2-8dce-5e21c07a3045||Sequence: ve11b/master r/50434d5; Mar  3 2017 10:46:13 by eja",
    "dataset": "ds002033",
    "modality": "bold",
    "run_id": 1,
    "session_id": "01",
    "subject_id": "25",
    "task_id": "ChangeDetection"
  },
  "dummy_trs": 4,
  "dvars_nstd": 29.869592395000016,
  "dvars_std": 1.1906228003939394,
  "dvars_vstd": 0.977865198515151,
  "efc": 0.569375923381585,
  "fber": 1576.3924560546875,
  "fd_mean": 0.12258576473477721,
  "fd_num": 11,
  "fd_perc": 3.323262839879154,
  "fwhm_avg": 2.018498245678306,
  "fwhm_x": 1.9359051212991154,
  "fwhm_y": 2.087577615735802,
  "fwhm_z": 2.032012,
  "gcor": 0.01238,
  "gsr_x": -0.002692714100703597,
  "gsr_y": 0.02498091384768486,
  "provenance": {
    "md5sum": "223e2004c35ccbfa6c89be7491bf0095",
    "settings": {
      "fd_thres": 0.2,
      "testing": false
    },
    "software": "mriqc",
    "version": "22.0.6",
    "webapi_port": null,
    "webapi_url": "https://mriqc.nimh.nih.gov/api/v1"
  },
  "size_t": 331,
  "size_x": 84,
  "size_y": 84,
  "size_z": 48,
  "snr": 4.459510596797653,
  "spacing_tr": 1.0,
  "spacing_x": 2.4761905670166016,
  "spacing_y": 2.4761905670166016,
  "spacing_z": 2.5,
  "summary_bg_k": 14.488727849456076,
  "summary_bg_mad": 6.479521009725915,
  "summary_bg_mean": 17.667186737060547,
  "summary_bg_median": 6.1780548095703125,
  "summary_bg_n": 199875.0,
  "summary_bg_p05": 1.3033141613006594,
  "summary_bg_p95": 74.74019927978514,
  "summary_bg_stdv": 28.11953353881836,
  "summary_fg_k": 4.3748265549856855,
  "summary_fg_mad": 47.0834340950914,
  "summary_fg_mean": 264.51995849609375,
  "summary_fg_median": 255.75445556640625,
  "summary_fg_n": 80039.0,
  "summary_fg_p05": 194.80008087158203,
  "summary_fg_p95": 364.6720428466795,
  "summary_fg_stdv": 57.34998321533203,
  "tsnr": 55.9644775390625
}