{
  "aor": 0.0002462613981762918,
  "aqi": 0.009413481550151976,
  "bids_meta": {
    "AcquisitionMatrixPE": 84,
    "AcquisitionNumber": 1,
    "AcquisitionTime": "16:19:41.687500",
    "BandwidthPerPixelPhaseEncode": 15.664,
    "BaseResolution": 84,
    "BodyPartExamined": "BRAIN",
    "ConsistencyInfo": "N4_VE11B_LATEST_20150530",
    "ConversionSoftware": "dcm2niix",
    "ConversionSoftwareVersion": "v1.0.20181114  Clang4.0.1",
    "DerivedVendorReportedEchoSpacing": 0.000760008,
    "DeviceSerialNumber": "67007",
    "DwellTime": 3.8e-06,
    "EchoTime": 0.03,
    "EchoTrainLength": 74,
    "EffectiveEchoSpacing": 0.000760008,
    "FlipAngle": 40,
    "ImageComments": "Unaliased_MB4_PE3",
    "ImageOrientationPatientDICOM": [
      0.999977,
      -0.00130761,
      -0.00672708,
      -3.26888e-08,
      0.981626,
      -0.190813
    ],
    "ImageType": [
      "ORIGINAL",
      "PRIMARY",
      "M",
      "MB",
      "ND",
      "NORM",
      "MOSAIC"
    ],
    "ImagingFrequency": 123.211,
    "InPlanePhaseEncodingDirectionDICOM": "COL",
    "InstitutionAddress": "Perth_Drive_100_London_Ontario_CA_N6A_5K8",
    "InstitutionName": "Robarts_Research_Institute",
    "InstitutionalDepartmentName": "CFMM",
    "MRAcquisitionType": "2D",
    "MagneticFieldStrength": 3,
    "Manufacturer": "Siemens",
    "ManufacturersModelName": "Prisma_fit",
    "Modality": "MR",
    "MultibandAccelerationFactor": 4,
    "PartialFourier": 0.875,
    "PatientPosition": "HFS",
    "PercentPhaseFOV": 100,
    "PhaseEncodingDirection": "j-",
    "PhaseEncodingSteps": 74,
    "PhaseResolution": 1,
    "PixelBandwidth": 1565,
    "ProcedureStepDescription": "Ansari_ITG",
    "ProtocolName": "ep_bold_mb4_nfa_2.5iso",
    "PulseSequenceDetails": "%CustomerSeq%_cmrr_mbep2d_bold",
    "ReceiveCoilActiveElements": "HEA;HEP",
    "ReceiveCoilName": "Head_32",
    "ReconMatrixPE": 84,
    "RepetitionTime": 1,
    "SAR": 0.0608072,
    "ScanOptions": "PFP_FS",
    "ScanningSequence": "EP",
    "SequenceName": "epfid2d1_84",
    "SequenceVariant": "SK_SS",
    "SeriesDescription": "ep_bold_mb4_nfa_2.5iso",
    "SeriesNumber": 2,
    "ShimSetting": [
      5236,
      -6257,
      -4043,
      941,
      -6,
      3,
      94,
      -94
    ],
    "SliceThickness": 2.5,
    "SliceTiming": [
      0,
      0.41,
      0.8175,
      0.245,
      0.655,
      0.0825,
      0.49,
      0.9,
      0.3275,
      0.735,
      0.165,
      0.5725,
      0,
      0.41,
      0.8175,
      0.245,
      0.655,
      0.0825,
      0.49,
      0.9,
      0.3275,
      0.735,
      0.165,
      0.5725,
      0,
      0.41,
      0.8175,
      0.245,
      0.655,
      0.0825,
      0.49,
      0.9,
      0.3275,
      0.735,
      0.165,
      0.5725,
      0,
      0.41,
      0.8175,
      0.245,
      0.655,
      0.0825,
      0.49,
      0.9,
      0.3275,
      0.735,
      0.165,
      0.5725
    ],
    "SoftwareVersions": "syngo_MR_E11",
    "SpacingBetweenSlices": 2.5,
    "StationName": "MRC35368",
    "TaskName": "ChangeDetection",
    "TotalReadoutTime": 0.0630806,
    "TxRefAmp": 256.29,
    "WipMemBlock": "012c40f5-64fa-4600-ada5-c9571cba3f63||Sequence: ve11b/master r/50434d5; Mar  3 2017 10:46:13 by eja",
    "dataset": "ds002033",
    "modality": "bold",
    "run_id": 1,
    "session_id": "01",
    "subject_id": "13",
    "task_id": "ChangeDetection"
  },
  "dummy_trs": 6,
  "dvars_nstd": 31.047053720670768,
  "dvars_std": 1.1361785077134152,
  "dvars_vstd": 0.9563284210060973,
  "efc": 0.5306785923833172,
  "fber": 5490.6533203125,
  "fd_mean": 0.20883691527769135,
  "fd_num": 177,
  "fd_perc": 53.79939209726444,
  "fwhm_avg": 2.028856693544656,
  "fwhm_x": 1.9215726218248288,
  "fwhm_y": 2.1715614588091388,
  "fwhm_z": 1.9934360000000002,
  "gcor": 0.0106315,
  "gsr_x": -0.020417122170329094,
  "gsr_y": 0.04203440994024277,
  "provenance": {
    "md5sum": "6162059ee07687ca454cd6d9b9e221f6",
    "settings": {
      "fd_thres": 0.2,
      "testing": false
    },
    "software": "mriqc",
    "version": "22.0.6",
    "webapi_port": null,
    "webapi_url": "https://mriqc.nimh.nih.gov/api/v1"
  },
  "size_t": 329,
  "size_x": 84,
  "size_y": 84,
  "size_z": 48,
  "snr": 4.92667554670711,
  "spacing_tr": 1.0,
  "spacing_x": 2.4761905670166016,
  "spacing_y": 2.4761905670166016,
  "spacing_z": 2.5,
  "summary_bg_k": 23.634382579535544,
  "summary_bg_mad": 2.3092263094742926,
  "summary_bg_mean": 9.338851928710938,
  "summary_bg_median": 2.9429938793182373,
  "summary_bg_n": 204151.0,
  "summary_bg_p05": 1.0364120602607727,
  "summary_bg_p95": 36.83534622192383,
  "summary_bg_stdv": 16.738224029541016,
  "summary_fg_k": 2.766980353266561,
  "summary_fg_mad": 40.845062208365796,
  "summary_fg_mean": 233.62110900878906,
  "summary_fg_median": 228.20960998535156,
  "summary_fg_n": 74713.0,
  "summary_fg_p05": 170.4978485107422,
  "summary_fg_p95": 314.08589477539056,
  "summary_fg_stdv": 46.32090759277344,
  "tsnr": 49.247474670410156
}