{
  "bids_meta": {
    "AcquisitionMatrixPE": 232,
    "AcquisitionNumber": 1,
    "AcquisitionTime": "16:38:52.260000",
    "BaseResolution": 256,
    "BodyPartExamined": "BRAIN",
    "ConsistencyInfo": "N4_VE11B_LATEST_20150530",
    "ConversionSoftware": "dcm2niix",
    "ConversionSoftwareVersion": "v1.0.20181114  Clang4.0.1",
    "DeviceSerialNumber": "67007",
    "DwellTime": 8.2e-06,
    "EchoTime": 0.00298,
    "FlipAngle": 9,
    "ImageOrientationPatientDICOM": [
      0.0035568,
      0.999994,
      3.06439e-09,
      0.00680535,
      -2.42024e-05,
      -0.999977
    ],
    "ImageType": [
      "ORIGINAL",
      "PRIMARY",
      "M",
      "ND",
      "NORM"
    ],
    "ImagingFrequency": 123.211,
    "InPlanePhaseEncodingDirectionDICOM": "ROW",
    "InstitutionAddress": "Perth_Drive_100_London_Ontario_CA_N6A_5K8",
    "InstitutionName": "Robarts_Research_Institute",
    "InstitutionalDepartmentName": "CFMM",
    "InversionTime": 0.9,
    "MRAcquisitionType": "3D",
    "MagneticFieldStrength": 3,
    "Manufacturer": "Siemens",
    "ManufacturersModelName": "Prisma_fit",
    "Modality": "MR",
    "PartialFourier": 1,
    "PatientPosition": "HFS",
    "PercentPhaseFOV": 90.625,
    "PhaseEncodingSteps": 231,
    "PhaseResolution": 1,
    "PixelBandwidth": 240,
    "ProcedureStepDescription": "Ansari_ITG",
    "ProtocolName": "mprage_sag_p2",
    "PulseSequenceDetails": "%SiemensSeq%_tfl",
    "ReceiveCoilActiveElements": "HEA;HEP",
    "ReceiveCoilName": "Head_32",
    "ReconMatrixPE": 256,
    "RepetitionTime": 2.3,
    "SAR": 0.0469686,
    "ScanOptions": "IR",
    "ScanningSequence": "GR_IR",
    "SequenceName": "_tfl3d1_16ns",
    "SequenceVariant": "SK_SP_MP",
    "SeriesDescription": "mprage_sag_p2",
    "SeriesNumber": 5,
    "ShimSetting": [
      5230,
      -6144,
      -4000,
      596,
      -143,
      -30,
      62,
      1
    ],
    "SliceThickness": 1,
    "SoftwareVersions": "syngo_MR_E11",
    "StationName": "MRC35368",
    "TxRefAmp": 241.926,
    "dataset": "ds002033",
    "modality": "T1w",
    "session_id": "01",
    "subject_id": "37"
  },
  "cjv": 0.3019126951980259,
  "cnr": 4.304963694812387,
  "efc": 0.541190434502725,
  "fber": 30122.427798810168,
  "fwhm_avg": 3.651543333333333,
  "fwhm_x": 3.70363,
  "fwhm_y": 3.79885,
  "fwhm_z": 3.45215,
  "icvs_csf": 0.18490413125081825,
  "icvs_gm": 0.4709310683866199,
  "icvs_wm": 0.34416480036256186,
  "inu_med": 0.4703059792518616,
  "inu_range": 0.11650653928518295,
  "provenance": {
    "md5sum": "60b26a6d20b294981c4718dee215bb5b",
    "settings": {
      "testing": false
    },
    "software": "mriqc",
    "version": "22.0.6",
    "warnings": {
      "large_rot_frame": true,
      "small_air_mask": false
    },
    "webapi_port": null,
    "webapi_url": "https://mriqc.nimh.nih.gov/api/v1"
  },
  "qi_1": 0.01179746421435855,
  "qi_2": 0.021767343113075904,
  "rpve_csf": 27.119836329263325,
  "rpve_gm": 11.806070928540707,
  "rpve_wm": 17.9134551211411,
  "size_x": 176,
  "size_y": 232,
  "size_z": 256,
  "snr_csf": 2.0099529634005187,
  "snr_gm": 10.741514836946081,
  "snr_total": 12.435722216178116,
  "snr_wm": 24.55569884818775,
  "snrd_csf": 30.35056082444129,
  "snrd_gm": 82.77231191007755,
  "snrd_total": 78.50069867374289,
  "snrd_wm": 122.37922328670982,
  "spacing_x": 1.0,
  "spacing_y": 1.0,
  "spacing_z": 1.0,
  "summary_bg_k": 27.963736224661933,
  "summary_bg_mad": 0.0,
  "summary_bg_mean": 2.429546539611488,
  "summary_bg_median": 0.0,
  "summary_bg_n": 2361910.0,
  "summary_bg_p05": 0.0,
  "summary_bg_p95": 11.800011433660984,
  "summary_bg_stdv": 5.353330166293586,
  "summary_csf_k": 3.3799111888470463,
  "summary_csf_mad": 102.59251218173075,
  "summary_csf_mean": 247.04892545180974,
  "summary_csf_median": 248.00419092178345,
  "summary_csf_n": 22425.0,
  "summary_csf_p05": 45.714118368923664,
  "summary_csf_p95": 458.6445925533771,
  "summary_csf_stdv": 123.38530589501867,
  "summary_gm_k": 0.31925312196582833,
  "summary_gm_mad": 59.61164918348987,
  "summary_gm_mean": 676.9679122823841,
  "summary_gm_median": 676.3591738790274,
  "summary_gm_n": 47034.0,
  "summary_gm_p05": 573.6160372886807,
  "summary_gm_p95": 782.617548443377,
  "summary_gm_stdv": 62.966163897614464,
  "summary_wm_k": 0.7419975956432392,
  "summary_wm_mad": 38.09961926075222,
  "summary_wm_mean": 1000.1889920145271,
  "summary_wm_median": 999.9999812990427,
  "summary_wm_n": 182870.0,
  "summary_wm_p05": 934.0655964240432,
  "summary_wm_p95": 1066.6627619415522,
  "summary_wm_stdv": 40.72363215133682,
  "tpm_overlap_csf": 0.14371545948279668,
  "tpm_overlap_gm": 0.4791661154013016,
  "tpm_overlap_wm": 0.5125315963503215,
  "wm2max": 0.57923991292095
}