{
  "bids_meta": {
    "AcquisitionMatrixPE": 248,
    "AcquisitionNumber": 1,
    "AcquisitionTime": "15:18:55.342500",
    "BaseResolution": 256,
    "BodyPartExamined": "BRAIN",
    "ConsistencyInfo": "N4_VE11B_LATEST_20150530",
    "ConversionSoftware": "dcm2niix",
    "ConversionSoftwareVersion": "v1.0.20181114  Clang4.0.1",
    "DeviceSerialNumber": "67007",
    "DwellTime": 8.2e-06,
    "EchoTime": 0.00298,
    "FlipAngle": 9,
    "ImageOrientationPatientDICOM": [
      0,
      1,
      0,
      0,
      0,
      -1
    ],
    "ImageType": [
      "ORIGINAL",
      "PRIMARY",
      "M",
      "ND",
      "NORM"
    ],
    "ImagingFrequency": 123.211,
    "InPlanePhaseEncodingDirectionDICOM": "ROW",
    "InstitutionAddress": "Perth_Drive_100_London_Ontario_CA_N6A_5K8",
    "InstitutionName": "Robarts_Research_Institute",
    "InstitutionalDepartmentName": "CFMM",
    "InversionTime": 0.9,
    "MRAcquisitionType": "3D",
    "MagneticFieldStrength": 3,
    "Manufacturer": "Siemens",
    "ManufacturersModelName": "Prisma_fit",
    "Modality": "MR",
    "PartialFourier": 1,
    "PatientPosition": "HFS",
    "PercentPhaseFOV": 96.875,
    "PhaseEncodingSteps": 247,
    "PhaseResolution": 1,
    "PixelBandwidth": 240,
    "ProcedureStepDescription": "Ansari_ITG",
    "ProtocolName": "mprage_sag_p2",
    "PulseSequenceDetails": "%SiemensSeq%_tfl",
    "ReceiveCoilActiveElements": "HEA;HEP",
    "ReceiveCoilName": "Head_32",
    "ReconMatrixPE": 256,
    "RepetitionTime": 2.3,
    "SAR": 0.0543322,
    "ScanOptions": "IR",
    "ScanningSequence": "GR_IR",
    "SequenceName": "_tfl3d1_16ns",
    "SequenceVariant": "SK_SP_MP",
    "SeriesDescription": "mprage_sag_p2",
    "SeriesNumber": 4,
    "ShimSetting": [
      5247,
      -6226,
      -3929,
      466,
      133,
      -336,
      242,
      141
    ],
    "SliceThickness": 1,
    "SoftwareVersions": "syngo_MR_E11",
    "StationName": "MRC35368",
    "TxRefAmp": 246.653,
    "dataset": "ds002033",
    "modality": "T1w",
    "session_id": "01",
    "subject_id": "43"
  },
  "cjv": 0.3256941866693083,
  "cnr": 4.087831934581314,
  "efc": 0.5611921259070343,
  "fber": 28016.38321995465,
  "fwhm_avg": 3.4466866666666665,
  "fwhm_x": 3.41275,
  "fwhm_y": 3.6043,
  "fwhm_z": 3.32301,
  "icvs_csf": 0.20077639146128426,
  "icvs_gm": 0.4772200846883845,
  "icvs_wm": 0.3220035238503312,
  "inu_med": 0.5573911070823669,
  "inu_range": 0.1855535686016082,
  "provenance": {
    "md5sum": "b3c897f6a79eec17321891b1e3603204",
    "settings": {
      "testing": false
    },
    "software": "mriqc",
    "version": "22.0.6",
    "warnings": {
      "large_rot_frame": true,
      "small_air_mask": false
    },
    "webapi_port": null,
    "webapi_url": "https://mriqc.nimh.nih.gov/api/v1"
  },
  "qi_1": 0.02703461361066176,
  "qi_2": 0.0292163873339233,
  "rpve_csf": 24.088345346238793,
  "rpve_gm": 11.076633796174796,
  "rpve_wm": 18.1095577182643,
  "size_x": 176,
  "size_y": 248,
  "size_z": 256,
  "snr_csf": 2.455082533298174,
  "snr_gm": 11.393686032044679,
  "snr_total": 11.778977813167623,
  "snr_wm": 21.488164874160017,
  "snrd_csf": 32.98011845604,
  "snrd_gm": 88.52727788884248,
  "snrd_total": 83.40969388744543,
  "snrd_wm": 128.72168531745382,
  "spacing_x": 1.0,
  "spacing_y": 1.0,
  "spacing_z": 1.0,
  "summary_bg_k": 13.981051643702344,
  "summary_bg_mad": 0.0,
  "summary_bg_mean": 2.5054036699668214,
  "summary_bg_median": 0.0,
  "summary_bg_n": 2423359.0,
  "summary_bg_p05": 0.0,
  "summary_bg_p95": 11.743425637483597,
  "summary_bg_stdv": 5.089557356428356,
  "summary_csf_k": 2.293071012527375,
  "summary_csf_mad": 86.76533929617376,
  "summary_csf_mean": 269.3287789804847,
  "summary_csf_median": 256.21260626614094,
  "summary_csf_n": 29087.0,
  "summary_csf_p05": 123.56476980596781,
  "summary_csf_p95": 464.82259666621667,
  "summary_csf_stdv": 104.35828470422284,
  "summary_gm_k": 0.21807457290914112,
  "summary_gm_mad": 58.214880526343876,
  "summary_gm_mean": 687.8360986346884,
  "summary_gm_median": 687.7417564094067,
  "summary_gm_n": 29596.0,
  "summary_gm_p05": 587.8600254394114,
  "summary_gm_p95": 786.8721307627857,
  "summary_gm_stdv": 60.360636193371626,
  "summary_wm_k": 0.7329945197086478,
  "summary_wm_mad": 43.48581436907615,
  "summary_wm_mean": 999.493857881326,
  "summary_wm_median": 1000.0000006705523,
  "summary_wm_n": 165628.0,
  "summary_wm_p05": 922.6659252047539,
  "summary_wm_p95": 1074.2451656013727,
  "summary_wm_stdv": 46.53710485325192,
  "tpm_overlap_csf": 0.15664199314202312,
  "tpm_overlap_gm": 0.47277754834431596,
  "tpm_overlap_wm": 0.4929699576122977,
  "wm2max": 0.6122014378684112
}