{
  "aor": 0.0017312537313432831,
  "aqi": 0.008810684089552238,
  "bids_meta": {
    "AcquisitionMatrixPE": 84,
    "AcquisitionNumber": 1,
    "AcquisitionTime": "09:21:26.087500",
    "BandwidthPerPixelPhaseEncode": 15.664,
    "BaseResolution": 84,
    "BodyPartExamined": "BRAIN",
    "ConsistencyInfo": "N4_VE11B_LATEST_20150530",
    "ConversionSoftware": "dcm2niix",
    "ConversionSoftwareVersion": "v1.0.20181114  Clang4.0.1",
    "DerivedVendorReportedEchoSpacing": 0.000760008,
    "DeviceSerialNumber": "67007",
    "DwellTime": 3.8e-06,
    "EchoTime": 0.03,
    "EchoTrainLength": 74,
    "EffectiveEchoSpacing": 0.000760008,
    "FlipAngle": 40,
    "ImageComments": "Unaliased_MB4_PE3",
    "ImageOrientationPatientDICOM": [
      1,
      0,
      0,
      0,
      0.995227,
      -0.0975829
    ],
    "ImageType": [
      "ORIGINAL",
      "PRIMARY",
      "M",
      "MB",
      "ND",
      "NORM",
      "MOSAIC"
    ],
    "ImagingFrequency": 123.211,
    "InPlanePhaseEncodingDirectionDICOM": "COL",
    "InstitutionAddress": "Perth_Drive_100_London_Ontario_CA_N6A_5K8",
    "InstitutionName": "Robarts_Research_Institute",
    "InstitutionalDepartmentName": "CFMM",
    "MRAcquisitionType": "2D",
    "MagneticFieldStrength": 3,
    "Manufacturer": "Siemens",
    "ManufacturersModelName": "Prisma_fit",
    "Modality": "MR",
    "MultibandAccelerationFactor": 4,
    "PartialFourier": 0.875,
    "PatientPosition": "HFS",
    "PercentPhaseFOV": 100,
    "PhaseEncodingDirection": "j-",
    "PhaseEncodingSteps": 74,
    "PhaseResolution": 1,
    "PixelBandwidth": 1565,
    "ProcedureStepDescription": "Ansari_ITG",
    "ProtocolName": "ep_bold_mb4_nfa_2.5iso",
    "PulseSequenceDetails": "%CustomerSeq%_cmrr_mbep2d_bold",
    "ReceiveCoilActiveElements": "HEA;HEP",
    "ReceiveCoilName": "Head_32",
    "ReconMatrixPE": 84,
    "RepetitionTime": 1,
    "SAR": 0.0451032,
    "ScanOptions": "PFP_FS",
    "ScanningSequence": "EP",
    "SequenceName": "epfid2d1_84",
    "SequenceVariant": "SK_SS",
    "SeriesDescription": "ep_bold_mb4_nfa_2.5iso",
    "SeriesNumber": 4,
    "ShimSetting": [
      5227,
      -6232,
      -3900,
      289,
      129,
      -29,
      -126,
      -16
    ],
    "SliceThickness": 2.5,
    "SliceTiming": [
      0,
      0.4075,
      0.8175,
      0.245,
      0.6525,
      0.0825,
      0.49,
      0.8975,
      0.3275,
      0.735,
      0.1625,
      0.5725,
      0,
      0.4075,
      0.8175,
      0.245,
      0.6525,
      0.0825,
      0.49,
      0.8975,
      0.3275,
      0.735,
      0.1625,
      0.5725,
      0,
      0.4075,
      0.8175,
      0.245,
      0.6525,
      0.0825,
      0.49,
      0.8975,
      0.3275,
      0.735,
      0.1625,
      0.5725,
      0,
      0.4075,
      0.8175,
      0.245,
      0.6525,
      0.0825,
      0.49,
      0.8975,
      0.3275,
      0.735,
      0.1625,
      0.5725
    ],
    "SoftwareVersions": "syngo_MR_E11",
    "SpacingBetweenSlices": 2.5,
    "StationName": "MRC35368",
    "TaskName": "ChangeDetection",
    "TotalReadoutTime": 0.0630806,
    "TxRefAmp": 244.049,
    "WipMemBlock": "b6b93540-823c-45f3-af3f-11e17386baf6||Sequence: ve11b/master r/50434d5; Mar  3 2017 10:46:13 by eja",
    "dataset": "ds002033",
    "modality": "bold",
    "run_id": 2,
    "session_id": "01",
    "subject_id": "28",
    "task_id": "ChangeDetection"
  },
  "dummy_trs": 0,
  "dvars_nstd": 26.205420117425167,
  "dvars_std": 1.130962904610779,
  "dvars_vstd": 1.0196943909580836,
  "efc": 0.5243174283585511,
  "fber": 4965.8701171875,
  "fd_mean": 0.1453290432835995,
  "fd_num": 62,
  "fd_perc": 18.507462686567163,
  "fwhm_avg": 2.0254715144933733,
  "fwhm_x": 1.886058392358252,
  "fwhm_y": 2.1714241511218675,
  "fwhm_z": 2.018932,
  "gcor": 0.0214324,
  "gsr_x": -0.008100212551653385,
  "gsr_y": 0.034006766974925995,
  "provenance": {
    "md5sum": "854edc4dd97ca91e15355ee3346e5088",
    "settings": {
      "fd_thres": 0.2,
      "testing": false
    },
    "software": "mriqc",
    "version": "22.0.6",
    "webapi_port": null,
    "webapi_url": "https://mriqc.nimh.nih.gov/api/v1"
  },
  "size_t": 335,
  "size_x": 84,
  "size_y": 84,
  "size_z": 48,
  "snr": 5.323550539066669,
  "spacing_tr": 1.0,
  "spacing_x": 2.4761905670166016,
  "spacing_y": 2.4761905670166016,
  "spacing_z": 2.5,
  "summary_bg_k": 35.66810836584668,
  "summary_bg_mad": 2.310274642530154,
  "summary_bg_mean": 9.748513221740723,
  "summary_bg_median": 2.783693313598633,
  "summary_bg_n": 211414.0,
  "summary_bg_p05": 1.0252955734729767,
  "summary_bg_p95": 40.17875156402579,
  "summary_bg_stdv": 19.10784149169922,
  "summary_fg_k": 3.346772539424772,
  "summary_fg_mad": 35.21191580308063,
  "summary_fg_mean": 208.29214477539062,
  "summary_fg_median": 203.8241729736328,
  "summary_fg_n": 69752.0,
  "summary_fg_p05": 156.71606369018554,
  "summary_fg_p95": 271.9890075683594,
  "summary_fg_stdv": 38.2869873046875,
  "tsnr": 53.62940216064453
}