{
  "aor": 0.0003557357357357357,
  "aqi": 0.005150667327327327,
  "bids_meta": {
    "AcquisitionMatrixPE": 84,
    "AcquisitionNumber": 1,
    "AcquisitionTime": "15:48:36.595000",
    "BandwidthPerPixelPhaseEncode": 15.664,
    "BaseResolution": 84,
    "BodyPartExamined": "BRAIN",
    "ConsistencyInfo": "N4_VE11B_LATEST_20150530",
    "ConversionSoftware": "dcm2niix",
    "ConversionSoftwareVersion": "v1.0.20181114  Clang4.0.1",
    "DerivedVendorReportedEchoSpacing": 0.000760008,
    "DeviceSerialNumber": "67007",
    "DwellTime": 3.8e-06,
    "EchoTime": 0.03,
    "EchoTrainLength": 74,
    "EffectiveEchoSpacing": 0.000760008,
    "FlipAngle": 40,
    "ImageComments": "Unaliased_MB4_PE3",
    "ImageOrientationPatientDICOM": [
      0.999977,
      0.00177502,
      0.00661792,
      -2.08845e-08,
      0.965863,
      -0.259055
    ],
    "ImageType": [
      "ORIGINAL",
      "PRIMARY",
      "M",
      "MB",
      "ND",
      "NORM",
      "MOSAIC"
    ],
    "ImagingFrequency": 123.211,
    "InPlanePhaseEncodingDirectionDICOM": "COL",
    "InstitutionAddress": "Perth_Drive_100_London_Ontario_CA_N6A_5K8",
    "InstitutionName": "Robarts_Research_Institute",
    "InstitutionalDepartmentName": "CFMM",
    "MRAcquisitionType": "2D",
    "MagneticFieldStrength": 3,
    "Manufacturer": "Siemens",
    "ManufacturersModelName": "Prisma_fit",
    "Modality": "MR",
    "MultibandAccelerationFactor": 4,
    "PartialFourier": 0.875,
    "PatientPosition": "HFS",
    "PercentPhaseFOV": 100,
    "PhaseEncodingDirection": "j-",
    "PhaseEncodingSteps": 74,
    "PhaseResolution": 1,
    "PixelBandwidth": 1565,
    "ProcedureStepDescription": "Ansari_ITG",
    "ProtocolName": "ep_bold_mb4_nfa_2.5iso",
    "PulseSequenceDetails": "%CustomerSeq%_cmrr_mbep2d_bold",
    "ReceiveCoilActiveElements": "HEA;HEP",
    "ReceiveCoilName": "Head_32",
    "ReconMatrixPE": 84,
    "RepetitionTime": 1,
    "SAR": 0.0697233,
    "ScanOptions": "PFP_FS",
    "ScanningSequence": "EP",
    "SequenceName": "epfid2d1_84",
    "SequenceVariant": "SK_SS",
    "SeriesDescription": "ep_bold_mb4_nfa_2.5iso",
    "SeriesNumber": 5,
    "ShimSetting": [
      5245,
      -6179,
      -3813,
      528,
      18,
      251,
      -46,
      -19
    ],
    "SliceThickness": 2.5,
    "SliceTiming": [
      0,
      0.4075,
      0.8175,
      0.245,
      0.6525,
      0.0825,
      0.49,
      0.8975,
      0.3275,
      0.735,
      0.1625,
      0.5725,
      0,
      0.4075,
      0.8175,
      0.245,
      0.6525,
      0.0825,
      0.49,
      0.8975,
      0.3275,
      0.735,
      0.1625,
      0.5725,
      0,
      0.4075,
      0.8175,
      0.245,
      0.6525,
      0.0825,
      0.49,
      0.8975,
      0.3275,
      0.735,
      0.1625,
      0.5725,
      0,
      0.4075,
      0.8175,
      0.245,
      0.6525,
      0.0825,
      0.49,
      0.8975,
      0.3275,
      0.735,
      0.1625,
      0.5725
    ],
    "SoftwareVersions": "syngo_MR_E11",
    "SpacingBetweenSlices": 2.5,
    "StationName": "MRC35368",
    "TaskName": "ChangeDetection",
    "TotalReadoutTime": 0.0630806,
    "TxRefAmp": 254.063,
    "WipMemBlock": "7d1aa433-4373-4036-925c-b98d1411668a||Sequence: ve11b/master r/50434d5; Mar  3 2017 10:46:13 by eja",
    "dataset": "ds002033",
    "modality": "bold",
    "run_id": 2,
    "session_id": "01",
    "subject_id": "29",
    "task_id": "ChangeDetection"
  },
  "dummy_trs": 2,
  "dvars_nstd": 28.031680802379523,
  "dvars_std": 1.140429233343373,
  "dvars_vstd": 0.9987450852710835,
  "efc": 0.5725815285928452,
  "fber": 3243.967529296875,
  "fd_mean": 0.17190838689809806,
  "fd_num": 136,
  "fd_perc": 40.84084084084084,
  "fwhm_avg": 2.2048584071218635,
  "fwhm_x": 2.0493051171396286,
  "fwhm_y": 2.4013701042259616,
  "fwhm_z": 2.1639,
  "gcor": 0.0115901,
  "gsr_x": -0.028432758525013924,
  "gsr_y": 0.05156904458999634,
  "provenance": {
    "md5sum": "908a414aea520ffa5e6681b259ac8266",
    "settings": {
      "fd_thres": 0.2,
      "testing": false
    },
    "software": "mriqc",
    "version": "22.0.6",
    "webapi_port": null,
    "webapi_url": "https://mriqc.nimh.nih.gov/api/v1"
  },
  "size_t": 333,
  "size_x": 84,
  "size_y": 84,
  "size_z": 48,
  "snr": 4.378246085571915,
  "spacing_tr": 1.0,
  "spacing_x": 2.4761905670166016,
  "spacing_y": 2.4761905670166016,
  "spacing_z": 2.5,
  "summary_bg_k": 23.847687170014638,
  "summary_bg_mad": 40.52991082812521,
  "summary_bg_mean": 172.99571228027344,
  "summary_bg_median": 61.084800720214844,
  "summary_bg_n": 188129.0,
  "summary_bg_p05": 28.273268127441405,
  "summary_bg_p95": 672.2135009765628,
  "summary_bg_stdv": 300.5536804199219,
  "summary_fg_k": 3.3080641185003223,
  "summary_fg_mad": 763.4565289775347,
  "summary_fg_mean": 3813.170166015625,
  "summary_fg_median": 3676.435791015625,
  "summary_fg_n": 89109.0,
  "summary_fg_p05": 2754.29912109375,
  "summary_fg_p95": 5277.17705078125,
  "summary_fg_stdv": 839.700439453125,
  "tsnr": 57.79756164550781
}