{
  "bids_meta": {
    "AcquisitionMatrixPE": 256,
    "AcquisitionNumber": 1,
    "AcquisitionTime": "09:57:56.077500",
    "BaseResolution": 256,
    "BodyPartExamined": "BRAIN",
    "ConsistencyInfo": "N4_VE11B_LATEST_20150530",
    "ConversionSoftware": "dcm2niix",
    "ConversionSoftwareVersion": "v1.0.20181114  Clang4.0.1",
    "DeviceSerialNumber": "67007",
    "DwellTime": 8.2e-06,
    "EchoTime": 0.00298,
    "FlipAngle": 9,
    "ImageOrientationPatientDICOM": [
      -0.0244322,
      0.999701,
      4.63618e-08,
      -0.0296574,
      -0.000724765,
      -0.99956
    ],
    "ImageType": [
      "ORIGINAL",
      "PRIMARY",
      "M",
      "ND",
      "NORM"
    ],
    "ImagingFrequency": 123.211,
    "InPlanePhaseEncodingDirectionDICOM": "ROW",
    "InstitutionAddress": "Perth_Drive_100_London_Ontario_CA_N6A_5K8",
    "InstitutionName": "Robarts_Research_Institute",
    "InstitutionalDepartmentName": "CFMM",
    "InversionTime": 0.9,
    "MRAcquisitionType": "3D",
    "MagneticFieldStrength": 3,
    "Manufacturer": "Siemens",
    "ManufacturersModelName": "Prisma_fit",
    "Modality": "MR",
    "PartialFourier": 1,
    "PatientPosition": "HFS",
    "PercentPhaseFOV": 100,
    "PhaseEncodingSteps": 255,
    "PhaseResolution": 1,
    "PixelBandwidth": 240,
    "ProcedureStepDescription": "Ansari_ITG",
    "ProtocolName": "mprage_sag_p2",
    "PulseSequenceDetails": "%SiemensSeq%_tfl",
    "ReceiveCoilActiveElements": "HEA;HEP",
    "ReceiveCoilName": "Head_32",
    "ReconMatrixPE": 256,
    "RepetitionTime": 2.3,
    "SAR": 0.0451444,
    "ScanOptions": "IR",
    "ScanningSequence": "GR_IR",
    "SequenceName": "_tfl3d1_16ns",
    "SequenceVariant": "SK_SP_MP",
    "SeriesDescription": "mprage_sag_p2",
    "SeriesNumber": 6,
    "ShimSetting": [
      5212,
      -6181,
      -3939,
      464,
      40,
      -56,
      -17,
      14
    ],
    "SliceThickness": 1,
    "SoftwareVersions": "syngo_MR_E11",
    "StationName": "MRC35368",
    "TxRefAmp": 238.922,
    "dataset": "ds002033",
    "modality": "T1w",
    "session_id": "01",
    "subject_id": "02"
  },
  "cjv": 0.3267740560385599,
  "cnr": 3.9706152368434453,
  "efc": 0.4757064467036596,
  "fber": -1.0,
  "fwhm_avg": 3.7028933333333334,
  "fwhm_x": 3.69009,
  "fwhm_y": 3.84396,
  "fwhm_z": 3.57463,
  "icvs_csf": 0.19834155750768095,
  "icvs_gm": 0.4445672409729759,
  "icvs_wm": 0.35709120151934315,
  "inu_med": 0.4466363936662674,
  "inu_range": 0.11781010776758194,
  "provenance": {
    "md5sum": "6487276a7005f02550dfa999e42aee7e",
    "settings": {
      "testing": false
    },
    "software": "mriqc",
    "version": "22.0.6",
    "warnings": {
      "large_rot_frame": true,
      "small_air_mask": false
    },
    "webapi_port": null,
    "webapi_url": "https://mriqc.nimh.nih.gov/api/v1"
  },
  "qi_1": 0.011559973367022398,
  "qi_2": 0.06856202045953029,
  "rpve_csf": 26.965460684997588,
  "rpve_gm": 13.001262418730368,
  "rpve_wm": 18.574842722460836,
  "size_x": 176,
  "size_y": 256,
  "size_z": 256,
  "snr_csf": 2.294801492275963,
  "snr_gm": 11.116192508991924,
  "snr_total": 12.519631019410498,
  "snr_wm": 24.147899056963613,
  "snrd_csf": 37.1388674599088,
  "snrd_gm": 104.92150380560847,
  "snrd_total": 97.30259389782161,
  "snrd_wm": 149.84741042794752,
  "spacing_x": 1.0,
  "spacing_y": 1.0,
  "spacing_z": 1.0,
  "summary_bg_k": 21.87467859789564,
  "summary_bg_mad": 0.0,
  "summary_bg_mean": 1.9290053603637833,
  "summary_bg_median": 0.0,
  "summary_bg_n": 3540012.0,
  "summary_bg_p05": 0.0,
  "summary_bg_p95": 10.836507834494114,
  "summary_bg_stdv": 4.372152724241834,
  "summary_csf_k": 3.2685665674686497,
  "summary_csf_mad": 84.18354593927928,
  "summary_csf_mean": 263.8598301747598,
  "summary_csf_median": 247.85189853608608,
  "summary_csf_n": 27083.0,
  "summary_csf_p05": 117.37384820953012,
  "summary_csf_p95": 471.27588717713934,
  "summary_csf_stdv": 108.00381799663167,
  "summary_gm_k": 0.32400619399402375,
  "summary_gm_mad": 59.75587114254614,
  "summary_gm_mean": 700.1238240588204,
  "summary_gm_median": 700.2096642702818,
  "summary_gm_n": 25719.0,
  "summary_gm_p05": 595.461676415056,
  "summary_gm_p95": 804.5590339899063,
  "summary_gm_stdv": 62.98883820870419,
  "summary_wm_k": 1.1653938401054393,
  "summary_wm_mad": 38.21749121424379,
  "summary_wm_mean": 1000.9855516477585,
  "summary_wm_median": 1000.0295567810535,
  "summary_wm_n": 197875.0,
  "summary_wm_p05": 935.4534188136458,
  "summary_wm_p95": 1069.0643124133348,
  "summary_wm_stdv": 41.412589455356226,
  "tpm_overlap_csf": 0.14529281253465823,
  "tpm_overlap_gm": 0.45800306062715923,
  "tpm_overlap_wm": 0.5196562068114826,
  "wm2max": 0.5639231152739187
}