{
  "bids_meta": {
    "AcquisitionMatrixPE": 208,
    "AcquisitionNumber": 1,
    "AcquisitionTime": "17:14:48.740000",
    "BaseResolution": 256,
    "BodyPartExamined": "BRAIN",
    "ConsistencyInfo": "N4_VE11B_LATEST_20150530",
    "ConversionSoftware": "dcm2niix",
    "ConversionSoftwareVersion": "v1.0.20181114  Clang4.0.1",
    "DeviceSerialNumber": "67007",
    "DwellTime": 8.2e-06,
    "EchoTime": 0.00298,
    "FlipAngle": 9,
    "ImageOrientationPatientDICOM": [
      0.0471334,
      0.998889,
      -2.50637e-08,
      0.0503399,
      -0.00237535,
      -0.998729
    ],
    "ImageType": [
      "ORIGINAL",
      "PRIMARY",
      "M",
      "ND",
      "NORM"
    ],
    "ImagingFrequency": 123.211,
    "InPlanePhaseEncodingDirectionDICOM": "ROW",
    "InstitutionAddress": "Perth_Drive_100_London_Ontario_CA_N6A_5K8",
    "InstitutionName": "Robarts_Research_Institute",
    "InstitutionalDepartmentName": "CFMM",
    "InversionTime": 0.9,
    "MRAcquisitionType": "3D",
    "MagneticFieldStrength": 3,
    "Manufacturer": "Siemens",
    "ManufacturersModelName": "Prisma_fit",
    "Modality": "MR",
    "PartialFourier": 1,
    "PatientPosition": "HFS",
    "PercentPhaseFOV": 81.25,
    "PhaseEncodingSteps": 207,
    "PhaseResolution": 1,
    "PixelBandwidth": 240,
    "ProcedureStepDescription": "Ansari_ITG",
    "ProtocolName": "mprage_sag_p2",
    "PulseSequenceDetails": "%SiemensSeq%_tfl",
    "ReceiveCoilActiveElements": "HEA;HEP",
    "ReceiveCoilName": "Head_32",
    "ReconMatrixPE": 256,
    "RepetitionTime": 2.3,
    "SAR": 0.060678,
    "ScanOptions": "IR",
    "ScanningSequence": "GR_IR",
    "SequenceName": "_tfl3d1_16ns",
    "SequenceVariant": "SK_SP_MP",
    "SeriesDescription": "mprage_sag_p2",
    "SeriesNumber": 6,
    "ShimSetting": [
      5287,
      -6230,
      -3908,
      373,
      -4,
      -244,
      -28,
      -103
    ],
    "SliceThickness": 1,
    "SoftwareVersions": "syngo_MR_E11",
    "StationName": "MRC35368",
    "TxRefAmp": 252.189,
    "dataset": "ds002033",
    "modality": "T1w",
    "session_id": "01",
    "subject_id": "14"
  },
  "cjv": 0.37264261592627934,
  "cnr": 3.6450745780308407,
  "efc": 0.5761041293747893,
  "fber": 18593.146334536897,
  "fwhm_avg": 3.6692700000000005,
  "fwhm_x": 3.69505,
  "fwhm_y": 3.78077,
  "fwhm_z": 3.53199,
  "icvs_csf": 0.22656563748553438,
  "icvs_gm": 0.4400839492880915,
  "icvs_wm": 0.3333504132263741,
  "inu_med": 0.49548596143722534,
  "inu_range": 0.14398810267448425,
  "provenance": {
    "md5sum": "de7a87d32fb2399bdf94f2bbf12d2b94",
    "settings": {
      "testing": false
    },
    "software": "mriqc",
    "version": "22.0.6",
    "warnings": {
      "large_rot_frame": true,
      "small_air_mask": false
    },
    "webapi_port": null,
    "webapi_url": "https://mriqc.nimh.nih.gov/api/v1"
  },
  "qi_1": 2.6296185963621857e-06,
  "qi_2": 0.019533615762582425,
  "rpve_csf": 19.07260356558436,
  "rpve_gm": 9.928241191749724,
  "rpve_wm": 14.384745308767545,
  "size_x": 176,
  "size_y": 208,
  "size_z": 256,
  "snr_csf": 2.192656630761334,
  "snr_gm": 11.585198948779928,
  "snr_total": 11.41366366319689,
  "snr_wm": 20.463135410049407,
  "snrd_csf": 23.821995055320173,
  "snrd_gm": 68.5993723993089,
  "snrd_total": 62.89673250626794,
  "snrd_wm": 96.26883006417474,
  "spacing_x": 1.0,
  "spacing_y": 1.0,
  "spacing_z": 1.0,
  "summary_bg_k": 32.87963998283072,
  "summary_bg_mad": 0.0,
  "summary_bg_mean": 3.9159923075178105,
  "summary_bg_median": 0.0,
  "summary_bg_n": 2464833.0,
  "summary_bg_p05": 0.0,
  "summary_bg_p95": 18.570254631340504,
  "summary_bg_stdv": 6.8055042229133695,
  "summary_csf_k": 4.761288339498227,
  "summary_csf_mad": 88.66375424829437,
  "summary_csf_mean": 265.0011491473647,
  "summary_csf_median": 247.46096835285425,
  "summary_csf_n": 59580.0,
  "summary_csf_p05": 106.29416544735432,
  "summary_csf_p95": 477.70090145952986,
  "summary_csf_stdv": 112.85802262003021,
  "summary_gm_k": 0.025807654255614043,
  "summary_gm_mad": 61.399467080434675,
  "summary_gm_mean": 712.5762108150658,
  "summary_gm_median": 712.6047622337937,
  "summary_gm_n": 31472.0,
  "summary_gm_p05": 610.780604980886,
  "summary_gm_p95": 813.4428882673383,
  "summary_gm_stdv": 61.50895155485189,
  "summary_wm_k": 0.8335787778775008,
  "summary_wm_mad": 45.70849215987915,
  "summary_wm_mean": 1000.4631916069436,
  "summary_wm_median": 1000.0328626781702,
  "summary_wm_n": 179543.0,
  "summary_wm_p05": 921.6433807387948,
  "summary_wm_p95": 1080.4601424708962,
  "summary_wm_stdv": 48.86983630296773,
  "tpm_overlap_csf": 0.15569982505534624,
  "tpm_overlap_gm": 0.4730555474440034,
  "tpm_overlap_wm": 0.48792882372755286,
  "wm2max": 0.5159732215901228
}