{
  "aor": 0.0003393655589123867,
  "aqi": 0.004459495679758309,
  "bids_meta": {
    "AcquisitionMatrixPE": 84,
    "AcquisitionNumber": 1,
    "AcquisitionTime": "11:37:13.182500",
    "BandwidthPerPixelPhaseEncode": 15.664,
    "BaseResolution": 84,
    "BodyPartExamined": "BRAIN",
    "ConsistencyInfo": "N4_VE11B_LATEST_20150530",
    "ConversionSoftware": "dcm2niix",
    "ConversionSoftwareVersion": "v1.0.20181114  Clang4.0.1",
    "DerivedVendorReportedEchoSpacing": 0.000760008,
    "DeviceSerialNumber": "67007",
    "DwellTime": 3.8e-06,
    "EchoTime": 0.03,
    "EchoTrainLength": 74,
    "EffectiveEchoSpacing": 0.000760008,
    "FlipAngle": 40,
    "ImageComments": "Unaliased_MB4_PE3",
    "ImageOrientationPatientDICOM": [
      0.99861,
      -0.0117848,
      -0.0513797,
      -7.37383e-09,
      0.97469,
      -0.223561
    ],
    "ImageType": [
      "ORIGINAL",
      "PRIMARY",
      "M",
      "MB",
      "ND",
      "NORM",
      "MOSAIC"
    ],
    "ImagingFrequency": 123.211,
    "InPlanePhaseEncodingDirectionDICOM": "COL",
    "InstitutionAddress": "Perth_Drive_100_London_Ontario_CA_N6A_5K8",
    "InstitutionName": "Robarts_Research_Institute",
    "InstitutionalDepartmentName": "CFMM",
    "MRAcquisitionType": "2D",
    "MagneticFieldStrength": 3,
    "Manufacturer": "Siemens",
    "ManufacturersModelName": "Prisma_fit",
    "Modality": "MR",
    "MultibandAccelerationFactor": 4,
    "PartialFourier": 0.875,
    "PatientPosition": "HFS",
    "PercentPhaseFOV": 100,
    "PhaseEncodingDirection": "j-",
    "PhaseEncodingSteps": 74,
    "PhaseResolution": 1,
    "PixelBandwidth": 1565,
    "ProcedureStepDescription": "Ansari_ITG",
    "ProtocolName": "ep_bold_mb4_nfa_2.5iso",
    "PulseSequenceDetails": "%CustomerSeq%_cmrr_mbep2d_bold",
    "ReceiveCoilActiveElements": "HEA;HEP",
    "ReceiveCoilName": "Head_32",
    "ReconMatrixPE": 84,
    "RepetitionTime": 1,
    "SAR": 0.0519133,
    "ScanOptions": "PFP_FS",
    "ScanningSequence": "EP",
    "SequenceName": "epfid2d1_84",
    "SequenceVariant": "SK_SS",
    "SeriesDescription": "ep_bold_mb4_nfa_2.5iso",
    "SeriesNumber": 4,
    "ShimSetting": [
      5247,
      -6290,
      -3954,
      500,
      42,
      47,
      5,
      -13
    ],
    "SliceThickness": 2.5,
    "SliceTiming": [
      0,
      0.4075,
      0.815,
      0.245,
      0.6525,
      0.08,
      0.49,
      0.8975,
      0.325,
      0.735,
      0.1625,
      0.57,
      0,
      0.4075,
      0.815,
      0.245,
      0.6525,
      0.08,
      0.49,
      0.8975,
      0.325,
      0.735,
      0.1625,
      0.57,
      0,
      0.4075,
      0.815,
      0.245,
      0.6525,
      0.08,
      0.49,
      0.8975,
      0.325,
      0.735,
      0.1625,
      0.57,
      0,
      0.4075,
      0.815,
      0.245,
      0.6525,
      0.08,
      0.49,
      0.8975,
      0.325,
      0.735,
      0.1625,
      0.57
    ],
    "SoftwareVersions": "syngo_MR_E11",
    "SpacingBetweenSlices": 2.5,
    "StationName": "MRC35368",
    "TaskName": "ChangeDetection",
    "TotalReadoutTime": 0.0630806,
    "TxRefAmp": 245.713,
    "WipMemBlock": "b9ea51af-57f6-4a76-9aed-1abe5243f137||Sequence: ve11b/master r/50434d5; Mar  3 2017 10:46:13 by eja",
    "dataset": "ds002033",
    "modality": "bold",
    "run_id": 2,
    "session_id": "01",
    "subject_id": "33",
    "task_id": "ChangeDetection"
  },
  "dummy_trs": 4,
  "dvars_nstd": 28.315070302484866,
  "dvars_std": 1.2119482947272724,
  "dvars_vstd": 1.0036558235151525,
  "efc": 0.5443361521949651,
  "fber": 3122.6259765625,
  "fd_mean": 0.11392893510634257,
  "fd_num": 7,
  "fd_perc": 2.1148036253776437,
  "fwhm_avg": 2.0271509185715852,
  "fwhm_x": 1.9109676222138174,
  "fwhm_y": 2.1778491335009384,
  "fwhm_z": 1.9926359999999999,
  "gcor": 0.00907116,
  "gsr_x": -0.0012080910382792354,
  "gsr_y": 0.02394135482609272,
  "provenance": {
    "md5sum": "16abcfa883a34a077ff1c6c31d6a354d",
    "settings": {
      "fd_thres": 0.2,
      "testing": false
    },
    "software": "mriqc",
    "version": "22.0.6",
    "webapi_port": null,
    "webapi_url": "https://mriqc.nimh.nih.gov/api/v1"
  },
  "size_t": 331,
  "size_x": 84,
  "size_y": 84,
  "size_z": 48,
  "snr": 4.945130092480573,
  "spacing_tr": 1.0,
  "spacing_x": 2.4761905670166016,
  "spacing_y": 2.4761908054351807,
  "spacing_z": 2.5,
  "summary_bg_k": 27.29902952157188,
  "summary_bg_mad": 42.998426498344365,
  "summary_bg_mean": 162.72418212890625,
  "summary_bg_median": 59.64567565917969,
  "summary_bg_n": 202888.0,
  "summary_bg_p05": 25.5048246383667,
  "summary_bg_p95": 596.5222839355464,
  "summary_bg_stdv": 293.36102294921875,
  "summary_fg_k": 3.363255732773154,
  "summary_fg_mad": 643.0993441924433,
  "summary_fg_mean": 3509.307861328125,
  "summary_fg_median": 3432.875,
  "summary_fg_n": 77769.0,
  "summary_fg_p05": 2583.3375,
  "summary_fg_p95": 4650.859082031249,
  "summary_fg_stdv": 694.1885986328125,
  "tsnr": 63.33673858642578
}