{
  "bids_meta": {
    "AcquisitionMatrixPE": 224,
    "AcquisitionNumber": 1,
    "AcquisitionTime": "15:18:33.025000",
    "BaseResolution": 256,
    "BodyPartExamined": "BRAIN",
    "ConsistencyInfo": "N4_VE11B_LATEST_20150530",
    "ConversionSoftware": "dcm2niix",
    "ConversionSoftwareVersion": "v1.0.20181114  Clang4.0.1",
    "DeviceSerialNumber": "67007",
    "DwellTime": 8.2e-06,
    "EchoTime": 0.00298,
    "FlipAngle": 9,
    "ImageOrientationPatientDICOM": [
      -0.0313446,
      0.999509,
      -7.83364e-09,
      0.00680207,
      0.000213305,
      -0.999977
    ],
    "ImageType": [
      "ORIGINAL",
      "PRIMARY",
      "M",
      "ND",
      "NORM"
    ],
    "ImagingFrequency": 123.211,
    "InPlanePhaseEncodingDirectionDICOM": "ROW",
    "InstitutionAddress": "Perth_Drive_100_London_Ontario_CA_N6A_5K8",
    "InstitutionName": "Robarts_Research_Institute",
    "InstitutionalDepartmentName": "CFMM",
    "InversionTime": 0.9,
    "MRAcquisitionType": "3D",
    "MagneticFieldStrength": 3,
    "Manufacturer": "Siemens",
    "ManufacturersModelName": "Prisma_fit",
    "Modality": "MR",
    "PartialFourier": 1,
    "PatientPosition": "HFS",
    "PercentPhaseFOV": 87.5,
    "PhaseEncodingSteps": 223,
    "PhaseResolution": 1,
    "PixelBandwidth": 240,
    "ProcedureStepDescription": "Ansari_ITG",
    "ProtocolName": "mprage_sag_p2",
    "PulseSequenceDetails": "%SiemensSeq%_tfl",
    "ReceiveCoilActiveElements": "HEA;HEP;SP1",
    "ReceiveCoilName": "Spine_32",
    "ReconMatrixPE": 256,
    "RepetitionTime": 2.3,
    "SAR": 0.0576335,
    "ScanOptions": "IR",
    "ScanningSequence": "GR_IR",
    "SequenceName": "_tfl3d1_16ns",
    "SequenceVariant": "SK_SP_MP",
    "SeriesDescription": "mprage_sag_p2",
    "SeriesNumber": 8,
    "ShimSetting": [
      5263,
      -6138,
      -3913,
      400,
      42,
      -209,
      45,
      -46
    ],
    "SliceThickness": 1,
    "SoftwareVersions": "syngo_MR_E11",
    "StationName": "MRC35368",
    "TxRefAmp": 259.715,
    "dataset": "ds002033",
    "modality": "T1w",
    "session_id": "01",
    "subject_id": "16"
  },
  "cjv": 0.3368729456034293,
  "cnr": 3.926066729635058,
  "efc": 0.5338758341559922,
  "fber": 9887.610390403224,
  "fwhm_avg": 3.645559854451833,
  "fwhm_x": 3.662839563355498,
  "fwhm_y": 3.86173,
  "fwhm_z": 3.41211,
  "icvs_csf": 0.20086090570065757,
  "icvs_gm": 0.4658179988788673,
  "icvs_wm": 0.3333210954204751,
  "inu_med": 0.46384382247924805,
  "inu_range": 0.12522687315940856,
  "provenance": {
    "md5sum": "1c01b11d97ff07dc18f6a6b6cf7d3498",
    "settings": {
      "testing": false
    },
    "software": "mriqc",
    "version": "22.0.6",
    "warnings": {
      "large_rot_frame": true,
      "small_air_mask": false
    },
    "webapi_port": null,
    "webapi_url": "https://mriqc.nimh.nih.gov/api/v1"
  },
  "qi_1": 0.0,
  "qi_2": 0.03033543366542176,
  "rpve_csf": 22.942661548538997,
  "rpve_gm": 10.669691676466297,
  "rpve_wm": 16.626421093331253,
  "size_x": 176,
  "size_y": 224,
  "size_z": 256,
  "snr_csf": 2.191350595654455,
  "snr_gm": 10.588514544947515,
  "snr_total": 12.443096318842008,
  "snr_wm": 24.54942381592405,
  "snrd_csf": 23.70256993999867,
  "snrd_gm": 68.30523806663516,
  "snrd_total": 63.40850480361062,
  "snrd_wm": 98.21770640419805,
  "spacing_x": 1.0000001192092896,
  "spacing_y": 1.0,
  "spacing_z": 1.0,
  "summary_bg_k": 8.615133729679656,
  "summary_bg_mad": 0.0,
  "summary_bg_mean": 4.240879469709325,
  "summary_bg_median": 0.0,
  "summary_bg_n": 2202154.0,
  "summary_bg_p05": 0.0,
  "summary_bg_p95": 15.991985909640789,
  "summary_bg_stdv": 6.670247581688305,
  "summary_csf_k": 1.756275265553966,
  "summary_csf_mad": 89.11786806605312,
  "summary_csf_mean": 258.1717148060655,
  "summary_csf_median": 241.3268592953682,
  "summary_csf_n": 30394.0,
  "summary_csf_p05": 105.30221812427044,
  "summary_csf_p95": 472.07897152751684,
  "summary_csf_stdv": 110.12518479058296,
  "summary_gm_k": 0.0523382374502539,
  "summary_gm_mad": 64.85800398140532,
  "summary_gm_mean": 694.9796086416802,
  "summary_gm_median": 695.447313003242,
  "summary_gm_n": 33687.0,
  "summary_gm_p05": 586.6201791912317,
  "summary_gm_p95": 802.4192280322313,
  "summary_gm_stdv": 65.67842805365278,
  "summary_wm_k": 1.1950398742655288,
  "summary_wm_mad": 37.73756635389657,
  "summary_wm_mean": 1000.4224028743662,
  "summary_wm_median": 1000.000028423965,
  "summary_wm_n": 173828.0,
  "summary_wm_p05": 935.252892896533,
  "summary_wm_p95": 1066.4910696074367,
  "summary_wm_stdv": 40.734037568919746,
  "tpm_overlap_csf": 0.14472154562387068,
  "tpm_overlap_gm": 0.46148552278461996,
  "tpm_overlap_wm": 0.478769213206631,
  "wm2max": 0.4715257973651521
}