{
  "aor": 0.0003612424242424243,
  "aqi": 0.004672743696969697,
  "bids_meta": {
    "AcquisitionMatrixPE": 84,
    "AcquisitionNumber": 1,
    "AcquisitionTime": "14:41:43.452500",
    "BandwidthPerPixelPhaseEncode": 15.664,
    "BaseResolution": 84,
    "BodyPartExamined": "BRAIN",
    "ConsistencyInfo": "N4_VE11B_LATEST_20150530",
    "ConversionSoftware": "dcm2niix",
    "ConversionSoftwareVersion": "v1.0.20181114  Clang4.0.1",
    "DerivedVendorReportedEchoSpacing": 0.000760008,
    "DeviceSerialNumber": "67007",
    "DwellTime": 3.8e-06,
    "EchoTime": 0.03,
    "EchoTrainLength": 74,
    "EffectiveEchoSpacing": 0.000760008,
    "FlipAngle": 40,
    "ImageComments": "Unaliased_MB4_PE3",
    "ImageOrientationPatientDICOM": [
      0.999791,
      -0.00765358,
      -0.0189377,
      1.92681e-08,
      0.927146,
      -0.3747
    ],
    "ImageType": [
      "ORIGINAL",
      "PRIMARY",
      "M",
      "MB",
      "ND",
      "NORM",
      "MOSAIC"
    ],
    "ImagingFrequency": 123.211,
    "InPlanePhaseEncodingDirectionDICOM": "COL",
    "InstitutionAddress": "Perth_Drive_100_London_Ontario_CA_N6A_5K8",
    "InstitutionName": "Robarts_Research_Institute",
    "InstitutionalDepartmentName": "CFMM",
    "MRAcquisitionType": "2D",
    "MagneticFieldStrength": 3,
    "Manufacturer": "Siemens",
    "ManufacturersModelName": "Prisma_fit",
    "Modality": "MR",
    "MultibandAccelerationFactor": 4,
    "PartialFourier": 0.875,
    "PatientPosition": "HFS",
    "PercentPhaseFOV": 100,
    "PhaseEncodingDirection": "j-",
    "PhaseEncodingSteps": 74,
    "PhaseResolution": 1,
    "PixelBandwidth": 1565,
    "ProcedureStepDescription": "Ansari_ITG",
    "ProtocolName": "ep_bold_mb4_nfa_2.5iso",
    "PulseSequenceDetails": "%CustomerSeq%_cmrr_mbep2d_bold",
    "ReceiveCoilActiveElements": "HEA;HEP",
    "ReceiveCoilName": "Head_32",
    "ReconMatrixPE": 84,
    "RepetitionTime": 1,
    "SAR": 0.0748456,
    "ScanOptions": "PFP_FS",
    "ScanningSequence": "EP",
    "SequenceName": "epfid2d1_84",
    "SequenceVariant": "SK_SS",
    "SeriesDescription": "ep_bold_mb4_nfa_2.5iso",
    "SeriesNumber": 6,
    "ShimSetting": [
      5216,
      -6269,
      -3879,
      503,
      119,
      183,
      -90,
      -13
    ],
    "SliceThickness": 2.5,
    "SliceTiming": [
      0,
      0.4075,
      0.815,
      0.245,
      0.6525,
      0.08,
      0.49,
      0.8975,
      0.325,
      0.735,
      0.1625,
      0.57,
      0,
      0.4075,
      0.815,
      0.245,
      0.6525,
      0.08,
      0.49,
      0.8975,
      0.325,
      0.735,
      0.1625,
      0.57,
      0,
      0.4075,
      0.815,
      0.245,
      0.6525,
      0.08,
      0.49,
      0.8975,
      0.325,
      0.735,
      0.1625,
      0.57,
      0,
      0.4075,
      0.815,
      0.245,
      0.6525,
      0.08,
      0.49,
      0.8975,
      0.325,
      0.735,
      0.1625,
      0.57
    ],
    "SoftwareVersions": "syngo_MR_E11",
    "SpacingBetweenSlices": 2.5,
    "StationName": "MRC35368",
    "TaskName": "ChangeDetection",
    "TotalReadoutTime": 0.0630806,
    "TxRefAmp": 268.765,
    "WipMemBlock": "2c7caedb-dcfa-40f8-80cd-1e10747428fa||Sequence: ve11b/master r/50434d5; Mar  3 2017 10:46:13 by eja",
    "dataset": "ds002033",
    "modality": "bold",
    "run_id": 4,
    "session_id": "01",
    "subject_id": "42",
    "task_id": "ChangeDetection"
  },
  "dummy_trs": 5,
  "dvars_nstd": 32.26326820106382,
  "dvars_std": 1.205800330547112,
  "dvars_vstd": 1.002072733647417,
  "efc": 0.5619896154028192,
  "fber": 2553.351318359375,
  "fd_mean": 0.1987088303003223,
  "fd_num": 176,
  "fd_perc": 53.333333333333336,
  "fwhm_avg": 2.0976402435549133,
  "fwhm_x": 2.0148772337870513,
  "fwhm_y": 2.182275496877689,
  "fwhm_z": 2.095768,
  "gcor": 0.00404324,
  "gsr_x": -0.01465123426169157,
  "gsr_y": 0.03146527335047722,
  "provenance": {
    "md5sum": "29dc4ab000c25c28d046a859e5d43a5b",
    "settings": {
      "fd_thres": 0.2,
      "testing": false
    },
    "software": "mriqc",
    "version": "22.0.6",
    "webapi_port": null,
    "webapi_url": "https://mriqc.nimh.nih.gov/api/v1"
  },
  "size_t": 330,
  "size_x": 84,
  "size_y": 84,
  "size_z": 48,
  "snr": 4.1453541882577465,
  "spacing_tr": 1.0,
  "spacing_x": 2.4761905670166016,
  "spacing_y": 2.4761905670166016,
  "spacing_z": 2.5,
  "summary_bg_k": 23.724950373112364,
  "summary_bg_mad": 42.07857985653481,
  "summary_bg_mean": 147.20614624023438,
  "summary_bg_median": 55.04545974731445,
  "summary_bg_n": 193652.0,
  "summary_bg_p05": 23.243722915649414,
  "summary_bg_p95": 545.2706939697251,
  "summary_bg_stdv": 254.92111206054688,
  "summary_fg_k": 2.4651117132951104,
  "summary_fg_mad": 638.5824025213662,
  "summary_fg_mean": 3019.86962890625,
  "summary_fg_median": 2905.73876953125,
  "summary_fg_n": 85333.0,
  "summary_fg_p05": 2137.974072265625,
  "summary_fg_p95": 4282.590527343749,
  "summary_fg_stdv": 700.9586181640625,
  "tsnr": 54.80862045288086
}