{
  "aor": 0.004062168674698796,
  "aqi": 0.00800021563253012,
  "bids_meta": {
    "AcquisitionMatrixPE": 84,
    "AcquisitionNumber": 1,
    "AcquisitionTime": "13:45:0.117500",
    "BandwidthPerPixelPhaseEncode": 15.664,
    "BaseResolution": 84,
    "BodyPartExamined": "BRAIN",
    "ConsistencyInfo": "N4_VE11B_LATEST_20150530",
    "ConversionSoftware": "dcm2niix",
    "ConversionSoftwareVersion": "v1.0.20181114  Clang4.0.1",
    "DerivedVendorReportedEchoSpacing": 0.000760008,
    "DeviceSerialNumber": "67007",
    "DwellTime": 3.8e-06,
    "EchoTime": 0.03,
    "EchoTrainLength": 74,
    "EffectiveEchoSpacing": 0.000760008,
    "FlipAngle": 40,
    "ImageComments": "Unaliased_MB4_PE3",
    "ImageOrientationPatientDICOM": [
      1,
      0,
      0,
      0,
      0.873772,
      -0.486335
    ],
    "ImageType": [
      "ORIGINAL",
      "PRIMARY",
      "M",
      "MB",
      "ND",
      "NORM",
      "MOSAIC"
    ],
    "ImagingFrequency": 123.211,
    "InPlanePhaseEncodingDirectionDICOM": "COL",
    "InstitutionAddress": "Perth_Drive_100_London_Ontario_CA_N6A_5K8",
    "InstitutionName": "Robarts_Research_Institute",
    "InstitutionalDepartmentName": "CFMM",
    "MRAcquisitionType": "2D",
    "MagneticFieldStrength": 3,
    "Manufacturer": "Siemens",
    "ManufacturersModelName": "Prisma_fit",
    "Modality": "MR",
    "MultibandAccelerationFactor": 4,
    "PartialFourier": 0.875,
    "PatientPosition": "HFS",
    "PercentPhaseFOV": 100,
    "PhaseEncodingDirection": "j-",
    "PhaseEncodingSteps": 74,
    "PhaseResolution": 1,
    "PixelBandwidth": 1565,
    "ProcedureStepDescription": "Ansari_ITG",
    "ProtocolName": "ep_bold_mb4_nfa_2.5iso",
    "PulseSequenceDetails": "%CustomerSeq%_cmrr_mbep2d_bold",
    "ReceiveCoilActiveElements": "HEA;HEP",
    "ReceiveCoilName": "Head_32",
    "ReconMatrixPE": 84,
    "RepetitionTime": 1,
    "SAR": 0.0696463,
    "ScanOptions": "PFP_FS",
    "ScanningSequence": "EP",
    "SequenceName": "epfid2d1_84",
    "SequenceVariant": "SK_SS",
    "SeriesDescription": "ep_bold_mb4_nfa_2.5iso",
    "SeriesNumber": 9,
    "ShimSetting": [
      5264,
      -6187,
      -3916,
      405,
      -32,
      27,
      -3,
      9
    ],
    "SliceThickness": 2.5,
    "SliceTiming": [
      0,
      0.4075,
      0.815,
      0.245,
      0.6525,
      0.08,
      0.49,
      0.8975,
      0.325,
      0.735,
      0.1625,
      0.57,
      0,
      0.4075,
      0.815,
      0.245,
      0.6525,
      0.08,
      0.49,
      0.8975,
      0.325,
      0.735,
      0.1625,
      0.57,
      0,
      0.4075,
      0.815,
      0.245,
      0.6525,
      0.08,
      0.49,
      0.8975,
      0.325,
      0.735,
      0.1625,
      0.57,
      0,
      0.4075,
      0.815,
      0.245,
      0.6525,
      0.08,
      0.49,
      0.8975,
      0.325,
      0.735,
      0.1625,
      0.57
    ],
    "SoftwareVersions": "syngo_MR_E11",
    "SpacingBetweenSlices": 2.5,
    "StationName": "MRC35368",
    "TaskName": "ChangeDetection",
    "TotalReadoutTime": 0.0630806,
    "TxRefAmp": 287.086,
    "WipMemBlock": "4eaf9995-fc30-4f35-9776-d523296c9414||Sequence: ve11b/master r/50434d5; Mar  3 2017 10:46:13 by eja",
    "dataset": "ds002033",
    "modality": "bold",
    "run_id": 4,
    "session_id": "01",
    "subject_id": "25",
    "task_id": "ChangeDetection"
  },
  "dummy_trs": 3,
  "dvars_nstd": 30.274170331208428,
  "dvars_std": 1.2361397502719031,
  "dvars_vstd": 1.0318821318731117,
  "efc": 0.5725509538350334,
  "fber": 1425.309326171875,
  "fd_mean": 0.12503035838399376,
  "fd_num": 21,
  "fd_perc": 6.325301204819277,
  "fwhm_avg": 2.0192609250473272,
  "fwhm_x": 1.938102044295456,
  "fwhm_y": 2.095044730846525,
  "fwhm_z": 2.024636,
  "gcor": 0.00649101,
  "gsr_x": -0.0022828595247119665,
  "gsr_y": 0.025797348469495773,
  "provenance": {
    "md5sum": "4e7f00139af043d7bf3c0d524bc08364",
    "settings": {
      "fd_thres": 0.2,
      "testing": false
    },
    "software": "mriqc",
    "version": "22.0.6",
    "webapi_port": null,
    "webapi_url": "https://mriqc.nimh.nih.gov/api/v1"
  },
  "size_t": 332,
  "size_x": 84,
  "size_y": 84,
  "size_z": 48,
  "snr": 4.47743107891431,
  "spacing_tr": 1.0,
  "spacing_x": 2.4761905670166016,
  "spacing_y": 2.4761905670166016,
  "spacing_z": 2.5,
  "summary_bg_k": 14.489830291222155,
  "summary_bg_mad": 6.855590057958757,
  "summary_bg_mean": 18.36190414428711,
  "summary_bg_median": 6.484496593475342,
  "summary_bg_n": 200035.0,
  "summary_bg_p05": 1.3496477127075195,
  "summary_bg_p95": 77.39684143066403,
  "summary_bg_stdv": 28.875633239746094,
  "summary_fg_k": 4.415755116329552,
  "summary_fg_mad": 46.40552183191179,
  "summary_fg_mean": 262.4222717285156,
  "summary_fg_median": 253.84246826171875,
  "summary_fg_n": 80039.0,
  "summary_fg_p05": 193.44823455810547,
  "summary_fg_p95": 360.5760955810545,
  "summary_fg_stdv": 56.69342041015625,
  "tsnr": 50.66373825073242
}