{
  "aor": 0.0010297798742138365,
  "aqi": 0.008256600157232705,
  "bids_meta": {
    "AcquisitionMatrixPE": 84,
    "AcquisitionNumber": 1,
    "AcquisitionTime": "10:04:0.832500",
    "BandwidthPerPixelPhaseEncode": 15.664,
    "BaseResolution": 84,
    "BodyPartExamined": "BRAIN",
    "ConsistencyInfo": "N4_VE11B_LATEST_20150530",
    "ConversionSoftware": "dcm2niix",
    "ConversionSoftwareVersion": "v1.0.20181114  Clang4.0.1",
    "DerivedVendorReportedEchoSpacing": 0.000760008,
    "DeviceSerialNumber": "67007",
    "DwellTime": 3.8e-06,
    "EchoTime": 0.03,
    "EchoTrainLength": 74,
    "EffectiveEchoSpacing": 0.000760008,
    "FlipAngle": 40,
    "ImageComments": "Unaliased_MB4_PE3",
    "ImageOrientationPatientDICOM": [
      0.998473,
      -0.0235553,
      -0.0499642,
      6.9874e-09,
      0.90452,
      -0.42643
    ],
    "ImageType": [
      "ORIGINAL",
      "PRIMARY",
      "M",
      "MB",
      "ND",
      "NORM",
      "MOSAIC"
    ],
    "ImagingFrequency": 123.211,
    "InPlanePhaseEncodingDirectionDICOM": "COL",
    "InstitutionAddress": "Perth_Drive_100_London_Ontario_CA_N6A_5K8",
    "InstitutionName": "Robarts_Research_Institute",
    "InstitutionalDepartmentName": "CFMM",
    "MRAcquisitionType": "2D",
    "MagneticFieldStrength": 3,
    "Manufacturer": "Siemens",
    "ManufacturersModelName": "Prisma_fit",
    "Modality": "MR",
    "MultibandAccelerationFactor": 4,
    "PartialFourier": 0.875,
    "PatientPosition": "HFS",
    "PercentPhaseFOV": 100,
    "PhaseEncodingDirection": "j-",
    "PhaseEncodingSteps": 74,
    "PhaseResolution": 1,
    "PixelBandwidth": 1565,
    "ProcedureStepDescription": "Ansari_ITG",
    "ProtocolName": "ep_bold_mb4_nfa_2.5iso",
    "PulseSequenceDetails": "%CustomerSeq%_cmrr_mbep2d_bold",
    "ReceiveCoilActiveElements": "HEA;HEP",
    "ReceiveCoilName": "Head_32",
    "ReconMatrixPE": 84,
    "RepetitionTime": 1,
    "SAR": 0.0484142,
    "ScanOptions": "PFP_FS",
    "ScanningSequence": "EP",
    "SequenceName": "epfid2d1_84",
    "SequenceVariant": "SK_SS",
    "SeriesDescription": "ep_bold_mb4_nfa_2.5iso",
    "SeriesNumber": 7,
    "ShimSetting": [
      5199,
      -6231,
      -3964,
      626,
      63,
      159,
      -31,
      36
    ],
    "SliceThickness": 2.5,
    "SliceTiming": [
      0,
      0.4075,
      0.815,
      0.245,
      0.6525,
      0.08,
      0.49,
      0.8975,
      0.325,
      0.735,
      0.1625,
      0.57,
      0,
      0.4075,
      0.815,
      0.245,
      0.6525,
      0.08,
      0.49,
      0.8975,
      0.325,
      0.735,
      0.1625,
      0.57,
      0,
      0.4075,
      0.815,
      0.245,
      0.6525,
      0.08,
      0.49,
      0.8975,
      0.325,
      0.735,
      0.1625,
      0.57,
      0,
      0.4075,
      0.815,
      0.245,
      0.6525,
      0.08,
      0.49,
      0.8975,
      0.325,
      0.735,
      0.1625,
      0.57
    ],
    "SoftwareVersions": "syngo_MR_E11",
    "SpacingBetweenSlices": 2.5,
    "StationName": "MRC35368",
    "TaskName": "ChangeDetection",
    "TotalReadoutTime": 0.0630806,
    "TxRefAmp": 238.922,
    "WipMemBlock": "d77a4f47-79e0-456e-bfb4-ed28bd5a11e2||Sequence: ve11b/master r/50434d5; Mar  3 2017 10:46:13 by eja",
    "dataset": "ds002033",
    "modality": "bold",
    "run_id": 3,
    "session_id": "01",
    "subject_id": "02",
    "task_id": "ChangeDetection"
  },
  "dummy_trs": 5,
  "dvars_nstd": 33.32707775731863,
  "dvars_std": 1.3043347409779174,
  "dvars_vstd": 1.0123725119558369,
  "efc": 0.5238620357912304,
  "fber": 4844.42431640625,
  "fd_mean": 0.11997803799900421,
  "fd_num": 22,
  "fd_perc": 6.918238993710692,
  "fwhm_avg": 1.9513412347000845,
  "fwhm_x": 1.845863586140281,
  "fwhm_y": 2.026940117959972,
  "fwhm_z": 1.98122,
  "gcor": 0.0277223,
  "gsr_x": -0.023624110966920853,
  "gsr_y": 0.028204677626490593,
  "provenance": {
    "md5sum": "2b7adedc3e7cab83c8f59d866442cb1b",
    "settings": {
      "fd_thres": 0.2,
      "testing": false
    },
    "software": "mriqc",
    "version": "22.0.6",
    "webapi_port": null,
    "webapi_url": "https://mriqc.nimh.nih.gov/api/v1"
  },
  "size_t": 318,
  "size_x": 84,
  "size_y": 84,
  "size_z": 48,
  "snr": 5.033219076357498,
  "spacing_tr": 1.0,
  "spacing_x": 2.4761905670166016,
  "spacing_y": 2.4761905670166016,
  "spacing_z": 2.5,
  "summary_bg_k": 20.45065326926835,
  "summary_bg_mad": 1.8902796174159058,
  "summary_bg_mean": 8.85165023803711,
  "summary_bg_median": 2.8442461490631104,
  "summary_bg_n": 210025.0,
  "summary_bg_p05": 1.0572507619857787,
  "summary_bg_p95": 37.9181884765625,
  "summary_bg_stdv": 16.611526489257812,
  "summary_fg_k": 4.940770972468431,
  "summary_fg_mad": 33.39473494824402,
  "summary_fg_mean": 208.85494995117188,
  "summary_fg_median": 202.70748901367188,
  "summary_fg_n": 72442.0,
  "summary_fg_p05": 160.23443527221679,
  "summary_fg_p95": 277.813540649414,
  "summary_fg_stdv": 40.27364730834961,
  "tsnr": 57.41652297973633
}