{
  "aor": 0.0004052830188679245,
  "aqi": 0.00764954103773585,
  "bids_meta": {
    "AcquisitionMatrixPE": 84,
    "AcquisitionNumber": 1,
    "AcquisitionTime": "10:09:58.632500",
    "BandwidthPerPixelPhaseEncode": 15.664,
    "BaseResolution": 84,
    "BodyPartExamined": "BRAIN",
    "ConsistencyInfo": "N4_VE11B_LATEST_20150530",
    "ConversionSoftware": "dcm2niix",
    "ConversionSoftwareVersion": "v1.0.20181114  Clang4.0.1",
    "DerivedVendorReportedEchoSpacing": 0.000760008,
    "DeviceSerialNumber": "67007",
    "DwellTime": 3.8e-06,
    "EchoTime": 0.03,
    "EchoTrainLength": 74,
    "EffectiveEchoSpacing": 0.000760008,
    "FlipAngle": 40,
    "ImageComments": "Unaliased_MB4_PE3",
    "ImageOrientationPatientDICOM": [
      0.998473,
      -0.0235553,
      -0.0499642,
      6.9874e-09,
      0.90452,
      -0.42643
    ],
    "ImageType": [
      "ORIGINAL",
      "PRIMARY",
      "M",
      "MB",
      "ND",
      "NORM",
      "MOSAIC"
    ],
    "ImagingFrequency": 123.211,
    "InPlanePhaseEncodingDirectionDICOM": "COL",
    "InstitutionAddress": "Perth_Drive_100_London_Ontario_CA_N6A_5K8",
    "InstitutionName": "Robarts_Research_Institute",
    "InstitutionalDepartmentName": "CFMM",
    "MRAcquisitionType": "2D",
    "MagneticFieldStrength": 3,
    "Manufacturer": "Siemens",
    "ManufacturersModelName": "Prisma_fit",
    "Modality": "MR",
    "MultibandAccelerationFactor": 4,
    "PartialFourier": 0.875,
    "PatientPosition": "HFS",
    "PercentPhaseFOV": 100,
    "PhaseEncodingDirection": "j-",
    "PhaseEncodingSteps": 74,
    "PhaseResolution": 1,
    "PixelBandwidth": 1565,
    "ProcedureStepDescription": "Ansari_ITG",
    "ProtocolName": "ep_bold_mb4_nfa_2.5iso",
    "PulseSequenceDetails": "%CustomerSeq%_cmrr_mbep2d_bold",
    "ReceiveCoilActiveElements": "HEA;HEP",
    "ReceiveCoilName": "Head_32",
    "ReconMatrixPE": 84,
    "RepetitionTime": 1,
    "SAR": 0.0484142,
    "ScanOptions": "PFP_FS",
    "ScanningSequence": "EP",
    "SequenceName": "epfid2d1_84",
    "SequenceVariant": "SK_SS",
    "SeriesDescription": "ep_bold_mb4_nfa_2.5iso",
    "SeriesNumber": 9,
    "ShimSetting": [
      5199,
      -6231,
      -3964,
      626,
      63,
      159,
      -31,
      36
    ],
    "SliceThickness": 2.5,
    "SliceTiming": [
      0,
      0.4075,
      0.815,
      0.245,
      0.6525,
      0.08,
      0.49,
      0.8975,
      0.325,
      0.735,
      0.1625,
      0.57,
      0,
      0.4075,
      0.815,
      0.245,
      0.6525,
      0.08,
      0.49,
      0.8975,
      0.325,
      0.735,
      0.1625,
      0.57,
      0,
      0.4075,
      0.815,
      0.245,
      0.6525,
      0.08,
      0.49,
      0.8975,
      0.325,
      0.735,
      0.1625,
      0.57,
      0,
      0.4075,
      0.815,
      0.245,
      0.6525,
      0.08,
      0.49,
      0.8975,
      0.325,
      0.735,
      0.1625,
      0.57
    ],
    "SoftwareVersions": "syngo_MR_E11",
    "SpacingBetweenSlices": 2.5,
    "StationName": "MRC35368",
    "TaskName": "ChangeDetection",
    "TotalReadoutTime": 0.0630806,
    "TxRefAmp": 238.922,
    "WipMemBlock": "f5c304d2-5e45-4315-9f23-fa866ae6c63d||Sequence: ve11b/master r/50434d5; Mar  3 2017 10:46:13 by eja",
    "dataset": "ds002033",
    "modality": "bold",
    "run_id": 4,
    "session_id": "01",
    "subject_id": "02",
    "task_id": "ChangeDetection"
  },
  "dummy_trs": 5,
  "dvars_nstd": 31.7082856054574,
  "dvars_std": 1.264847091041009,
  "dvars_vstd": 0.9951570019558362,
  "efc": 0.5239895733855076,
  "fber": 4826.79150390625,
  "fd_mean": 0.10552240476008742,
  "fd_num": 13,
  "fd_perc": 4.088050314465409,
  "fwhm_avg": 1.9529641961809234,
  "fwhm_x": 1.8493487783201372,
  "fwhm_y": 2.028167810222633,
  "fwhm_z": 1.9813759999999998,
  "gcor": 0.0165021,
  "gsr_x": -0.023042013868689537,
  "gsr_y": 0.02920142188668251,
  "provenance": {
    "md5sum": "f038078c1a6ec57383069e44c3a9158e",
    "settings": {
      "fd_thres": 0.2,
      "testing": false
    },
    "software": "mriqc",
    "version": "22.0.6",
    "webapi_port": null,
    "webapi_url": "https://mriqc.nimh.nih.gov/api/v1"
  },
  "size_t": 318,
  "size_x": 84,
  "size_y": 84,
  "size_z": 48,
  "snr": 5.032418880882137,
  "spacing_tr": 1.0,
  "spacing_x": 2.4761905670166016,
  "spacing_y": 2.4761905670166016,
  "spacing_z": 2.5,
  "summary_bg_k": 21.223108284834453,
  "summary_bg_mad": 1.890219349090516,
  "summary_bg_mean": 8.85470962524414,
  "summary_bg_median": 2.841864585876465,
  "summary_bg_n": 209989.0,
  "summary_bg_p05": 1.0570119142532348,
  "summary_bg_p95": 37.84061584472637,
  "summary_bg_stdv": 16.687829971313477,
  "summary_fg_k": 4.902354073762818,
  "summary_fg_mad": 33.434901577866775,
  "summary_fg_mean": 208.79649353027344,
  "summary_fg_median": 202.7418975830078,
  "summary_fg_n": 72349.0,
  "summary_fg_p05": 159.8482421875,
  "summary_fg_p95": 277.233673095703,
  "summary_fg_stdv": 40.286888122558594,
  "tsnr": 59.24333572387695
}