{
  "aor": 0.0009720496894409938,
  "aqi": 0.007667163167701863,
  "bids_meta": {
    "AcquisitionMatrixPE": 84,
    "AcquisitionNumber": 1,
    "AcquisitionTime": "09:51:30.442500",
    "BandwidthPerPixelPhaseEncode": 15.664,
    "BaseResolution": 84,
    "BodyPartExamined": "BRAIN",
    "ConsistencyInfo": "N4_VE11B_LATEST_20150530",
    "ConversionSoftware": "dcm2niix",
    "ConversionSoftwareVersion": "v1.0.20181114  Clang4.0.1",
    "DerivedVendorReportedEchoSpacing": 0.000760008,
    "DeviceSerialNumber": "67007",
    "DwellTime": 3.8e-06,
    "EchoTime": 0.03,
    "EchoTrainLength": 74,
    "EffectiveEchoSpacing": 0.000760008,
    "FlipAngle": 40,
    "ImageComments": "Unaliased_MB4_PE3",
    "ImageOrientationPatientDICOM": [
      0.998473,
      -0.0235553,
      -0.0499642,
      6.9874e-09,
      0.90452,
      -0.42643
    ],
    "ImageType": [
      "ORIGINAL",
      "PRIMARY",
      "M",
      "MB",
      "ND",
      "NORM",
      "MOSAIC"
    ],
    "ImagingFrequency": 123.211,
    "InPlanePhaseEncodingDirectionDICOM": "COL",
    "InstitutionAddress": "Perth_Drive_100_London_Ontario_CA_N6A_5K8",
    "InstitutionName": "Robarts_Research_Institute",
    "InstitutionalDepartmentName": "CFMM",
    "MRAcquisitionType": "2D",
    "MagneticFieldStrength": 3,
    "Manufacturer": "Siemens",
    "ManufacturersModelName": "Prisma_fit",
    "Modality": "MR",
    "MultibandAccelerationFactor": 4,
    "PartialFourier": 0.875,
    "PatientPosition": "HFS",
    "PercentPhaseFOV": 100,
    "PhaseEncodingDirection": "j-",
    "PhaseEncodingSteps": 74,
    "PhaseResolution": 1,
    "PixelBandwidth": 1565,
    "ProcedureStepDescription": "Ansari_ITG",
    "ProtocolName": "ep_bold_mb4_nfa_2.5iso",
    "PulseSequenceDetails": "%CustomerSeq%_cmrr_mbep2d_bold",
    "ReceiveCoilActiveElements": "HEA;HEP",
    "ReceiveCoilName": "Head_32",
    "ReconMatrixPE": 84,
    "RepetitionTime": 1,
    "SAR": 0.0484142,
    "ScanOptions": "PFP_FS",
    "ScanningSequence": "EP",
    "SequenceName": "epfid2d1_84",
    "SequenceVariant": "SK_SS",
    "SeriesDescription": "ep_bold_mb4_nfa_2.5iso",
    "SeriesNumber": 4,
    "ShimSetting": [
      5199,
      -6231,
      -3964,
      626,
      63,
      159,
      -31,
      36
    ],
    "SliceThickness": 2.5,
    "SliceTiming": [
      0,
      0.4075,
      0.8175,
      0.245,
      0.6525,
      0.0825,
      0.49,
      0.8975,
      0.3275,
      0.735,
      0.1625,
      0.5725,
      0,
      0.4075,
      0.8175,
      0.245,
      0.6525,
      0.0825,
      0.49,
      0.8975,
      0.3275,
      0.735,
      0.1625,
      0.5725,
      0,
      0.4075,
      0.8175,
      0.245,
      0.6525,
      0.0825,
      0.49,
      0.8975,
      0.3275,
      0.735,
      0.1625,
      0.5725,
      0,
      0.4075,
      0.8175,
      0.245,
      0.6525,
      0.0825,
      0.49,
      0.8975,
      0.3275,
      0.735,
      0.1625,
      0.5725
    ],
    "SoftwareVersions": "syngo_MR_E11",
    "SpacingBetweenSlices": 2.5,
    "StationName": "MRC35368",
    "TaskName": "ChangeDetection",
    "TotalReadoutTime": 0.0630806,
    "TxRefAmp": 238.922,
    "WipMemBlock": "1c596f36-039b-4fa9-9f5f-d059e0a6de46||Sequence: ve11b/master r/50434d5; Mar  3 2017 10:46:13 by eja",
    "dataset": "ds002033",
    "modality": "bold",
    "run_id": 2,
    "session_id": "01",
    "subject_id": "02",
    "task_id": "ChangeDetection"
  },
  "dummy_trs": 1,
  "dvars_nstd": 35.93090008056074,
  "dvars_std": 1.3663418007788162,
  "dvars_vstd": 1.014271147258567,
  "efc": 0.5241058760741664,
  "fber": 4782.9326171875,
  "fd_mean": 0.10223107778438681,
  "fd_num": 9,
  "fd_perc": 2.7950310559006213,
  "fwhm_avg": 1.9470312604308766,
  "fwhm_x": 1.8334857019789146,
  "fwhm_y": 2.0319760793137154,
  "fwhm_z": 1.9756319999999998,
  "gcor": 0.0207276,
  "gsr_x": -0.024094436317682266,
  "gsr_y": 0.028511177748441696,
  "provenance": {
    "md5sum": "c941510e7f2cc9a5bdff44125630b9d7",
    "settings": {
      "fd_thres": 0.2,
      "testing": false
    },
    "software": "mriqc",
    "version": "22.0.6",
    "webapi_port": null,
    "webapi_url": "https://mriqc.nimh.nih.gov/api/v1"
  },
  "size_t": 322,
  "size_x": 84,
  "size_y": 84,
  "size_z": 48,
  "snr": 5.033114490233713,
  "spacing_tr": 1.0,
  "spacing_x": 2.4761905670166016,
  "spacing_y": 2.4761905670166016,
  "spacing_z": 2.5,
  "summary_bg_k": 22.58416858854398,
  "summary_bg_mad": 1.8948174158158464,
  "summary_bg_mean": 8.827857971191406,
  "summary_bg_median": 2.842113494873047,
  "summary_bg_n": 209850.0,
  "summary_bg_p05": 1.058953881263733,
  "summary_bg_p95": 37.62695331573485,
  "summary_bg_stdv": 16.672496795654297,
  "summary_fg_k": 5.000592065628245,
  "summary_fg_mad": 33.39982505901007,
  "summary_fg_mean": 208.19888305664062,
  "summary_fg_median": 201.97352600097656,
  "summary_fg_n": 72420.0,
  "summary_fg_p05": 159.57483444213867,
  "summary_fg_p95": 276.81263885498055,
  "summary_fg_stdv": 40.128658294677734,
  "tsnr": 60.23124313354492
}