{
  "bids_meta": {
    "AcquisitionMatrixPE": 240,
    "AcquisitionNumber": 1,
    "AcquisitionTime": "14:29:44.680000",
    "BaseResolution": 256,
    "BodyPartExamined": "BRAIN",
    "ConsistencyInfo": "N4_VE11B_LATEST_20150530",
    "ConversionSoftware": "dcm2niix",
    "ConversionSoftwareVersion": "v1.0.20181114  Clang4.0.1",
    "DeviceSerialNumber": "67007",
    "DwellTime": 8.2e-06,
    "EchoTime": 0.00298,
    "FlipAngle": 9,
    "ImageOrientationPatientDICOM": [
      0,
      1,
      0,
      0,
      0,
      -1
    ],
    "ImageType": [
      "ORIGINAL",
      "PRIMARY",
      "M",
      "ND",
      "NORM"
    ],
    "ImagingFrequency": 123.211,
    "InPlanePhaseEncodingDirectionDICOM": "ROW",
    "InstitutionAddress": "Perth_Drive_100_London_Ontario_CA_N6A_5K8",
    "InstitutionName": "Robarts_Research_Institute",
    "InstitutionalDepartmentName": "CFMM",
    "InversionTime": 0.9,
    "MRAcquisitionType": "3D",
    "MagneticFieldStrength": 3,
    "Manufacturer": "Siemens",
    "ManufacturersModelName": "Prisma_fit",
    "Modality": "MR",
    "PartialFourier": 1,
    "PatientPosition": "HFS",
    "PercentPhaseFOV": 93.75,
    "PhaseEncodingSteps": 239,
    "PhaseResolution": 1,
    "PixelBandwidth": 240,
    "ProcedureStepDescription": "Ansari_ITG",
    "ProtocolName": "mprage_sag_p2",
    "PulseSequenceDetails": "%SiemensSeq%_tfl",
    "ReceiveCoilActiveElements": "HEA;HEP",
    "ReceiveCoilName": "Head_32",
    "ReconMatrixPE": 256,
    "RepetitionTime": 2.3,
    "SAR": 0.0697555,
    "ScanOptions": "IR",
    "ScanningSequence": "GR_IR",
    "SequenceName": "_tfl3d1_16ns",
    "SequenceVariant": "SK_SP_MP",
    "SeriesDescription": "mprage_sag_p2",
    "SeriesNumber": 4,
    "ShimSetting": [
      5224,
      -6168,
      -3856,
      369,
      84,
      -225,
      -100,
      -1
    ],
    "SliceThickness": 1,
    "SoftwareVersions": "syngo_MR_E11",
    "StationName": "MRC35368",
    "TxRefAmp": 268.765,
    "dataset": "ds002033",
    "modality": "T1w",
    "session_id": "01",
    "subject_id": "42"
  },
  "cjv": 0.3197845771743912,
  "cnr": 4.0842377640012595,
  "efc": 0.5536733077920728,
  "fber": -1.0,
  "fwhm_avg": 3.793896666666667,
  "fwhm_x": 3.91778,
  "fwhm_y": 3.88648,
  "fwhm_z": 3.57743,
  "icvs_csf": 0.25957079079266776,
  "icvs_gm": 0.4259068387287155,
  "icvs_wm": 0.31452237047861675,
  "inu_med": 0.5595295429229736,
  "inu_range": 0.1633715867996216,
  "provenance": {
    "md5sum": "0b6ea997d3bee01ac7ccdd6d8181130b",
    "settings": {
      "testing": false
    },
    "software": "mriqc",
    "version": "22.0.6",
    "warnings": {
      "large_rot_frame": true,
      "small_air_mask": false
    },
    "webapi_port": null,
    "webapi_url": "https://mriqc.nimh.nih.gov/api/v1"
  },
  "qi_1": 0.01971549448005349,
  "qi_2": 0.019796689241132554,
  "rpve_csf": 19.997638953542502,
  "rpve_gm": 12.028961627927945,
  "rpve_wm": 18.159135234528424,
  "size_x": 176,
  "size_y": 240,
  "size_z": 256,
  "snr_csf": 2.837055896690963,
  "snr_gm": 11.946730841893254,
  "snr_total": 12.13214211806708,
  "snr_wm": 21.612639615617024,
  "snrd_csf": 26.00444797796147,
  "snrd_gm": 73.11937829987517,
  "snrd_total": 68.09647657241551,
  "snrd_wm": 105.16560343940989,
  "spacing_x": 1.0,
  "spacing_y": 1.0,
  "spacing_z": 1.0,
  "summary_bg_k": 16.383496942669765,
  "summary_bg_mad": 0.0,
  "summary_bg_mean": 3.1184869053527446,
  "summary_bg_median": 0.0,
  "summary_bg_n": 2462401.0,
  "summary_bg_p05": 0.0,
  "summary_bg_p95": 16.192228104919195,
  "summary_bg_stdv": 6.229818368348956,
  "summary_csf_k": 2.6187439788245683,
  "summary_csf_mad": 63.95841319126719,
  "summary_csf_mean": 259.6936634050428,
  "summary_csf_median": 247.28131068870425,
  "summary_csf_n": 69932.0,
  "summary_csf_p05": 144.61059026047587,
  "summary_csf_p95": 429.1540159955621,
  "summary_csf_stdv": 87.16061708837924,
  "summary_gm_k": 0.46213996074579855,
  "summary_gm_mad": 53.70372785105475,
  "summary_gm_mean": 695.7261866450605,
  "summary_gm_median": 695.3062690682709,
  "summary_gm_n": 23840.0,
  "summary_gm_p05": 599.1884034212678,
  "summary_gm_p95": 792.4216559281573,
  "summary_gm_stdv": 58.1993262718764,
  "summary_wm_k": 0.5802244701907977,
  "summary_wm_mad": 43.74542069986579,
  "summary_wm_mean": 1000.0192642581192,
  "summary_wm_median": 1000.0400039218366,
  "summary_wm_n": 173555.0,
  "summary_wm_p05": 924.7161576263607,
  "summary_wm_p95": 1075.5637542679906,
  "summary_wm_stdv": 46.27093870332742,
  "tpm_overlap_csf": 0.1501246863544197,
  "tpm_overlap_gm": 0.43550666570688895,
  "tpm_overlap_wm": 0.46136263840808417,
  "wm2max": 0.438468551862901
}