{
  "aor": 0.0005825602409638555,
  "aqi": 0.005957600963855422,
  "bids_meta": {
    "AcquisitionMatrixPE": 84,
    "AcquisitionNumber": 1,
    "AcquisitionTime": "17:21:52.020000",
    "BandwidthPerPixelPhaseEncode": 15.664,
    "BaseResolution": 84,
    "BodyPartExamined": "BRAIN",
    "ConsistencyInfo": "N4_VE11B_LATEST_20150530",
    "ConversionSoftware": "dcm2niix",
    "ConversionSoftwareVersion": "v1.0.20181114  Clang4.0.1",
    "DerivedVendorReportedEchoSpacing": 0.000760008,
    "DeviceSerialNumber": "67007",
    "DwellTime": 3.8e-06,
    "EchoTime": 0.03,
    "EchoTrainLength": 74,
    "EffectiveEchoSpacing": 0.000760008,
    "FlipAngle": 40,
    "ImageComments": "Unaliased_MB4_PE3",
    "ImageOrientationPatientDICOM": [
      0.999328,
      -0.0109064,
      -0.0349908,
      -5.09067e-08,
      0.954699,
      -0.297575
    ],
    "ImageType": [
      "ORIGINAL",
      "PRIMARY",
      "M",
      "MB",
      "ND",
      "NORM",
      "MOSAIC"
    ],
    "ImagingFrequency": 123.211,
    "InPlanePhaseEncodingDirectionDICOM": "COL",
    "InstitutionAddress": "Perth_Drive_100_London_Ontario_CA_N6A_5K8",
    "InstitutionName": "Robarts_Research_Institute",
    "InstitutionalDepartmentName": "CFMM",
    "MRAcquisitionType": "2D",
    "MagneticFieldStrength": 3,
    "Manufacturer": "Siemens",
    "ManufacturersModelName": "Prisma_fit",
    "Modality": "MR",
    "MultibandAccelerationFactor": 4,
    "PartialFourier": 0.875,
    "PatientPosition": "HFS",
    "PercentPhaseFOV": 100,
    "PhaseEncodingDirection": "j-",
    "PhaseEncodingSteps": 74,
    "PhaseResolution": 1,
    "PixelBandwidth": 1565,
    "ProcedureStepDescription": "Ansari_ITG",
    "ProtocolName": "ep_bold_mb4_nfa_2.5iso",
    "PulseSequenceDetails": "%CustomerSeq%_cmrr_mbep2d_bold",
    "ReceiveCoilActiveElements": "HEA;HEP",
    "ReceiveCoilName": "Head_32",
    "ReconMatrixPE": 84,
    "RepetitionTime": 1,
    "SAR": 0.0610018,
    "ScanOptions": "PFP_FS",
    "ScanningSequence": "EP",
    "SequenceName": "epfid2d1_84",
    "SequenceVariant": "SK_SS",
    "SeriesDescription": "ep_bold_mb4_nfa_2.5iso",
    "SeriesNumber": 5,
    "ShimSetting": [
      5219,
      -6167,
      -3985,
      673,
      109,
      209,
      68,
      13
    ],
    "SliceThickness": 2.5,
    "SliceTiming": [
      0,
      0.4075,
      0.815,
      0.245,
      0.6525,
      0.08,
      0.49,
      0.8975,
      0.325,
      0.735,
      0.1625,
      0.57,
      0,
      0.4075,
      0.815,
      0.245,
      0.6525,
      0.08,
      0.49,
      0.8975,
      0.325,
      0.735,
      0.1625,
      0.57,
      0,
      0.4075,
      0.815,
      0.245,
      0.6525,
      0.08,
      0.49,
      0.8975,
      0.325,
      0.735,
      0.1625,
      0.57,
      0,
      0.4075,
      0.815,
      0.245,
      0.6525,
      0.08,
      0.49,
      0.8975,
      0.325,
      0.735,
      0.1625,
      0.57
    ],
    "SoftwareVersions": "syngo_MR_E11",
    "SpacingBetweenSlices": 2.5,
    "StationName": "MRC35368",
    "TaskName": "ChangeDetection",
    "TotalReadoutTime": 0.0630806,
    "TxRefAmp": 251.225,
    "WipMemBlock": "2838fc53-5680-4215-80db-3ea79bd3e864||Sequence: ve11b/master r/50434d5; Mar  3 2017 10:46:13 by eja",
    "dataset": "ds002033",
    "modality": "bold",
    "run_id": 3,
    "session_id": "01",
    "subject_id": "38",
    "task_id": "ChangeDetection"
  },
  "dummy_trs": 3,
  "dvars_nstd": 27.037008833081593,
  "dvars_std": 1.1415395545921452,
  "dvars_vstd": 0.9902726418126893,
  "efc": 0.5501035794626998,
  "fber": 3519.875244140625,
  "fd_mean": 0.13424906013670454,
  "fd_num": 42,
  "fd_perc": 12.650602409638553,
  "fwhm_avg": 1.9500796848229978,
  "fwhm_x": 1.858980508736078,
  "fwhm_y": 2.0221747335193805,
  "fwhm_z": 1.9690838122135343,
  "gcor": 0.00647088,
  "gsr_x": -0.022184396162629128,
  "gsr_y": 0.04945644363760948,
  "provenance": {
    "md5sum": "175fcf91b81b861ae25fdc80639be54d",
    "settings": {
      "fd_thres": 0.2,
      "testing": false
    },
    "software": "mriqc",
    "version": "22.0.6",
    "webapi_port": null,
    "webapi_url": "https://mriqc.nimh.nih.gov/api/v1"
  },
  "size_t": 332,
  "size_x": 84,
  "size_y": 84,
  "size_z": 48,
  "snr": 4.582878202146411,
  "spacing_tr": 1.0,
  "spacing_x": 2.4761905670166016,
  "spacing_y": 2.4761905670166016,
  "spacing_z": 2.500000238418579,
  "summary_bg_k": 18.177422444068764,
  "summary_bg_mad": 43.061446311387016,
  "summary_bg_mean": 179.92752075195312,
  "summary_bg_median": 59.93305969238281,
  "summary_bg_n": 199190.0,
  "summary_bg_p05": 26.626782608032226,
  "summary_bg_p95": 747.8064605712889,
  "summary_bg_stdv": 294.6087951660156,
  "summary_fg_k": 2.6740086450739193,
  "summary_fg_mad": 701.463413899108,
  "summary_fg_mean": 3823.20654296875,
  "summary_fg_median": 3695.73779296875,
  "summary_fg_n": 80267.0,
  "summary_fg_p05": 2806.5141357421876,
  "summary_fg_p95": 5295.690234374999,
  "summary_fg_stdv": 806.4178466796875,
  "tsnr": 56.442108154296875
}