{
  "bids_meta": {
    "AcquisitionMatrixPE": 224,
    "AcquisitionNumber": 1,
    "AcquisitionTime": "14:19:57.750000",
    "BaseResolution": 256,
    "BodyPartExamined": "BRAIN",
    "ConsistencyInfo": "N4_VE11B_LATEST_20150530",
    "ConversionSoftware": "dcm2niix",
    "ConversionSoftwareVersion": "v1.0.20181114  Clang4.0.1",
    "DeviceSerialNumber": "67007",
    "DwellTime": 8.2e-06,
    "EchoTime": 0.00298,
    "FlipAngle": 9,
    "ImageOrientationPatientDICOM": [
      0.0612197,
      0.998124,
      -1.02069e-08,
      0.0606676,
      -0.00372104,
      -0.998151
    ],
    "ImageType": [
      "ORIGINAL",
      "PRIMARY",
      "M",
      "ND",
      "NORM"
    ],
    "ImagingFrequency": 123.211,
    "InPlanePhaseEncodingDirectionDICOM": "ROW",
    "InstitutionAddress": "Perth_Drive_100_London_Ontario_CA_N6A_5K8",
    "InstitutionName": "Robarts_Research_Institute",
    "InstitutionalDepartmentName": "CFMM",
    "InversionTime": 0.9,
    "MRAcquisitionType": "3D",
    "MagneticFieldStrength": 3,
    "Manufacturer": "Siemens",
    "ManufacturersModelName": "Prisma_fit",
    "Modality": "MR",
    "PartialFourier": 1,
    "PatientPosition": "HFS",
    "PercentPhaseFOV": 87.5,
    "PhaseEncodingSteps": 223,
    "PhaseResolution": 1,
    "PixelBandwidth": 240,
    "ProcedureStepDescription": "Ansari_ITG",
    "ProtocolName": "mprage_sag_p2",
    "PulseSequenceDetails": "%SiemensSeq%_tfl",
    "ReceiveCoilActiveElements": "HEA;HEP",
    "ReceiveCoilName": "Head_32",
    "ReconMatrixPE": 256,
    "RepetitionTime": 2.3,
    "SAR": 0.0483346,
    "ScanOptions": "IR",
    "ScanningSequence": "GR_IR",
    "SequenceName": "_tfl3d1_16ns",
    "SequenceVariant": "SK_SP_MP",
    "SeriesDescription": "mprage_sag_p2",
    "SeriesNumber": 6,
    "ShimSetting": [
      5280,
      -6099,
      -3983,
      428,
      -23,
      326,
      180,
      -23
    ],
    "SliceThickness": 1,
    "SoftwareVersions": "syngo_MR_E11",
    "StationName": "MRC35368",
    "TxRefAmp": 236.775,
    "dataset": "ds002033",
    "modality": "T1w",
    "session_id": "01",
    "subject_id": "15"
  },
  "cjv": 0.33643850408061915,
  "cnr": 3.904061470309761,
  "efc": 0.5619653532710116,
  "fber": 15615.85499702558,
  "fwhm_avg": 3.617309853022513,
  "fwhm_x": 3.69880955906754,
  "fwhm_y": 3.76455,
  "fwhm_z": 3.38857,
  "icvs_csf": 0.19450750855348412,
  "icvs_gm": 0.4558262461239571,
  "icvs_wm": 0.3496662453225588,
  "inu_med": 0.46644333004951477,
  "inu_range": 0.13224546313285823,
  "provenance": {
    "md5sum": "5d8e921e7503213b535e635f79b5ed16",
    "settings": {
      "testing": false
    },
    "software": "mriqc",
    "version": "22.0.6",
    "warnings": {
      "large_rot_frame": true,
      "small_air_mask": false
    },
    "webapi_port": null,
    "webapi_url": "https://mriqc.nimh.nih.gov/api/v1"
  },
  "qi_1": 0.0,
  "qi_2": 0.022297999040998766,
  "rpve_csf": 21.140046037209892,
  "rpve_gm": 9.820289190263308,
  "rpve_wm": 14.443667568054805,
  "size_x": 176,
  "size_y": 224,
  "size_z": 256,
  "snr_csf": 1.9614459204245458,
  "snr_gm": 10.681416000125415,
  "snr_total": 11.964314119834285,
  "snr_wm": 23.250080438952896,
  "snrd_csf": 29.906076053930327,
  "snrd_gm": 78.26815509533273,
  "snrd_total": 73.61114850766711,
  "snrd_wm": 112.65921437373828,
  "spacing_x": 1.0000001192092896,
  "spacing_y": 1.0,
  "spacing_z": 1.0,
  "summary_bg_k": 19.97508840026245,
  "summary_bg_mad": 0.0,
  "summary_bg_mean": 3.5893307421417733,
  "summary_bg_median": 0.0,
  "summary_bg_n": 2394389.0,
  "summary_bg_p05": 0.0,
  "summary_bg_p95": 12.819668240845203,
  "summary_bg_stdv": 5.8152049586411785,
  "summary_csf_k": 5.0256989108068755,
  "summary_csf_mad": 121.4166437206723,
  "summary_csf_mean": 288.51510882401067,
  "summary_csf_median": 265.4561122879386,
  "summary_csf_n": 30037.0,
  "summary_csf_p05": 101.7927795946598,
  "summary_csf_p95": 519.608506821096,
  "summary_csf_stdv": 135.33469909537055,
  "summary_gm_k": 0.1545492393590462,
  "summary_gm_mad": 62.78486405676615,
  "summary_gm_mean": 695.524610129579,
  "summary_gm_median": 694.7337434068322,
  "summary_gm_n": 37610.0,
  "summary_gm_p05": 588.8478974997997,
  "summary_gm_p95": 804.5742427557707,
  "summary_gm_stdv": 65.04048782605602,
  "summary_wm_k": 0.9984006750337309,
  "summary_wm_mad": 39.91846998784276,
  "summary_wm_mean": 1001.5288691963264,
  "summary_wm_median": 1000.0000336766243,
  "summary_wm_n": 221659.0,
  "summary_wm_p05": 934.5505192130804,
  "summary_wm_p95": 1073.9190975949168,
  "summary_wm_stdv": 43.010508311253204,
  "tpm_overlap_csf": 0.1529414687865719,
  "tpm_overlap_gm": 0.4811630360137907,
  "tpm_overlap_wm": 0.5260438161402843,
  "wm2max": 0.5220832401369556
}