{
  "aor": 0.0032702985074626865,
  "aqi": 0.006340511074626866,
  "bids_meta": {
    "AcquisitionMatrixPE": 84,
    "AcquisitionNumber": 1,
    "AcquisitionTime": "16:19:19.482500",
    "BandwidthPerPixelPhaseEncode": 15.664,
    "BaseResolution": 84,
    "BodyPartExamined": "BRAIN",
    "ConsistencyInfo": "N4_VE11B_LATEST_20150530",
    "ConversionSoftware": "dcm2niix",
    "ConversionSoftwareVersion": "v1.0.20181114  Clang4.0.1",
    "DerivedVendorReportedEchoSpacing": 0.000760008,
    "DeviceSerialNumber": "67007",
    "DwellTime": 3.8e-06,
    "EchoTime": 0.03,
    "EchoTrainLength": 74,
    "EffectiveEchoSpacing": 0.000760008,
    "FlipAngle": 40,
    "ImageComments": "Unaliased_MB4_PE3",
    "ImageOrientationPatientDICOM": [
      1,
      0,
      0,
      0,
      0.952129,
      -0.305695
    ],
    "ImageType": [
      "ORIGINAL",
      "PRIMARY",
      "M",
      "MB",
      "ND",
      "NORM",
      "MOSAIC"
    ],
    "ImagingFrequency": 123.211,
    "InPlanePhaseEncodingDirectionDICOM": "COL",
    "InstitutionAddress": "Perth_Drive_100_London_Ontario_CA_N6A_5K8",
    "InstitutionName": "Robarts_Research_Institute",
    "InstitutionalDepartmentName": "CFMM",
    "MRAcquisitionType": "2D",
    "MagneticFieldStrength": 3,
    "Manufacturer": "Siemens",
    "ManufacturersModelName": "Prisma_fit",
    "Modality": "MR",
    "MultibandAccelerationFactor": 4,
    "PartialFourier": 0.875,
    "PatientPosition": "HFS",
    "PercentPhaseFOV": 100,
    "PhaseEncodingDirection": "j-",
    "PhaseEncodingSteps": 74,
    "PhaseResolution": 1,
    "PixelBandwidth": 1565,
    "ProcedureStepDescription": "Ansari_ITG",
    "ProtocolName": "ep_bold_mb4_nfa_2.5iso",
    "PulseSequenceDetails": "%CustomerSeq%_cmrr_mbep2d_bold",
    "ReceiveCoilActiveElements": "HEA;HEP",
    "ReceiveCoilName": "Head_32",
    "ReconMatrixPE": 84,
    "RepetitionTime": 1,
    "SAR": 0.0569499,
    "ScanOptions": "PFP_FS",
    "ScanningSequence": "EP",
    "SequenceName": "epfid2d1_84",
    "SequenceVariant": "SK_SS",
    "SeriesDescription": "ep_bold_mb4_nfa_2.5iso",
    "SeriesNumber": 4,
    "ShimSetting": [
      5238,
      -6221,
      -3926,
      565,
      39,
      69,
      120,
      -15
    ],
    "SliceThickness": 2.5,
    "SliceTiming": [
      0,
      0.4075,
      0.8175,
      0.245,
      0.6525,
      0.0825,
      0.49,
      0.8975,
      0.3275,
      0.735,
      0.165,
      0.5725,
      0,
      0.4075,
      0.8175,
      0.245,
      0.6525,
      0.0825,
      0.49,
      0.8975,
      0.3275,
      0.735,
      0.165,
      0.5725,
      0,
      0.4075,
      0.8175,
      0.245,
      0.6525,
      0.0825,
      0.49,
      0.8975,
      0.3275,
      0.735,
      0.165,
      0.5725,
      0,
      0.4075,
      0.8175,
      0.245,
      0.6525,
      0.0825,
      0.49,
      0.8975,
      0.3275,
      0.735,
      0.165,
      0.5725
    ],
    "SoftwareVersions": "syngo_MR_E11",
    "SpacingBetweenSlices": 2.5,
    "StationName": "MRC35368",
    "TaskName": "ChangeDetection",
    "TotalReadoutTime": 0.0630806,
    "TxRefAmp": 251.587,
    "WipMemBlock": "052b1b99-3c88-4ba0-8877-9964a436a068||Sequence: ve11b/master r/50434d5; Mar  3 2017 10:46:13 by eja",
    "dataset": "ds002033",
    "modality": "bold",
    "run_id": 2,
    "session_id": "01",
    "subject_id": "17",
    "task_id": "ChangeDetection"
  },
  "dummy_trs": 0,
  "dvars_nstd": 34.77416455946106,
  "dvars_std": 1.3106684394311374,
  "dvars_vstd": 1.0404440638023955,
  "efc": 0.5654520090433731,
  "fber": 3464.081298828125,
  "fd_mean": 0.16089109334280643,
  "fd_num": 87,
  "fd_perc": 25.970149253731343,
  "fwhm_avg": 2.116799547257586,
  "fwhm_x": 1.9571191589825276,
  "fwhm_y": 2.2583156863962435,
  "fwhm_z": 2.1349637963939863,
  "gcor": 0.0251512,
  "gsr_x": -0.015305743552744389,
  "gsr_y": 0.021610202267766,
  "provenance": {
    "md5sum": "d65b7f4ff5734f1ddee3400aeade2d2a",
    "settings": {
      "fd_thres": 0.2,
      "testing": false
    },
    "software": "mriqc",
    "version": "22.0.6",
    "webapi_port": null,
    "webapi_url": "https://mriqc.nimh.nih.gov/api/v1"
  },
  "size_t": 335,
  "size_x": 84,
  "size_y": 84,
  "size_z": 48,
  "snr": 4.571051794734854,
  "spacing_tr": 1.0,
  "spacing_x": 2.4761905670166016,
  "spacing_y": 2.4761905670166016,
  "spacing_z": 2.500000238418579,
  "summary_bg_k": 14.147616836280498,
  "summary_bg_mad": 3.2346775520651736,
  "summary_bg_mean": 12.859086990356445,
  "summary_bg_median": 3.567511796951294,
  "summary_bg_n": 196809.0,
  "summary_bg_p05": 1.084553337097168,
  "summary_bg_p95": 59.34119567871083,
  "summary_bg_stdv": 23.0894832611084,
  "summary_fg_k": 3.2262359947883823,
  "summary_fg_mad": 43.85619075584402,
  "summary_fg_mean": 229.25140380859375,
  "summary_fg_median": 221.98565673828125,
  "summary_fg_n": 82931.0,
  "summary_fg_p05": 168.09551239013672,
  "summary_fg_p95": 314.14320373535156,
  "summary_fg_stdv": 48.563072204589844,
  "tsnr": 53.795654296875
}