{
  "aor": 0.0003003048780487805,
  "aqi": 0.006619688658536585,
  "bids_meta": {
    "AcquisitionMatrixPE": 84,
    "AcquisitionNumber": 1,
    "AcquisitionTime": "14:57:9.067500",
    "BandwidthPerPixelPhaseEncode": 15.664,
    "BaseResolution": 84,
    "BodyPartExamined": "BRAIN",
    "ConsistencyInfo": "N4_VE11B_LATEST_20150530",
    "ConversionSoftware": "dcm2niix",
    "ConversionSoftwareVersion": "v1.0.20181114  Clang4.0.1",
    "DerivedVendorReportedEchoSpacing": 0.000760008,
    "DeviceSerialNumber": "67007",
    "DwellTime": 3.8e-06,
    "EchoTime": 0.03,
    "EchoTrainLength": 74,
    "EffectiveEchoSpacing": 0.000760008,
    "FlipAngle": 40,
    "ImageComments": "Unaliased_MB4_PE3",
    "ImageOrientationPatientDICOM": [
      0.998998,
      -0.0139909,
      -0.0425065,
      -3.10256e-08,
      0.949869,
      -0.312648
    ],
    "ImageType": [
      "ORIGINAL",
      "PRIMARY",
      "M",
      "MB",
      "ND",
      "NORM",
      "MOSAIC"
    ],
    "ImagingFrequency": 123.211,
    "InPlanePhaseEncodingDirectionDICOM": "COL",
    "InstitutionAddress": "Perth_Drive_100_London_Ontario_CA_N6A_5K8",
    "InstitutionName": "Robarts_Research_Institute",
    "InstitutionalDepartmentName": "CFMM",
    "MRAcquisitionType": "2D",
    "MagneticFieldStrength": 3,
    "Manufacturer": "Siemens",
    "ManufacturersModelName": "Prisma_fit",
    "Modality": "MR",
    "MultibandAccelerationFactor": 4,
    "PartialFourier": 0.875,
    "PatientPosition": "HFS",
    "PercentPhaseFOV": 100,
    "PhaseEncodingDirection": "j-",
    "PhaseEncodingSteps": 74,
    "PhaseResolution": 1,
    "PixelBandwidth": 1565,
    "ProcedureStepDescription": "Ansari_ITG",
    "ProtocolName": "ep_bold_mb4_nfa_2.5iso",
    "PulseSequenceDetails": "%CustomerSeq%_cmrr_mbep2d_bold",
    "ReceiveCoilActiveElements": "HEA;HEP",
    "ReceiveCoilName": "Head_32",
    "ReconMatrixPE": 84,
    "RepetitionTime": 1,
    "SAR": 0.0699184,
    "ScanOptions": "PFP_FS",
    "ScanningSequence": "EP",
    "SequenceName": "epfid2d1_84",
    "SequenceVariant": "SK_SS",
    "SeriesDescription": "ep_bold_mb4_nfa_2.5iso",
    "SeriesNumber": 2,
    "ShimSetting": [
      5215,
      -6182,
      -3903,
      642,
      62,
      60,
      182,
      10
    ],
    "SliceThickness": 2.5,
    "SliceTiming": [
      0,
      0.41,
      0.8175,
      0.245,
      0.655,
      0.0825,
      0.49,
      0.9,
      0.3275,
      0.735,
      0.165,
      0.5725,
      0,
      0.41,
      0.8175,
      0.245,
      0.655,
      0.0825,
      0.49,
      0.9,
      0.3275,
      0.735,
      0.165,
      0.5725,
      0,
      0.41,
      0.8175,
      0.245,
      0.655,
      0.0825,
      0.49,
      0.9,
      0.3275,
      0.735,
      0.165,
      0.5725,
      0,
      0.41,
      0.8175,
      0.245,
      0.655,
      0.0825,
      0.49,
      0.9,
      0.3275,
      0.735,
      0.165,
      0.5725
    ],
    "SoftwareVersions": "syngo_MR_E11",
    "SpacingBetweenSlices": 2.5,
    "StationName": "MRC35368",
    "TaskName": "ChangeDetection",
    "TotalReadoutTime": 0.0630806,
    "TxRefAmp": 261.044,
    "WipMemBlock": "cfa14ccf-3d2f-4128-a6bb-e799d1066eb1||Sequence: ve11b/master r/50434d5; Mar  3 2017 10:46:13 by eja",
    "dataset": "ds002033",
    "modality": "bold",
    "run_id": 1,
    "session_id": "01",
    "subject_id": "35",
    "task_id": "ChangeDetection"
  },
  "dummy_trs": 7,
  "dvars_nstd": 34.43160975174312,
  "dvars_std": 1.2451717089602443,
  "dvars_vstd": 0.9872888678899084,
  "efc": 0.5518130313043607,
  "fber": 3446.9169921875,
  "fd_mean": 0.20073811078751674,
  "fd_num": 168,
  "fd_perc": 51.21951219512195,
  "fwhm_avg": 1.8792892236872003,
  "fwhm_x": 1.7604016661980826,
  "fwhm_y": 1.964558004863519,
  "fwhm_z": 1.9129079999999998,
  "gcor": 0.00625149,
  "gsr_x": -0.0289785023778677,
  "gsr_y": 0.04633410647511482,
  "provenance": {
    "md5sum": "60474e36a04e8e10fdf5082f6ed8a697",
    "settings": {
      "fd_thres": 0.2,
      "testing": false
    },
    "software": "mriqc",
    "version": "22.0.6",
    "webapi_port": null,
    "webapi_url": "https://mriqc.nimh.nih.gov/api/v1"
  },
  "size_t": 328,
  "size_x": 84,
  "size_y": 84,
  "size_z": 48,
  "snr": 4.739914234928703,
  "spacing_tr": 1.0,
  "spacing_x": 2.4761905670166016,
  "spacing_y": 2.4761905670166016,
  "spacing_z": 2.5,
  "summary_bg_k": 26.096605777307637,
  "summary_bg_mad": 39.287824826833344,
  "summary_bg_mean": 186.1605682373047,
  "summary_bg_median": 57.58942413330078,
  "summary_bg_n": 200540.0,
  "summary_bg_p05": 26.292076683044435,
  "summary_bg_p95": 774.3787261962885,
  "summary_bg_stdv": 348.44964599609375,
  "summary_fg_k": 4.286553348933184,
  "summary_fg_mad": 619.9078041428872,
  "summary_fg_mean": 3626.708984375,
  "summary_fg_median": 3516.675048828125,
  "summary_fg_n": 78714.0,
  "summary_fg_p05": 2690.4710205078127,
  "summary_fg_p95": 4908.533178710936,
  "summary_fg_stdv": 741.9232788085938,
  "tsnr": 57.839759826660156
}