{
  "bids_meta": {
    "AcquisitionMatrixPE": 200,
    "AcquisitionNumber": 1,
    "AcquisitionTime": "14:46:46.555000",
    "BaseResolution": 256,
    "BodyPartExamined": "BRAIN",
    "ConsistencyInfo": "N4_VE11B_LATEST_20150530",
    "ConversionSoftware": "dcm2niix",
    "ConversionSoftwareVersion": "v1.0.20181114  Clang4.0.1",
    "DeviceSerialNumber": "67007",
    "DwellTime": 8.2e-06,
    "EchoTime": 0.00298,
    "FlipAngle": 9,
    "ImageOrientationPatientDICOM": [
      -0.00343618,
      0.999994,
      -3.03969e-08,
      -0.0280801,
      -9.65195e-05,
      -0.999606
    ],
    "ImageType": [
      "ORIGINAL",
      "PRIMARY",
      "M",
      "ND",
      "NORM"
    ],
    "ImagingFrequency": 123.211,
    "InPlanePhaseEncodingDirectionDICOM": "ROW",
    "InstitutionAddress": "Perth_Drive_100_London_Ontario_CA_N6A_5K8",
    "InstitutionName": "Robarts_Research_Institute",
    "InstitutionalDepartmentName": "CFMM",
    "InversionTime": 0.9,
    "MRAcquisitionType": "3D",
    "MagneticFieldStrength": 3,
    "Manufacturer": "Siemens",
    "ManufacturersModelName": "Prisma_fit",
    "Modality": "MR",
    "PartialFourier": 1,
    "PatientPosition": "HFS",
    "PercentPhaseFOV": 78.125,
    "PhaseEncodingSteps": 199,
    "PhaseResolution": 1,
    "PixelBandwidth": 240,
    "ProcedureStepDescription": "Ansari_ITG",
    "ProtocolName": "mprage_sag_p2",
    "PulseSequenceDetails": "%SiemensSeq%_tfl",
    "ReceiveCoilActiveElements": "HEA;HEP",
    "ReceiveCoilName": "Head_32",
    "ReconMatrixPE": 256,
    "RepetitionTime": 2.3,
    "SAR": 0.0523692,
    "ScanOptions": "IR",
    "ScanningSequence": "GR_IR",
    "SequenceName": "_tfl3d1_16ns",
    "SequenceVariant": "SK_SP_MP",
    "SeriesDescription": "mprage_sag_p2",
    "SeriesNumber": 6,
    "ShimSetting": [
      5233,
      -6198,
      -3948,
      454,
      8,
      -173,
      245,
      43
    ],
    "SliceThickness": 1,
    "SoftwareVersions": "syngo_MR_E11",
    "StationName": "MRC35368",
    "TxRefAmp": 239.902,
    "dataset": "ds002033",
    "modality": "T1w",
    "session_id": "01",
    "subject_id": "11"
  },
  "cjv": 0.3412007270559547,
  "cnr": 3.914850587518231,
  "efc": 0.5627615889771312,
  "fber": 19212.93675960542,
  "fwhm_avg": 3.5421766666666663,
  "fwhm_x": 3.626,
  "fwhm_y": 3.59902,
  "fwhm_z": 3.40151,
  "icvs_csf": 0.20090785901981953,
  "icvs_gm": 0.46160464413307695,
  "icvs_wm": 0.33748749684710355,
  "inu_med": 0.4672175198793411,
  "inu_range": 0.12752412557601928,
  "provenance": {
    "md5sum": "2308f744c12188ff32d8e4eff5704e35",
    "settings": {
      "testing": false
    },
    "software": "mriqc",
    "version": "22.0.6",
    "warnings": {
      "large_rot_frame": true,
      "small_air_mask": false
    },
    "webapi_port": null,
    "webapi_url": "https://mriqc.nimh.nih.gov/api/v1"
  },
  "qi_1": 0.0,
  "qi_2": 0.03072592331765558,
  "rpve_csf": 20.76823276613044,
  "rpve_gm": 9.614998395406525,
  "rpve_wm": 14.605016944278324,
  "size_x": 176,
  "size_y": 200,
  "size_z": 256,
  "snr_csf": 1.8580555088152915,
  "snr_gm": 10.159303359001088,
  "snr_total": 12.191687674240441,
  "snr_wm": 24.557704154904943,
  "snrd_csf": 36.79783092877517,
  "snrd_gm": 94.12758547225958,
  "snrd_total": 89.1429212643394,
  "snrd_wm": 136.50334739198345,
  "spacing_x": 1.0,
  "spacing_y": 1.0,
  "spacing_z": 1.0,
  "summary_bg_k": 20.113801458339633,
  "summary_bg_mad": 0.0,
  "summary_bg_mean": 2.8410948138326124,
  "summary_bg_median": 0.0,
  "summary_bg_n": 2185943.0,
  "summary_bg_p05": 0.0,
  "summary_bg_p95": 11.694334521889687,
  "summary_bg_stdv": 4.7994164621946735,
  "summary_csf_k": 6.481117428497884,
  "summary_csf_mad": 143.46236878855115,
  "summary_csf_mean": 278.8667774772728,
  "summary_csf_median": 269.5745733752847,
  "summary_csf_n": 30682.0,
  "summary_csf_p05": 60.756772458553314,
  "summary_csf_p95": 513.303995369002,
  "summary_csf_stdv": 145.08187673590012,
  "summary_gm_k": -0.05130742349702411,
  "summary_gm_mad": 68.10663592080203,
  "summary_gm_mean": 691.0355057372066,
  "summary_gm_median": 689.5624838769436,
  "summary_gm_n": 41944.0,
  "summary_gm_p05": 580.9580728868023,
  "summary_gm_p95": 805.1280483044684,
  "summary_gm_stdv": 67.87416808257515,
  "summary_wm_k": 0.7934880193862575,
  "summary_wm_mad": 37.81487685727048,
  "summary_wm_mean": 1001.0074228726959,
  "summary_wm_median": 1000.0000192597508,
  "summary_wm_n": 174646.0,
  "summary_wm_p05": 936.4960863208398,
  "summary_wm_p95": 1069.0234764665365,
  "summary_wm_stdv": 40.72030308752224,
  "tpm_overlap_csf": 0.14751097700618848,
  "tpm_overlap_gm": 0.48308139723994176,
  "tpm_overlap_wm": 0.5046309097545987,
  "wm2max": 0.49131554616299034
}