{
  "aor": 0.001622716417910448,
  "aqi": 0.006436932447761195,
  "bids_meta": {
    "AcquisitionMatrixPE": 84,
    "AcquisitionNumber": 1,
    "AcquisitionTime": "15:36:25.292500",
    "BandwidthPerPixelPhaseEncode": 15.664,
    "BaseResolution": 84,
    "BodyPartExamined": "BRAIN",
    "ConsistencyInfo": "N4_VE11B_LATEST_20150530",
    "ConversionSoftware": "dcm2niix",
    "ConversionSoftwareVersion": "v1.0.20181114  Clang4.0.1",
    "DerivedVendorReportedEchoSpacing": 0.000760008,
    "DeviceSerialNumber": "67007",
    "DwellTime": 3.8e-06,
    "EchoTime": 0.03,
    "EchoTrainLength": 74,
    "EffectiveEchoSpacing": 0.000760008,
    "FlipAngle": 40,
    "ImageComments": "Unaliased_MB4_PE3",
    "ImageOrientationPatientDICOM": [
      1,
      0,
      0,
      0,
      0.983255,
      -0.182236
    ],
    "ImageType": [
      "ORIGINAL",
      "PRIMARY",
      "M",
      "MB",
      "ND",
      "NORM",
      "MOSAIC"
    ],
    "ImagingFrequency": 123.211,
    "InPlanePhaseEncodingDirectionDICOM": "COL",
    "InstitutionAddress": "Perth_Drive_100_London_Ontario_CA_N6A_5K8",
    "InstitutionName": "Robarts_Research_Institute",
    "InstitutionalDepartmentName": "CFMM",
    "MRAcquisitionType": "2D",
    "MagneticFieldStrength": 3,
    "Manufacturer": "Siemens",
    "ManufacturersModelName": "Prisma_fit",
    "Modality": "MR",
    "MultibandAccelerationFactor": 4,
    "PartialFourier": 0.875,
    "PatientPosition": "HFS",
    "PercentPhaseFOV": 100,
    "PhaseEncodingDirection": "j-",
    "PhaseEncodingSteps": 74,
    "PhaseResolution": 1,
    "PixelBandwidth": 1565,
    "ProcedureStepDescription": "Ansari_ITG",
    "ProtocolName": "ep_bold_mb4_nfa_2.5iso",
    "PulseSequenceDetails": "%CustomerSeq%_cmrr_mbep2d_bold",
    "ReceiveCoilActiveElements": "HEA;HEP",
    "ReceiveCoilName": "Head_32",
    "ReconMatrixPE": 84,
    "RepetitionTime": 1,
    "SAR": 0.0537699,
    "ScanOptions": "PFP_FS",
    "ScanningSequence": "EP",
    "SequenceName": "epfid2d1_84",
    "SequenceVariant": "SK_SS",
    "SeriesDescription": "ep_bold_mb4_nfa_2.5iso",
    "SeriesNumber": 2,
    "ShimSetting": [
      5239,
      -6231,
      -3943,
      601,
      120,
      -12,
      -47,
      1
    ],
    "SliceThickness": 2.5,
    "SliceTiming": [
      0,
      0.4075,
      0.8175,
      0.245,
      0.6525,
      0.0825,
      0.49,
      0.8975,
      0.3275,
      0.735,
      0.1625,
      0.5725,
      0,
      0.4075,
      0.8175,
      0.245,
      0.6525,
      0.0825,
      0.49,
      0.8975,
      0.3275,
      0.735,
      0.1625,
      0.5725,
      0,
      0.4075,
      0.8175,
      0.245,
      0.6525,
      0.0825,
      0.49,
      0.8975,
      0.3275,
      0.735,
      0.1625,
      0.5725,
      0,
      0.4075,
      0.8175,
      0.245,
      0.6525,
      0.0825,
      0.49,
      0.8975,
      0.3275,
      0.735,
      0.1625,
      0.5725
    ],
    "SoftwareVersions": "syngo_MR_E11",
    "SpacingBetweenSlices": 2.5,
    "StationName": "MRC35368",
    "TaskName": "ChangeDetection",
    "TotalReadoutTime": 0.0630806,
    "TxRefAmp": 246.272,
    "WipMemBlock": "3d5bb32f-4cb9-410d-90c4-3251c0152f69||Sequence: ve11b/master r/50434d5; Mar  3 2017 10:46:13 by eja",
    "dataset": "ds002033",
    "modality": "bold",
    "run_id": 1,
    "session_id": "01",
    "subject_id": "41",
    "task_id": "ChangeDetection"
  },
  "dummy_trs": 0,
  "dvars_nstd": 25.503311014461072,
  "dvars_std": 1.127911531826347,
  "dvars_vstd": 1.0169486158682624,
  "efc": 0.5275423734220047,
  "fber": 3335.853515625,
  "fd_mean": 0.16016977081206166,
  "fd_num": 110,
  "fd_perc": 32.83582089552239,
  "fwhm_avg": 1.9851864255293912,
  "fwhm_x": 1.8784943541741608,
  "fwhm_y": 2.1152249224140123,
  "fwhm_z": 1.96184,
  "gcor": 0.00871184,
  "gsr_x": -0.0065073538571596146,
  "gsr_y": 0.028651714324951172,
  "provenance": {
    "md5sum": "231da4eee916b0c5c857e4e812e81e01",
    "settings": {
      "fd_thres": 0.2,
      "testing": false
    },
    "software": "mriqc",
    "version": "22.0.6",
    "webapi_port": null,
    "webapi_url": "https://mriqc.nimh.nih.gov/api/v1"
  },
  "size_t": 335,
  "size_x": 84,
  "size_y": 84,
  "size_z": 48,
  "snr": 5.461341360000074,
  "spacing_tr": 1.0,
  "spacing_x": 2.4761905670166016,
  "spacing_y": 2.4761905670166016,
  "spacing_z": 2.5,
  "summary_bg_k": 28.934936148589895,
  "summary_bg_mad": 34.296011169275445,
  "summary_bg_mean": 157.62289428710938,
  "summary_bg_median": 55.06882858276367,
  "summary_bg_n": 210744.0,
  "summary_bg_p05": 25.277473163604736,
  "summary_bg_p95": 645.9516632080077,
  "summary_bg_stdv": 299.59912109375,
  "summary_fg_k": 2.3308677381738416,
  "summary_fg_mad": 583.2675127679952,
  "summary_fg_mean": 3346.635498046875,
  "summary_fg_median": 3278.31787109375,
  "summary_fg_n": 70091.0,
  "summary_fg_p05": 2533.1146240234375,
  "summary_fg_p95": 4354.563232421875,
  "summary_fg_stdv": 600.2727661132812,
  "tsnr": 58.42155075073242
}