{
  "aor": 0.0003607831325301205,
  "aqi": 0.011401601656626506,
  "bids_meta": {
    "AcquisitionMatrixPE": 84,
    "AcquisitionNumber": 1,
    "AcquisitionTime": "16:37:24.527500",
    "BandwidthPerPixelPhaseEncode": 15.664,
    "BaseResolution": 84,
    "BodyPartExamined": "BRAIN",
    "ConsistencyInfo": "N4_VE11B_LATEST_20150530",
    "ConversionSoftware": "dcm2niix",
    "ConversionSoftwareVersion": "v1.0.20181114  Clang4.0.1",
    "DerivedVendorReportedEchoSpacing": 0.000760008,
    "DeviceSerialNumber": "67007",
    "DwellTime": 3.8e-06,
    "EchoTime": 0.03,
    "EchoTrainLength": 74,
    "EffectiveEchoSpacing": 0.000760008,
    "FlipAngle": 40,
    "ImageComments": "Unaliased_MB4_PE3",
    "ImageOrientationPatientDICOM": [
      1,
      0,
      0,
      0,
      0.996637,
      -0.0819385
    ],
    "ImageType": [
      "ORIGINAL",
      "PRIMARY",
      "M",
      "MB",
      "ND",
      "NORM",
      "MOSAIC"
    ],
    "ImagingFrequency": 123.211,
    "InPlanePhaseEncodingDirectionDICOM": "COL",
    "InstitutionAddress": "Perth_Drive_100_London_Ontario_CA_N6A_5K8",
    "InstitutionName": "Robarts-CFMM",
    "InstitutionalDepartmentName": "CFMM",
    "MRAcquisitionType": "2D",
    "MagneticFieldStrength": 3,
    "Manufacturer": "Siemens",
    "ManufacturersModelName": "Prisma_fit",
    "Modality": "MR",
    "MultibandAccelerationFactor": 4,
    "PartialFourier": 0.875,
    "PatientPosition": "HFS",
    "PercentPhaseFOV": 100,
    "PhaseEncodingDirection": "j-",
    "PhaseEncodingSteps": 74,
    "PhaseResolution": 1,
    "PixelBandwidth": 1565,
    "ProcedureStepDescription": "Ansari_ITG",
    "ProtocolName": "ep_bold_mb4_nfa_2.5iso",
    "PulseSequenceDetails": "%CustomerSeq%_cmrr_mbep2d_bold",
    "ReceiveCoilActiveElements": "HEA;HEP",
    "ReceiveCoilName": "Head_32",
    "ReconMatrixPE": 84,
    "RepetitionTime": 1,
    "SAR": 0.0579472,
    "ScanOptions": "PFP_FS",
    "ScanningSequence": "EP",
    "SequenceName": "epfid2d1_84",
    "SequenceVariant": "SK_SS",
    "SeriesDescription": "ep_bold_mb4_nfa_2.5iso",
    "SeriesNumber": 13,
    "ShimSetting": [
      5266,
      -6150,
      -3917,
      512,
      -43,
      -61,
      -89,
      20
    ],
    "SliceThickness": 2.5,
    "SliceTiming": [
      0,
      0.41,
      0.8175,
      0.245,
      0.655,
      0.0825,
      0.49,
      0.9,
      0.3275,
      0.735,
      0.165,
      0.5725,
      0,
      0.41,
      0.8175,
      0.245,
      0.655,
      0.0825,
      0.49,
      0.9,
      0.3275,
      0.735,
      0.165,
      0.5725,
      0,
      0.41,
      0.8175,
      0.245,
      0.655,
      0.0825,
      0.49,
      0.9,
      0.3275,
      0.735,
      0.165,
      0.5725,
      0,
      0.41,
      0.8175,
      0.245,
      0.655,
      0.0825,
      0.49,
      0.9,
      0.3275,
      0.735,
      0.165,
      0.5725
    ],
    "SoftwareVersions": "syngo_MR_E11",
    "SpacingBetweenSlices": 2.5,
    "StationName": "MRC35368",
    "TaskName": "ChangeDetection",
    "TotalReadoutTime": 0.0630806,
    "TxRefAmp": 266.32,
    "WipMemBlock": "f3c849dc-956b-4e15-b8a0-dfeb8bad838c||Sequence: ve11b/master r/50434d5; Mar  3 2017 10:46:13 by eja",
    "dataset": "ds002033",
    "modality": "bold",
    "run_id": 4,
    "session_id": "01",
    "subject_id": "08",
    "task_id": "ChangeDetection"
  },
  "dummy_trs": 3,
  "dvars_nstd": 31.974013498821755,
  "dvars_std": 1.1136069189425981,
  "dvars_vstd": 0.9632010818429008,
  "efc": 0.5674609814920021,
  "fber": 3279.047607421875,
  "fd_mean": 0.18706997706929424,
  "fd_num": 138,
  "fd_perc": 41.566265060240966,
  "fwhm_avg": 1.8552139601323445,
  "fwhm_x": 1.7352662825046583,
  "fwhm_y": 1.9941437730090885,
  "fwhm_z": 1.836231824883287,
  "gcor": 0.00382237,
  "gsr_x": -0.011771180666983128,
  "gsr_y": 0.044598933309316635,
  "provenance": {
    "md5sum": "7c23baaaf736ba2a5baaf82f28de3ea0",
    "settings": {
      "fd_thres": 0.2,
      "testing": false
    },
    "software": "mriqc",
    "version": "22.0.6",
    "webapi_port": null,
    "webapi_url": "https://mriqc.nimh.nih.gov/api/v1"
  },
  "size_t": 332,
  "size_x": 84,
  "size_y": 84,
  "size_z": 48,
  "snr": 4.763923558494617,
  "spacing_tr": 1.0,
  "spacing_x": 2.4761905670166016,
  "spacing_y": 2.4761905670166016,
  "spacing_z": 2.500000238418579,
  "summary_bg_k": 9.803259186960101,
  "summary_bg_mad": 2.9377793443796314,
  "summary_bg_mean": 13.165084838867188,
  "summary_bg_median": 3.2662274837493896,
  "summary_bg_n": 200185.0,
  "summary_bg_p05": 1.039340353012085,
  "summary_bg_p95": 63.88450546264647,
  "summary_bg_stdv": 22.23139762878418,
  "summary_fg_k": 4.084308571785818,
  "summary_fg_mad": 34.9661652552958,
  "summary_fg_mean": 197.92678833007812,
  "summary_fg_median": 192.51885986328125,
  "summary_fg_n": 78750.0,
  "summary_fg_p05": 146.43617248535156,
  "summary_fg_p95": 265.7150619506836,
  "summary_fg_stdv": 40.41157150268555,
  "tsnr": 45.449100494384766
}