{
  "bids_meta": {
    "AcquisitionMatrixPE": 216,
    "AcquisitionNumber": 1,
    "AcquisitionTime": "16:32:4.600000",
    "BaseResolution": 256,
    "BodyPartExamined": "BRAIN",
    "ConsistencyInfo": "N4_VE11B_LATEST_20150530",
    "ConversionSoftware": "dcm2niix",
    "ConversionSoftwareVersion": "v1.0.20181114  Clang4.0.1",
    "DeviceSerialNumber": "67007",
    "DwellTime": 8.2e-06,
    "EchoTime": 0.00298,
    "FlipAngle": 9,
    "ImageOrientationPatientDICOM": [
      -0.0121546,
      0.999926,
      -3.76458e-08,
      -0.0245973,
      -0.00029903,
      -0.999697
    ],
    "ImageType": [
      "ORIGINAL",
      "PRIMARY",
      "M",
      "ND",
      "NORM"
    ],
    "ImagingFrequency": 123.211,
    "InPlanePhaseEncodingDirectionDICOM": "ROW",
    "InstitutionAddress": "Perth_Drive_100_London_Ontario_CA_N6A_5K8",
    "InstitutionName": "Robarts_Research_Institute",
    "InstitutionalDepartmentName": "CFMM",
    "InversionTime": 0.9,
    "MRAcquisitionType": "3D",
    "MagneticFieldStrength": 3,
    "Manufacturer": "Siemens",
    "ManufacturersModelName": "Prisma_fit",
    "Modality": "MR",
    "PartialFourier": 1,
    "PatientPosition": "HFS",
    "PercentPhaseFOV": 84.375,
    "PhaseEncodingSteps": 215,
    "PhaseResolution": 1,
    "PixelBandwidth": 240,
    "ProcedureStepDescription": "Ansari_ITG",
    "ProtocolName": "mprage_sag_p2",
    "PulseSequenceDetails": "%SiemensSeq%_tfl",
    "ReceiveCoilActiveElements": "HEA;HEP;SP1",
    "ReceiveCoilName": "Spine_32",
    "ReconMatrixPE": 256,
    "RepetitionTime": 2.3,
    "SAR": 0.0550225,
    "ScanOptions": "IR",
    "ScanningSequence": "GR_IR",
    "SequenceName": "_tfl3d1_16ns",
    "SequenceVariant": "SK_SP_MP",
    "SeriesDescription": "mprage_sag_p2",
    "SeriesNumber": 6,
    "ShimSetting": [
      5232,
      -6221,
      -3974,
      562,
      39,
      -206,
      47,
      -95
    ],
    "SliceThickness": 1,
    "SoftwareVersions": "syngo_MR_E11",
    "StationName": "MRC35368",
    "TxRefAmp": 253.972,
    "dataset": "ds002033",
    "modality": "T1w",
    "session_id": "01",
    "subject_id": "13"
  },
  "cjv": 0.3341262486291739,
  "cnr": 3.72782593508091,
  "efc": 0.5521190454219612,
  "fber": 9807.492878258534,
  "fwhm_avg": 3.61316,
  "fwhm_x": 3.69798,
  "fwhm_y": 3.6956,
  "fwhm_z": 3.4459,
  "icvs_csf": 0.24348596845548146,
  "icvs_gm": 0.4492205760745607,
  "icvs_wm": 0.3072934554699579,
  "inu_med": 0.5675817131996155,
  "inu_range": 0.18769226074218753,
  "provenance": {
    "md5sum": "2b4ecd723478f5144fce417824b6a62f",
    "settings": {
      "testing": false
    },
    "software": "mriqc",
    "version": "22.0.6",
    "warnings": {
      "large_rot_frame": true,
      "small_air_mask": false
    },
    "webapi_port": null,
    "webapi_url": "https://mriqc.nimh.nih.gov/api/v1"
  },
  "qi_1": 0.005410357570729669,
  "qi_2": 0.0016013007301174205,
  "rpve_csf": 19.426495784935167,
  "rpve_gm": 10.536312757002511,
  "rpve_wm": 16.555673917630287,
  "size_x": 176,
  "size_y": 216,
  "size_z": 256,
  "snr_csf": 2.3335370388994714,
  "snr_gm": 12.190674553850263,
  "snr_total": 11.44791425960564,
  "snr_wm": 19.81953118606718,
  "snrd_csf": 5.828192224953264,
  "snrd_gm": 16.492154373281195,
  "snrd_total": 15.322121438394253,
  "snrd_wm": 23.646017716948304,
  "spacing_x": 1.0,
  "spacing_y": 1.0,
  "spacing_z": 1.0,
  "summary_bg_k": 88.47134094327876,
  "summary_bg_mad": 0.0,
  "summary_bg_mean": 9.527836993873088,
  "summary_bg_median": 0.0,
  "summary_bg_n": 2201462.0,
  "summary_bg_p05": 0.0,
  "summary_bg_p95": 37.20768301188946,
  "summary_bg_stdv": 27.705994005030632,
  "summary_csf_k": 2.041287813367597,
  "summary_csf_mad": 76.46067178009244,
  "summary_csf_mean": 267.3521480151516,
  "summary_csf_median": 246.47670140862465,
  "summary_csf_n": 56966.0,
  "summary_csf_p05": 129.79131672903895,
  "summary_csf_p95": 480.3120828345418,
  "summary_csf_stdv": 105.62272375527145,
  "summary_gm_k": 0.2585943377923505,
  "summary_gm_mad": 55.22159628562232,
  "summary_gm_mean": 695.3257052541308,
  "summary_gm_median": 697.4601475298405,
  "summary_gm_n": 25052.0,
  "summary_gm_p05": 598.5577897049486,
  "summary_gm_p95": 785.6202871948481,
  "summary_gm_stdv": 57.21145487571169,
  "summary_wm_k": 0.8747559546285166,
  "summary_wm_mad": 45.8649224867071,
  "summary_wm_mean": 999.6533100084271,
  "summary_wm_median": 1000.0000383257866,
  "summary_wm_n": 140555.0,
  "summary_wm_p05": 915.7116658836603,
  "summary_wm_p95": 1080.8038202673197,
  "summary_wm_stdv": 50.455102676494754,
  "tpm_overlap_csf": 0.15351373975861665,
  "tpm_overlap_gm": 0.47486646008468864,
  "tpm_overlap_wm": 0.49441093456821483,
  "wm2max": 0.45030249141342815
}