{
  "bids_meta": {
    "AcquisitionMatrixPE": 216,
    "AcquisitionNumber": 1,
    "AcquisitionTime": "16:21:49.652500",
    "BaseResolution": 256,
    "BodyPartExamined": "BRAIN",
    "ConsistencyInfo": "N4_VE11B_LATEST_20150530",
    "ConversionSoftware": "dcm2niix",
    "ConversionSoftwareVersion": "v1.0.20181114  Clang4.0.1",
    "DeviceSerialNumber": "67007",
    "DwellTime": 8.2e-06,
    "EchoTime": 0.00298,
    "FlipAngle": 9,
    "ImageOrientationPatientDICOM": [
      0.00181198,
      0.999998,
      2.45105e-08,
      0.00331651,
      -5.98496e-06,
      -0.999995
    ],
    "ImageType": [
      "ORIGINAL",
      "PRIMARY",
      "M",
      "ND",
      "NORM"
    ],
    "ImagingFrequency": 123.211,
    "InPlanePhaseEncodingDirectionDICOM": "ROW",
    "InstitutionAddress": "Perth_Drive_100_London_Ontario_CA_N6A_5K8",
    "InstitutionName": "Robarts_Research_Institute",
    "InstitutionalDepartmentName": "CFMM",
    "InversionTime": 0.9,
    "MRAcquisitionType": "3D",
    "MagneticFieldStrength": 3,
    "Manufacturer": "Siemens",
    "ManufacturersModelName": "Prisma_fit",
    "Modality": "MR",
    "PartialFourier": 1,
    "PatientPosition": "HFS",
    "PercentPhaseFOV": 84.375,
    "PhaseEncodingSteps": 215,
    "PhaseResolution": 1,
    "PixelBandwidth": 240,
    "ProcedureStepDescription": "Ansari_ITG",
    "ProtocolName": "mprage_sag_p2",
    "PulseSequenceDetails": "%SiemensSeq%_tfl",
    "ReceiveCoilActiveElements": "HEA;HEP",
    "ReceiveCoilName": "Head_32",
    "ReconMatrixPE": 256,
    "RepetitionTime": 2.3,
    "SAR": 0.0506383,
    "ScanOptions": "IR",
    "ScanningSequence": "GR_IR",
    "SequenceName": "_tfl3d1_16ns",
    "SequenceVariant": "SK_SP_MP",
    "SeriesDescription": "mprage_sag_p2",
    "SeriesNumber": 6,
    "ShimSetting": [
      5233,
      -6252,
      -3930,
      255,
      71,
      -141,
      18,
      5
    ],
    "SliceThickness": 1,
    "SoftwareVersions": "syngo_MR_E11",
    "StationName": "MRC35368",
    "TxRefAmp": 231.878,
    "dataset": "ds002033",
    "modality": "T1w",
    "session_id": "01",
    "subject_id": "22"
  },
  "cjv": 0.3237964038136023,
  "cnr": 4.081800773862946,
  "efc": 0.5630719447104297,
  "fber": 14808.648242728534,
  "fwhm_avg": 3.6846200000000002,
  "fwhm_x": 3.75287,
  "fwhm_y": 3.75095,
  "fwhm_z": 3.55004,
  "icvs_csf": 0.2137048954579994,
  "icvs_gm": 0.45261935747108634,
  "icvs_wm": 0.33367574707091424,
  "inu_med": 0.47623494267463684,
  "inu_range": 0.1276458203792572,
  "provenance": {
    "md5sum": "7722ea89d804469a01e10cb7b9ebf148",
    "settings": {
      "testing": false
    },
    "software": "mriqc",
    "version": "22.0.6",
    "warnings": {
      "large_rot_frame": true,
      "small_air_mask": false
    },
    "webapi_port": null,
    "webapi_url": "https://mriqc.nimh.nih.gov/api/v1"
  },
  "qi_1": 0.02837847161660008,
  "qi_2": 0.010353887476167346,
  "rpve_csf": 21.10598827644518,
  "rpve_gm": 10.430743561100881,
  "rpve_wm": 15.748820937348695,
  "size_x": 176,
  "size_y": 216,
  "size_z": 256,
  "snr_csf": 2.1053162647154884,
  "snr_gm": 10.702415650531266,
  "snr_total": 12.13517756495978,
  "snr_wm": 23.59780077963259,
  "snrd_csf": 31.31260351882434,
  "snrd_gm": 82.75937110112694,
  "snrd_total": 78.25628343400881,
  "snrd_wm": 120.69687568207515,
  "spacing_x": 1.0,
  "spacing_y": 1.0,
  "spacing_z": 1.0,
  "summary_bg_k": 35.63486423718725,
  "summary_bg_mad": 0.0,
  "summary_bg_mean": 2.63609797219708,
  "summary_bg_median": 0.0,
  "summary_bg_n": 1907589.0,
  "summary_bg_p05": 0.0,
  "summary_bg_p95": 12.324890285730362,
  "summary_bg_stdv": 5.427948491692776,
  "summary_csf_k": 0.034580620538307016,
  "summary_csf_mad": 124.08580527197435,
  "summary_csf_mean": 274.2941566477764,
  "summary_csf_median": 259.43177488073707,
  "summary_csf_n": 37898.0,
  "summary_csf_p05": 88.63889118283987,
  "summary_csf_p95": 492.2647167727353,
  "summary_csf_stdv": 123.22535879416395,
  "summary_gm_k": 0.09207741781780365,
  "summary_gm_mad": 62.680329717863756,
  "summary_gm_mean": 686.2003855384907,
  "summary_gm_median": 685.6795066520572,
  "summary_gm_n": 41830.0,
  "summary_gm_p05": 579.1784815972671,
  "summary_gm_p95": 792.3399670608342,
  "summary_gm_stdv": 64.06696702565243,
  "summary_wm_k": 0.8447490841398242,
  "summary_wm_mad": 39.09552768843027,
  "summary_wm_mean": 1000.1681418501238,
  "summary_wm_median": 1000.0000371076167,
  "summary_wm_n": 187278.0,
  "summary_wm_p05": 931.1024672836065,
  "summary_wm_p95": 1069.32754496485,
  "summary_wm_stdv": 42.376718772001624,
  "tpm_overlap_csf": 0.13607747529128297,
  "tpm_overlap_gm": 0.4718880260958603,
  "tpm_overlap_wm": 0.4980410587859954,
  "wm2max": 0.497815114059964
}