{
  "aor": 0.000505975975975976,
  "aqi": 0.005857442342342342,
  "bids_meta": {
    "AcquisitionMatrixPE": 84,
    "AcquisitionNumber": 1,
    "AcquisitionTime": "17:27:55.842500",
    "BandwidthPerPixelPhaseEncode": 15.664,
    "BaseResolution": 84,
    "BodyPartExamined": "BRAIN",
    "ConsistencyInfo": "N4_VE11B_LATEST_20150530",
    "ConversionSoftware": "dcm2niix",
    "ConversionSoftwareVersion": "v1.0.20181114  Clang4.0.1",
    "DerivedVendorReportedEchoSpacing": 0.000760008,
    "DeviceSerialNumber": "67007",
    "DwellTime": 3.8e-06,
    "EchoTime": 0.03,
    "EchoTrainLength": 74,
    "EffectiveEchoSpacing": 0.000760008,
    "FlipAngle": 40,
    "ImageComments": "Unaliased_MB4_PE3",
    "ImageOrientationPatientDICOM": [
      0.999328,
      -0.0109064,
      -0.0349908,
      -5.09067e-08,
      0.954699,
      -0.297575
    ],
    "ImageType": [
      "ORIGINAL",
      "PRIMARY",
      "M",
      "MB",
      "ND",
      "NORM",
      "MOSAIC"
    ],
    "ImagingFrequency": 123.211,
    "InPlanePhaseEncodingDirectionDICOM": "COL",
    "InstitutionAddress": "Perth_Drive_100_London_Ontario_CA_N6A_5K8",
    "InstitutionName": "Robarts_Research_Institute",
    "InstitutionalDepartmentName": "CFMM",
    "MRAcquisitionType": "2D",
    "MagneticFieldStrength": 3,
    "Manufacturer": "Siemens",
    "ManufacturersModelName": "Prisma_fit",
    "Modality": "MR",
    "MultibandAccelerationFactor": 4,
    "PartialFourier": 0.875,
    "PatientPosition": "HFS",
    "PercentPhaseFOV": 100,
    "PhaseEncodingDirection": "j-",
    "PhaseEncodingSteps": 74,
    "PhaseResolution": 1,
    "PixelBandwidth": 1565,
    "ProcedureStepDescription": "Ansari_ITG",
    "ProtocolName": "ep_bold_mb4_nfa_2.5iso",
    "PulseSequenceDetails": "%CustomerSeq%_cmrr_mbep2d_bold",
    "ReceiveCoilActiveElements": "HEA;HEP",
    "ReceiveCoilName": "Head_32",
    "ReconMatrixPE": 84,
    "RepetitionTime": 1,
    "SAR": 0.0610018,
    "ScanOptions": "PFP_FS",
    "ScanningSequence": "EP",
    "SequenceName": "epfid2d1_84",
    "SequenceVariant": "SK_SS",
    "SeriesDescription": "ep_bold_mb4_nfa_2.5iso",
    "SeriesNumber": 6,
    "ShimSetting": [
      5219,
      -6167,
      -3985,
      673,
      109,
      209,
      68,
      13
    ],
    "SliceThickness": 2.5,
    "SliceTiming": [
      0,
      0.41,
      0.8175,
      0.245,
      0.655,
      0.0825,
      0.49,
      0.9,
      0.3275,
      0.735,
      0.165,
      0.5725,
      0,
      0.41,
      0.8175,
      0.245,
      0.655,
      0.0825,
      0.49,
      0.9,
      0.3275,
      0.735,
      0.165,
      0.5725,
      0,
      0.41,
      0.8175,
      0.245,
      0.655,
      0.0825,
      0.49,
      0.9,
      0.3275,
      0.735,
      0.165,
      0.5725,
      0,
      0.41,
      0.8175,
      0.245,
      0.655,
      0.0825,
      0.49,
      0.9,
      0.3275,
      0.735,
      0.165,
      0.5725
    ],
    "SoftwareVersions": "syngo_MR_E11",
    "SpacingBetweenSlices": 2.5,
    "StationName": "MRC35368",
    "TaskName": "ChangeDetection",
    "TotalReadoutTime": 0.0630806,
    "TxRefAmp": 251.225,
    "WipMemBlock": "c1d18509-5ca7-4a35-bbe4-083b22ab4285||Sequence: ve11b/master r/50434d5; Mar  3 2017 10:46:13 by eja",
    "dataset": "ds002033",
    "modality": "bold",
    "run_id": 4,
    "session_id": "01",
    "subject_id": "38",
    "task_id": "ChangeDetection"
  },
  "dummy_trs": 2,
  "dvars_nstd": 27.79555302346385,
  "dvars_std": 1.1669605436746988,
  "dvars_vstd": 0.9976455386144578,
  "efc": 0.5506440410221217,
  "fber": 3469.750732421875,
  "fd_mean": 0.1298502969594159,
  "fd_num": 42,
  "fd_perc": 12.612612612612613,
  "fwhm_avg": 1.9364711599835667,
  "fwhm_x": 1.8453264707753667,
  "fwhm_y": 2.010463195487419,
  "fwhm_z": 1.9536238136879145,
  "gcor": 0.0135138,
  "gsr_x": -0.022322412580251694,
  "gsr_y": 0.04914575815200806,
  "provenance": {
    "md5sum": "809186fb1303bc87322cfb82f1a55426",
    "settings": {
      "fd_thres": 0.2,
      "testing": false
    },
    "software": "mriqc",
    "version": "22.0.6",
    "webapi_port": null,
    "webapi_url": "https://mriqc.nimh.nih.gov/api/v1"
  },
  "size_t": 333,
  "size_x": 84,
  "size_y": 84,
  "size_z": 48,
  "snr": 4.584726751104738,
  "spacing_tr": 1.0,
  "spacing_x": 2.4761905670166016,
  "spacing_y": 2.4761905670166016,
  "spacing_z": 2.500000238418579,
  "summary_bg_k": 18.285356727386176,
  "summary_bg_mad": 43.29694735557655,
  "summary_bg_mean": 181.91477966308594,
  "summary_bg_median": 60.162506103515625,
  "summary_bg_n": 199160.0,
  "summary_bg_p05": 26.712302875518798,
  "summary_bg_p95": 753.9696411132808,
  "summary_bg_stdv": 299.0388488769531,
  "summary_fg_k": 2.7814631106408267,
  "summary_fg_mad": 697.2454540230714,
  "summary_fg_mean": 3821.881591796875,
  "summary_fg_median": 3693.37158203125,
  "summary_fg_n": 80298.0,
  "summary_fg_p05": 2811.324853515625,
  "summary_fg_p95": 5288.960278320313,
  "summary_fg_stdv": 805.5765991210938,
  "tsnr": 57.13273620605469
}