{
  "aor": 0.00960802395209581,
  "aqi": 0.011589293083832334,
  "bids_meta": {
    "AcquisitionMatrixPE": 84,
    "AcquisitionNumber": 1,
    "AcquisitionTime": "15:12:33.292500",
    "BandwidthPerPixelPhaseEncode": 15.664,
    "BaseResolution": 84,
    "BodyPartExamined": "BRAIN",
    "ConsistencyInfo": "N4_VE11B_LATEST_20150530",
    "ConversionSoftware": "dcm2niix",
    "ConversionSoftwareVersion": "v1.0.20181114  Clang4.0.1",
    "DerivedVendorReportedEchoSpacing": 0.000760008,
    "DeviceSerialNumber": "67007",
    "DwellTime": 3.8e-06,
    "EchoTime": 0.03,
    "EchoTrainLength": 74,
    "EffectiveEchoSpacing": 0.000760008,
    "FlipAngle": 40,
    "ImageComments": "Unaliased_MB4_PE3",
    "ImageOrientationPatientDICOM": [
      0.998146,
      -0.0149601,
      -0.059005,
      2.58107e-08,
      0.96933,
      -0.245763
    ],
    "ImageType": [
      "ORIGINAL",
      "PRIMARY",
      "M",
      "MB",
      "ND",
      "NORM",
      "MOSAIC"
    ],
    "ImagingFrequency": 123.211,
    "InPlanePhaseEncodingDirectionDICOM": "COL",
    "InstitutionAddress": "Perth_Drive_100_London_Ontario_CA_N6A_5K8",
    "InstitutionName": "Robarts_Research_Institute",
    "InstitutionalDepartmentName": "CFMM",
    "MRAcquisitionType": "2D",
    "MagneticFieldStrength": 3,
    "Manufacturer": "Siemens",
    "ManufacturersModelName": "Prisma_fit",
    "Modality": "MR",
    "MultibandAccelerationFactor": 4,
    "PartialFourier": 0.875,
    "PatientPosition": "HFS",
    "PercentPhaseFOV": 100,
    "PhaseEncodingDirection": "j-",
    "PhaseEncodingSteps": 74,
    "PhaseResolution": 1,
    "PixelBandwidth": 1565,
    "ProcedureStepDescription": "Ansari_ITG",
    "ProtocolName": "ep_bold_mb4_nfa_2.5iso",
    "PulseSequenceDetails": "%CustomerSeq%_cmrr_mbep2d_bold",
    "ReceiveCoilActiveElements": "HEA;HEP",
    "ReceiveCoilName": "Head_32",
    "ReconMatrixPE": 84,
    "RepetitionTime": 1,
    "SAR": 0.0582889,
    "ScanOptions": "PFP_FS",
    "ScanningSequence": "EP",
    "SequenceName": "epfid2d1_84",
    "SequenceVariant": "SK_SS",
    "SeriesDescription": "ep_bold_mb4_nfa_2.5iso",
    "SeriesNumber": 3,
    "ShimSetting": [
      5245,
      -6184,
      -3933,
      552,
      160,
      -393,
      311,
      146
    ],
    "SliceThickness": 2.5,
    "SliceTiming": [
      0,
      0.4075,
      0.8175,
      0.245,
      0.6525,
      0.0825,
      0.49,
      0.8975,
      0.3275,
      0.735,
      0.1625,
      0.5725,
      0,
      0.4075,
      0.8175,
      0.245,
      0.6525,
      0.0825,
      0.49,
      0.8975,
      0.3275,
      0.735,
      0.1625,
      0.5725,
      0,
      0.4075,
      0.8175,
      0.245,
      0.6525,
      0.0825,
      0.49,
      0.8975,
      0.3275,
      0.735,
      0.1625,
      0.5725,
      0,
      0.4075,
      0.8175,
      0.245,
      0.6525,
      0.0825,
      0.49,
      0.8975,
      0.3275,
      0.735,
      0.1625,
      0.5725
    ],
    "SoftwareVersions": "syngo_MR_E11",
    "SpacingBetweenSlices": 2.5,
    "StationName": "MRC35368",
    "TaskName": "ChangeDetection",
    "TotalReadoutTime": 0.0630806,
    "TxRefAmp": 246.653,
    "WipMemBlock": "15eba1cc-a8d8-46b2-b48b-601c14b27785||Sequence: ve11b/master r/50434d5; Mar  3 2017 10:46:13 by eja",
    "dataset": "ds002033",
    "modality": "bold",
    "run_id": 2,
    "session_id": "01",
    "subject_id": "43",
    "task_id": "ChangeDetection"
  },
  "dummy_trs": 1,
  "dvars_nstd": 26.787862600210193,
  "dvars_std": 1.256093286816817,
  "dvars_vstd": 1.144810328258259,
  "efc": 0.5365841332122013,
  "fber": 4657.74609375,
  "fd_mean": 0.19364604861083184,
  "fd_num": 140,
  "fd_perc": 41.91616766467066,
  "fwhm_avg": 1.8916238005565533,
  "fwhm_x": 1.7677960890037796,
  "fwhm_y": 2.0192753126658802,
  "fwhm_z": 1.8878,
  "gcor": 0.0693718,
  "gsr_x": -0.02216225489974022,
  "gsr_y": 0.04657621681690216,
  "provenance": {
    "md5sum": "99fb2788936b2df348d03a9fc53be05d",
    "settings": {
      "fd_thres": 0.2,
      "testing": false
    },
    "software": "mriqc",
    "version": "22.0.6",
    "webapi_port": null,
    "webapi_url": "https://mriqc.nimh.nih.gov/api/v1"
  },
  "size_t": 334,
  "size_x": 84,
  "size_y": 84,
  "size_z": 48,
  "snr": 4.943595359949805,
  "spacing_tr": 1.0,
  "spacing_x": 2.4761905670166016,
  "spacing_y": 2.4761903285980225,
  "spacing_z": 2.5,
  "summary_bg_k": 27.245750395705947,
  "summary_bg_mad": 39.62152683297686,
  "summary_bg_mean": 223.50807189941406,
  "summary_bg_median": 58.60253143310547,
  "summary_bg_n": 208529.0,
  "summary_bg_p05": 26.885312652587892,
  "summary_bg_p95": 1016.1558227539059,
  "summary_bg_stdv": 415.9696960449219,
  "summary_fg_k": 5.681357238815133,
  "summary_fg_mad": 699.3005014096841,
  "summary_fg_mean": 4249.44580078125,
  "summary_fg_median": 4140.7861328125,
  "summary_fg_n": 71468.0,
  "summary_fg_p05": 3204.0324584960936,
  "summary_fg_p95": 5606.141870117186,
  "summary_fg_stdv": 837.600341796875,
  "tsnr": 48.06210708618164
}