{
  "aor": 0.00567981981981982,
  "aqi": 0.021255213543543542,
  "bids_meta": {
    "AcquisitionMatrixPE": 84,
    "AcquisitionNumber": 1,
    "AcquisitionTime": "15:05:51.290000",
    "BandwidthPerPixelPhaseEncode": 15.664,
    "BaseResolution": 84,
    "BodyPartExamined": "BRAIN",
    "ConsistencyInfo": "N4_VE11B_LATEST_20150530",
    "ConversionSoftware": "dcm2niix",
    "ConversionSoftwareVersion": "v1.0.20181114  Clang4.0.1",
    "DerivedVendorReportedEchoSpacing": 0.000760008,
    "DeviceSerialNumber": "67007",
    "DwellTime": 3.8e-06,
    "EchoTime": 0.03,
    "EchoTrainLength": 74,
    "EffectiveEchoSpacing": 0.000760008,
    "FlipAngle": 40,
    "ImageComments": "Unaliased_MB4_PE3",
    "ImageOrientationPatientDICOM": [
      0.998146,
      -0.0149601,
      -0.059005,
      2.58107e-08,
      0.96933,
      -0.245763
    ],
    "ImageType": [
      "ORIGINAL",
      "PRIMARY",
      "M",
      "MB",
      "ND",
      "NORM",
      "MOSAIC"
    ],
    "ImagingFrequency": 123.211,
    "InPlanePhaseEncodingDirectionDICOM": "COL",
    "InstitutionAddress": "Perth_Drive_100_London_Ontario_CA_N6A_5K8",
    "InstitutionName": "Robarts_Research_Institute",
    "InstitutionalDepartmentName": "CFMM",
    "MRAcquisitionType": "2D",
    "MagneticFieldStrength": 3,
    "Manufacturer": "Siemens",
    "ManufacturersModelName": "Prisma_fit",
    "Modality": "MR",
    "MultibandAccelerationFactor": 4,
    "PartialFourier": 0.875,
    "PatientPosition": "HFS",
    "PercentPhaseFOV": 100,
    "PhaseEncodingDirection": "j-",
    "PhaseEncodingSteps": 74,
    "PhaseResolution": 1,
    "PixelBandwidth": 1565,
    "ProcedureStepDescription": "Ansari_ITG",
    "ProtocolName": "ep_bold_mb4_nfa_2.5iso",
    "PulseSequenceDetails": "%CustomerSeq%_cmrr_mbep2d_bold",
    "ReceiveCoilActiveElements": "HEA;HEP",
    "ReceiveCoilName": "Head_32",
    "ReconMatrixPE": 84,
    "RepetitionTime": 1,
    "SAR": 0.0582889,
    "ScanOptions": "PFP_FS",
    "ScanningSequence": "EP",
    "SequenceName": "epfid2d1_84",
    "SequenceVariant": "SK_SS",
    "SeriesDescription": "ep_bold_mb4_nfa_2.5iso",
    "SeriesNumber": 2,
    "ShimSetting": [
      5245,
      -6184,
      -3933,
      552,
      160,
      -393,
      311,
      146
    ],
    "SliceThickness": 2.5,
    "SliceTiming": [
      0,
      0.41,
      0.8175,
      0.245,
      0.655,
      0.0825,
      0.49,
      0.9,
      0.3275,
      0.735,
      0.165,
      0.5725,
      0,
      0.41,
      0.8175,
      0.245,
      0.655,
      0.0825,
      0.49,
      0.9,
      0.3275,
      0.735,
      0.165,
      0.5725,
      0,
      0.41,
      0.8175,
      0.245,
      0.655,
      0.0825,
      0.49,
      0.9,
      0.3275,
      0.735,
      0.165,
      0.5725,
      0,
      0.41,
      0.8175,
      0.245,
      0.655,
      0.0825,
      0.49,
      0.9,
      0.3275,
      0.735,
      0.165,
      0.5725
    ],
    "SoftwareVersions": "syngo_MR_E11",
    "SpacingBetweenSlices": 2.5,
    "StationName": "MRC35368",
    "TaskName": "ChangeDetection",
    "TotalReadoutTime": 0.0630806,
    "TxRefAmp": 246.653,
    "WipMemBlock": "7f004cbc-549e-4835-a58c-4633ec36e1af||Sequence: ve11b/master r/50434d5; Mar  3 2017 10:46:13 by eja",
    "dataset": "ds002033",
    "modality": "bold",
    "run_id": 1,
    "session_id": "01",
    "subject_id": "43",
    "task_id": "ChangeDetection"
  },
  "dummy_trs": 2,
  "dvars_nstd": 31.68010982262049,
  "dvars_std": 1.0740077853915666,
  "dvars_vstd": 0.9384450617469876,
  "efc": 0.5366388580750518,
  "fber": 4460.6103515625,
  "fd_mean": 0.24970705812699845,
  "fd_num": 181,
  "fd_perc": 54.354354354354356,
  "fwhm_avg": 1.9097272238745022,
  "fwhm_x": 1.7843537807041396,
  "fwhm_y": 2.041595890919367,
  "fwhm_z": 1.9032319999999998,
  "gcor": 0.0157626,
  "gsr_x": -0.023279618471860886,
  "gsr_y": 0.04610518366098404,
  "provenance": {
    "md5sum": "b7fe502e27ab8e928d0ab7e69d538347",
    "settings": {
      "fd_thres": 0.2,
      "testing": false
    },
    "software": "mriqc",
    "version": "22.0.6",
    "webapi_port": null,
    "webapi_url": "https://mriqc.nimh.nih.gov/api/v1"
  },
  "size_t": 333,
  "size_x": 84,
  "size_y": 84,
  "size_z": 48,
  "snr": 5.022726165842313,
  "spacing_tr": 1.0,
  "spacing_x": 2.4761905670166016,
  "spacing_y": 2.4761903285980225,
  "spacing_z": 2.5,
  "summary_bg_k": 30.814298296726314,
  "summary_bg_mad": 41.547282578292595,
  "summary_bg_mean": 229.13388061523438,
  "summary_bg_median": 60.33775329589844,
  "summary_bg_n": 208852.0,
  "summary_bg_p05": 27.296247577667238,
  "summary_bg_p95": 1021.0554962158203,
  "summary_bg_stdv": 428.9436340332031,
  "summary_fg_k": 5.437523616545709,
  "summary_fg_mad": 706.8114236106363,
  "summary_fg_mean": 4270.6513671875,
  "summary_fg_median": 4166.11083984375,
  "summary_fg_n": 71190.0,
  "summary_fg_p05": 3226.5025390625,
  "summary_fg_p95": 5613.0076171875,
  "summary_fg_stdv": 829.4462890625,
  "tsnr": 39.54496383666992
}