{
  "bids_meta": {
    "AcquisitionMatrixPE": 224,
    "AcquisitionNumber": 1,
    "AcquisitionTime": "15:48:55.722500",
    "BaseResolution": 256,
    "BodyPartExamined": "BRAIN",
    "ConsistencyInfo": "N4_VE11B_LATEST_20150530",
    "ConversionSoftware": "dcm2niix",
    "ConversionSoftwareVersion": "v1.0.20181114  Clang4.0.1",
    "DeviceSerialNumber": "67007",
    "DwellTime": 8.2e-06,
    "EchoTime": 0.00298,
    "FlipAngle": 9,
    "ImageOrientationPatientDICOM": [
      0,
      1,
      0,
      0,
      0,
      -1
    ],
    "ImageType": [
      "ORIGINAL",
      "PRIMARY",
      "M",
      "ND",
      "NORM"
    ],
    "ImagingFrequency": 123.211,
    "InPlanePhaseEncodingDirectionDICOM": "ROW",
    "InstitutionAddress": "Perth_Drive_100_London_Ontario_CA_N6A_5K8",
    "InstitutionName": "Robarts_Research_Institute",
    "InstitutionalDepartmentName": "CFMM",
    "InversionTime": 0.9,
    "MRAcquisitionType": "3D",
    "MagneticFieldStrength": 3,
    "Manufacturer": "Siemens",
    "ManufacturersModelName": "Prisma_fit",
    "Modality": "MR",
    "PartialFourier": 1,
    "PatientPosition": "HFS",
    "PercentPhaseFOV": 87.5,
    "PhaseEncodingSteps": 223,
    "PhaseResolution": 1,
    "PixelBandwidth": 240,
    "ProcedureStepDescription": "Ansari_ITG",
    "ProtocolName": "mprage_sag_p2",
    "PulseSequenceDetails": "%SiemensSeq%_tfl",
    "ReceiveCoilActiveElements": "HEA;HEP",
    "ReceiveCoilName": "Head_32",
    "ReconMatrixPE": 256,
    "RepetitionTime": 2.3,
    "SAR": 0.0500983,
    "ScanOptions": "IR",
    "ScanningSequence": "GR_IR",
    "SequenceName": "_tfl3d1_16ns",
    "SequenceVariant": "SK_SP_MP",
    "SeriesDescription": "mprage_sag_p2",
    "SeriesNumber": 4,
    "ShimSetting": [
      5243,
      -6194,
      -3933,
      462,
      92,
      -291,
      -40,
      -37
    ],
    "SliceThickness": 1,
    "SoftwareVersions": "syngo_MR_E11",
    "StationName": "MRC35368",
    "TxRefAmp": 246.272,
    "dataset": "ds002033",
    "modality": "T1w",
    "session_id": "01",
    "subject_id": "41"
  },
  "cjv": 0.3459506198741097,
  "cnr": 3.8812817823948214,
  "efc": 0.523767252596391,
  "fber": 31545.70679012346,
  "fwhm_avg": 3.8171866666666667,
  "fwhm_x": 3.78174,
  "fwhm_y": 3.99626,
  "fwhm_z": 3.67356,
  "icvs_csf": 0.1746178107801595,
  "icvs_gm": 0.44102035713686677,
  "icvs_wm": 0.38436183208297375,
  "inu_med": 0.39050108194351196,
  "inu_range": 0.10024695396423339,
  "provenance": {
    "md5sum": "5686bf22bb5d6099572b2fedf0bd7130",
    "settings": {
      "testing": false
    },
    "software": "mriqc",
    "version": "22.0.6",
    "warnings": {
      "large_rot_frame": true,
      "small_air_mask": false
    },
    "webapi_port": null,
    "webapi_url": "https://mriqc.nimh.nih.gov/api/v1"
  },
  "qi_1": 0.0,
  "qi_2": 0.036068729295821056,
  "rpve_csf": 26.35219111981803,
  "rpve_gm": 11.326825644759044,
  "rpve_wm": 15.008292865707434,
  "size_x": 176,
  "size_y": 224,
  "size_z": 256,
  "snr_csf": 2.166606464967536,
  "snr_gm": 10.74442338819218,
  "snr_total": 12.06383613118986,
  "snr_wm": 23.28047854040986,
  "snrd_csf": 11.69085741339727,
  "snrd_gm": 29.437822595802587,
  "snrd_total": 27.8639978575607,
  "snrd_wm": 42.46331356348224,
  "spacing_x": 1.0,
  "spacing_y": 1.0,
  "spacing_z": 1.0,
  "summary_bg_k": 7758.264421667266,
  "summary_bg_mad": 0.0,
  "summary_bg_mean": 3.5556075570538126,
  "summary_bg_median": 0.0,
  "summary_bg_n": 3080573.0,
  "summary_bg_p05": 0.0,
  "summary_bg_p95": 15.707791686058044,
  "summary_bg_stdv": 15.428776186483413,
  "summary_csf_k": 0.9207032664175929,
  "summary_csf_mad": 120.2769512955518,
  "summary_csf_mean": 283.11644392207234,
  "summary_csf_median": 275.32529479265213,
  "summary_csf_n": 20668.0,
  "summary_csf_p05": 87.85076308250427,
  "summary_csf_p95": 505.1889170408249,
  "summary_csf_stdv": 127.07366958313159,
  "summary_gm_k": -0.03470937033498256,
  "summary_gm_mad": 65.12386812176544,
  "summary_gm_mean": 695.285188251572,
  "summary_gm_median": 693.274829864502,
  "summary_gm_n": 43197.0,
  "summary_gm_p05": 592.538034081459,
  "summary_gm_p95": 802.9471957683563,
  "summary_gm_stdv": 64.52340718520493,
  "summary_wm_k": 0.45816450464814595,
  "summary_wm_mad": 40.99875209378809,
  "summary_wm_mean": 1001.0428487704316,
  "summary_wm_median": 1000.0313844680786,
  "summary_wm_n": 218133.0,
  "summary_wm_p05": 932.2778159379959,
  "summary_wm_p95": 1072.8014134168625,
  "summary_wm_stdv": 42.95569313483558,
  "tpm_overlap_csf": 0.1373386950444293,
  "tpm_overlap_gm": 0.47119498928589,
  "tpm_overlap_wm": 0.5156572077592443,
  "wm2max": 0.5350780070457977
}