{
  "bids_meta": {
    "AcquisitionMatrixPE": 232,
    "AcquisitionNumber": 1,
    "AcquisitionTime": "14:23:26.335000",
    "BaseResolution": 256,
    "BodyPartExamined": "BRAIN",
    "ConsistencyInfo": "N4_VE11B_LATEST_20150530",
    "ConversionSoftware": "dcm2niix",
    "ConversionSoftwareVersion": "v1.0.20181114  Clang4.0.1",
    "DeviceSerialNumber": "67007",
    "DwellTime": 8.2e-06,
    "EchoTime": 0.00298,
    "FlipAngle": 9,
    "ImageOrientationPatientDICOM": [
      0,
      1,
      0,
      0,
      0,
      -1
    ],
    "ImageType": [
      "ORIGINAL",
      "PRIMARY",
      "M",
      "ND",
      "NORM"
    ],
    "ImagingFrequency": 123.211,
    "InPlanePhaseEncodingDirectionDICOM": "ROW",
    "InstitutionAddress": "Perth_Drive_100_London_Ontario_CA_N6A_5K8",
    "InstitutionName": "Robarts_Research_Institute",
    "InstitutionalDepartmentName": "CFMM",
    "InversionTime": 0.9,
    "MRAcquisitionType": "3D",
    "MagneticFieldStrength": 3,
    "Manufacturer": "Siemens",
    "ManufacturersModelName": "Prisma_fit",
    "Modality": "MR",
    "PartialFourier": 1,
    "PatientPosition": "HFS",
    "PercentPhaseFOV": 90.625,
    "PhaseEncodingSteps": 231,
    "PhaseResolution": 1,
    "PixelBandwidth": 240,
    "ProcedureStepDescription": "Ansari_ITG",
    "ProtocolName": "mprage_sag_p2",
    "PulseSequenceDetails": "%SiemensSeq%_tfl",
    "ReceiveCoilActiveElements": "HEA;HEP;SP1",
    "ReceiveCoilName": "Spine_32",
    "ReconMatrixPE": 256,
    "RepetitionTime": 2.3,
    "SAR": 0.0546165,
    "ScanOptions": "IR",
    "ScanningSequence": "GR_IR",
    "SequenceName": "_tfl3d1_16ns",
    "SequenceVariant": "SK_SP_MP",
    "SeriesDescription": "mprage_sag_p2",
    "SeriesNumber": 6,
    "ShimSetting": [
      5268,
      -6171,
      -3860,
      183,
      33,
      -385,
      19,
      -29
    ],
    "SliceThickness": 1,
    "SoftwareVersions": "syngo_MR_E11",
    "StationName": "MRC35368",
    "TxRefAmp": 250.149,
    "dataset": "ds002033",
    "modality": "T1w",
    "session_id": "01",
    "subject_id": "09"
  },
  "cjv": 0.3687644842283423,
  "cnr": 3.615070688594052,
  "efc": 0.5558808720875682,
  "fber": 16945.31122964272,
  "fwhm_avg": 3.6294466666666665,
  "fwhm_x": 3.59984,
  "fwhm_y": 3.79666,
  "fwhm_z": 3.49184,
  "icvs_csf": 0.21533838777273012,
  "icvs_gm": 0.4560178732649129,
  "icvs_wm": 0.32864373896235693,
  "inu_med": 0.514284759759903,
  "inu_range": 0.14823625385761263,
  "provenance": {
    "md5sum": "1d33f60388a7d0165a0afec94270cd36",
    "settings": {
      "testing": false
    },
    "software": "mriqc",
    "version": "22.0.6",
    "warnings": {
      "large_rot_frame": true,
      "small_air_mask": false
    },
    "webapi_port": null,
    "webapi_url": "https://mriqc.nimh.nih.gov/api/v1"
  },
  "qi_1": 0.035987400445503755,
  "qi_2": 0.03872794242912155,
  "rpve_csf": 21.48797937960628,
  "rpve_gm": 10.860311476136125,
  "rpve_wm": 16.92575377273713,
  "size_x": 176,
  "size_y": 232,
  "size_z": 256,
  "snr_csf": 2.0825561389979175,
  "snr_gm": 10.786985110123837,
  "snr_total": 12.112803315570595,
  "snr_wm": 23.468868697590032,
  "snrd_csf": 32.500224566520124,
  "snrd_gm": 93.92473306794584,
  "snrd_total": 85.94978756115414,
  "snrd_wm": 131.42440504899642,
  "spacing_x": 1.0,
  "spacing_y": 1.0,
  "spacing_z": 1.0,
  "summary_bg_k": 17.94199011004444,
  "summary_bg_mad": 0.0,
  "summary_bg_mean": 2.574473112559412,
  "summary_bg_median": 0.0,
  "summary_bg_n": 1743973.0,
  "summary_bg_p05": 0.0,
  "summary_bg_p95": 11.615413427352905,
  "summary_bg_stdv": 4.98489140564811,
  "summary_csf_k": 1.8597131034654648,
  "summary_csf_mad": 99.83896615997779,
  "summary_csf_mean": 265.30687486099333,
  "summary_csf_median": 247.29215186834335,
  "summary_csf_n": 31944.0,
  "summary_csf_p05": 96.37889291346073,
  "summary_csf_p95": 488.2539034187794,
  "summary_csf_stdv": 118.74267228321543,
  "summary_gm_k": 0.06940579803142777,
  "summary_gm_mad": 65.18162775601827,
  "summary_gm_mean": 711.6807136329408,
  "summary_gm_median": 714.6673496514559,
  "summary_gm_n": 38140.0,
  "summary_gm_p05": 596.5661817021668,
  "summary_gm_p95": 816.244140073657,
  "summary_gm_stdv": 66.25187420708788,
  "summary_wm_k": 0.6372477576977,
  "summary_wm_mad": 40.03891269028863,
  "summary_wm_mean": 1000.5218331136703,
  "summary_wm_median": 999.99998049438,
  "summary_wm_n": 178585.0,
  "summary_wm_p05": 932.2240431457758,
  "summary_wm_p95": 1071.0863106697798,
  "summary_wm_stdv": 42.60951789320746,
  "tpm_overlap_csf": 0.1600924827359273,
  "tpm_overlap_gm": 0.4543377078502616,
  "tpm_overlap_wm": 0.48135440001140534,
  "wm2max": 0.5862215715647555
}