{
  "aor": 0.0012779041916167664,
  "aqi": 0.009071713952095809,
  "bids_meta": {
    "AcquisitionMatrixPE": 84,
    "AcquisitionNumber": 1,
    "AcquisitionTime": "17:08:32.895000",
    "BandwidthPerPixelPhaseEncode": 15.664,
    "BaseResolution": 84,
    "BodyPartExamined": "BRAIN",
    "ConsistencyInfo": "N4_VE11B_LATEST_20150530",
    "ConversionSoftware": "dcm2niix",
    "ConversionSoftwareVersion": "v1.0.20181114  Clang4.0.1",
    "DerivedVendorReportedEchoSpacing": 0.000760008,
    "DeviceSerialNumber": "67007",
    "DwellTime": 3.8e-06,
    "EchoTime": 0.03,
    "EchoTrainLength": 74,
    "EffectiveEchoSpacing": 0.000760008,
    "FlipAngle": 40,
    "ImageComments": "Unaliased_MB4_PE3",
    "ImageOrientationPatientDICOM": [
      0.999667,
      0.00987501,
      0.0238313,
      6.11075e-08,
      0.923827,
      -0.382811
    ],
    "ImageType": [
      "ORIGINAL",
      "PRIMARY",
      "M",
      "MB",
      "ND",
      "NORM",
      "MOSAIC"
    ],
    "ImagingFrequency": 123.211,
    "InPlanePhaseEncodingDirectionDICOM": "COL",
    "InstitutionAddress": "Perth_Drive_100_London_Ontario_CA_N6A_5K8",
    "InstitutionName": "Robarts_Research_Institute",
    "InstitutionalDepartmentName": "CFMM",
    "MRAcquisitionType": "2D",
    "MagneticFieldStrength": 3,
    "Manufacturer": "Siemens",
    "ManufacturersModelName": "Prisma_fit",
    "Modality": "MR",
    "MultibandAccelerationFactor": 4,
    "PartialFourier": 0.875,
    "PatientPosition": "HFS",
    "PercentPhaseFOV": 100,
    "PhaseEncodingDirection": "j-",
    "PhaseEncodingSteps": 74,
    "PhaseResolution": 1,
    "PixelBandwidth": 1565,
    "ProcedureStepDescription": "Ansari_ITG",
    "ProtocolName": "ep_bold_mb4_nfa_2.5iso",
    "PulseSequenceDetails": "%CustomerSeq%_cmrr_mbep2d_bold",
    "ReceiveCoilActiveElements": "HEA;HEP",
    "ReceiveCoilName": "Head_32",
    "ReconMatrixPE": 84,
    "RepetitionTime": 1,
    "SAR": 0.0651468,
    "ScanOptions": "PFP_FS",
    "ScanningSequence": "EP",
    "SequenceName": "epfid2d1_84",
    "SequenceVariant": "SK_SS",
    "SeriesDescription": "ep_bold_mb4_nfa_2.5iso",
    "SeriesNumber": 4,
    "ShimSetting": [
      5297,
      -6249,
      -3922,
      624,
      -29,
      -117,
      51,
      -12
    ],
    "SliceThickness": 2.5,
    "SliceTiming": [
      0,
      0.4075,
      0.815,
      0.245,
      0.6525,
      0.08,
      0.49,
      0.8975,
      0.325,
      0.735,
      0.1625,
      0.57,
      0,
      0.4075,
      0.815,
      0.245,
      0.6525,
      0.08,
      0.49,
      0.8975,
      0.325,
      0.735,
      0.1625,
      0.57,
      0,
      0.4075,
      0.815,
      0.245,
      0.6525,
      0.08,
      0.49,
      0.8975,
      0.325,
      0.735,
      0.1625,
      0.57,
      0,
      0.4075,
      0.815,
      0.245,
      0.6525,
      0.08,
      0.49,
      0.8975,
      0.325,
      0.735,
      0.1625,
      0.57
    ],
    "SoftwareVersions": "syngo_MR_E11",
    "SpacingBetweenSlices": 2.5,
    "StationName": "MRC35368",
    "TaskName": "ChangeDetection",
    "TotalReadoutTime": 0.0630806,
    "TxRefAmp": 252.189,
    "WipMemBlock": "1d700b74-1511-4cae-8030-8313fbfd8241||Sequence: ve11b/master r/50434d5; Mar  3 2017 10:46:13 by eja",
    "dataset": "ds002033",
    "modality": "bold",
    "run_id": 2,
    "session_id": "01",
    "subject_id": "14",
    "task_id": "ChangeDetection"
  },
  "dummy_trs": 1,
  "dvars_nstd": 30.718694492252247,
  "dvars_std": 1.2412373313213214,
  "dvars_vstd": 1.0056662023723726,
  "efc": 0.5382782317810817,
  "fber": 4242.01025390625,
  "fd_mean": 0.17383550757432098,
  "fd_num": 102,
  "fd_perc": 30.538922155688624,
  "fwhm_avg": 1.954649003798228,
  "fwhm_x": 1.8540858935309963,
  "fwhm_y": 2.0295651178636875,
  "fwhm_z": 1.9802959999999998,
  "gcor": 0.0415999,
  "gsr_x": -0.009448589757084846,
  "gsr_y": 0.01752358302474022,
  "provenance": {
    "md5sum": "6e9e6022f0e3cf9ecbf93df198c8c1a9",
    "settings": {
      "fd_thres": 0.2,
      "testing": false
    },
    "software": "mriqc",
    "version": "22.0.6",
    "webapi_port": null,
    "webapi_url": "https://mriqc.nimh.nih.gov/api/v1"
  },
  "size_t": 334,
  "size_x": 84,
  "size_y": 84,
  "size_z": 48,
  "snr": 4.8529631541873615,
  "spacing_tr": 1.0,
  "spacing_x": 2.4761905670166016,
  "spacing_y": 2.4761905670166016,
  "spacing_z": 2.5,
  "summary_bg_k": 23.35114555099263,
  "summary_bg_mad": 2.9978976175456795,
  "summary_bg_mean": 10.296449661254883,
  "summary_bg_median": 3.405547618865967,
  "summary_bg_n": 203125.0,
  "summary_bg_p05": 1.0499476194381714,
  "summary_bg_p95": 39.71919174194335,
  "summary_bg_stdv": 18.725894927978516,
  "summary_fg_k": 4.685634053089021,
  "summary_fg_mad": 38.72917103106295,
  "summary_fg_mean": 235.8477325439453,
  "summary_fg_median": 228.95802307128906,
  "summary_fg_n": 77496.0,
  "summary_fg_p05": 178.1265411376953,
  "summary_fg_p95": 317.6573257446289,
  "summary_fg_stdv": 47.1787109375,
  "tsnr": 51.108299255371094
}