{
  "bids_meta": {
    "AcquisitionMatrixPE": 240,
    "AcquisitionNumber": 1,
    "AcquisitionTime": "15:55:7.090000",
    "BaseResolution": 256,
    "BodyPartExamined": "BRAIN",
    "ConsistencyInfo": "N4_VE11B_LATEST_20150530",
    "ConversionSoftware": "dcm2niix",
    "ConversionSoftwareVersion": "v1.0.20181114  Clang4.0.1",
    "DeviceSerialNumber": "67007",
    "DwellTime": 8.2e-06,
    "EchoTime": 0.00298,
    "FlipAngle": 9,
    "ImageOrientationPatientDICOM": [
      0.0035575,
      0.999994,
      -6.8197e-08,
      -0.000172376,
      5.45033e-07,
      -1
    ],
    "ImageType": [
      "ORIGINAL",
      "PRIMARY",
      "M",
      "ND",
      "NORM"
    ],
    "ImagingFrequency": 123.211,
    "InPlanePhaseEncodingDirectionDICOM": "ROW",
    "InstitutionAddress": "Perth_Drive_100_London_Ontario_CA_N6A_5K8",
    "InstitutionName": "Robarts_Research_Institute",
    "InstitutionalDepartmentName": "CFMM",
    "InversionTime": 0.9,
    "MRAcquisitionType": "3D",
    "MagneticFieldStrength": 3,
    "Manufacturer": "Siemens",
    "ManufacturersModelName": "Prisma_fit",
    "Modality": "MR",
    "PartialFourier": 1,
    "PatientPosition": "HFS",
    "PercentPhaseFOV": 93.75,
    "PhaseEncodingSteps": 239,
    "PhaseResolution": 1,
    "PixelBandwidth": 240,
    "ProcedureStepDescription": "Ansari_ITG",
    "ProtocolName": "mprage_sag_p2",
    "PulseSequenceDetails": "%SiemensSeq%_tfl",
    "ReceiveCoilActiveElements": "HEA;HEP;SP1",
    "ReceiveCoilName": "Spine_32",
    "ReconMatrixPE": 256,
    "RepetitionTime": 2.3,
    "SAR": 0.0681106,
    "ScanOptions": "IR",
    "ScanningSequence": "GR_IR",
    "SequenceName": "_tfl3d1_16ns",
    "SequenceVariant": "SK_SP_MP",
    "SeriesDescription": "mprage_sag_p2",
    "SeriesNumber": 6,
    "ShimSetting": [
      5241,
      -6183,
      -3848,
      167,
      36,
      -59,
      11,
      -26
    ],
    "SliceThickness": 1,
    "SoftwareVersions": "syngo_MR_E11",
    "StationName": "MRC35368",
    "TxRefAmp": 259.586,
    "dataset": "ds002033",
    "modality": "T1w",
    "session_id": "01",
    "subject_id": "29"
  },
  "cjv": 0.34097351906845014,
  "cnr": 3.8439017924674035,
  "efc": 0.5479074934545368,
  "fber": 11031.26954778347,
  "fwhm_avg": 3.8082933333333333,
  "fwhm_x": 3.80136,
  "fwhm_y": 4.02241,
  "fwhm_z": 3.60111,
  "icvs_csf": 0.18725132621972723,
  "icvs_gm": 0.4535938422826677,
  "icvs_wm": 0.3591548314976051,
  "inu_med": 0.42070387303829193,
  "inu_range": 0.09250378608703613,
  "provenance": {
    "md5sum": "c29d4e38ad5265c0ec90ea924a31a503",
    "settings": {
      "testing": false
    },
    "software": "mriqc",
    "version": "22.0.6",
    "warnings": {
      "large_rot_frame": true,
      "small_air_mask": false
    },
    "webapi_port": null,
    "webapi_url": "https://mriqc.nimh.nih.gov/api/v1"
  },
  "qi_1": 0.02860727873521331,
  "qi_2": 0.031146084472256207,
  "rpve_csf": 22.225045684143353,
  "rpve_gm": 10.014460468758235,
  "rpve_wm": 14.37634048347195,
  "size_x": 176,
  "size_y": 240,
  "size_z": 256,
  "snr_csf": 1.9119357198901008,
  "snr_gm": 10.594868351216011,
  "snr_total": 11.942526048297218,
  "snr_wm": 23.320774073785543,
  "snrd_csf": 30.942299860989735,
  "snrd_gm": 100.62454305462427,
  "snrd_total": 91.94414749183845,
  "snrd_wm": 144.26559955990132,
  "spacing_x": 1.0,
  "spacing_y": 1.0,
  "spacing_z": 1.0,
  "summary_bg_k": 10.91102551168905,
  "summary_bg_mad": 0.0,
  "summary_bg_mean": 2.4676353492214043,
  "summary_bg_median": 0.0,
  "summary_bg_n": 1759115.0,
  "summary_bg_p05": 0.0,
  "summary_bg_p95": 12.078526712954044,
  "summary_bg_stdv": 4.541182522771857,
  "summary_csf_k": 0.7887223094073765,
  "summary_csf_mad": 91.38099226583104,
  "summary_csf_mean": 238.30307640274677,
  "summary_csf_median": 214.48149017989635,
  "summary_csf_n": 36155.0,
  "summary_csf_p05": 95.66256895586848,
  "summary_csf_p95": 464.50699313804495,
  "summary_csf_stdv": 112.1787316327788,
  "summary_gm_k": 0.17554083739748627,
  "summary_gm_mad": 63.97614453357561,
  "summary_gm_mean": 696.4697738832978,
  "summary_gm_median": 697.4950808435678,
  "summary_gm_n": 57688.0,
  "summary_gm_p05": 586.1113054826856,
  "summary_gm_p95": 802.664310798049,
  "summary_gm_stdv": 65.83272319080376,
  "summary_wm_k": 1.2726781191677423,
  "summary_wm_mad": 39.170032362137505,
  "summary_wm_mean": 1000.8553050621025,
  "summary_wm_median": 1000.0000295490026,
  "summary_wm_n": 232034.0,
  "summary_wm_p05": 933.0741559416056,
  "summary_wm_p95": 1071.1008028909564,
  "summary_wm_stdv": 42.88013217426093,
  "tpm_overlap_csf": 0.14686800183701276,
  "tpm_overlap_gm": 0.4589586796466008,
  "tpm_overlap_wm": 0.4904875165561524,
  "wm2max": 0.5277249869658084
}