{
  "bids_meta": {
    "AcquisitionMatrixPE": 248,
    "AcquisitionNumber": 1,
    "AcquisitionTime": "15:47:57.222500",
    "BaseResolution": 256,
    "BodyPartExamined": "BRAIN",
    "ConsistencyInfo": "N4_VE11B_LATEST_20150530",
    "ConversionSoftware": "dcm2niix",
    "ConversionSoftwareVersion": "v1.0.20181114  Clang4.0.1",
    "DeviceSerialNumber": "67007",
    "DwellTime": 8.2e-06,
    "EchoTime": 0.00298,
    "FlipAngle": 9,
    "ImageOrientationPatientDICOM": [
      5.44539e-05,
      1,
      -1.95587e-08,
      -0.0280802,
      1.50953e-06,
      -0.999606
    ],
    "ImageType": [
      "ORIGINAL",
      "PRIMARY",
      "M",
      "ND",
      "NORM"
    ],
    "ImagingFrequency": 123.211,
    "InPlanePhaseEncodingDirectionDICOM": "ROW",
    "InstitutionAddress": "Perth_Drive_100_London_Ontario_CA_N6A_5K8",
    "InstitutionName": "Robarts_Research_Institute",
    "InstitutionalDepartmentName": "CFMM",
    "InversionTime": 0.9,
    "MRAcquisitionType": "3D",
    "MagneticFieldStrength": 3,
    "Manufacturer": "Siemens",
    "ManufacturersModelName": "Prisma_fit",
    "Modality": "MR",
    "PartialFourier": 1,
    "PatientPosition": "HFS",
    "PercentPhaseFOV": 96.875,
    "PhaseEncodingSteps": 247,
    "PhaseResolution": 1,
    "PixelBandwidth": 240,
    "ProcedureStepDescription": "Ansari_ITG",
    "ProtocolName": "mprage_sag_p2",
    "PulseSequenceDetails": "%SiemensSeq%_tfl",
    "ReceiveCoilActiveElements": "HEA;HEP",
    "ReceiveCoilName": "Head_32",
    "ReconMatrixPE": 256,
    "RepetitionTime": 2.3,
    "SAR": 0.0618561,
    "ScanOptions": "IR",
    "ScanningSequence": "GR_IR",
    "SequenceName": "_tfl3d1_16ns",
    "SequenceVariant": "SK_SP_MP",
    "SeriesDescription": "mprage_sag_p2",
    "SeriesNumber": 6,
    "ShimSetting": [
      5235,
      -6156,
      -3883,
      360,
      20,
      -169,
      105,
      22
    ],
    "SliceThickness": 1,
    "SoftwareVersions": "syngo_MR_E11",
    "StationName": "MRC35368",
    "TxRefAmp": 271.946,
    "dataset": "ds002033",
    "modality": "T1w",
    "session_id": "01",
    "subject_id": "12"
  },
  "cjv": 0.3546711303912915,
  "cnr": 3.6890300481566363,
  "efc": 0.5904029420024887,
  "fber": 29763.437951388885,
  "fwhm_avg": 3.510203333333333,
  "fwhm_x": 3.56248,
  "fwhm_y": 3.6729,
  "fwhm_z": 3.29523,
  "icvs_csf": 0.19612369306392152,
  "icvs_gm": 0.4504839250499719,
  "icvs_wm": 0.35339238188610655,
  "inu_med": 0.47153687477111816,
  "inu_range": 0.13306757807731628,
  "provenance": {
    "md5sum": "fed32bc9a7c54cd1bb98d2fbcbb26eba",
    "settings": {
      "testing": false
    },
    "software": "mriqc",
    "version": "22.0.6",
    "warnings": {
      "large_rot_frame": true,
      "small_air_mask": false
    },
    "webapi_port": null,
    "webapi_url": "https://mriqc.nimh.nih.gov/api/v1"
  },
  "qi_1": 0.019178756366579248,
  "qi_2": 0.010479147943857674,
  "rpve_csf": 21.58833797998336,
  "rpve_gm": 10.287205733938304,
  "rpve_wm": 15.035219153753339,
  "size_x": 176,
  "size_y": 248,
  "size_z": 256,
  "snr_csf": 2.184987856544129,
  "snr_gm": 10.443687750726793,
  "snr_total": 12.076157842150169,
  "snr_wm": 23.599797919179583,
  "snrd_csf": 34.870553642806975,
  "snrd_gm": 95.6328602875397,
  "snrd_total": 88.69587344624351,
  "snrd_wm": 135.5842064083838,
  "spacing_x": 1.0,
  "spacing_y": 1.0,
  "spacing_z": 1.0,
  "summary_bg_k": 23.051516359314494,
  "summary_bg_mad": 0.0,
  "summary_bg_mean": 2.268188873250342,
  "summary_bg_median": 0.0,
  "summary_bg_n": 2342945.0,
  "summary_bg_p05": 0.0,
  "summary_bg_p95": 11.302492581307888,
  "summary_bg_stdv": 4.831952024147647,
  "summary_csf_k": 1.4475219457403359,
  "summary_csf_mad": 88.60021910019852,
  "summary_csf_mean": 276.4807200598217,
  "summary_csf_median": 257.1874227374792,
  "summary_csf_n": 31476.0,
  "summary_csf_p05": 102.16020583175123,
  "summary_csf_p95": 503.29521894454956,
  "summary_csf_stdv": 117.70469867005697,
  "summary_gm_k": 0.09800230954123368,
  "summary_gm_mad": 64.85705969295299,
  "summary_gm_mean": 706.118247356652,
  "summary_gm_median": 705.3392130881548,
  "summary_gm_n": 33805.0,
  "summary_gm_p05": 594.0080692619085,
  "summary_gm_p95": 820.4527121782303,
  "summary_gm_stdv": 67.53637195761176,
  "summary_wm_k": 0.8101522236754901,
  "summary_wm_mad": 39.6506041790979,
  "summary_wm_mean": 1000.4212924279543,
  "summary_wm_median": 999.9999703839421,
  "summary_wm_n": 229837.0,
  "summary_wm_p05": 932.1213388815522,
  "summary_wm_p95": 1069.8843963444233,
  "summary_wm_stdv": 42.37315075118343,
  "tpm_overlap_csf": 0.16445471586132124,
  "tpm_overlap_gm": 0.461384616277387,
  "tpm_overlap_wm": 0.500808853127225,
  "wm2max": 0.5681693149261628
}