{
  "aor": 0.0007353474320241691,
  "aqi": 0.0047371395468277944,
  "bids_meta": {
    "AcquisitionMatrixPE": 84,
    "AcquisitionNumber": 1,
    "AcquisitionTime": "14:35:37.230000",
    "BandwidthPerPixelPhaseEncode": 15.664,
    "BaseResolution": 84,
    "BodyPartExamined": "BRAIN",
    "ConsistencyInfo": "N4_VE11B_LATEST_20150530",
    "ConversionSoftware": "dcm2niix",
    "ConversionSoftwareVersion": "v1.0.20181114  Clang4.0.1",
    "DerivedVendorReportedEchoSpacing": 0.000760008,
    "DeviceSerialNumber": "67007",
    "DwellTime": 3.8e-06,
    "EchoTime": 0.03,
    "EchoTrainLength": 74,
    "EffectiveEchoSpacing": 0.000760008,
    "FlipAngle": 40,
    "ImageComments": "Unaliased_MB4_PE3",
    "ImageOrientationPatientDICOM": [
      0.999791,
      -0.00765358,
      -0.0189377,
      1.92681e-08,
      0.927146,
      -0.3747
    ],
    "ImageType": [
      "ORIGINAL",
      "PRIMARY",
      "M",
      "MB",
      "ND",
      "NORM",
      "MOSAIC"
    ],
    "ImagingFrequency": 123.211,
    "InPlanePhaseEncodingDirectionDICOM": "COL",
    "InstitutionAddress": "Perth_Drive_100_London_Ontario_CA_N6A_5K8",
    "InstitutionName": "Robarts_Research_Institute",
    "InstitutionalDepartmentName": "CFMM",
    "MRAcquisitionType": "2D",
    "MagneticFieldStrength": 3,
    "Manufacturer": "Siemens",
    "ManufacturersModelName": "Prisma_fit",
    "Modality": "MR",
    "MultibandAccelerationFactor": 4,
    "PartialFourier": 0.875,
    "PatientPosition": "HFS",
    "PercentPhaseFOV": 100,
    "PhaseEncodingDirection": "j-",
    "PhaseEncodingSteps": 74,
    "PhaseResolution": 1,
    "PixelBandwidth": 1565,
    "ProcedureStepDescription": "Ansari_ITG",
    "ProtocolName": "ep_bold_mb4_nfa_2.5iso",
    "PulseSequenceDetails": "%CustomerSeq%_cmrr_mbep2d_bold",
    "ReceiveCoilActiveElements": "HEA;HEP",
    "ReceiveCoilName": "Head_32",
    "ReconMatrixPE": 84,
    "RepetitionTime": 1,
    "SAR": 0.0748456,
    "ScanOptions": "PFP_FS",
    "ScanningSequence": "EP",
    "SequenceName": "epfid2d1_84",
    "SequenceVariant": "SK_SS",
    "SeriesDescription": "ep_bold_mb4_nfa_2.5iso",
    "SeriesNumber": 5,
    "ShimSetting": [
      5216,
      -6269,
      -3879,
      503,
      119,
      183,
      -90,
      -13
    ],
    "SliceThickness": 2.5,
    "SliceTiming": [
      0,
      0.4075,
      0.815,
      0.245,
      0.6525,
      0.0825,
      0.49,
      0.8975,
      0.325,
      0.735,
      0.1625,
      0.57,
      0,
      0.4075,
      0.815,
      0.245,
      0.6525,
      0.0825,
      0.49,
      0.8975,
      0.325,
      0.735,
      0.1625,
      0.57,
      0,
      0.4075,
      0.815,
      0.245,
      0.6525,
      0.0825,
      0.49,
      0.8975,
      0.325,
      0.735,
      0.1625,
      0.57,
      0,
      0.4075,
      0.815,
      0.245,
      0.6525,
      0.0825,
      0.49,
      0.8975,
      0.325,
      0.735,
      0.1625,
      0.57
    ],
    "SoftwareVersions": "syngo_MR_E11",
    "SpacingBetweenSlices": 2.5,
    "StationName": "MRC35368",
    "TaskName": "ChangeDetection",
    "TotalReadoutTime": 0.0630806,
    "TxRefAmp": 268.765,
    "WipMemBlock": "a8261b25-f078-472e-b455-e7119fea42bf||Sequence: ve11b/master r/50434d5; Mar  3 2017 10:46:13 by eja",
    "dataset": "ds002033",
    "modality": "bold",
    "run_id": 3,
    "session_id": "01",
    "subject_id": "42",
    "task_id": "ChangeDetection"
  },
  "dummy_trs": 4,
  "dvars_nstd": 32.068310581484845,
  "dvars_std": 1.206083218181819,
  "dvars_vstd": 1.0039623200909098,
  "efc": 0.5615623595199503,
  "fber": 2585.9638671875,
  "fd_mean": 0.19381039148197524,
  "fd_num": 170,
  "fd_perc": 51.3595166163142,
  "fwhm_avg": 2.0951954743476473,
  "fwhm_x": 2.0165451183412584,
  "fwhm_y": 2.178685304701684,
  "fwhm_z": 2.090356,
  "gcor": 0.00740506,
  "gsr_x": -0.014028345234692097,
  "gsr_y": 0.030610453337430954,
  "provenance": {
    "md5sum": "2ec6c5106ef838c4f92d494dad5d0e32",
    "settings": {
      "fd_thres": 0.2,
      "testing": false
    },
    "software": "mriqc",
    "version": "22.0.6",
    "webapi_port": null,
    "webapi_url": "https://mriqc.nimh.nih.gov/api/v1"
  },
  "size_t": 331,
  "size_x": 84,
  "size_y": 84,
  "size_z": 48,
  "snr": 4.128038914636281,
  "spacing_tr": 1.0,
  "spacing_x": 2.4761905670166016,
  "spacing_y": 2.4761905670166016,
  "spacing_z": 2.5,
  "summary_bg_k": 23.812489374917973,
  "summary_bg_mad": 41.415974687564436,
  "summary_bg_mean": 147.10694885253906,
  "summary_bg_median": 54.68324661254883,
  "summary_bg_n": 193759.0,
  "summary_bg_p05": 23.395281410217287,
  "summary_bg_p95": 547.4226257324223,
  "summary_bg_stdv": 257.0843505859375,
  "summary_fg_k": 2.5172813335619857,
  "summary_fg_mad": 636.225296650539,
  "summary_fg_mean": 3016.7705078125,
  "summary_fg_median": 2901.3193359375,
  "summary_fg_n": 85425.0,
  "summary_fg_p05": 2133.71708984375,
  "summary_fg_p95": 4277.05673828125,
  "summary_fg_stdv": 702.8282470703125,
  "tsnr": 54.471397399902344
}