{
  "aor": 0.00029069908814589667,
  "aqi": 0.00524603699088146,
  "bids_meta": {
    "AcquisitionMatrixPE": 84,
    "AcquisitionNumber": 1,
    "AcquisitionTime": "15:40:47.290000",
    "BandwidthPerPixelPhaseEncode": 15.664,
    "BaseResolution": 84,
    "BodyPartExamined": "BRAIN",
    "ConsistencyInfo": "N4_VE11B_LATEST_20150530",
    "ConversionSoftware": "dcm2niix",
    "ConversionSoftwareVersion": "v1.0.20181114  Clang4.0.1",
    "DerivedVendorReportedEchoSpacing": 0.000760008,
    "DeviceSerialNumber": "67007",
    "DwellTime": 3.8e-06,
    "EchoTime": 0.03,
    "EchoTrainLength": 74,
    "EffectiveEchoSpacing": 0.000760008,
    "FlipAngle": 40,
    "ImageComments": "Unaliased_MB4_PE3",
    "ImageOrientationPatientDICOM": [
      0.999786,
      0.00330593,
      0.020407,
      5.42122e-09,
      0.987131,
      -0.159915
    ],
    "ImageType": [
      "ORIGINAL",
      "PRIMARY",
      "M",
      "MB",
      "ND",
      "NORM",
      "MOSAIC"
    ],
    "ImagingFrequency": 123.211,
    "InPlanePhaseEncodingDirectionDICOM": "COL",
    "InstitutionAddress": "Perth_Drive_100_London_Ontario_CA_N6A_5K8",
    "InstitutionName": "Robarts_Research_Institute",
    "InstitutionalDepartmentName": "CFMM",
    "MRAcquisitionType": "2D",
    "MagneticFieldStrength": 3,
    "Manufacturer": "Siemens",
    "ManufacturersModelName": "Prisma_fit",
    "Modality": "MR",
    "MultibandAccelerationFactor": 4,
    "PartialFourier": 0.875,
    "PatientPosition": "HFS",
    "PercentPhaseFOV": 100,
    "PhaseEncodingDirection": "j-",
    "PhaseEncodingSteps": 74,
    "PhaseResolution": 1,
    "PixelBandwidth": 1565,
    "ProcedureStepDescription": "Ansari_ITG",
    "ProtocolName": "ep_bold_mb4_nfa_2.5iso",
    "PulseSequenceDetails": "%CustomerSeq%_cmrr_mbep2d_bold",
    "ReceiveCoilActiveElements": "HEA;HEP",
    "ReceiveCoilName": "Head_32",
    "ReconMatrixPE": 84,
    "RepetitionTime": 1,
    "SAR": 0.0522451,
    "ScanOptions": "PFP_FS",
    "ScanningSequence": "EP",
    "SequenceName": "epfid2d1_84",
    "SequenceVariant": "SK_SS",
    "SeriesDescription": "ep_bold_mb4_nfa_2.5iso",
    "SeriesNumber": 2,
    "ShimSetting": [
      5238,
      -6245,
      -3970,
      353,
      71,
      295,
      82,
      3
    ],
    "SliceThickness": 2.5,
    "SliceTiming": [
      0,
      0.4075,
      0.8175,
      0.245,
      0.6525,
      0.0825,
      0.49,
      0.8975,
      0.3275,
      0.735,
      0.1625,
      0.5725,
      0,
      0.4075,
      0.8175,
      0.245,
      0.6525,
      0.0825,
      0.49,
      0.8975,
      0.3275,
      0.735,
      0.1625,
      0.5725,
      0,
      0.4075,
      0.8175,
      0.245,
      0.6525,
      0.0825,
      0.49,
      0.8975,
      0.3275,
      0.735,
      0.1625,
      0.5725,
      0,
      0.4075,
      0.8175,
      0.245,
      0.6525,
      0.0825,
      0.49,
      0.8975,
      0.3275,
      0.735,
      0.1625,
      0.5725
    ],
    "SoftwareVersions": "syngo_MR_E11",
    "SpacingBetweenSlices": 2.5,
    "StationName": "MRC35368",
    "TaskName": "ChangeDetection",
    "TotalReadoutTime": 0.0630806,
    "TxRefAmp": 249.015,
    "WipMemBlock": "da60ca28-6ba4-4dc2-878d-31bac16960ba||Sequence: ve11b/master r/50434d5; Mar  3 2017 10:46:13 by eja",
    "dataset": "ds002033",
    "modality": "bold",
    "run_id": 1,
    "session_id": "01",
    "subject_id": "36",
    "task_id": "ChangeDetection"
  },
  "dummy_trs": 6,
  "dvars_nstd": 24.761632901829252,
  "dvars_std": 1.092764689359756,
  "dvars_vstd": 1.0011476906707317,
  "efc": 0.5586681687600223,
  "fber": 2828.455078125,
  "fd_mean": 0.14775641251268953,
  "fd_num": 83,
  "fd_perc": 25.227963525835865,
  "fwhm_avg": 2.0760125539865455,
  "fwhm_x": 1.9139720532025302,
  "fwhm_y": 2.277837608757107,
  "fwhm_z": 2.036228,
  "gcor": 0.0114358,
  "gsr_x": -0.008617348037660122,
  "gsr_y": 0.03624832257628441,
  "provenance": {
    "md5sum": "3ed8fe981089454807df9daa62764946",
    "settings": {
      "fd_thres": 0.2,
      "testing": false
    },
    "software": "mriqc",
    "version": "22.0.6",
    "webapi_port": null,
    "webapi_url": "https://mriqc.nimh.nih.gov/api/v1"
  },
  "size_t": 329,
  "size_x": 84,
  "size_y": 84,
  "size_z": 48,
  "snr": 5.2700358507818565,
  "spacing_tr": 1.0,
  "spacing_x": 2.4761908054351807,
  "spacing_y": 2.4761905670166016,
  "spacing_z": 2.5,
  "summary_bg_k": 31.722714001946613,
  "summary_bg_mad": 46.708507847421515,
  "summary_bg_mean": 176.13360595703125,
  "summary_bg_median": 62.20240020751953,
  "summary_bg_n": 198230.0,
  "summary_bg_p05": 27.151349830627442,
  "summary_bg_p95": 678.2636749267566,
  "summary_bg_stdv": 315.28466796875,
  "summary_fg_k": 3.295421036394477,
  "summary_fg_mad": 606.0049696917907,
  "summary_fg_mean": 3530.662353515625,
  "summary_fg_median": 3455.142578125,
  "summary_fg_n": 81029.0,
  "summary_fg_p05": 2655.510595703125,
  "summary_fg_p95": 4623.99521484375,
  "summary_fg_stdv": 655.6162719726562,
  "tsnr": 61.45111083984375
}