{
  "bids_meta": {
    "AcquisitionMatrixPE": 256,
    "AcquisitionNumber": 1,
    "AcquisitionTime": "14:20:24.235000",
    "BaseResolution": 256,
    "BodyPartExamined": "BRAIN",
    "ConsistencyInfo": "N4_VE11B_LATEST_20150530",
    "ConversionSoftware": "dcm2niix",
    "ConversionSoftwareVersion": "v1.0.20181114  Clang4.0.1",
    "DeviceSerialNumber": "67007",
    "DwellTime": 8.2e-06,
    "EchoTime": 0.00298,
    "FlipAngle": 9,
    "ImageOrientationPatientDICOM": [
      0.0035575,
      0.999994,
      -5.08654e-09,
      0.00157206,
      -5.59774e-06,
      -0.999999
    ],
    "ImageType": [
      "ORIGINAL",
      "PRIMARY",
      "M",
      "ND",
      "NORM"
    ],
    "ImagingFrequency": 123.211,
    "InPlanePhaseEncodingDirectionDICOM": "ROW",
    "InstitutionAddress": "Perth_Drive_100_London_Ontario_CA_N6A_5K8",
    "InstitutionName": "Robarts_Research_Institute",
    "InstitutionalDepartmentName": "CFMM",
    "InversionTime": 0.9,
    "MRAcquisitionType": "3D",
    "MagneticFieldStrength": 3,
    "Manufacturer": "Siemens",
    "ManufacturersModelName": "Prisma_fit",
    "Modality": "MR",
    "PartialFourier": 1,
    "PatientPosition": "HFS",
    "PercentPhaseFOV": 100,
    "PhaseEncodingSteps": 255,
    "PhaseResolution": 1,
    "PixelBandwidth": 240,
    "ProcedureStepDescription": "Ansari_ITG",
    "ProtocolName": "mprage_sag_p2",
    "PulseSequenceDetails": "%SiemensSeq%_tfl",
    "ReceiveCoilActiveElements": "HEA;HEP",
    "ReceiveCoilName": "Head_32",
    "ReconMatrixPE": 256,
    "RepetitionTime": 2.3,
    "SAR": 0.0452283,
    "ScanOptions": "IR",
    "ScanningSequence": "GR_IR",
    "SequenceName": "_tfl3d1_16ns",
    "SequenceVariant": "SK_SP_MP",
    "SeriesDescription": "mprage_sag_p2",
    "SeriesNumber": 8,
    "ShimSetting": [
      5242,
      -6160,
      -4027,
      635,
      11,
      150,
      227,
      -9
    ],
    "SliceThickness": 1,
    "SoftwareVersions": "syngo_MR_E11",
    "StationName": "MRC35368",
    "TxRefAmp": 238.392,
    "dataset": "ds002033",
    "modality": "T1w",
    "session_id": "01",
    "subject_id": "26"
  },
  "cjv": 0.3490464184130457,
  "cnr": 3.7877468995560646,
  "efc": 0.520690520818295,
  "fber": 31314.953955656336,
  "fwhm_avg": 3.9134033333333336,
  "fwhm_x": 3.9085,
  "fwhm_y": 4.0384,
  "fwhm_z": 3.79331,
  "icvs_csf": 0.24418104396931678,
  "icvs_gm": 0.42906632706201064,
  "icvs_wm": 0.3267526289686726,
  "inu_med": 0.5042328238487244,
  "inu_range": 0.13940993547439573,
  "provenance": {
    "md5sum": "1c295ad7ac15bcaae4790554758ec52b",
    "settings": {
      "testing": false
    },
    "software": "mriqc",
    "version": "22.0.6",
    "warnings": {
      "large_rot_frame": true,
      "small_air_mask": false
    },
    "webapi_port": null,
    "webapi_url": "https://mriqc.nimh.nih.gov/api/v1"
  },
  "qi_1": 0.009776815908873169,
  "qi_2": 0.013413866920004042,
  "rpve_csf": 23.426181633754886,
  "rpve_gm": 13.388337379996354,
  "rpve_wm": 20.20294492884381,
  "size_x": 176,
  "size_y": 256,
  "size_z": 256,
  "snr_csf": 2.401769883495494,
  "snr_gm": 10.2814021477249,
  "snr_total": 12.396233939698723,
  "snr_wm": 24.505529787875776,
  "snrd_csf": 27.133546393968018,
  "snrd_gm": 83.34713752649428,
  "snrd_total": 76.5753160461374,
  "snrd_wm": 119.24526421794992,
  "spacing_x": 1.0,
  "spacing_y": 1.0,
  "spacing_z": 1.0,
  "summary_bg_k": 16.43881044008636,
  "summary_bg_mad": 0.0,
  "summary_bg_mean": 2.6035033693214724,
  "summary_bg_median": 0.0,
  "summary_bg_n": 2393024.0,
  "summary_bg_p05": 0.0,
  "summary_bg_p95": 13.488510958850384,
  "summary_bg_stdv": 5.494024500933952,
  "summary_csf_k": 2.5849588285683875,
  "summary_csf_mad": 73.6655537450471,
  "summary_csf_mean": 248.3683423557026,
  "summary_csf_median": 227.54401783458889,
  "summary_csf_n": 54441.0,
  "summary_csf_p05": 131.78155839443207,
  "summary_csf_p95": 437.86929490976036,
  "summary_csf_stdv": 94.73927105441868,
  "summary_gm_k": 0.03243382205148437,
  "summary_gm_mad": 67.11750452326514,
  "summary_gm_mean": 699.1683972034763,
  "summary_gm_median": 698.955539111048,
  "summary_gm_n": 25144.0,
  "summary_gm_p05": 586.3622828107327,
  "summary_gm_p95": 809.9671779759228,
  "summary_gm_stdv": 67.98115956151693,
  "summary_wm_k": 0.9711647670312384,
  "summary_wm_mad": 37.96098805600626,
  "summary_wm_mean": 1000.9547451440397,
  "summary_wm_median": 1000.0000049360096,
  "summary_wm_n": 164218.0,
  "summary_wm_p05": 936.3772054575384,
  "summary_wm_p95": 1068.6063914280385,
  "summary_wm_stdv": 40.80699208930761,
  "tpm_overlap_csf": 0.1496598929215445,
  "tpm_overlap_gm": 0.4637380105510203,
  "tpm_overlap_wm": 0.4996752897342264,
  "wm2max": 0.557822872760315
}