{
  "bids_meta": {
    "AcquisitionMatrixPE": 248,
    "AcquisitionNumber": 1,
    "AcquisitionTime": "14:25:56.437500",
    "BaseResolution": 256,
    "BodyPartExamined": "BRAIN",
    "ConsistencyInfo": "N4_VE11B_LATEST_20150530",
    "ConversionSoftware": "dcm2niix",
    "ConversionSoftwareVersion": "v1.0.20181114  Clang4.0.1",
    "DeviceSerialNumber": "67007",
    "DwellTime": 8.2e-06,
    "EchoTime": 0.00298,
    "FlipAngle": 9,
    "ImageOrientationPatientDICOM": [
      0,
      1,
      0,
      0,
      0,
      -1
    ],
    "ImageType": [
      "ORIGINAL",
      "PRIMARY",
      "M",
      "ND",
      "NORM"
    ],
    "ImagingFrequency": 123.211,
    "InPlanePhaseEncodingDirectionDICOM": "ROW",
    "InstitutionAddress": "Perth_Drive_100_London_Ontario_CA_N6A_5K8",
    "InstitutionName": "Robarts_Research_Institute",
    "InstitutionalDepartmentName": "CFMM",
    "InversionTime": 0.9,
    "MRAcquisitionType": "3D",
    "MagneticFieldStrength": 3,
    "Manufacturer": "Siemens",
    "ManufacturersModelName": "Prisma_fit",
    "Modality": "MR",
    "PartialFourier": 1,
    "PatientPosition": "HFS",
    "PercentPhaseFOV": 96.875,
    "PhaseEncodingSteps": 247,
    "PhaseResolution": 1,
    "PixelBandwidth": 240,
    "ProcedureStepDescription": "Ansari_ITG",
    "ProtocolName": "mprage_sag_p2",
    "PulseSequenceDetails": "%SiemensSeq%_tfl",
    "ReceiveCoilActiveElements": "HEA;HEP",
    "ReceiveCoilName": "Head_32",
    "ReconMatrixPE": 256,
    "RepetitionTime": 2.3,
    "SAR": 0.047665,
    "ScanOptions": "IR",
    "ScanningSequence": "GR_IR",
    "SequenceName": "_tfl3d1_16ns",
    "SequenceVariant": "SK_SP_MP",
    "SeriesDescription": "mprage_sag_p2",
    "SeriesNumber": 4,
    "ShimSetting": [
      5246,
      -6247,
      -3889,
      294,
      87,
      -196,
      81,
      12
    ],
    "SliceThickness": 1,
    "SoftwareVersions": "syngo_MR_E11",
    "StationName": "MRC35368",
    "TxRefAmp": 252.143,
    "dataset": "ds002033",
    "modality": "T1w",
    "session_id": "01",
    "subject_id": "34"
  },
  "cjv": 0.33633477506976023,
  "cnr": 3.916656141184035,
  "efc": 0.5670315851133768,
  "fber": 18593.412595236827,
  "fwhm_avg": 3.7634399999999997,
  "fwhm_x": 3.77279,
  "fwhm_y": 3.87052,
  "fwhm_z": 3.64701,
  "icvs_csf": 0.24559124727576695,
  "icvs_gm": 0.42254177434110507,
  "icvs_wm": 0.331866978383128,
  "inu_med": 0.48703446984291077,
  "inu_range": 0.12251389026641846,
  "provenance": {
    "md5sum": "d5f5d56b02a6cf9ea360148a0af5a809",
    "settings": {
      "testing": false
    },
    "software": "mriqc",
    "version": "22.0.6",
    "warnings": {
      "large_rot_frame": true,
      "small_air_mask": false
    },
    "webapi_port": null,
    "webapi_url": "https://mriqc.nimh.nih.gov/api/v1"
  },
  "qi_1": 0.0,
  "qi_2": 0.00769836879764748,
  "rpve_csf": 21.378194782032566,
  "rpve_gm": 12.347732619135327,
  "rpve_wm": 17.77042228493948,
  "size_x": 176,
  "size_y": 248,
  "size_z": 256,
  "snr_csf": 2.203116508767854,
  "snr_gm": 10.764498519048978,
  "snr_total": 12.267721961550171,
  "snr_wm": 23.835550856833677,
  "snrd_csf": 23.645081170543452,
  "snrd_gm": 70.1003442463349,
  "snrd_total": 64.7826781566069,
  "snrd_wm": 100.60260905294237,
  "spacing_x": 1.0,
  "spacing_y": 1.0,
  "spacing_z": 1.0,
  "summary_bg_k": 243.75963450964502,
  "summary_bg_mad": 0.0,
  "summary_bg_mean": 3.524643646698774,
  "summary_bg_median": 0.0,
  "summary_bg_n": 2668847.0,
  "summary_bg_p05": 0.0,
  "summary_bg_p95": 15.102322965860367,
  "summary_bg_stdv": 6.512121044063173,
  "summary_csf_k": 1.2142907459934174,
  "summary_csf_mad": 85.83116054612861,
  "summary_csf_mean": 253.3532745149674,
  "summary_csf_median": 235.0344610363245,
  "summary_csf_n": 62761.0,
  "summary_csf_p05": 102.06835666298866,
  "summary_csf_p95": 460.51141333580017,
  "summary_csf_stdv": 106.6818698135954,
  "summary_gm_k": 0.10668420466470874,
  "summary_gm_mad": 62.98070980212147,
  "summary_gm_mean": 697.3743406763916,
  "summary_gm_median": 696.8044012859464,
  "summary_gm_n": 27984.0,
  "summary_gm_p05": 591.6170866191387,
  "summary_gm_p95": 806.837956546992,
  "summary_gm_stdv": 64.7305538564214,
  "summary_wm_k": 0.7819585220891834,
  "summary_wm_mad": 38.99449700929977,
  "summary_wm_mean": 999.282519766974,
  "summary_wm_median": 999.9999503940344,
  "summary_wm_n": 189679.0,
  "summary_wm_p05": 929.4494851380587,
  "summary_wm_p95": 1066.3188468962908,
  "summary_wm_stdv": 41.954025747700975,
  "tpm_overlap_csf": 0.14830330294944435,
  "tpm_overlap_gm": 0.45961062503576455,
  "tpm_overlap_wm": 0.5025394609351752,
  "wm2max": 0.4821139641224059
}