{
  "aor": 0.0003470059880239521,
  "aqi": 0.006301260778443114,
  "bids_meta": {
    "AcquisitionMatrixPE": 84,
    "AcquisitionNumber": 1,
    "AcquisitionTime": "13:17:8.375000",
    "BandwidthPerPixelPhaseEncode": 15.664,
    "BaseResolution": 84,
    "BodyPartExamined": "BRAIN",
    "ConsistencyInfo": "N4_VE11B_LATEST_20150530",
    "ConversionSoftware": "dcm2niix",
    "ConversionSoftwareVersion": "v1.0.20181114  Clang4.0.1",
    "DerivedVendorReportedEchoSpacing": 0.000760008,
    "DeviceSerialNumber": "67007",
    "DwellTime": 3.8e-06,
    "EchoTime": 0.03,
    "EchoTrainLength": 74,
    "EffectiveEchoSpacing": 0.000760008,
    "FlipAngle": 40,
    "ImageComments": "Unaliased_MB4_PE3",
    "ImageOrientationPatientDICOM": [
      1,
      0,
      0,
      0,
      0.986572,
      -0.163326
    ],
    "ImageType": [
      "ORIGINAL",
      "PRIMARY",
      "M",
      "MB",
      "ND",
      "NORM",
      "MOSAIC"
    ],
    "ImagingFrequency": 123.209,
    "InPlanePhaseEncodingDirectionDICOM": "COL",
    "InstitutionAddress": "Perth_Drive_100_London_Ontario_CA_N6A_5K8",
    "InstitutionName": "Robarts_Research_Institute",
    "InstitutionalDepartmentName": "CFMM",
    "MRAcquisitionType": "2D",
    "MagneticFieldStrength": 3,
    "Manufacturer": "Siemens",
    "ManufacturersModelName": "Prisma_fit",
    "Modality": "MR",
    "MultibandAccelerationFactor": 4,
    "PartialFourier": 0.875,
    "PatientPosition": "HFS",
    "PercentPhaseFOV": 100,
    "PhaseEncodingDirection": "j-",
    "PhaseEncodingSteps": 74,
    "PhaseResolution": 1,
    "PixelBandwidth": 1565,
    "ProcedureStepDescription": "Ansari_ITG",
    "ProtocolName": "ep_bold_mb4_nfa_2.5iso",
    "PulseSequenceDetails": "%CustomerSeq%_cmrr_mbep2d_bold",
    "ReceiveCoilActiveElements": "HEA;HEP",
    "ReceiveCoilName": "Head_32",
    "ReconMatrixPE": 84,
    "RepetitionTime": 1,
    "SAR": 0.0715824,
    "ScanOptions": "PFP_FS",
    "ScanningSequence": "EP",
    "SequenceName": "epfid2d1_84",
    "SequenceVariant": "SK_SS",
    "SeriesDescription": "ep_bold_mb4_nfa_2.5iso",
    "SeriesNumber": 4,
    "ShimSetting": [
      5263,
      -6195,
      -3962,
      519,
      80,
      88,
      116,
      26
    ],
    "SliceThickness": 2.5,
    "SliceTiming": [
      0,
      0.4075,
      0.815,
      0.245,
      0.6525,
      0.08,
      0.49,
      0.8975,
      0.325,
      0.7325,
      0.1625,
      0.57,
      0,
      0.4075,
      0.815,
      0.245,
      0.6525,
      0.08,
      0.49,
      0.8975,
      0.325,
      0.7325,
      0.1625,
      0.57,
      0,
      0.4075,
      0.815,
      0.245,
      0.6525,
      0.08,
      0.49,
      0.8975,
      0.325,
      0.7325,
      0.1625,
      0.57,
      0,
      0.4075,
      0.815,
      0.245,
      0.6525,
      0.08,
      0.49,
      0.8975,
      0.325,
      0.7325,
      0.1625,
      0.57
    ],
    "SoftwareVersions": "syngo_MR_E11",
    "SpacingBetweenSlices": 2.5,
    "StationName": "MRC35368",
    "TaskName": "ChangeDetection",
    "TotalReadoutTime": 0.0630806,
    "TxRefAmp": 279.1,
    "WipMemBlock": "e1adb7ed-ba47-4a17-8ad9-4034a2176c43||Sequence: ve11b/master r/50434d5; Mar  3 2017 10:46:13 by eja",
    "dataset": "ds002033",
    "modality": "bold",
    "run_id": 2,
    "session_id": "01",
    "subject_id": "04",
    "task_id": "ChangeDetection"
  },
  "dummy_trs": 1,
  "dvars_nstd": 32.005621776096056,
  "dvars_std": 1.1580211773873865,
  "dvars_vstd": 0.9958612804504499,
  "efc": 0.5498725225914352,
  "fber": 3560.812255859375,
  "fd_mean": 0.2381917590655072,
  "fd_num": 207,
  "fd_perc": 61.97604790419162,
  "fwhm_avg": 1.9374908369807156,
  "fwhm_x": 1.7894705112856897,
  "fwhm_y": 2.1065179996564574,
  "fwhm_z": 1.916484,
  "gcor": 0.0154578,
  "gsr_x": -0.013644935563206673,
  "gsr_y": 0.054674405604600906,
  "provenance": {
    "md5sum": "2dffea0dde884e46faf57f8cf4c3ae7c",
    "settings": {
      "fd_thres": 0.2,
      "testing": false
    },
    "software": "mriqc",
    "version": "22.0.6",
    "webapi_port": null,
    "webapi_url": "https://mriqc.nimh.nih.gov/api/v1"
  },
  "size_t": 334,
  "size_x": 84,
  "size_y": 84,
  "size_z": 48,
  "snr": 4.396491876481188,
  "spacing_tr": 1.0,
  "spacing_x": 2.4761905670166016,
  "spacing_y": 2.4761905670166016,
  "spacing_z": 2.5,
  "summary_bg_k": 11.467612429735333,
  "summary_bg_mad": 3.4719308845599057,
  "summary_bg_mean": 14.546603202819824,
  "summary_bg_median": 3.531695604324341,
  "summary_bg_n": 206922.0,
  "summary_bg_p05": 1.0315326690673827,
  "summary_bg_p95": 66.36939735412568,
  "summary_bg_stdv": 24.557777404785156,
  "summary_fg_k": 3.3224270714829665,
  "summary_fg_mad": 46.81275331591019,
  "summary_fg_mean": 228.5872344970703,
  "summary_fg_median": 222.031005859375,
  "summary_fg_n": 73623.0,
  "summary_fg_p05": 164.62567749023438,
  "summary_fg_p95": 313.90396423339837,
  "summary_fg_stdv": 50.50151443481445,
  "tsnr": 52.39474105834961
}