{
  "aor": 0.0002394894894894895,
  "aqi": 0.006440198228228229,
  "bids_meta": {
    "AcquisitionMatrixPE": 84,
    "AcquisitionNumber": 1,
    "AcquisitionTime": "13:11:0.177500",
    "BandwidthPerPixelPhaseEncode": 15.664,
    "BaseResolution": 84,
    "BodyPartExamined": "BRAIN",
    "ConsistencyInfo": "N4_VE11B_LATEST_20150530",
    "ConversionSoftware": "dcm2niix",
    "ConversionSoftwareVersion": "v1.0.20181114  Clang4.0.1",
    "DerivedVendorReportedEchoSpacing": 0.000760008,
    "DeviceSerialNumber": "67007",
    "DwellTime": 3.8e-06,
    "EchoTime": 0.03,
    "EchoTrainLength": 74,
    "EffectiveEchoSpacing": 0.000760008,
    "FlipAngle": 40,
    "ImageComments": "Unaliased_MB4_PE3",
    "ImageOrientationPatientDICOM": [
      1,
      0,
      0,
      0,
      0.986572,
      -0.163326
    ],
    "ImageType": [
      "ORIGINAL",
      "PRIMARY",
      "M",
      "MB",
      "ND",
      "NORM",
      "MOSAIC"
    ],
    "ImagingFrequency": 123.209,
    "InPlanePhaseEncodingDirectionDICOM": "COL",
    "InstitutionAddress": "Perth_Drive_100_London_Ontario_CA_N6A_5K8",
    "InstitutionName": "Robarts_Research_Institute",
    "InstitutionalDepartmentName": "CFMM",
    "MRAcquisitionType": "2D",
    "MagneticFieldStrength": 3,
    "Manufacturer": "Siemens",
    "ManufacturersModelName": "Prisma_fit",
    "Modality": "MR",
    "MultibandAccelerationFactor": 4,
    "PartialFourier": 0.875,
    "PatientPosition": "HFS",
    "PercentPhaseFOV": 100,
    "PhaseEncodingDirection": "j-",
    "PhaseEncodingSteps": 74,
    "PhaseResolution": 1,
    "PixelBandwidth": 1565,
    "ProcedureStepDescription": "Ansari_ITG",
    "ProtocolName": "ep_bold_mb4_nfa_2.5iso",
    "PulseSequenceDetails": "%CustomerSeq%_cmrr_mbep2d_bold",
    "ReceiveCoilActiveElements": "HEA;HEP",
    "ReceiveCoilName": "Head_32",
    "ReconMatrixPE": 84,
    "RepetitionTime": 1,
    "SAR": 0.0715824,
    "ScanOptions": "PFP_FS",
    "ScanningSequence": "EP",
    "SequenceName": "epfid2d1_84",
    "SequenceVariant": "SK_SS",
    "SeriesDescription": "ep_bold_mb4_nfa_2.5iso",
    "SeriesNumber": 2,
    "ShimSetting": [
      5263,
      -6195,
      -3962,
      519,
      80,
      88,
      116,
      26
    ],
    "SliceThickness": 2.5,
    "SliceTiming": [
      0,
      0.41,
      0.8175,
      0.245,
      0.655,
      0.0825,
      0.49,
      0.9,
      0.3275,
      0.735,
      0.165,
      0.5725,
      0,
      0.41,
      0.8175,
      0.245,
      0.655,
      0.0825,
      0.49,
      0.9,
      0.3275,
      0.735,
      0.165,
      0.5725,
      0,
      0.41,
      0.8175,
      0.245,
      0.655,
      0.0825,
      0.49,
      0.9,
      0.3275,
      0.735,
      0.165,
      0.5725,
      0,
      0.41,
      0.8175,
      0.245,
      0.655,
      0.0825,
      0.49,
      0.9,
      0.3275,
      0.735,
      0.165,
      0.5725
    ],
    "SoftwareVersions": "syngo_MR_E11",
    "SpacingBetweenSlices": 2.5,
    "StationName": "MRC35368",
    "TaskName": "ChangeDetection",
    "TotalReadoutTime": 0.0630806,
    "TxRefAmp": 279.1,
    "WipMemBlock": "06713fcc-d4fc-4673-a655-ceaeee60957b||Sequence: ve11b/master r/50434d5; Mar  3 2017 10:46:13 by eja",
    "dataset": "ds002033",
    "modality": "bold",
    "run_id": 1,
    "session_id": "01",
    "subject_id": "04",
    "task_id": "ChangeDetection"
  },
  "dummy_trs": 2,
  "dvars_nstd": 31.482169495903598,
  "dvars_std": 1.1316626194879515,
  "dvars_vstd": 0.9841912357228915,
  "efc": 0.5481464325464392,
  "fber": 3773.5205078125,
  "fd_mean": 0.2551939906067263,
  "fd_num": 218,
  "fd_perc": 65.46546546546547,
  "fwhm_avg": 1.9437914906702962,
  "fwhm_x": 1.7952414726124737,
  "fwhm_y": 2.113552999398415,
  "fwhm_z": 1.92258,
  "gcor": 0.0118103,
  "gsr_x": -0.013267952017486095,
  "gsr_y": 0.05405827611684799,
  "provenance": {
    "md5sum": "b636ff3ea6e9e85e99d5d9e3af305f14",
    "settings": {
      "fd_thres": 0.2,
      "testing": false
    },
    "software": "mriqc",
    "version": "22.0.6",
    "webapi_port": null,
    "webapi_url": "https://mriqc.nimh.nih.gov/api/v1"
  },
  "size_t": 333,
  "size_x": 84,
  "size_y": 84,
  "size_z": 48,
  "snr": 4.384159710086175,
  "spacing_tr": 1.0,
  "spacing_x": 2.4761905670166016,
  "spacing_y": 2.4761905670166016,
  "spacing_z": 2.5,
  "summary_bg_k": 11.893529166047111,
  "summary_bg_mad": 3.362732632251891,
  "summary_bg_mean": 14.244246482849121,
  "summary_bg_median": 3.4463491439819336,
  "summary_bg_n": 206952.0,
  "summary_bg_p05": 1.0271553337574004,
  "summary_bg_p95": 64.98017845153807,
  "summary_bg_stdv": 24.196853637695312,
  "summary_fg_k": 3.3278381172457,
  "summary_fg_mad": 47.196457176812196,
  "summary_fg_mean": 229.0304718017578,
  "summary_fg_median": 222.72073364257812,
  "summary_fg_n": 73737.0,
  "summary_fg_p05": 164.66586608886718,
  "summary_fg_p95": 314.20463256835933,
  "summary_fg_stdv": 50.8008918762207,
  "tsnr": 52.304656982421875
}