{
  "bids_meta": {
    "AcquisitionMatrixPE": 256,
    "AcquisitionNumber": 1,
    "AcquisitionTime": "16:25:6.802500",
    "BaseResolution": 256,
    "BodyPartExamined": "BRAIN",
    "ConsistencyInfo": "N4_VE11B_LATEST_20150530",
    "ConversionSoftware": "dcm2niix",
    "ConversionSoftwareVersion": "v1.0.20181114  Clang4.0.1",
    "DeviceSerialNumber": "67007",
    "DwellTime": 8.2e-06,
    "EchoTime": 0.00298,
    "FlipAngle": 9,
    "ImageOrientationPatientDICOM": [
      0.0506474,
      0.998717,
      1.64612e-08,
      -0.0280443,
      0.00142221,
      -0.999606
    ],
    "ImageType": [
      "ORIGINAL",
      "PRIMARY",
      "M",
      "ND",
      "NORM"
    ],
    "ImagingFrequency": 123.211,
    "InPlanePhaseEncodingDirectionDICOM": "ROW",
    "InstitutionAddress": "Perth_Drive_100_London_Ontario_CA_N6A_5K8",
    "InstitutionName": "Robarts-CFMM",
    "InstitutionalDepartmentName": "CFMM",
    "InversionTime": 0.9,
    "MRAcquisitionType": "3D",
    "MagneticFieldStrength": 3,
    "Manufacturer": "Siemens",
    "ManufacturersModelName": "Prisma_fit",
    "Modality": "MR",
    "PartialFourier": 1,
    "PatientPosition": "HFS",
    "PercentPhaseFOV": 100,
    "PhaseEncodingSteps": 255,
    "PhaseResolution": 1,
    "PixelBandwidth": 240,
    "ProcedureStepDescription": "Ansari_ITG",
    "ProtocolName": "mprage_sag_p2",
    "PulseSequenceDetails": "%SiemensSeq%_tfl",
    "ReceiveCoilActiveElements": "HEA;HEP;SP1",
    "ReceiveCoilName": "Spine_32",
    "ReconMatrixPE": 256,
    "RepetitionTime": 2.3,
    "SAR": 0.056119,
    "ScanOptions": "IR",
    "ScanningSequence": "GR_IR",
    "SequenceName": "_tfl3d1_16ns",
    "SequenceVariant": "SK_SP_MP",
    "SeriesDescription": "mprage_sag_p2",
    "SeriesNumber": 10,
    "ShimSetting": [
      5251,
      -6155,
      -3885,
      412,
      11,
      -163,
      14,
      -28
    ],
    "SliceThickness": 1,
    "SoftwareVersions": "syngo_MR_E11",
    "StationName": "MRC35368",
    "TxRefAmp": 267.405,
    "dataset": "ds002033",
    "modality": "T1w",
    "session_id": "01",
    "subject_id": "08"
  },
  "cjv": 0.35839368241540365,
  "cnr": 3.670107862909933,
  "efc": 0.5544486490863562,
  "fber": 24121.97265625,
  "fwhm_avg": 3.6823099999999998,
  "fwhm_x": 3.738,
  "fwhm_y": 3.82051,
  "fwhm_z": 3.48842,
  "icvs_csf": 0.22528640625963572,
  "icvs_gm": 0.4506974833840923,
  "icvs_wm": 0.324016110356272,
  "inu_med": 0.47188881039619446,
  "inu_range": 0.10606633126735682,
  "provenance": {
    "md5sum": "b8a92df0b83e99f9f7c7bf85db00e896",
    "settings": {
      "testing": false
    },
    "software": "mriqc",
    "version": "22.0.6",
    "warnings": {
      "large_rot_frame": true,
      "small_air_mask": false
    },
    "webapi_port": null,
    "webapi_url": "https://mriqc.nimh.nih.gov/api/v1"
  },
  "qi_1": 0.028637408756545017,
  "qi_2": 0.033364992204695604,
  "rpve_csf": 21.289262780255708,
  "rpve_gm": 11.20143159364113,
  "rpve_wm": 17.84738517238747,
  "size_x": 176,
  "size_y": 256,
  "size_z": 256,
  "snr_csf": 2.2052895564285873,
  "snr_gm": 10.835761942054495,
  "snr_total": 12.032592766516041,
  "snr_wm": 23.056726801065043,
  "snrd_csf": 28.893436572004457,
  "snrd_gm": 86.13948883420159,
  "snrd_total": 78.74395218491507,
  "snrd_wm": 121.1989311485392,
  "spacing_x": 1.0,
  "spacing_y": 1.0,
  "spacing_z": 1.0,
  "summary_bg_k": 27.36199002765113,
  "summary_bg_mad": 0.0,
  "summary_bg_mean": 2.527124789728897,
  "summary_bg_median": 0.0,
  "summary_bg_n": 2166544.0,
  "summary_bg_p05": 0.0,
  "summary_bg_p95": 11.730126798152924,
  "summary_bg_stdv": 5.405463455477768,
  "summary_csf_k": 1.2908901914292352,
  "summary_csf_mad": 84.3805662652511,
  "summary_csf_mean": 251.7302765481333,
  "summary_csf_median": 238.396791100502,
  "summary_csf_n": 37030.0,
  "summary_csf_p05": 89.03139519691467,
  "summary_csf_p95": 461.4709370702504,
  "summary_csf_stdv": 108.10080309660484,
  "summary_gm_k": 0.136120355189576,
  "summary_gm_mad": 63.939076972824076,
  "summary_gm_mean": 707.8455425691933,
  "summary_gm_median": 710.7281154990196,
  "summary_gm_n": 36038.0,
  "summary_gm_p05": 594.3887713551521,
  "summary_gm_p95": 810.6345940828323,
  "summary_gm_stdv": 65.59005803339663,
  "summary_wm_k": 1.2510302963388575,
  "summary_wm_mad": 39.734135194388195,
  "summary_wm_mean": 1001.4998581770745,
  "summary_wm_median": 999.9999895691872,
  "summary_wm_n": 186909.0,
  "summary_wm_p05": 933.8410056233406,
  "summary_wm_p95": 1073.5871631503105,
  "summary_wm_stdv": 43.371174195500615,
  "tpm_overlap_csf": 0.154391078345838,
  "tpm_overlap_gm": 0.46695014095585335,
  "tpm_overlap_wm": 0.48924920445627823,
  "wm2max": 0.629478252094056
}