{
  "bids_meta": {
    "AcquisitionMatrixPE": 256,
    "AcquisitionNumber": 1,
    "AcquisitionTime": "14:17:47.637500",
    "BaseResolution": 256,
    "BodyPartExamined": "BRAIN",
    "ConsistencyInfo": "N4_VE11B_LATEST_20150530",
    "ConversionSoftware": "dcm2niix",
    "ConversionSoftwareVersion": "v1.0.20181114  Clang4.0.1",
    "DeviceSerialNumber": "67007",
    "DwellTime": 8.2e-06,
    "EchoTime": 0.00298,
    "FlipAngle": 9,
    "ImageOrientationPatientDICOM": [
      0,
      1,
      0,
      0,
      0,
      -1
    ],
    "ImageType": [
      "ORIGINAL",
      "PRIMARY",
      "M",
      "ND",
      "NORM"
    ],
    "ImagingFrequency": 123.209,
    "InPlanePhaseEncodingDirectionDICOM": "ROW",
    "InstitutionAddress": "Perth_Drive_100_London_Ontario_CA_N6A_5K8",
    "InstitutionName": "Robarts_Research_Institute",
    "InstitutionalDepartmentName": "CFMM",
    "InversionTime": 0.9,
    "MRAcquisitionType": "3D",
    "MagneticFieldStrength": 3,
    "Manufacturer": "Siemens",
    "ManufacturersModelName": "Prisma_fit",
    "Modality": "MR",
    "PartialFourier": 1,
    "PatientPosition": "HFS",
    "PercentPhaseFOV": 100,
    "PhaseEncodingSteps": 255,
    "PhaseResolution": 1,
    "PixelBandwidth": 240,
    "ProcedureStepDescription": "Ansari_ITG",
    "ProtocolName": "mprage_sag_p2",
    "PulseSequenceDetails": "%SiemensSeq%_tfl",
    "ReceiveCoilActiveElements": "HEA;HEP",
    "ReceiveCoilName": "Head_32",
    "ReconMatrixPE": 256,
    "RepetitionTime": 2.3,
    "SAR": 0.0505061,
    "ScanOptions": "IR",
    "ScanningSequence": "GR_IR",
    "SequenceName": "_tfl3d1_16ns",
    "SequenceVariant": "SK_SP_MP",
    "SeriesDescription": "mprage_sag_p2",
    "SeriesNumber": 6,
    "ShimSetting": [
      5249,
      -6137,
      -4018,
      366,
      53,
      273,
      229,
      -63
    ],
    "SliceThickness": 1,
    "SoftwareVersions": "syngo_MR_E11",
    "StationName": "MRC35368",
    "TxRefAmp": 241.565,
    "dataset": "ds002033",
    "modality": "T1w",
    "session_id": "01",
    "subject_id": "05"
  },
  "cjv": 0.3713142082604674,
  "cnr": 3.477828675629314,
  "efc": 0.5216694003512738,
  "fber": 20803.70618440611,
  "fwhm_avg": 3.53044,
  "fwhm_x": 3.59867,
  "fwhm_y": 3.61832,
  "fwhm_z": 3.37433,
  "icvs_csf": 0.2245725093280466,
  "icvs_gm": 0.4222853497222659,
  "icvs_wm": 0.35314214094968754,
  "inu_med": 0.4931233376264572,
  "inu_range": 0.12280728667974472,
  "provenance": {
    "md5sum": "e37fcc6f416b671ed1a94f7d68285ead",
    "settings": {
      "testing": false
    },
    "software": "mriqc",
    "version": "22.0.6",
    "warnings": {
      "large_rot_frame": true,
      "small_air_mask": false
    },
    "webapi_port": null,
    "webapi_url": "https://mriqc.nimh.nih.gov/api/v1"
  },
  "qi_1": 0.027876553257836972,
  "qi_2": 0.030442894486450354,
  "rpve_csf": 24.088360464773984,
  "rpve_gm": 13.049315250616326,
  "rpve_wm": 18.247750293301582,
  "size_x": 176,
  "size_y": 256,
  "size_z": 256,
  "snr_csf": 2.055265577736129,
  "snr_gm": 10.309826028657145,
  "snr_total": 12.330461452351566,
  "snr_wm": 24.626292750661428,
  "snrd_csf": 33.67619759244303,
  "snrd_gm": 93.4872522958136,
  "snrd_total": 85.7385897392049,
  "snrd_wm": 130.05231932935808,
  "spacing_x": 1.0,
  "spacing_y": 1.0,
  "spacing_z": 1.0,
  "summary_bg_k": 17.580461731324604,
  "summary_bg_mad": 0.0,
  "summary_bg_mean": 2.5842495314962854,
  "summary_bg_median": 0.0,
  "summary_bg_n": 2449872.0,
  "summary_bg_p05": 0.0,
  "summary_bg_p95": 12.585344910621643,
  "summary_bg_stdv": 5.037483619697373,
  "summary_csf_k": 2.6670022109054488,
  "summary_csf_mad": 107.05635838602423,
  "summary_csf_mean": 282.16724990780904,
  "summary_csf_median": 258.9434715360403,
  "summary_csf_n": 32065.0,
  "summary_csf_p05": 106.4720179438591,
  "summary_csf_p95": 515.2440206408501,
  "summary_csf_stdv": 125.98830852789249,
  "summary_gm_k": 0.16976931556457098,
  "summary_gm_mad": 66.79943582082208,
  "summary_gm_mean": 716.5365297518323,
  "summary_gm_median": 718.8434379324317,
  "summary_gm_n": 21413.0,
  "summary_gm_p05": 595.0414000466466,
  "summary_gm_p95": 828.2855972751975,
  "summary_gm_stdv": 69.72248130352588,
  "summary_wm_k": 0.9731869239438078,
  "summary_wm_mad": 37.598006474568855,
  "summary_wm_mean": 1000.693675156583,
  "summary_wm_median": 1000.0000432357192,
  "summary_wm_n": 190187.0,
  "summary_wm_p05": 936.1923445388675,
  "summary_wm_p95": 1067.4260285943747,
  "summary_wm_stdv": 40.60690029009035,
  "tpm_overlap_csf": 0.14737002372633753,
  "tpm_overlap_gm": 0.4682592467401661,
  "tpm_overlap_wm": 0.512891675097172,
  "wm2max": 0.531230674087817
}