{
  "bids_meta": {
    "AcquisitionMatrixPE": 224,
    "AcquisitionNumber": 1,
    "AcquisitionTime": "16:02:41.407500",
    "BaseResolution": 256,
    "BodyPartExamined": "BRAIN",
    "ConsistencyInfo": "N4_VE11B_LATEST_20150530",
    "ConversionSoftware": "dcm2niix",
    "ConversionSoftwareVersion": "v1.0.20181114  Clang4.0.1",
    "DeviceSerialNumber": "67007",
    "DwellTime": 8.2e-06,
    "EchoTime": 0.00298,
    "FlipAngle": 9,
    "ImageOrientationPatientDICOM": [
      0.0541316,
      0.998534,
      4.60702e-08,
      -0.0297803,
      0.00161447,
      -0.999555
    ],
    "ImageType": [
      "ORIGINAL",
      "PRIMARY",
      "M",
      "ND",
      "NORM"
    ],
    "ImagingFrequency": 123.211,
    "InPlanePhaseEncodingDirectionDICOM": "ROW",
    "InstitutionAddress": "Perth_Drive_100_London_Ontario_CA_N6A_5K8",
    "InstitutionName": "Robarts_Research_Institute",
    "InstitutionalDepartmentName": "CFMM",
    "InversionTime": 0.9,
    "MRAcquisitionType": "3D",
    "MagneticFieldStrength": 3,
    "Manufacturer": "Siemens",
    "ManufacturersModelName": "Prisma_fit",
    "Modality": "MR",
    "PartialFourier": 1,
    "PatientPosition": "HFS",
    "PercentPhaseFOV": 87.5,
    "PhaseEncodingSteps": 223,
    "PhaseResolution": 1,
    "PixelBandwidth": 240,
    "ProcedureStepDescription": "Ansari_ITG",
    "ProtocolName": "mprage_sag_p2",
    "PulseSequenceDetails": "%SiemensSeq%_tfl",
    "ReceiveCoilActiveElements": "HEA;HEP",
    "ReceiveCoilName": "Head_32",
    "ReconMatrixPE": 256,
    "RepetitionTime": 2.3,
    "SAR": 0.0475653,
    "ScanOptions": "IR",
    "ScanningSequence": "GR_IR",
    "SequenceName": "_tfl3d1_16ns",
    "SequenceVariant": "SK_SP_MP",
    "SeriesDescription": "mprage_sag_p2",
    "SeriesNumber": 6,
    "ShimSetting": [
      5237,
      -6153,
      -3923,
      305,
      52,
      -273,
      -146,
      -16
    ],
    "SliceThickness": 1,
    "SoftwareVersions": "syngo_MR_E11",
    "StationName": "MRC35368",
    "TxRefAmp": 234.752,
    "dataset": "ds002033",
    "modality": "T1w",
    "session_id": "01",
    "subject_id": "07"
  },
  "cjv": 0.31264324597675935,
  "cnr": 4.203658892152935,
  "efc": 0.5268499895238612,
  "fber": 32456.867036011085,
  "fwhm_avg": 3.693763333333333,
  "fwhm_x": 3.81279,
  "fwhm_y": 3.74794,
  "fwhm_z": 3.52056,
  "icvs_csf": 0.1898328883476492,
  "icvs_gm": 0.45368584864626105,
  "icvs_wm": 0.35648126300608973,
  "inu_med": 0.4368554651737213,
  "inu_range": 0.10209912657737735,
  "provenance": {
    "md5sum": "6fdc360b496d08c9c669b30ef1cf890f",
    "settings": {
      "testing": false
    },
    "software": "mriqc",
    "version": "22.0.6",
    "warnings": {
      "large_rot_frame": true,
      "small_air_mask": false
    },
    "webapi_port": null,
    "webapi_url": "https://mriqc.nimh.nih.gov/api/v1"
  },
  "qi_1": 0.017055320994753417,
  "qi_2": 0.026296239171047533,
  "rpve_csf": 26.352483957935895,
  "rpve_gm": 11.856676853795658,
  "rpve_wm": 16.941854158041924,
  "size_x": 176,
  "size_y": 224,
  "size_z": 256,
  "snr_csf": 1.9825214043913961,
  "snr_gm": 10.484726583859311,
  "snr_total": 12.393265294841818,
  "snr_wm": 24.712547896274746,
  "snrd_csf": 32.92959807043114,
  "snrd_gm": 95.4768875699175,
  "snrd_total": 89.70441870985343,
  "snrd_wm": 140.70677048921164,
  "spacing_x": 1.0,
  "spacing_y": 1.0,
  "spacing_z": 1.0,
  "summary_bg_k": 16.776375916877598,
  "summary_bg_mad": 0.0,
  "summary_bg_mean": 2.3112498911104,
  "summary_bg_median": 0.0,
  "summary_bg_n": 2357096.0,
  "summary_bg_p05": 0.0,
  "summary_bg_p95": 10.934260111302137,
  "summary_bg_stdv": 4.656165878283861,
  "summary_csf_k": 1.2784138559069023,
  "summary_csf_mad": 98.6844279195092,
  "summary_csf_mean": 251.1793109209737,
  "summary_csf_median": 234.03625706210732,
  "summary_csf_n": 27148.0,
  "summary_csf_p05": 66.79998046075926,
  "summary_csf_p95": 470.64852885240686,
  "summary_csf_stdv": 118.04762668716386,
  "summary_gm_k": 0.1674396872201811,
  "summary_gm_mad": 62.04960590205029,
  "summary_gm_mean": 680.9278821361454,
  "summary_gm_median": 678.5704871043563,
  "summary_gm_n": 39806.0,
  "summary_gm_p05": 577.8460220396519,
  "summary_gm_p95": 793.0031748209149,
  "summary_gm_stdv": 64.71909001666452,
  "summary_wm_k": 0.5255222225940122,
  "summary_wm_mad": 38.45158975783425,
  "summary_wm_mean": 1000.1700353138992,
  "summary_wm_median": 1000.0269617065787,
  "summary_wm_n": 187246.0,
  "summary_wm_p05": 934.205947637558,
  "summary_wm_p95": 1066.3596776034683,
  "summary_wm_stdv": 40.466256071384436,
  "tpm_overlap_csf": 0.13749140609780078,
  "tpm_overlap_gm": 0.4775586254919579,
  "tpm_overlap_wm": 0.5195469404107064,
  "wm2max": 0.635843693277167
}