{
  "aor": 0.004122694610778443,
  "aqi": 0.007022545479041915,
  "bids_meta": {
    "AcquisitionMatrixPE": 84,
    "AcquisitionNumber": 1,
    "AcquisitionTime": "09:29:21.170000",
    "BandwidthPerPixelPhaseEncode": 15.664,
    "BaseResolution": 84,
    "BodyPartExamined": "BRAIN",
    "ConsistencyInfo": "N4_VE11B_LATEST_20150530",
    "ConversionSoftware": "dcm2niix",
    "ConversionSoftwareVersion": "v1.0.20181114  Clang4.0.1",
    "DerivedVendorReportedEchoSpacing": 0.000760008,
    "DeviceSerialNumber": "67007",
    "DwellTime": 3.8e-06,
    "EchoTime": 0.03,
    "EchoTrainLength": 74,
    "EffectiveEchoSpacing": 0.000760008,
    "FlipAngle": 40,
    "ImageComments": "Unaliased_MB4_PE3",
    "ImageOrientationPatientDICOM": [
      1,
      0,
      0,
      0,
      0.888617,
      -0.45865
    ],
    "ImageType": [
      "ORIGINAL",
      "PRIMARY",
      "M",
      "MB",
      "ND",
      "NORM",
      "MOSAIC"
    ],
    "ImagingFrequency": 123.211,
    "InPlanePhaseEncodingDirectionDICOM": "COL",
    "InstitutionAddress": "Perth_Drive_100_London_Ontario_CA_N6A_5K8",
    "InstitutionName": "Robarts_Research_Institute",
    "InstitutionalDepartmentName": "CFMM",
    "MRAcquisitionType": "2D",
    "MagneticFieldStrength": 3,
    "Manufacturer": "Siemens",
    "ManufacturersModelName": "Prisma_fit",
    "Modality": "MR",
    "MultibandAccelerationFactor": 4,
    "PartialFourier": 0.875,
    "PatientPosition": "HFS",
    "PercentPhaseFOV": 100,
    "PhaseEncodingDirection": "j-",
    "PhaseEncodingSteps": 74,
    "PhaseResolution": 1,
    "PixelBandwidth": 1565,
    "ProcedureStepDescription": "Ansari_ITG",
    "ProtocolName": "ep_bold_mb4_nfa_2.5iso",
    "PulseSequenceDetails": "%CustomerSeq%_cmrr_mbep2d_bold",
    "ReceiveCoilActiveElements": "HEA;HEP",
    "ReceiveCoilName": "Head_32",
    "ReconMatrixPE": 84,
    "RepetitionTime": 1,
    "SAR": 0.0578282,
    "ScanOptions": "PFP_FS",
    "ScanningSequence": "EP",
    "SequenceName": "epfid2d1_84",
    "SequenceVariant": "SK_SS",
    "SeriesDescription": "ep_bold_mb4_nfa_2.5iso",
    "SeriesNumber": 5,
    "ShimSetting": [
      5239,
      -6155,
      -3927,
      572,
      -65,
      -6,
      166,
      43
    ],
    "SliceThickness": 2.5,
    "SliceTiming": [
      0,
      0.4075,
      0.815,
      0.245,
      0.6525,
      0.08,
      0.49,
      0.8975,
      0.325,
      0.735,
      0.1625,
      0.57,
      0,
      0.4075,
      0.815,
      0.245,
      0.6525,
      0.08,
      0.49,
      0.8975,
      0.325,
      0.735,
      0.1625,
      0.57,
      0,
      0.4075,
      0.815,
      0.245,
      0.6525,
      0.08,
      0.49,
      0.8975,
      0.325,
      0.735,
      0.1625,
      0.57,
      0,
      0.4075,
      0.815,
      0.245,
      0.6525,
      0.08,
      0.49,
      0.8975,
      0.325,
      0.735,
      0.1625,
      0.57
    ],
    "SoftwareVersions": "syngo_MR_E11",
    "SpacingBetweenSlices": 2.5,
    "StationName": "MRC35368",
    "TaskName": "ChangeDetection",
    "TotalReadoutTime": 0.0630806,
    "TxRefAmp": 252.194,
    "WipMemBlock": "90e05683-5877-4de7-9ffa-0624c9b131ed||Sequence: ve11b/master r/50434d5; Mar  3 2017 10:46:13 by eja",
    "dataset": "ds002033",
    "modality": "bold",
    "run_id": 3,
    "session_id": "01",
    "subject_id": "30",
    "task_id": "ChangeDetection"
  },
  "dummy_trs": 1,
  "dvars_nstd": 28.979036342642623,
  "dvars_std": 1.1710546227027039,
  "dvars_vstd": 1.0397633954654661,
  "efc": 0.5370337600654951,
  "fber": 3994.57080078125,
  "fd_mean": 0.17207413021369114,
  "fd_num": 57,
  "fd_perc": 17.065868263473053,
  "fwhm_avg": 1.9099904696761911,
  "fwhm_x": 1.8236964715687505,
  "fwhm_y": 1.9848551207006964,
  "fwhm_z": 1.9214198167591272,
  "gcor": 0.0140812,
  "gsr_x": -0.024517349898815155,
  "gsr_y": 0.05343150347471237,
  "provenance": {
    "md5sum": "b74b4c1945eb787e70a1b96f79e68ab5",
    "settings": {
      "fd_thres": 0.2,
      "testing": false
    },
    "software": "mriqc",
    "version": "22.0.6",
    "webapi_port": null,
    "webapi_url": "https://mriqc.nimh.nih.gov/api/v1"
  },
  "size_t": 334,
  "size_x": 84,
  "size_y": 84,
  "size_z": 48,
  "snr": 4.518651794313601,
  "spacing_tr": 1.0,
  "spacing_x": 2.4761905670166016,
  "spacing_y": 2.4761908054351807,
  "spacing_z": 2.500000238418579,
  "summary_bg_k": 11.111662073007317,
  "summary_bg_mad": 41.545882797831936,
  "summary_bg_mean": 207.88990783691406,
  "summary_bg_median": 58.02679443359375,
  "summary_bg_n": 208257.0,
  "summary_bg_p05": 25.4465633392334,
  "summary_bg_p95": 962.2109741210934,
  "summary_bg_stdv": 343.7061462402344,
  "summary_fg_k": 2.931452999577215,
  "summary_fg_mad": 751.0748458504788,
  "summary_fg_mean": 3946.712158203125,
  "summary_fg_median": 3814.02587890625,
  "summary_fg_n": 71365.0,
  "summary_fg_p05": 2879.966796875,
  "summary_fg_p95": 5414.9591796875,
  "summary_fg_stdv": 844.056884765625,
  "tsnr": 50.676536560058594
}