{
  "aor": 0.0007717117117117117,
  "aqi": 0.0053497802102102105,
  "bids_meta": {
    "AcquisitionMatrixPE": 84,
    "AcquisitionNumber": 1,
    "AcquisitionTime": "14:40:27.952500",
    "BandwidthPerPixelPhaseEncode": 15.664,
    "BaseResolution": 84,
    "BodyPartExamined": "BRAIN",
    "ConsistencyInfo": "N4_VE11B_LATEST_20150530",
    "ConversionSoftware": "dcm2niix",
    "ConversionSoftwareVersion": "v1.0.20181114  Clang4.0.1",
    "DerivedVendorReportedEchoSpacing": 0.000760008,
    "DeviceSerialNumber": "67007",
    "DwellTime": 3.8e-06,
    "EchoTime": 0.03,
    "EchoTrainLength": 74,
    "EffectiveEchoSpacing": 0.000760008,
    "FlipAngle": 40,
    "ImageComments": "Unaliased_MB4_PE3",
    "ImageOrientationPatientDICOM": [
      0.998142,
      -0.0147666,
      -0.0591088,
      3.4926e-08,
      0.970183,
      -0.242372
    ],
    "ImageType": [
      "ORIGINAL",
      "PRIMARY",
      "M",
      "MB",
      "ND",
      "NORM",
      "MOSAIC"
    ],
    "ImagingFrequency": 123.211,
    "InPlanePhaseEncodingDirectionDICOM": "COL",
    "InstitutionAddress": "Perth_Drive_100_London_Ontario_CA_N6A_5K8",
    "InstitutionName": "Robarts_Research_Institute",
    "InstitutionalDepartmentName": "CFMM",
    "MRAcquisitionType": "2D",
    "MagneticFieldStrength": 3,
    "Manufacturer": "Siemens",
    "ManufacturersModelName": "Prisma_fit",
    "Modality": "MR",
    "MultibandAccelerationFactor": 4,
    "PartialFourier": 0.875,
    "PatientPosition": "HFS",
    "PercentPhaseFOV": 100,
    "PhaseEncodingDirection": "j-",
    "PhaseEncodingSteps": 74,
    "PhaseResolution": 1,
    "PixelBandwidth": 1565,
    "ProcedureStepDescription": "Ansari_ITG",
    "ProtocolName": "ep_bold_mb4_nfa_2.5iso",
    "PulseSequenceDetails": "%CustomerSeq%_cmrr_mbep2d_bold",
    "ReceiveCoilActiveElements": "HEA;HEP",
    "ReceiveCoilName": "Head_32",
    "ReconMatrixPE": 84,
    "RepetitionTime": 1,
    "SAR": 0.0562364,
    "ScanOptions": "PFP_FS",
    "ScanningSequence": "EP",
    "SequenceName": "epfid2d1_84",
    "SequenceVariant": "SK_SS",
    "SeriesDescription": "ep_bold_mb4_nfa_2.5iso",
    "SeriesNumber": 4,
    "ShimSetting": [
      5241,
      -6228,
      -3929,
      752,
      -71,
      65,
      321,
      29
    ],
    "SliceThickness": 2.5,
    "SliceTiming": [
      0,
      0.4075,
      0.815,
      0.245,
      0.6525,
      0.0825,
      0.49,
      0.8975,
      0.3275,
      0.735,
      0.1625,
      0.57,
      0,
      0.4075,
      0.815,
      0.245,
      0.6525,
      0.0825,
      0.49,
      0.8975,
      0.3275,
      0.735,
      0.1625,
      0.57,
      0,
      0.4075,
      0.815,
      0.245,
      0.6525,
      0.0825,
      0.49,
      0.8975,
      0.3275,
      0.735,
      0.1625,
      0.57,
      0,
      0.4075,
      0.815,
      0.245,
      0.6525,
      0.0825,
      0.49,
      0.8975,
      0.3275,
      0.735,
      0.1625,
      0.57
    ],
    "SoftwareVersions": "syngo_MR_E11",
    "SpacingBetweenSlices": 2.5,
    "StationName": "MRC35368",
    "TaskName": "ChangeDetection",
    "TotalReadoutTime": 0.0630806,
    "TxRefAmp": 239.902,
    "WipMemBlock": "a12c02d1-b65b-4dda-96a4-dcccdd559e35||Sequence: ve11b/master r/50434d5; Mar  3 2017 10:46:13 by eja",
    "dataset": "ds002033",
    "modality": "bold",
    "run_id": 2,
    "session_id": "01",
    "subject_id": "11",
    "task_id": "ChangeDetection"
  },
  "dummy_trs": 2,
  "dvars_nstd": 31.608102844367476,
  "dvars_std": 1.323631112771085,
  "dvars_vstd": 1.00791569873494,
  "efc": 0.5333818556416082,
  "fber": 5220.2099609375,
  "fd_mean": 0.1707709887792661,
  "fd_num": 141,
  "fd_perc": 42.34234234234234,
  "fwhm_avg": 2.1185257572123426,
  "fwhm_x": 1.9842210823234623,
  "fwhm_y": 2.290332387775461,
  "fwhm_z": 2.081023801538105,
  "gcor": 0.0147311,
  "gsr_x": -0.017814282327890396,
  "gsr_y": 0.023834725841879845,
  "provenance": {
    "md5sum": "eb4e08f6645a64cdbdd6b1cfe9c01dd5",
    "settings": {
      "fd_thres": 0.2,
      "testing": false
    },
    "software": "mriqc",
    "version": "22.0.6",
    "webapi_port": null,
    "webapi_url": "https://mriqc.nimh.nih.gov/api/v1"
  },
  "size_t": 333,
  "size_x": 84,
  "size_y": 84,
  "size_z": 48,
  "snr": 5.043456825965817,
  "spacing_tr": 1.0,
  "spacing_x": 2.4761908054351807,
  "spacing_y": 2.4761908054351807,
  "spacing_z": 2.500000238418579,
  "summary_bg_k": 20.44141303103691,
  "summary_bg_mad": 2.7796008826354637,
  "summary_bg_mean": 10.939493179321289,
  "summary_bg_median": 3.237786054611206,
  "summary_bg_n": 205978.0,
  "summary_bg_p05": 1.057484996318817,
  "summary_bg_p95": 45.91534194946286,
  "summary_bg_stdv": 19.619380950927734,
  "summary_fg_k": 3.3366830675510775,
  "summary_fg_mad": 43.94919273521835,
  "summary_fg_mean": 252.0664520263672,
  "summary_fg_median": 246.11056518554688,
  "summary_fg_n": 73704.0,
  "summary_fg_p05": 187.38641738891602,
  "summary_fg_p95": 336.31645355224606,
  "summary_fg_stdv": 48.79766082763672,
  "tsnr": 64.45153045654297
}