{
  "bids_meta": {
    "AcquisitionMatrixPE": 248,
    "AcquisitionNumber": 1,
    "AcquisitionTime": "17:15:52.525000",
    "BaseResolution": 256,
    "BodyPartExamined": "BRAIN",
    "ConsistencyInfo": "N4_VE11B_LATEST_20150530",
    "ConversionSoftware": "dcm2niix",
    "ConversionSoftwareVersion": "v1.0.20181114  Clang4.0.1",
    "DeviceSerialNumber": "67007",
    "DwellTime": 8.2e-06,
    "EchoTime": 0.00298,
    "FlipAngle": 9,
    "ImageOrientationPatientDICOM": [
      0,
      1,
      0,
      0,
      0,
      -1
    ],
    "ImageType": [
      "ORIGINAL",
      "PRIMARY",
      "M",
      "ND",
      "NORM"
    ],
    "ImagingFrequency": 123.211,
    "InPlanePhaseEncodingDirectionDICOM": "ROW",
    "InstitutionAddress": "Perth_Drive_100_London_Ontario_CA_N6A_5K8",
    "InstitutionName": "Robarts_Research_Institute",
    "InstitutionalDepartmentName": "CFMM",
    "InversionTime": 0.9,
    "MRAcquisitionType": "3D",
    "MagneticFieldStrength": 3,
    "Manufacturer": "Siemens",
    "ManufacturersModelName": "Prisma_fit",
    "Modality": "MR",
    "PartialFourier": 1,
    "PatientPosition": "HFS",
    "PercentPhaseFOV": 96.875,
    "PhaseEncodingSteps": 247,
    "PhaseResolution": 1,
    "PixelBandwidth": 240,
    "ProcedureStepDescription": "Ansari_ITG",
    "ProtocolName": "mprage_sag_p2",
    "PulseSequenceDetails": "%SiemensSeq%_tfl",
    "ReceiveCoilActiveElements": "HEA;HEP",
    "ReceiveCoilName": "Head_32",
    "ReconMatrixPE": 256,
    "RepetitionTime": 2.3,
    "SAR": 0.0568608,
    "ScanOptions": "IR",
    "ScanningSequence": "GR_IR",
    "SequenceName": "_tfl3d1_16ns",
    "SequenceVariant": "SK_SP_MP",
    "SeriesDescription": "mprage_sag_p2",
    "SeriesNumber": 4,
    "ShimSetting": [
      5226,
      -6162,
      -3920,
      480,
      90,
      -48,
      89,
      31
    ],
    "SliceThickness": 1,
    "SoftwareVersions": "syngo_MR_E11",
    "StationName": "MRC35368",
    "TxRefAmp": 251.225,
    "dataset": "ds002033",
    "modality": "T1w",
    "session_id": "01",
    "subject_id": "38"
  },
  "cjv": 0.35445153685484226,
  "cnr": 3.7008365701540167,
  "efc": 0.5469295899277006,
  "fber": 16510.465326003086,
  "fwhm_avg": 3.80451,
  "fwhm_x": 3.82766,
  "fwhm_y": 3.96808,
  "fwhm_z": 3.61779,
  "icvs_csf": 0.22284014011053382,
  "icvs_gm": 0.4279407678795682,
  "icvs_wm": 0.34921909200989804,
  "inu_med": 0.4864962100982666,
  "inu_range": 0.12960788011550894,
  "provenance": {
    "md5sum": "1bf4ceafed5c6a387a96dc534a705036",
    "settings": {
      "testing": false
    },
    "software": "mriqc",
    "version": "22.0.6",
    "warnings": {
      "large_rot_frame": true,
      "small_air_mask": false
    },
    "webapi_port": null,
    "webapi_url": "https://mriqc.nimh.nih.gov/api/v1"
  },
  "qi_1": 0.025144229795557034,
  "qi_2": 0.013404657250245675,
  "rpve_csf": 22.169324547873828,
  "rpve_gm": 11.910671286018466,
  "rpve_wm": 16.65543185224414,
  "size_x": 176,
  "size_y": 248,
  "size_z": 256,
  "snr_csf": 2.3318533802769146,
  "snr_gm": 10.284751678641621,
  "snr_total": 12.004195461533683,
  "snr_wm": 23.395981325682513,
  "snrd_csf": 27.40148080963182,
  "snrd_gm": 85.11012926239248,
  "snrd_total": 77.94846153813411,
  "snrd_wm": 121.33377454237802,
  "spacing_x": 1.0,
  "spacing_y": 1.0,
  "spacing_z": 1.0,
  "summary_bg_k": 22.45125490799557,
  "summary_bg_mad": 0.0,
  "summary_bg_mean": 2.6798367270138925,
  "summary_bg_median": 0.0,
  "summary_bg_n": 2325875.0,
  "summary_bg_p05": 0.0,
  "summary_bg_p95": 12.416083097457886,
  "summary_bg_stdv": 5.3994561632144755,
  "summary_csf_k": 3.173017737533095,
  "summary_csf_mad": 69.77958865829947,
  "summary_csf_mean": 246.65817999983597,
  "summary_csf_median": 225.8355579674244,
  "summary_csf_n": 52719.0,
  "summary_csf_p05": 126.43470665812492,
  "summary_csf_p95": 439.4391084879636,
  "summary_csf_stdv": 96.84717657947733,
  "summary_gm_k": 0.12737015417160302,
  "summary_gm_mad": 65.68592413961856,
  "summary_gm_mean": 701.3676905110174,
  "summary_gm_median": 701.4545551091433,
  "summary_gm_n": 30762.0,
  "summary_gm_p05": 586.9143838718534,
  "summary_gm_p95": 814.1196812391281,
  "summary_gm_stdv": 68.20224499511679,
  "summary_wm_k": 0.9011571322519987,
  "summary_wm_mad": 40.13396586942071,
  "summary_wm_mean": 999.5252136696975,
  "summary_wm_median": 999.9999950528145,
  "summary_wm_n": 218422.0,
  "summary_wm_p05": 929.1850094795227,
  "summary_wm_p95": 1067.2778406739235,
  "summary_wm_stdv": 42.742285180651024,
  "tpm_overlap_csf": 0.15192183023679745,
  "tpm_overlap_gm": 0.47137066286338664,
  "tpm_overlap_wm": 0.5227362240869844,
  "wm2max": 0.49077994083573945
}