{
  "bids_meta": {
    "AcquisitionMatrixPE": 208,
    "AcquisitionNumber": 1,
    "AcquisitionTime": "10:56:4.342500",
    "BaseResolution": 256,
    "BodyPartExamined": "BRAIN",
    "ConsistencyInfo": "N4_VE11B_LATEST_20150530",
    "ConversionSoftware": "dcm2niix",
    "ConversionSoftwareVersion": "v1.0.20181114  Clang4.0.1",
    "DeviceSerialNumber": "67007",
    "DwellTime": 8.2e-06,
    "EchoTime": 0.00298,
    "FlipAngle": 9,
    "ImageOrientationPatientDICOM": [
      0.0348995,
      0.999391,
      0,
      0,
      0,
      -1
    ],
    "ImageType": [
      "ORIGINAL",
      "PRIMARY",
      "M",
      "ND",
      "NORM"
    ],
    "ImagingFrequency": 123.211,
    "InPlanePhaseEncodingDirectionDICOM": "ROW",
    "InstitutionAddress": "Perth_Drive_100_London_Ontario_CA_N6A_5K8",
    "InstitutionName": "Robarts_Research_Institute",
    "InstitutionalDepartmentName": "CFMM",
    "InversionTime": 0.9,
    "MRAcquisitionType": "3D",
    "MagneticFieldStrength": 3,
    "Manufacturer": "Siemens",
    "ManufacturersModelName": "Prisma_fit",
    "Modality": "MR",
    "PartialFourier": 1,
    "PatientPosition": "HFS",
    "PercentPhaseFOV": 81.25,
    "PhaseEncodingSteps": 207,
    "PhaseResolution": 1,
    "PixelBandwidth": 240,
    "ProcedureStepDescription": "Ansari_ITG",
    "ProtocolName": "mprage_sag_p2",
    "PulseSequenceDetails": "%SiemensSeq%_tfl",
    "ReceiveCoilActiveElements": "HEA;HEP",
    "ReceiveCoilName": "Head_32",
    "ReconMatrixPE": 256,
    "RepetitionTime": 2.3,
    "SAR": 0.0492062,
    "ScanOptions": "IR",
    "ScanningSequence": "GR_IR",
    "SequenceName": "_tfl3d1_16ns",
    "SequenceVariant": "SK_SP_MP",
    "SeriesDescription": "mprage_sag_p2",
    "SeriesNumber": 4,
    "ShimSetting": [
      5241,
      -6250,
      -3924,
      358,
      36,
      -129,
      45,
      -8
    ],
    "SliceThickness": 1,
    "SoftwareVersions": "syngo_MR_E11",
    "StationName": "MRC35368",
    "TxRefAmp": 238.715,
    "dataset": "ds002033",
    "modality": "T1w",
    "session_id": "01",
    "subject_id": "32"
  },
  "cjv": 0.31299380168451596,
  "cnr": 4.115035178404702,
  "efc": 0.5700323048723336,
  "fber": 17063.470326669234,
  "fwhm_avg": 3.7384633333333337,
  "fwhm_x": 3.841,
  "fwhm_y": 3.72585,
  "fwhm_z": 3.64854,
  "icvs_csf": 0.21553700172002316,
  "icvs_gm": 0.44545120977935393,
  "icvs_wm": 0.3390117885006229,
  "inu_med": 0.4675859808921814,
  "inu_range": 0.11860319972038269,
  "provenance": {
    "md5sum": "3a68ef72f333d02a6115b2569b14259a",
    "settings": {
      "testing": false
    },
    "software": "mriqc",
    "version": "22.0.6",
    "warnings": {
      "large_rot_frame": true,
      "small_air_mask": false
    },
    "webapi_port": null,
    "webapi_url": "https://mriqc.nimh.nih.gov/api/v1"
  },
  "qi_1": 9.942033621364133e-06,
  "qi_2": 0.015159221912285439,
  "rpve_csf": 20.89133135768962,
  "rpve_gm": 10.590527247868895,
  "rpve_wm": 15.790203797661672,
  "size_x": 176,
  "size_y": 208,
  "size_z": 256,
  "snr_csf": 2.0935897754602544,
  "snr_gm": 9.899101333791522,
  "snr_total": 12.243179387713559,
  "snr_wm": 24.736847053888894,
  "snrd_csf": 26.482562271842777,
  "snrd_gm": 74.19862716051777,
  "snrd_total": 70.28647970659762,
  "snrd_wm": 110.1782496874323,
  "spacing_x": 1.0,
  "spacing_y": 1.0,
  "spacing_z": 1.0,
  "summary_bg_k": 23.39545549512296,
  "summary_bg_mad": 0.0,
  "summary_bg_mean": 3.683827897240754,
  "summary_bg_median": 0.0,
  "summary_bg_n": 2122892.0,
  "summary_bg_p05": 0.0,
  "summary_bg_p95": 12.419245218858123,
  "summary_bg_stdv": 5.946149916290394,
  "summary_csf_k": 0.8048713603457731,
  "summary_csf_mad": 98.20889205080266,
  "summary_csf_mean": 250.12054157333668,
  "summary_csf_median": 240.36106898635626,
  "summary_csf_n": 35500.0,
  "summary_csf_p05": 64.54320089453832,
  "summary_csf_p95": 462.75848149759685,
  "summary_csf_stdv": 114.80648521151011,
  "summary_gm_k": 0.28367335377333536,
  "summary_gm_mad": 63.98557518161848,
  "summary_gm_mean": 673.6742018291026,
  "summary_gm_median": 673.441684326157,
  "summary_gm_n": 32573.0,
  "summary_gm_p05": 561.7156763881445,
  "summary_gm_p95": 787.7518392503262,
  "summary_gm_stdv": 68.02954370475389,
  "summary_wm_k": 0.6062957660797124,
  "summary_wm_mad": 38.22514880979806,
  "summary_wm_mean": 1000.515212309367,
  "summary_wm_median": 999.9999849740416,
  "summary_wm_n": 183323.0,
  "summary_wm_p05": 935.4258097149432,
  "summary_wm_p95": 1067.111108187586,
  "summary_wm_stdv": 40.42541296251003,
  "tpm_overlap_csf": 0.1510890670833125,
  "tpm_overlap_gm": 0.46263065366451117,
  "tpm_overlap_wm": 0.48910795664212875,
  "wm2max": 0.567233358990663
}