{
  "bids_meta": {
    "AcquisitionMatrixPE": 216,
    "AcquisitionNumber": 1,
    "AcquisitionTime": "09:47:41.215000",
    "BaseResolution": 256,
    "BodyPartExamined": "BRAIN",
    "ConsistencyInfo": "N4_VE11B_LATEST_20150530",
    "ConversionSoftware": "dcm2niix",
    "ConversionSoftwareVersion": "v1.0.20181114  Clang4.0.1",
    "DeviceSerialNumber": "67007",
    "DwellTime": 8.2e-06,
    "EchoTime": 0.00298,
    "FlipAngle": 9,
    "ImageOrientationPatientDICOM": [
      0,
      1,
      0,
      0,
      0,
      -1
    ],
    "ImageType": [
      "ORIGINAL",
      "PRIMARY",
      "M",
      "ND",
      "NORM"
    ],
    "ImagingFrequency": 123.211,
    "InPlanePhaseEncodingDirectionDICOM": "ROW",
    "InstitutionAddress": "Perth_Drive_100_London_Ontario_CA_N6A_5K8",
    "InstitutionName": "Robarts_Research_Institute",
    "InstitutionalDepartmentName": "CFMM",
    "InversionTime": 0.9,
    "MRAcquisitionType": "3D",
    "MagneticFieldStrength": 3,
    "Manufacturer": "Siemens",
    "ManufacturersModelName": "Prisma_fit",
    "Modality": "MR",
    "PartialFourier": 1,
    "PatientPosition": "HFS",
    "PercentPhaseFOV": 84.375,
    "PhaseEncodingSteps": 215,
    "PhaseResolution": 1,
    "PixelBandwidth": 240,
    "ProcedureStepDescription": "Ansari_ITG",
    "ProtocolName": "mprage_sag_p2",
    "PulseSequenceDetails": "%SiemensSeq%_tfl",
    "ReceiveCoilActiveElements": "HEA;HEP",
    "ReceiveCoilName": "Head_32",
    "ReconMatrixPE": 256,
    "RepetitionTime": 2.3,
    "SAR": 0.0504348,
    "ScanOptions": "IR",
    "ScanningSequence": "GR_IR",
    "SequenceName": "_tfl3d1_16ns",
    "SequenceVariant": "SK_SP_MP",
    "SeriesDescription": "mprage_sag_p2",
    "SeriesNumber": 6,
    "ShimSetting": [
      5253,
      -6121,
      -3956,
      358,
      -26,
      -5,
      48,
      -45
    ],
    "SliceThickness": 1,
    "SoftwareVersions": "syngo_MR_E11",
    "StationName": "MRC35368",
    "TxRefAmp": 245.153,
    "dataset": "ds002033",
    "modality": "T1w",
    "session_id": "01",
    "subject_id": "23"
  },
  "cjv": 0.3619249865101257,
  "cnr": 3.68745210423331,
  "efc": 0.5455351365272634,
  "fber": -1.0,
  "fwhm_avg": 3.7552766666666666,
  "fwhm_x": 3.90408,
  "fwhm_y": 3.74807,
  "fwhm_z": 3.61368,
  "icvs_csf": 0.23764260650908123,
  "icvs_gm": 0.4178006647573927,
  "icvs_wm": 0.34455672873352605,
  "inu_med": 0.4228898882865906,
  "inu_range": 0.08293400853872296,
  "provenance": {
    "md5sum": "bd6ef42c0d33f1e74cfeb6fd850fa62f",
    "settings": {
      "testing": false
    },
    "software": "mriqc",
    "version": "22.0.6",
    "warnings": {
      "large_rot_frame": true,
      "small_air_mask": false
    },
    "webapi_port": null,
    "webapi_url": "https://mriqc.nimh.nih.gov/api/v1"
  },
  "qi_1": 0.015246890811379565,
  "qi_2": 0.015550361575935078,
  "rpve_csf": 22.229605895693695,
  "rpve_gm": 12.741615915334707,
  "rpve_wm": 17.860696985981612,
  "size_x": 176,
  "size_y": 216,
  "size_z": 256,
  "snr_csf": 2.1017919085123142,
  "snr_gm": 9.833287483317589,
  "snr_total": 12.37744489529569,
  "snr_wm": 25.197255294057168,
  "snrd_csf": 25.935365489597558,
  "snrd_gm": 81.05288344242285,
  "snrd_total": 74.31145325536896,
  "snrd_wm": 115.94611083408645,
  "spacing_x": 1.0,
  "spacing_y": 1.0,
  "spacing_z": 1.0,
  "summary_bg_k": 19.602018929021927,
  "summary_bg_mad": 0.0,
  "summary_bg_mean": 2.7100738632889887,
  "summary_bg_median": 0.0,
  "summary_bg_n": 2343828.0,
  "summary_bg_p05": 0.0,
  "summary_bg_p95": 13.598361667245626,
  "summary_bg_stdv": 5.650352601235011,
  "summary_csf_k": 1.3492985666976978,
  "summary_csf_mad": 83.18263240723145,
  "summary_csf_mean": 241.49970438937103,
  "summary_csf_median": 223.68465537577868,
  "summary_csf_n": 35480.0,
  "summary_csf_p05": 82.7636582510546,
  "summary_csf_p95": 447.30383715834455,
  "summary_csf_stdv": 106.42419079815816,
  "summary_gm_k": -0.03576620886499393,
  "summary_gm_mad": 71.28517630589792,
  "summary_gm_mean": 698.3112491236332,
  "summary_gm_median": 699.0565183013678,
  "summary_gm_n": 23901.0,
  "summary_gm_p05": 580.7004074938595,
  "summary_gm_p95": 815.5995142199099,
  "summary_gm_stdv": 71.08933765364546,
  "summary_wm_k": 0.5572100645225699,
  "summary_wm_mad": 37.63379419501315,
  "summary_wm_mean": 999.9749916392327,
  "summary_wm_median": 1000.0000136680901,
  "summary_wm_n": 168906.0,
  "summary_wm_p05": 935.1307920850813,
  "summary_wm_p95": 1064.5670494362712,
  "summary_wm_stdv": 39.68674531281674,
  "tpm_overlap_csf": 0.1508622575575453,
  "tpm_overlap_gm": 0.4633411754012555,
  "tpm_overlap_wm": 0.5061595202852794,
  "wm2max": 0.5168241371084076
}