{
  "bids_meta": {
    "AcquisitionMatrixPE": 232,
    "AcquisitionNumber": 1,
    "AcquisitionTime": "11:36:18.360000",
    "BaseResolution": 256,
    "BodyPartExamined": "BRAIN",
    "ConsistencyInfo": "N4_VE11B_LATEST_20150530",
    "ConversionSoftware": "dcm2niix",
    "ConversionSoftwareVersion": "v1.0.20181114  Clang4.0.1",
    "DeviceSerialNumber": "67007",
    "DwellTime": 8.2e-06,
    "EchoTime": 0.00298,
    "FlipAngle": 9,
    "ImageOrientationPatientDICOM": [
      0.00179914,
      0.999998,
      2.5235e-08,
      -0.00364931,
      6.59087e-06,
      -0.999993
    ],
    "ImageType": [
      "ORIGINAL",
      "PRIMARY",
      "M",
      "ND",
      "NORM"
    ],
    "ImagingFrequency": 123.211,
    "InPlanePhaseEncodingDirectionDICOM": "ROW",
    "InstitutionAddress": "Perth_Drive_100_London_Ontario_CA_N6A_5K8",
    "InstitutionName": "Robarts_Research_Institute",
    "InstitutionalDepartmentName": "CFMM",
    "InversionTime": 0.9,
    "MRAcquisitionType": "3D",
    "MagneticFieldStrength": 3,
    "Manufacturer": "Siemens",
    "ManufacturersModelName": "Prisma_fit",
    "Modality": "MR",
    "PartialFourier": 1,
    "PatientPosition": "HFS",
    "PercentPhaseFOV": 90.625,
    "PhaseEncodingSteps": 231,
    "PhaseResolution": 1,
    "PixelBandwidth": 240,
    "ProcedureStepDescription": "Ansari_ITG",
    "ProtocolName": "mprage_sag_p2",
    "PulseSequenceDetails": "%SiemensSeq%_tfl",
    "ReceiveCoilActiveElements": "HEA;HEP",
    "ReceiveCoilName": "Head_32",
    "ReconMatrixPE": 256,
    "RepetitionTime": 2.3,
    "SAR": 0.0643603,
    "ScanOptions": "IR",
    "ScanningSequence": "GR_IR",
    "SequenceName": "_tfl3d1_16ns",
    "SequenceVariant": "SK_SP_MP",
    "SeriesDescription": "mprage_sag_p2",
    "SeriesNumber": 6,
    "ShimSetting": [
      5230,
      -6188,
      -3891,
      313,
      51,
      -165,
      16,
      17
    ],
    "SliceThickness": 1,
    "SoftwareVersions": "syngo_MR_E11",
    "StationName": "MRC35368",
    "TxRefAmp": 264.449,
    "dataset": "ds002033",
    "modality": "T1w",
    "session_id": "01",
    "subject_id": "18"
  },
  "cjv": 0.35107031216698914,
  "cnr": 3.786036544099295,
  "efc": 0.605071320091294,
  "fber": 20243.73720999405,
  "fwhm_avg": 3.7763833333333334,
  "fwhm_x": 3.89395,
  "fwhm_y": 3.86257,
  "fwhm_z": 3.57263,
  "icvs_csf": 0.20364675136378604,
  "icvs_gm": 0.4369792261555381,
  "icvs_wm": 0.35937402248067585,
  "inu_med": 0.480401873588562,
  "inu_range": 0.1350738406181335,
  "provenance": {
    "md5sum": "ba19a6f34b519905733cfae127ef7485",
    "settings": {
      "testing": false
    },
    "software": "mriqc",
    "version": "22.0.6",
    "warnings": {
      "large_rot_frame": true,
      "small_air_mask": false
    },
    "webapi_port": null,
    "webapi_url": "https://mriqc.nimh.nih.gov/api/v1"
  },
  "qi_1": 0.0,
  "qi_2": 0.017354382368382132,
  "rpve_csf": 20.402784747847477,
  "rpve_gm": 10.055467790751328,
  "rpve_wm": 14.04615424203518,
  "size_x": 176,
  "size_y": 232,
  "size_z": 256,
  "snr_csf": 2.220251389390877,
  "snr_gm": 9.850827927941408,
  "snr_total": 11.541982651994418,
  "snr_wm": 22.554868638650973,
  "snrd_csf": 27.248030675512304,
  "snrd_gm": 73.49734291943494,
  "snrd_total": 69.27155165528518,
  "snrd_wm": 107.06928137090829,
  "spacing_x": 1.0,
  "spacing_y": 1.0,
  "spacing_z": 1.0,
  "summary_bg_k": 9.666041541477137,
  "summary_bg_mad": 0.0,
  "summary_bg_mean": 3.55123239506735,
  "summary_bg_median": 0.0,
  "summary_bg_n": 2557046.0,
  "summary_bg_p05": 0.0,
  "summary_bg_p95": 16.21527347713709,
  "summary_bg_stdv": 6.1188081298572685,
  "summary_csf_k": 1.1968955253921614,
  "summary_csf_mad": 103.55208572691122,
  "summary_csf_mean": 270.5759352486139,
  "summary_csf_median": 254.48970873840153,
  "summary_csf_n": 38676.0,
  "summary_csf_p05": 102.78391091153026,
  "summary_csf_p95": 482.27361761033535,
  "summary_csf_stdv": 114.62054248095596,
  "summary_gm_k": 0.016330237532894643,
  "summary_gm_mad": 68.6326076817015,
  "summary_gm_mean": 688.7837811415195,
  "summary_gm_median": 686.4465771988034,
  "summary_gm_n": 35107.0,
  "summary_gm_p05": 575.3225525096059,
  "summary_gm_p95": 807.073100861162,
  "summary_gm_stdv": 69.68315817298915,
  "summary_wm_k": 0.8645759319483379,
  "summary_wm_mad": 41.44668461380844,
  "summary_wm_mean": 1000.3303431699231,
  "summary_wm_median": 999.9999836832285,
  "summary_wm_n": 237455.0,
  "summary_wm_p05": 928.8038904592395,
  "summary_wm_p95": 1072.2509414721278,
  "summary_wm_stdv": 44.33623152676146,
  "tpm_overlap_csf": 0.15643992796931203,
  "tpm_overlap_gm": 0.47486740981229625,
  "tpm_overlap_wm": 0.5120003518613198,
  "wm2max": 0.6036715923037295
}