{
  "bids_meta": {
    "AcquisitionMatrixPE": 224,
    "AcquisitionNumber": 1,
    "AcquisitionTime": "14:32:5.442500",
    "BaseResolution": 256,
    "BodyPartExamined": "BRAIN",
    "ConsistencyInfo": "N4_VE11B_LATEST_20150530",
    "ConversionSoftware": "dcm2niix",
    "ConversionSoftwareVersion": "v1.0.20181114  Clang4.0.1",
    "DeviceSerialNumber": "67007",
    "DwellTime": 8.2e-06,
    "EchoTime": 0.00298,
    "FlipAngle": 9,
    "ImageOrientationPatientDICOM": [
      -0.0313563,
      0.999508,
      1.44024e-08,
      -0.0280664,
      -0.000880478,
      -0.999606
    ],
    "ImageType": [
      "ORIGINAL",
      "PRIMARY",
      "M",
      "ND",
      "NORM"
    ],
    "ImagingFrequency": 123.211,
    "InPlanePhaseEncodingDirectionDICOM": "ROW",
    "InstitutionAddress": "Perth_Drive_100_London_Ontario_CA_N6A_5K8",
    "InstitutionName": "Robarts_Research_Institute",
    "InstitutionalDepartmentName": "CFMM",
    "InversionTime": 0.9,
    "MRAcquisitionType": "3D",
    "MagneticFieldStrength": 3,
    "Manufacturer": "Siemens",
    "ManufacturersModelName": "Prisma_fit",
    "Modality": "MR",
    "PartialFourier": 1,
    "PatientPosition": "HFS",
    "PercentPhaseFOV": 87.5,
    "PhaseEncodingSteps": 223,
    "PhaseResolution": 1,
    "PixelBandwidth": 240,
    "ProcedureStepDescription": "Ansari_ITG",
    "ProtocolName": "mprage_sag_p2",
    "PulseSequenceDetails": "%SiemensSeq%_tfl",
    "ReceiveCoilActiveElements": "HEA;HEP",
    "ReceiveCoilName": "Head_32",
    "ReconMatrixPE": 256,
    "RepetitionTime": 2.3,
    "SAR": 0.0472738,
    "ScanOptions": "IR",
    "ScanningSequence": "GR_IR",
    "SequenceName": "_tfl3d1_16ns",
    "SequenceVariant": "SK_SP_MP",
    "SeriesDescription": "mprage_sag_p2",
    "SeriesNumber": 2,
    "ShimSetting": [
      5236,
      -6204,
      -3899,
      346,
      68,
      -130,
      160,
      -31
    ],
    "SliceThickness": 1,
    "SoftwareVersions": "syngo_MR_E11",
    "StationName": "MRC35368",
    "TxRefAmp": 241.267,
    "dataset": "ds002033",
    "modality": "T1w",
    "session_id": "01",
    "subject_id": "20"
  },
  "cjv": 0.35169903061593755,
  "cnr": 3.843144737469372,
  "efc": 0.5145387818014411,
  "fber": -1.0,
  "fwhm_avg": 3.59088,
  "fwhm_x": 3.5933,
  "fwhm_y": 3.66934,
  "fwhm_z": 3.51,
  "icvs_csf": 0.17890578036428495,
  "icvs_gm": 0.4676384632002836,
  "icvs_wm": 0.3534557564354314,
  "inu_med": 0.4338119626045227,
  "inu_range": 0.10839618593454359,
  "provenance": {
    "md5sum": "b57b2dc4d2a0fa92fb6f553346984448",
    "settings": {
      "testing": false
    },
    "software": "mriqc",
    "version": "22.0.6",
    "warnings": {
      "large_rot_frame": true,
      "small_air_mask": false
    },
    "webapi_port": null,
    "webapi_url": "https://mriqc.nimh.nih.gov/api/v1"
  },
  "qi_1": 0.013664716073969465,
  "qi_2": 0.04531447297548429,
  "rpve_csf": 28.406734386330676,
  "rpve_gm": 12.02933222861408,
  "rpve_wm": 17.703617943473606,
  "size_x": 176,
  "size_y": 224,
  "size_z": 256,
  "snr_csf": 2.202985601370927,
  "snr_gm": 11.085506347067218,
  "snr_total": 12.258191288228963,
  "snr_wm": 23.486081916248743,
  "snrd_csf": 38.33633204936305,
  "snrd_gm": 99.74599354951519,
  "snrd_total": 93.17133515762369,
  "snrd_wm": 141.4316798739928,
  "spacing_x": 1.0,
  "spacing_y": 1.0,
  "spacing_z": 1.0,
  "summary_bg_k": 22.869474578578714,
  "summary_bg_mad": 0.0,
  "summary_bg_mean": 2.2403726212939907,
  "summary_bg_median": 0.0,
  "summary_bg_n": 2614813.0,
  "summary_bg_p05": 0.0,
  "summary_bg_p95": 12.917336493730545,
  "summary_bg_stdv": 4.63217598392256,
  "summary_csf_k": 1.7583973198147005,
  "summary_csf_mad": 97.985607276594,
  "summary_csf_mean": 279.4882833042983,
  "summary_csf_median": 271.0590292811394,
  "summary_csf_n": 18103.0,
  "summary_csf_p05": 85.04254920184613,
  "summary_csf_p95": 504.18961471468145,
  "summary_csf_stdv": 123.03827243875412,
  "summary_gm_k": -0.05815571874989889,
  "summary_gm_mad": 64.09089617626236,
  "summary_gm_mean": 705.9405785302038,
  "summary_gm_median": 705.2592342793941,
  "summary_gm_n": 37914.0,
  "summary_gm_p05": 602.5578659422696,
  "summary_gm_p95": 812.2322085998952,
  "summary_gm_stdv": 63.61909969306498,
  "summary_wm_k": 0.7774309260094143,
  "summary_wm_mad": 39.56916198708372,
  "summary_wm_mean": 1001.2373957727667,
  "summary_wm_median": 1000.0000471323729,
  "summary_wm_n": 163956.0,
  "summary_wm_p05": 933.6705494225025,
  "summary_wm_p95": 1072.8223859369755,
  "summary_wm_stdv": 42.57828108983401,
  "tpm_overlap_csf": 0.14167608708683918,
  "tpm_overlap_gm": 0.46954546906413713,
  "tpm_overlap_wm": 0.49535638752651956,
  "wm2max": 0.4867269884568045
}