{
  "bids_meta": {
    "AcquisitionMatrixPE": 216,
    "AcquisitionNumber": 1,
    "AcquisitionTime": "12:46:59.380000",
    "BaseResolution": 256,
    "BodyPartExamined": "BRAIN",
    "ConsistencyInfo": "N4_VE11B_LATEST_20150530",
    "ConversionSoftware": "dcm2niix",
    "ConversionSoftwareVersion": "v1.0.20181114  Clang4.0.1",
    "DeviceSerialNumber": "67007",
    "DwellTime": 8.2e-06,
    "EchoTime": 0.00298,
    "FlipAngle": 9,
    "ImageOrientationPatientDICOM": [
      0,
      1,
      0,
      0,
      0,
      -1
    ],
    "ImageType": [
      "ORIGINAL",
      "PRIMARY",
      "M",
      "ND",
      "NORM"
    ],
    "ImagingFrequency": 123.211,
    "InPlanePhaseEncodingDirectionDICOM": "ROW",
    "InstitutionAddress": "Perth_Drive_100_London_Ontario_CA_N6A_5K8",
    "InstitutionName": "Robarts_Research_Institute",
    "InstitutionalDepartmentName": "CFMM",
    "InversionTime": 0.9,
    "MRAcquisitionType": "3D",
    "MagneticFieldStrength": 3,
    "Manufacturer": "Siemens",
    "ManufacturersModelName": "Prisma_fit",
    "Modality": "MR",
    "PartialFourier": 1,
    "PatientPosition": "HFS",
    "PercentPhaseFOV": 84.375,
    "PhaseEncodingSteps": 215,
    "PhaseResolution": 1,
    "PixelBandwidth": 240,
    "ProcedureStepDescription": "Ansari_ITG",
    "ProtocolName": "mprage_sag_p2",
    "PulseSequenceDetails": "%SiemensSeq%_tfl",
    "ReceiveCoilActiveElements": "HEA;HEP;SP1",
    "ReceiveCoilName": "Spine_32",
    "ReconMatrixPE": 256,
    "RepetitionTime": 2.3,
    "SAR": 0.0459312,
    "ScanOptions": "IR",
    "ScanningSequence": "GR_IR",
    "SequenceName": "_tfl3d1_16ns",
    "SequenceVariant": "SK_SP_MP",
    "SeriesDescription": "mprage_sag_p2",
    "SeriesNumber": 6,
    "ShimSetting": [
      5252,
      -6162,
      -3962,
      514,
      40,
      -330,
      -58,
      -35
    ],
    "SliceThickness": 1,
    "SoftwareVersions": "syngo_MR_E11",
    "StationName": "MRC35368",
    "TxRefAmp": 244.359,
    "dataset": "ds002033",
    "modality": "T1w",
    "session_id": "01",
    "subject_id": "24"
  },
  "cjv": 0.35915598665553033,
  "cnr": 3.77089174314436,
  "efc": 0.5264274296319832,
  "fber": 12868.78741740879,
  "fwhm_avg": 3.6794066666666665,
  "fwhm_x": 3.66938,
  "fwhm_y": 3.89135,
  "fwhm_z": 3.47749,
  "icvs_csf": 0.18993208510082438,
  "icvs_gm": 0.44784799248963375,
  "icvs_wm": 0.3622199224095419,
  "inu_med": 0.4671930819749832,
  "inu_range": 0.12203367650508873,
  "provenance": {
    "md5sum": "97fb63f2c741e98c00c8d017c17542c4",
    "settings": {
      "testing": false
    },
    "software": "mriqc",
    "version": "22.0.6",
    "warnings": {
      "large_rot_frame": true,
      "small_air_mask": false
    },
    "webapi_port": null,
    "webapi_url": "https://mriqc.nimh.nih.gov/api/v1"
  },
  "qi_1": 0.0,
  "qi_2": 0.040514257295419354,
  "rpve_csf": 25.398986620552996,
  "rpve_gm": 11.660583959345464,
  "rpve_wm": 16.35062464994052,
  "size_x": 176,
  "size_y": 216,
  "size_z": 256,
  "snr_csf": 2.0732062330602705,
  "snr_gm": 10.765536375620375,
  "snr_total": 11.892868125493488,
  "snr_wm": 22.839861767799825,
  "snrd_csf": 24.856815764999375,
  "snrd_gm": 66.68905858948061,
  "snrd_total": 62.15760758771921,
  "snrd_wm": 94.92694840867766,
  "spacing_x": 1.0,
  "spacing_y": 1.0,
  "spacing_z": 1.0,
  "summary_bg_k": 7.605100255727805,
  "summary_bg_mad": 0.0,
  "summary_bg_mean": 5.0829034632082655,
  "summary_bg_median": 0.0,
  "summary_bg_n": 2254610.0,
  "summary_bg_p05": 0.0,
  "summary_bg_p95": 15.603584244847298,
  "summary_bg_stdv": 6.901479461475419,
  "summary_csf_k": 3.3873219530586614,
  "summary_csf_mad": 107.59351643304629,
  "summary_csf_mean": 281.1754341494735,
  "summary_csf_median": 261.85204100981355,
  "summary_csf_n": 21919.0,
  "summary_csf_p05": 97.80003287158907,
  "summary_csf_p95": 513.832354960218,
  "summary_csf_stdv": 126.30005813762084,
  "summary_gm_k": -0.022411572379206213,
  "summary_gm_mad": 65.83264310564357,
  "summary_gm_mean": 704.1297924673654,
  "summary_gm_median": 702.5302946995944,
  "summary_gm_n": 31218.0,
  "summary_gm_p05": 598.629400961101,
  "summary_gm_p95": 812.5513780692592,
  "summary_gm_stdv": 65.2562973261266,
  "summary_wm_k": 0.7134485283675325,
  "summary_wm_mad": 41.00537405947091,
  "summary_wm_mean": 999.6083039262141,
  "summary_wm_median": 999.999976772815,
  "summary_wm_n": 179323.0,
  "summary_wm_p05": 927.7806848287582,
  "summary_wm_p95": 1070.0403898358345,
  "summary_wm_stdv": 43.78297901583892,
  "tpm_overlap_csf": 0.15448557247218433,
  "tpm_overlap_gm": 0.48256000879302363,
  "tpm_overlap_wm": 0.5290849081087198,
  "wm2max": 0.4909928564033544
}