{
  "bids_meta": {
    "AcquisitionMatrixPE": 208,
    "AcquisitionNumber": 1,
    "AcquisitionTime": "09:52:33.630000",
    "BaseResolution": 256,
    "BodyPartExamined": "BRAIN",
    "ConsistencyInfo": "N4_VE11B_LATEST_20150530",
    "ConversionSoftware": "dcm2niix",
    "ConversionSoftwareVersion": "v1.0.20181114  Clang4.0.1",
    "DeviceSerialNumber": "67007",
    "DwellTime": 8.2e-06,
    "EchoTime": 0.00298,
    "FlipAngle": 9,
    "ImageOrientationPatientDICOM": [
      -0.00691462,
      0.999976,
      -7.37217e-09,
      -0.00366129,
      -2.53244e-05,
      -0.999993
    ],
    "ImageType": [
      "ORIGINAL",
      "PRIMARY",
      "M",
      "ND",
      "NORM"
    ],
    "ImagingFrequency": 123.211,
    "InPlanePhaseEncodingDirectionDICOM": "ROW",
    "InstitutionAddress": "Perth_Drive_100_London_Ontario_CA_N6A_5K8",
    "InstitutionName": "Robarts_Research_Institute",
    "InstitutionalDepartmentName": "CFMM",
    "InversionTime": 0.9,
    "MRAcquisitionType": "3D",
    "MagneticFieldStrength": 3,
    "Manufacturer": "Siemens",
    "ManufacturersModelName": "Prisma_fit",
    "Modality": "MR",
    "PartialFourier": 1,
    "PatientPosition": "HFS",
    "PercentPhaseFOV": 81.25,
    "PhaseEncodingSteps": 207,
    "PhaseResolution": 1,
    "PixelBandwidth": 240,
    "ProcedureStepDescription": "Ansari_ITG",
    "ProtocolName": "mprage_sag_p2",
    "PulseSequenceDetails": "%SiemensSeq%_tfl",
    "ReceiveCoilActiveElements": "HEA;HEP;SP1",
    "ReceiveCoilName": "Spine_32",
    "ReconMatrixPE": 256,
    "RepetitionTime": 2.3,
    "SAR": 0.0441658,
    "ScanOptions": "IR",
    "ScanningSequence": "GR_IR",
    "SequenceName": "_tfl3d1_16ns",
    "SequenceVariant": "SK_SP_MP",
    "SeriesDescription": "mprage_sag_p2",
    "SeriesNumber": 19,
    "ShimSetting": [
      5234,
      -6179,
      -3883,
      280,
      66,
      -319,
      -144,
      -23
    ],
    "SliceThickness": 1,
    "SoftwareVersions": "syngo_MR_E11",
    "StationName": "MRC35368",
    "TxRefAmp": 247.222,
    "dataset": "ds002033",
    "modality": "T1w",
    "session_id": "01",
    "subject_id": "28"
  },
  "cjv": 0.3805673428475962,
  "cnr": 3.559015755468651,
  "efc": 0.5544720795499168,
  "fber": 16288.32721179166,
  "fwhm_avg": 3.6535500000000005,
  "fwhm_x": 3.74482,
  "fwhm_y": 3.76296,
  "fwhm_z": 3.45287,
  "icvs_csf": 0.2003294731409353,
  "icvs_gm": 0.45581008294600417,
  "icvs_wm": 0.34386044391306053,
  "inu_med": 0.46405765414237976,
  "inu_range": 0.1296646535396575,
  "provenance": {
    "md5sum": "d2a265b95d837afaeb1a41f68918d7c3",
    "settings": {
      "testing": false
    },
    "software": "mriqc",
    "version": "22.0.6",
    "warnings": {
      "large_rot_frame": true,
      "small_air_mask": false
    },
    "webapi_port": null,
    "webapi_url": "https://mriqc.nimh.nih.gov/api/v1"
  },
  "qi_1": 0.0,
  "qi_2": 0.016429906798972837,
  "rpve_csf": 22.1397283951793,
  "rpve_gm": 10.363241981170765,
  "rpve_wm": 15.322043285476454,
  "size_x": 176,
  "size_y": 208,
  "size_z": 256,
  "snr_csf": 2.092435463380998,
  "snr_gm": 11.162292272799649,
  "snr_total": 11.729140787501644,
  "snr_wm": 21.932694626324288,
  "snrd_csf": 19.209407693656186,
  "snrd_gm": 52.400435809247156,
  "snrd_total": 48.208149533036554,
  "snrd_wm": 73.0146050962063,
  "spacing_x": 1.0,
  "spacing_y": 1.0,
  "spacing_z": 1.0,
  "summary_bg_k": 6083.353122562653,
  "summary_bg_mad": 0.0,
  "summary_bg_mean": 5.2138662267417555,
  "summary_bg_median": 0.0,
  "summary_bg_n": 2347006.0,
  "summary_bg_p05": 0.0,
  "summary_bg_p95": 20.56364493817091,
  "summary_bg_stdv": 8.972966139360265,
  "summary_csf_k": 0.7049741752764902,
  "summary_csf_mad": 111.85206907531168,
  "summary_csf_mean": 277.3305239175212,
  "summary_csf_median": 263.09843994677067,
  "summary_csf_n": 30206.0,
  "summary_csf_p05": 81.67350344359875,
  "summary_csf_p95": 507.3441818654537,
  "summary_csf_stdv": 125.73581811523214,
  "summary_gm_k": -0.010439347519961117,
  "summary_gm_mad": 64.70859965332536,
  "summary_gm_mean": 716.5359529520872,
  "summary_gm_median": 717.6938057541847,
  "summary_gm_n": 30932.0,
  "summary_gm_p05": 609.1616640239954,
  "summary_gm_p95": 820.4797484278679,
  "summary_gm_stdv": 64.29523497203483,
  "summary_wm_k": 1.006592810203501,
  "summary_wm_mad": 42.74022151658251,
  "summary_wm_mean": 1001.6436302396588,
  "summary_wm_median": 1000.0323279350996,
  "summary_wm_n": 168207.0,
  "summary_wm_p05": 930.2063247933984,
  "summary_wm_p95": 1077.8965533524752,
  "summary_wm_stdv": 45.595371309571,
  "tpm_overlap_csf": 0.1456941606062311,
  "tpm_overlap_gm": 0.46855267094915526,
  "tpm_overlap_wm": 0.48485124383212796,
  "wm2max": 0.5425487195500809
}