{
  "bids_meta": {
    "AcquisitionMatrixPE": 248,
    "AcquisitionNumber": 1,
    "AcquisitionTime": "09:23:12.985000",
    "BaseResolution": 256,
    "BodyPartExamined": "BRAIN",
    "ConsistencyInfo": "N4_VE11B_LATEST_20150530",
    "ConversionSoftware": "dcm2niix",
    "ConversionSoftwareVersion": "v1.0.20181114  Clang4.0.1",
    "DeviceSerialNumber": "67007",
    "DwellTime": 8.2e-06,
    "EchoTime": 0.00298,
    "FlipAngle": 9,
    "ImageOrientationPatientDICOM": [
      -0.00167892,
      0.999999,
      -2.17896e-08,
      -0.00540579,
      -9.09768e-06,
      -0.999985
    ],
    "ImageType": [
      "ORIGINAL",
      "PRIMARY",
      "M",
      "ND",
      "NORM"
    ],
    "ImagingFrequency": 123.211,
    "InPlanePhaseEncodingDirectionDICOM": "ROW",
    "InstitutionAddress": "Perth_Drive_100_London_Ontario_CA_N6A_5K8",
    "InstitutionName": "Robarts_Research_Institute",
    "InstitutionalDepartmentName": "CFMM",
    "InversionTime": 0.9,
    "MRAcquisitionType": "3D",
    "MagneticFieldStrength": 3,
    "Manufacturer": "Siemens",
    "ManufacturersModelName": "Prisma_fit",
    "Modality": "MR",
    "PartialFourier": 1,
    "PatientPosition": "HFS",
    "PercentPhaseFOV": 96.875,
    "PhaseEncodingSteps": 247,
    "PhaseResolution": 1,
    "PixelBandwidth": 240,
    "ProcedureStepDescription": "Ansari_ITG",
    "ProtocolName": "mprage_sag_p2",
    "PulseSequenceDetails": "%SiemensSeq%_tfl",
    "ReceiveCoilActiveElements": "HEA;HEP",
    "ReceiveCoilName": "Head_32",
    "ReconMatrixPE": 256,
    "RepetitionTime": 2.3,
    "SAR": 0.0539027,
    "ScanOptions": "IR",
    "ScanningSequence": "GR_IR",
    "SequenceName": "_tfl3d1_16ns",
    "SequenceVariant": "SK_SP_MP",
    "SeriesDescription": "mprage_sag_p2",
    "SeriesNumber": 4,
    "ShimSetting": [
      5235,
      -6180,
      -3896,
      325,
      -41,
      -85,
      116,
      24
    ],
    "SliceThickness": 1,
    "SoftwareVersions": "syngo_MR_E11",
    "StationName": "MRC35368",
    "TxRefAmp": 252.194,
    "dataset": "ds002033",
    "modality": "T1w",
    "session_id": "01",
    "subject_id": "30"
  },
  "cjv": 0.38168998130692205,
  "cnr": 3.5025906175441666,
  "efc": 0.5746491450386545,
  "fber": 17533.412604042805,
  "fwhm_avg": 3.5176866666666666,
  "fwhm_x": 3.53343,
  "fwhm_y": 3.65236,
  "fwhm_z": 3.36727,
  "icvs_csf": 0.22644962539080823,
  "icvs_gm": 0.42707097188011944,
  "icvs_wm": 0.3464794027290723,
  "inu_med": 0.4750264286994934,
  "inu_range": 0.11722263693809504,
  "provenance": {
    "md5sum": "601ef72c246220f46aa30e04e9e986c4",
    "settings": {
      "testing": false
    },
    "software": "mriqc",
    "version": "22.0.6",
    "warnings": {
      "large_rot_frame": true,
      "small_air_mask": false
    },
    "webapi_port": null,
    "webapi_url": "https://mriqc.nimh.nih.gov/api/v1"
  },
  "qi_1": 0.03460117753776836,
  "qi_2": 0.015254099194258582,
  "rpve_csf": 22.914418256887746,
  "rpve_gm": 12.602113827085423,
  "rpve_wm": 17.94396368531366,
  "size_x": 176,
  "size_y": 248,
  "size_z": 256,
  "snr_csf": 2.395224424884192,
  "snr_gm": 9.90811783716552,
  "snr_total": 11.560791090592973,
  "snr_wm": 22.37903100972921,
  "snrd_csf": 26.907658106183383,
  "snrd_gm": 71.99236043673574,
  "snrd_total": 67.01098195174889,
  "snrd_wm": 102.13292731232754,
  "spacing_x": 1.0,
  "spacing_y": 1.0,
  "spacing_z": 1.0,
  "summary_bg_k": 16.613946876650843,
  "summary_bg_mad": 0.0,
  "summary_bg_mean": 3.0467910301210352,
  "summary_bg_median": 0.0,
  "summary_bg_n": 1940886.0,
  "summary_bg_p05": 0.0,
  "summary_bg_p95": 17.378565333783627,
  "summary_bg_stdv": 6.41473059195436,
  "summary_csf_k": 1.2845186341814507,
  "summary_csf_mad": 91.64852060067396,
  "summary_csf_mean": 275.5416736927209,
  "summary_csf_median": 263.4647954404354,
  "summary_csf_n": 36668.0,
  "summary_csf_p05": 112.77396281063557,
  "summary_csf_p95": 483.43865394927576,
  "summary_csf_stdv": 109.99437050979569,
  "summary_gm_k": 0.015197558847896975,
  "summary_gm_mad": 71.07870858853386,
  "summary_gm_mean": 704.4639248093831,
  "summary_gm_median": 704.9090798199177,
  "summary_gm_n": 25723.0,
  "summary_gm_p05": 586.4533315166831,
  "summary_gm_p95": 821.4747296124697,
  "summary_gm_stdv": 71.14321704175345,
  "summary_wm_k": 0.7784306919367578,
  "summary_wm_mad": 41.5655000493763,
  "summary_wm_mean": 1000.2174257744596,
  "summary_wm_median": 1000.0287165790796,
  "summary_wm_n": 189190.0,
  "summary_wm_p05": 927.7281398102641,
  "summary_wm_p95": 1072.9899660795927,
  "summary_wm_stdv": 44.68585227032928,
  "tpm_overlap_csf": 0.15789956051000675,
  "tpm_overlap_gm": 0.4635882653408508,
  "tpm_overlap_wm": 0.5160927725086555,
  "wm2max": 0.597674916846069
}