{
  "bids_meta": {
    "AcquisitionMatrixPE": 224,
    "AcquisitionNumber": 1,
    "AcquisitionTime": "15:05:19.707500",
    "BaseResolution": 256,
    "BodyPartExamined": "BRAIN",
    "ConsistencyInfo": "N4_VE11B_LATEST_20150530",
    "ConversionSoftware": "dcm2niix",
    "ConversionSoftwareVersion": "v1.0.20181114  Clang4.0.1",
    "DeviceSerialNumber": "67007",
    "DwellTime": 8.2e-06,
    "EchoTime": 0.00298,
    "FlipAngle": 9,
    "ImageOrientationPatientDICOM": [
      0.0104718,
      0.999945,
      -4.43858e-10,
      0.0488471,
      -0.000511546,
      -0.998806
    ],
    "ImageType": [
      "ORIGINAL",
      "PRIMARY",
      "M",
      "ND",
      "NORM"
    ],
    "ImagingFrequency": 123.211,
    "InPlanePhaseEncodingDirectionDICOM": "ROW",
    "InstitutionAddress": "Perth_Drive_100_London_Ontario_CA_N6A_5K8",
    "InstitutionName": "Robarts_Research_Institute",
    "InstitutionalDepartmentName": "CFMM",
    "InversionTime": 0.9,
    "MRAcquisitionType": "3D",
    "MagneticFieldStrength": 3,
    "Manufacturer": "Siemens",
    "ManufacturersModelName": "Prisma_fit",
    "Modality": "MR",
    "PartialFourier": 1,
    "PatientPosition": "HFS",
    "PercentPhaseFOV": 87.5,
    "PhaseEncodingSteps": 223,
    "PhaseResolution": 1,
    "PixelBandwidth": 240,
    "ProcedureStepDescription": "Ansari_ITG",
    "ProtocolName": "mprage_sag_p2",
    "PulseSequenceDetails": "%SiemensSeq%_tfl",
    "ReceiveCoilActiveElements": "HEA;HEP;SP1",
    "ReceiveCoilName": "Spine_32",
    "ReconMatrixPE": 256,
    "RepetitionTime": 2.3,
    "SAR": 0.0538895,
    "ScanOptions": "IR",
    "ScanningSequence": "GR_IR",
    "SequenceName": "_tfl3d1_16ns",
    "SequenceVariant": "SK_SP_MP",
    "SeriesDescription": "mprage_sag_p2",
    "SeriesNumber": 6,
    "ShimSetting": [
      5265,
      -6161,
      -3975,
      380,
      118,
      -49,
      67,
      -51
    ],
    "SliceThickness": 1,
    "SoftwareVersions": "syngo_MR_E11",
    "StationName": "MRC35368",
    "TxRefAmp": 248.547,
    "dataset": "ds002033",
    "modality": "T1w",
    "session_id": "01",
    "subject_id": "27"
  },
  "cjv": 0.3430001584977738,
  "cnr": 3.8075565927383592,
  "efc": 0.5308233246365891,
  "fber": 19594.782955904477,
  "fwhm_avg": 3.58413,
  "fwhm_x": 3.62672,
  "fwhm_y": 3.66336,
  "fwhm_z": 3.46231,
  "icvs_csf": 0.23060508791040402,
  "icvs_gm": 0.44677472320048545,
  "icvs_wm": 0.32262018888911054,
  "inu_med": 0.5417209267616272,
  "inu_range": 0.16521071642637253,
  "provenance": {
    "md5sum": "de08016cdea5185c0aae2bf866878731",
    "settings": {
      "testing": false
    },
    "software": "mriqc",
    "version": "22.0.6",
    "warnings": {
      "large_rot_frame": true,
      "small_air_mask": false
    },
    "webapi_port": null,
    "webapi_url": "https://mriqc.nimh.nih.gov/api/v1"
  },
  "qi_1": 0.0,
  "qi_2": 0.02623274359200066,
  "rpve_csf": 21.033822207662393,
  "rpve_gm": 11.146324733446086,
  "rpve_wm": 17.370541665438775,
  "size_x": 176,
  "size_y": 224,
  "size_z": 256,
  "snr_csf": 2.0700400826264884,
  "snr_gm": 10.539818255922276,
  "snr_total": 11.710401481620615,
  "snr_wm": 22.521346106313082,
  "snrd_csf": 10.724804234583937,
  "snrd_gm": 30.159950992601146,
  "snrd_total": 28.142776201704823,
  "snrd_wm": 43.54357337792939,
  "spacing_x": 1.0,
  "spacing_y": 1.0,
  "spacing_z": 1.0,
  "summary_bg_k": 8861.498681964458,
  "summary_bg_mad": 0.0,
  "summary_bg_mean": 4.012557172684257,
  "summary_bg_median": 0.0,
  "summary_bg_n": 2523513.0,
  "summary_bg_p05": 0.0,
  "summary_bg_p95": 17.04102975130081,
  "summary_bg_stdv": 15.045536365744365,
  "summary_csf_k": 3.4139177606504383,
  "summary_csf_mad": 99.76699815755185,
  "summary_csf_mean": 259.4881776732828,
  "summary_csf_median": 246.30051410198212,
  "summary_csf_n": 35891.0,
  "summary_csf_p05": 66.79335975646973,
  "summary_csf_p95": 472.164253950119,
  "summary_csf_stdv": 118.98179408009487,
  "summary_gm_k": 0.07798750650450881,
  "summary_gm_mad": 64.04025136363225,
  "summary_gm_mean": 692.0169494369139,
  "summary_gm_median": 692.63841766119,
  "summary_gm_n": 24062.0,
  "summary_gm_p05": 581.3576895594597,
  "summary_gm_p95": 799.6510999202728,
  "summary_gm_stdv": 65.71498747967448,
  "summary_wm_k": 0.8979441856338601,
  "summary_wm_mad": 41.38482886535485,
  "summary_wm_mean": 1000.100950239531,
  "summary_wm_median": 1000.0000255703926,
  "summary_wm_n": 160810.0,
  "summary_wm_p05": 927.7859360575676,
  "summary_wm_p95": 1071.9197133809325,
  "summary_wm_stdv": 44.40218233783949,
  "tpm_overlap_csf": 0.16327418118399123,
  "tpm_overlap_gm": 0.4837984927382484,
  "tpm_overlap_wm": 0.518065979245737,
  "wm2max": 0.5520888873600385
}