{
  "aor": 0.0009635820895522389,
  "aqi": 0.009064921104477612,
  "bids_meta": {
    "AcquisitionMatrixPE": 84,
    "AcquisitionNumber": 1,
    "AcquisitionTime": "12:24:24.977500",
    "BandwidthPerPixelPhaseEncode": 15.664,
    "BaseResolution": 84,
    "BodyPartExamined": "BRAIN",
    "ConsistencyInfo": "N4_VE11B_LATEST_20150530",
    "ConversionSoftware": "dcm2niix",
    "ConversionSoftwareVersion": "v1.0.20181114  Clang4.0.1",
    "DerivedVendorReportedEchoSpacing": 0.000760008,
    "DeviceSerialNumber": "67007",
    "DwellTime": 3.8e-06,
    "EchoTime": 0.03,
    "EchoTrainLength": 74,
    "EffectiveEchoSpacing": 0.000760008,
    "FlipAngle": 40,
    "ImageComments": "Unaliased_MB4_PE3",
    "ImageOrientationPatientDICOM": [
      1,
      0,
      0,
      0,
      0.990509,
      -0.137445
    ],
    "ImageType": [
      "ORIGINAL",
      "PRIMARY",
      "M",
      "MB",
      "ND",
      "NORM",
      "MOSAIC"
    ],
    "ImagingFrequency": 123.211,
    "InPlanePhaseEncodingDirectionDICOM": "COL",
    "InstitutionAddress": "Perth_Drive_100_London_Ontario_CA_N6A_5K8",
    "InstitutionName": "Robarts_Research_Institute",
    "InstitutionalDepartmentName": "CFMM",
    "MRAcquisitionType": "2D",
    "MagneticFieldStrength": 3,
    "Manufacturer": "Siemens",
    "ManufacturersModelName": "Prisma_fit",
    "Modality": "MR",
    "MultibandAccelerationFactor": 4,
    "PartialFourier": 0.875,
    "PatientPosition": "HFS",
    "PercentPhaseFOV": 100,
    "PhaseEncodingDirection": "j-",
    "PhaseEncodingSteps": 74,
    "PhaseResolution": 1,
    "PixelBandwidth": 1565,
    "ProcedureStepDescription": "Ansari_ITG",
    "ProtocolName": "ep_bold_mb4_nfa_2.5iso",
    "PulseSequenceDetails": "%CustomerSeq%_cmrr_mbep2d_bold",
    "ReceiveCoilActiveElements": "HEA;HEP",
    "ReceiveCoilName": "Head_32",
    "ReconMatrixPE": 84,
    "RepetitionTime": 1,
    "SAR": 0.0771178,
    "ScanOptions": "PFP_FS",
    "ScanningSequence": "EP",
    "SequenceName": "epfid2d1_84",
    "SequenceVariant": "SK_SS",
    "SeriesDescription": "ep_bold_mb4_nfa_2.5iso",
    "SeriesNumber": 9,
    "ShimSetting": [
      5242,
      -6177,
      -3942,
      323,
      1,
      -1,
      22,
      -8
    ],
    "SliceThickness": 2.5,
    "SliceTiming": [
      0,
      0.4075,
      0.815,
      0.245,
      0.6525,
      0.08,
      0.49,
      0.8975,
      0.325,
      0.735,
      0.1625,
      0.57,
      0,
      0.4075,
      0.815,
      0.245,
      0.6525,
      0.08,
      0.49,
      0.8975,
      0.325,
      0.735,
      0.1625,
      0.57,
      0,
      0.4075,
      0.815,
      0.245,
      0.6525,
      0.08,
      0.49,
      0.8975,
      0.325,
      0.735,
      0.1625,
      0.57,
      0,
      0.4075,
      0.815,
      0.245,
      0.6525,
      0.08,
      0.49,
      0.8975,
      0.325,
      0.735,
      0.1625,
      0.57
    ],
    "SoftwareVersions": "syngo_MR_E11",
    "SpacingBetweenSlices": 2.5,
    "StationName": "MRC35368",
    "TaskName": "ChangeDetection",
    "TotalReadoutTime": 0.0630806,
    "TxRefAmp": 269.983,
    "WipMemBlock": "1a674cff-0995-4b44-af97-d13b50006648||Sequence: ve11b/master r/50434d5; Mar  3 2017 10:46:13 by eja",
    "dataset": "ds002033",
    "modality": "bold",
    "run_id": 1,
    "session_id": "01",
    "subject_id": "03",
    "task_id": "ChangeDetection"
  },
  "dummy_trs": 0,
  "dvars_nstd": 24.049697807455086,
  "dvars_std": 1.077460541197605,
  "dvars_vstd": 0.9842245367964072,
  "efc": 0.5846773376827353,
  "fber": 3760.145751953125,
  "fd_mean": 0.14402301912548776,
  "fd_num": 76,
  "fd_perc": 22.686567164179106,
  "fwhm_avg": 2.129189754995889,
  "fwhm_x": 1.955479543658053,
  "fwhm_y": 2.3077139239258777,
  "fwhm_z": 2.1243757974037365,
  "gcor": 0.0133479,
  "gsr_x": -0.027567707002162933,
  "gsr_y": 0.056516584008932114,
  "provenance": {
    "md5sum": "e58cbb9b1258b9e0ede149efc6b45429",
    "settings": {
      "fd_thres": 0.2,
      "testing": false
    },
    "software": "mriqc",
    "version": "22.0.6",
    "webapi_port": null,
    "webapi_url": "https://mriqc.nimh.nih.gov/api/v1"
  },
  "size_t": 335,
  "size_x": 84,
  "size_y": 84,
  "size_z": 48,
  "snr": 4.363579218228259,
  "spacing_tr": 1.0,
  "spacing_x": 2.4761905670166016,
  "spacing_y": 2.4761908054351807,
  "spacing_z": 2.500000238418579,
  "summary_bg_k": 13.348170960832995,
  "summary_bg_mad": 3.226709761316736,
  "summary_bg_mean": 12.25202465057373,
  "summary_bg_median": 3.403042793273926,
  "summary_bg_n": 186855.0,
  "summary_bg_p05": 1.0093499302864075,
  "summary_bg_p95": 52.6701431274414,
  "summary_bg_stdv": 20.501882553100586,
  "summary_fg_k": 5.028767406870118,
  "summary_fg_mad": 38.138310973340026,
  "summary_fg_mean": 229.11102294921875,
  "summary_fg_median": 220.14024353027344,
  "summary_fg_n": 91914.0,
  "summary_fg_p05": 171.13009719848634,
  "summary_fg_p95": 316.2743698120114,
  "summary_fg_stdv": 50.44919204711914,
  "tsnr": 53.02299880981445
}