{
  "bids_meta": {
    "AcquisitionMatrixPE": 224,
    "AcquisitionNumber": 1,
    "AcquisitionTime": "15:53:18.685000",
    "BaseResolution": 256,
    "BodyPartExamined": "BRAIN",
    "ConsistencyInfo": "N4_VE11B_LATEST_20150530",
    "ConversionSoftware": "dcm2niix",
    "ConversionSoftwareVersion": "v1.0.20181114  Clang4.0.1",
    "DeviceSerialNumber": "67007",
    "DwellTime": 8.2e-06,
    "EchoTime": 0.00298,
    "FlipAngle": 9,
    "ImageOrientationPatientDICOM": [
      -0.0313446,
      0.999509,
      -7.83364e-09,
      0.00680207,
      0.000213305,
      -0.999977
    ],
    "ImageType": [
      "ORIGINAL",
      "PRIMARY",
      "M",
      "ND",
      "NORM"
    ],
    "ImagingFrequency": 123.211,
    "InPlanePhaseEncodingDirectionDICOM": "ROW",
    "InstitutionAddress": "Perth_Drive_100_London_Ontario_CA_N6A_5K8",
    "InstitutionName": "Robarts_Research_Institute",
    "InstitutionalDepartmentName": "CFMM",
    "InversionTime": 0.9,
    "MRAcquisitionType": "3D",
    "MagneticFieldStrength": 3,
    "Manufacturer": "Siemens",
    "ManufacturersModelName": "Prisma_fit",
    "Modality": "MR",
    "PartialFourier": 1,
    "PatientPosition": "HFS",
    "PercentPhaseFOV": 87.5,
    "PhaseEncodingSteps": 223,
    "PhaseResolution": 1,
    "PixelBandwidth": 240,
    "ProcedureStepDescription": "Ansari_ITG",
    "ProtocolName": "mprage_sag_p2",
    "PulseSequenceDetails": "%SiemensSeq%_tfl",
    "ReceiveCoilActiveElements": "HEA;HEP;SP1",
    "ReceiveCoilName": "Spine_32",
    "ReconMatrixPE": 256,
    "RepetitionTime": 2.3,
    "SAR": 0.0505626,
    "ScanOptions": "IR",
    "ScanningSequence": "GR_IR",
    "SequenceName": "_tfl3d1_16ns",
    "SequenceVariant": "SK_SP_MP",
    "SeriesDescription": "mprage_sag_p2",
    "SeriesNumber": 4,
    "ShimSetting": [
      5243,
      -6161,
      -3940,
      333,
      27,
      -11,
      103,
      -28
    ],
    "SliceThickness": 1,
    "SoftwareVersions": "syngo_MR_E11",
    "StationName": "MRC35368",
    "TxRefAmp": 249.632,
    "dataset": "ds002033",
    "modality": "T1w",
    "session_id": "01",
    "subject_id": "36"
  },
  "cjv": 0.32346672510392593,
  "cnr": 4.080547769308331,
  "efc": 0.5672838124125726,
  "fber": 5060.2363615806435,
  "fwhm_avg": 3.5637131886589697,
  "fwhm_x": 3.64084956597691,
  "fwhm_y": 3.64025,
  "fwhm_z": 3.41004,
  "icvs_csf": 0.18156036467881567,
  "icvs_gm": 0.49146325560650633,
  "icvs_wm": 0.326976379714678,
  "inu_med": 0.500937819480896,
  "inu_range": 0.13696749210357667,
  "provenance": {
    "md5sum": "132da2c22300a245cccdf624f94c5d2d",
    "settings": {
      "testing": false
    },
    "software": "mriqc",
    "version": "22.0.6",
    "warnings": {
      "large_rot_frame": true,
      "small_air_mask": false
    },
    "webapi_port": null,
    "webapi_url": "https://mriqc.nimh.nih.gov/api/v1"
  },
  "qi_1": 0.0,
  "qi_2": 0.011067899253022677,
  "rpve_csf": 23.970798310282305,
  "rpve_gm": 9.8584470267172,
  "rpve_wm": 15.830093073480144,
  "size_x": 176,
  "size_y": 224,
  "size_z": 256,
  "snr_csf": 2.0839966413013244,
  "snr_gm": 12.033473565157498,
  "snr_total": 11.785670346766992,
  "snr_wm": 21.239540833842153,
  "snrd_csf": 22.854757250689126,
  "snrd_gm": 65.65219174738368,
  "snrd_total": 61.03173976648631,
  "snrd_wm": 94.58827030138612,
  "spacing_x": 1.0000001192092896,
  "spacing_y": 1.0,
  "spacing_z": 1.0,
  "summary_bg_k": 9.514066876147224,
  "summary_bg_mad": 6.926190777983637,
  "summary_bg_mean": 6.2096595896489735,
  "summary_bg_median": 4.671644687652588,
  "summary_bg_n": 2218653.0,
  "summary_bg_p05": 0.0,
  "summary_bg_p95": 22.056289672851562,
  "summary_bg_stdv": 8.766862807713078,
  "summary_csf_k": 1.9938154650827062,
  "summary_csf_mad": 88.2237743359555,
  "summary_csf_mean": 258.7784704311408,
  "summary_csf_median": 241.6235899925232,
  "summary_csf_n": 29892.0,
  "summary_csf_p05": 93.09209344387055,
  "summary_csf_p95": 484.85545110702515,
  "summary_csf_stdv": 115.94046917379715,
  "summary_gm_k": 0.23874823201789486,
  "summary_gm_mad": 55.8069306127698,
  "summary_gm_mean": 693.4949780626916,
  "summary_gm_median": 694.0838656425476,
  "summary_gm_n": 48960.0,
  "summary_gm_p05": 597.6622680544854,
  "summary_gm_p95": 787.708220243454,
  "summary_gm_stdv": 57.67883841464166,
  "summary_wm_k": 1.267595624983616,
  "summary_wm_mad": 43.14676222350462,
  "summary_wm_mean": 1001.3305365685526,
  "summary_wm_median": 1000.0000083446503,
  "summary_wm_n": 175921.0,
  "summary_wm_p05": 927.3980548381805,
  "summary_wm_p95": 1078.8818776607513,
  "summary_wm_stdv": 47.08186367957595,
  "tpm_overlap_csf": 0.13676767975584206,
  "tpm_overlap_gm": 0.4579654723927825,
  "tpm_overlap_wm": 0.4539211352473585,
  "wm2max": 0.4589227660135313
}