{
  "aor": 0.000273033033033033,
  "aqi": 0.005555051891891893,
  "bids_meta": {
    "AcquisitionMatrixPE": 84,
    "AcquisitionNumber": 1,
    "AcquisitionTime": "15:49:57.052500",
    "BandwidthPerPixelPhaseEncode": 15.664,
    "BaseResolution": 84,
    "BodyPartExamined": "BRAIN",
    "ConsistencyInfo": "N4_VE11B_LATEST_20150530",
    "ConversionSoftware": "dcm2niix",
    "ConversionSoftwareVersion": "v1.0.20181114  Clang4.0.1",
    "DerivedVendorReportedEchoSpacing": 0.000760008,
    "DeviceSerialNumber": "67007",
    "DwellTime": 3.8e-06,
    "EchoTime": 0.03,
    "EchoTrainLength": 74,
    "EffectiveEchoSpacing": 0.000760008,
    "FlipAngle": 40,
    "ImageComments": "Unaliased_MB4_PE3",
    "ImageOrientationPatientDICOM": [
      0.998313,
      -0.0187441,
      -0.0549462,
      6.33195e-09,
      0.946445,
      -0.322866
    ],
    "ImageType": [
      "ORIGINAL",
      "PRIMARY",
      "M",
      "MB",
      "ND",
      "NORM",
      "MOSAIC"
    ],
    "ImagingFrequency": 123.211,
    "InPlanePhaseEncodingDirectionDICOM": "COL",
    "InstitutionAddress": "Perth_Drive_100_London_Ontario_CA_N6A_5K8",
    "InstitutionName": "Robarts_Research_Institute",
    "InstitutionalDepartmentName": "CFMM",
    "MRAcquisitionType": "2D",
    "MagneticFieldStrength": 3,
    "Manufacturer": "Siemens",
    "ManufacturersModelName": "Prisma_fit",
    "Modality": "MR",
    "MultibandAccelerationFactor": 4,
    "PartialFourier": 0.875,
    "PatientPosition": "HFS",
    "PercentPhaseFOV": 100,
    "PhaseEncodingDirection": "j-",
    "PhaseEncodingSteps": 74,
    "PhaseResolution": 1,
    "PixelBandwidth": 1565,
    "ProcedureStepDescription": "Ansari_ITG",
    "ProtocolName": "ep_bold_mb4_nfa_2.5iso",
    "PulseSequenceDetails": "%CustomerSeq%_cmrr_mbep2d_bold",
    "ReceiveCoilActiveElements": "HEA;HEP",
    "ReceiveCoilName": "Head_32",
    "ReconMatrixPE": 84,
    "RepetitionTime": 1,
    "SAR": 0.0510513,
    "ScanOptions": "PFP_FS",
    "ScanningSequence": "EP",
    "SequenceName": "epfid2d1_84",
    "SequenceVariant": "SK_SS",
    "SeriesDescription": "ep_bold_mb4_nfa_2.5iso",
    "SeriesNumber": 2,
    "ShimSetting": [
      5241,
      -6181,
      -3930,
      463,
      25,
      -43,
      -26,
      3
    ],
    "SliceThickness": 2.5,
    "SliceTiming": [
      0,
      0.41,
      0.8175,
      0.245,
      0.655,
      0.0825,
      0.49,
      0.9,
      0.3275,
      0.735,
      0.165,
      0.5725,
      0,
      0.41,
      0.8175,
      0.245,
      0.655,
      0.0825,
      0.49,
      0.9,
      0.3275,
      0.735,
      0.165,
      0.5725,
      0,
      0.41,
      0.8175,
      0.245,
      0.655,
      0.0825,
      0.49,
      0.9,
      0.3275,
      0.735,
      0.165,
      0.5725,
      0,
      0.41,
      0.8175,
      0.245,
      0.655,
      0.0825,
      0.49,
      0.9,
      0.3275,
      0.735,
      0.165,
      0.5725
    ],
    "SoftwareVersions": "syngo_MR_E11",
    "SpacingBetweenSlices": 2.5,
    "StationName": "MRC35368",
    "TaskName": "ChangeDetection",
    "TotalReadoutTime": 0.0630806,
    "TxRefAmp": 234.752,
    "WipMemBlock": "89427b32-fcdb-4dc9-a59a-4b851a778820||Sequence: ve11b/master r/50434d5; Mar  3 2017 10:46:13 by eja",
    "dataset": "ds002033",
    "modality": "bold",
    "run_id": 1,
    "session_id": "01",
    "subject_id": "07",
    "task_id": "ChangeDetection"
  },
  "dummy_trs": 2,
  "dvars_nstd": 25.073535873102408,
  "dvars_std": 1.1420699553614455,
  "dvars_vstd": 0.9848512333734938,
  "efc": 0.5108794598839884,
  "fber": 5552.41943359375,
  "fd_mean": 0.08510999513751394,
  "fd_num": 0,
  "fd_perc": 0.0,
  "fwhm_avg": 1.9160595684917314,
  "fwhm_x": 1.825715702263916,
  "fwhm_y": 2.009603003211278,
  "fwhm_z": 1.9128599999999998,
  "gcor": 0.0140288,
  "gsr_x": -0.007347168866544962,
  "gsr_y": 0.031747590750455856,
  "provenance": {
    "md5sum": "1004a92ac926a2d86d5e1cd4b5d4bf19",
    "settings": {
      "fd_thres": 0.2,
      "testing": false
    },
    "software": "mriqc",
    "version": "22.0.6",
    "webapi_port": null,
    "webapi_url": "https://mriqc.nimh.nih.gov/api/v1"
  },
  "size_t": 333,
  "size_x": 84,
  "size_y": 84,
  "size_z": 48,
  "snr": 5.31391009474116,
  "spacing_tr": 1.0,
  "spacing_x": 2.4761905670166016,
  "spacing_y": 2.4761905670166016,
  "spacing_z": 2.5,
  "summary_bg_k": 46.710463169243155,
  "summary_bg_mad": 2.2298811149592597,
  "summary_bg_mean": 9.952003479003906,
  "summary_bg_median": 2.8376121520996094,
  "summary_bg_n": 215256.0,
  "summary_bg_p05": 1.0034255683422089,
  "summary_bg_p95": 45.113677978515625,
  "summary_bg_stdv": 21.13890838623047,
  "summary_fg_k": 2.8973510262230153,
  "summary_fg_mad": 37.17427792832219,
  "summary_fg_mean": 222.50633239746094,
  "summary_fg_median": 217.41470336914062,
  "summary_fg_n": 66225.0,
  "summary_fg_p05": 168.52696838378907,
  "summary_fg_p95": 291.1589477539062,
  "summary_fg_stdv": 40.9139518737793,
  "tsnr": 61.87151336669922
}