{
  "aor": 0.0005061027190332326,
  "aqi": 0.01468157181268882,
  "bids_meta": {
    "AcquisitionMatrixPE": 84,
    "AcquisitionNumber": 1,
    "AcquisitionTime": "14:32:54.310000",
    "BandwidthPerPixelPhaseEncode": 15.664,
    "BaseResolution": 84,
    "BodyPartExamined": "BRAIN",
    "ConsistencyInfo": "N4_VE11B_LATEST_20150530",
    "ConversionSoftware": "dcm2niix",
    "ConversionSoftwareVersion": "v1.0.20181114  Clang4.0.1",
    "DerivedVendorReportedEchoSpacing": 0.000760008,
    "DeviceSerialNumber": "67007",
    "DwellTime": 3.8e-06,
    "EchoTime": 0.03,
    "EchoTrainLength": 74,
    "EffectiveEchoSpacing": 0.000760008,
    "FlipAngle": 40,
    "ImageComments": "Unaliased_MB4_PE3",
    "ImageOrientationPatientDICOM": [
      0.999236,
      0.00886607,
      0.0380686,
      -8.08977e-08,
      0.973936,
      -0.226825
    ],
    "ImageType": [
      "ORIGINAL",
      "PRIMARY",
      "M",
      "MB",
      "ND",
      "NORM",
      "MOSAIC"
    ],
    "ImagingFrequency": 123.211,
    "InPlanePhaseEncodingDirectionDICOM": "COL",
    "InstitutionAddress": "Perth_Drive_100_London_Ontario_CA_N6A_5K8",
    "InstitutionName": "Robarts_Research_Institute",
    "InstitutionalDepartmentName": "CFMM",
    "MRAcquisitionType": "2D",
    "MagneticFieldStrength": 3,
    "Manufacturer": "Siemens",
    "ManufacturersModelName": "Prisma_fit",
    "Modality": "MR",
    "MultibandAccelerationFactor": 4,
    "PartialFourier": 0.875,
    "PatientPosition": "HFS",
    "PercentPhaseFOV": 100,
    "PhaseEncodingDirection": "j-",
    "PhaseEncodingSteps": 74,
    "PhaseResolution": 1,
    "PixelBandwidth": 1565,
    "ProcedureStepDescription": "Ansari_ITG",
    "ProtocolName": "ep_bold_mb4_nfa_2.5iso",
    "PulseSequenceDetails": "%CustomerSeq%_cmrr_mbep2d_bold",
    "ReceiveCoilActiveElements": "HEA;HEP",
    "ReceiveCoilName": "Head_32",
    "ReconMatrixPE": 84,
    "RepetitionTime": 1,
    "SAR": 0.0485159,
    "ScanOptions": "PFP_FS",
    "ScanningSequence": "EP",
    "SequenceName": "epfid2d1_84",
    "SequenceVariant": "SK_SS",
    "SeriesDescription": "ep_bold_mb4_nfa_2.5iso",
    "SeriesNumber": 11,
    "ShimSetting": [
      5243,
      -6203,
      -4044,
      451,
      -12,
      365,
      228,
      31
    ],
    "SliceThickness": 2.5,
    "SliceTiming": [
      0,
      0.4075,
      0.815,
      0.245,
      0.6525,
      0.08,
      0.49,
      0.8975,
      0.325,
      0.735,
      0.1625,
      0.57,
      0,
      0.4075,
      0.815,
      0.245,
      0.6525,
      0.08,
      0.49,
      0.8975,
      0.325,
      0.735,
      0.1625,
      0.57,
      0,
      0.4075,
      0.815,
      0.245,
      0.6525,
      0.08,
      0.49,
      0.8975,
      0.325,
      0.735,
      0.1625,
      0.57,
      0,
      0.4075,
      0.815,
      0.245,
      0.6525,
      0.08,
      0.49,
      0.8975,
      0.325,
      0.735,
      0.1625,
      0.57
    ],
    "SoftwareVersions": "syngo_MR_E11",
    "SpacingBetweenSlices": 2.5,
    "StationName": "MRC35368",
    "TaskName": "ChangeDetection",
    "TotalReadoutTime": 0.0630806,
    "TxRefAmp": 238.392,
    "WipMemBlock": "fe28f4eb-3982-4444-80c7-df306c6f1cec||Sequence: ve11b/master r/50434d5; Mar  3 2017 10:46:13 by eja",
    "dataset": "ds002033",
    "modality": "bold",
    "run_id": 4,
    "session_id": "01",
    "subject_id": "26",
    "task_id": "ChangeDetection"
  },
  "dummy_trs": 4,
  "dvars_nstd": 23.427602583121217,
  "dvars_std": 1.0144513767575751,
  "dvars_vstd": 0.927208030848485,
  "efc": 0.5285707132289222,
  "fber": 5488.25390625,
  "fd_mean": 0.12300394025672455,
  "fd_num": 12,
  "fd_perc": 3.6253776435045317,
  "fwhm_avg": 1.942593722144724,
  "fwhm_x": 1.8230826254374204,
  "fwhm_y": 2.0280345409967517,
  "fwhm_z": 1.976664,
  "gcor": 0.00726854,
  "gsr_x": -0.013161992654204369,
  "gsr_y": 0.028233524411916733,
  "provenance": {
    "md5sum": "ad3edc3cc121426986884b1cedb73bd7",
    "settings": {
      "fd_thres": 0.2,
      "testing": false
    },
    "software": "mriqc",
    "version": "22.0.6",
    "webapi_port": null,
    "webapi_url": "https://mriqc.nimh.nih.gov/api/v1"
  },
  "size_t": 331,
  "size_x": 84,
  "size_y": 84,
  "size_z": 48,
  "snr": 4.831763759671775,
  "spacing_tr": 1.0,
  "spacing_x": 2.4761905670166016,
  "spacing_y": 2.4761905670166016,
  "spacing_z": 2.5,
  "summary_bg_k": 39.791239461506734,
  "summary_bg_mad": 2.5414387532810436,
  "summary_bg_mean": 11.423205375671387,
  "summary_bg_median": 3.134981632232666,
  "summary_bg_n": 207807.0,
  "summary_bg_p05": 1.068238866329193,
  "summary_bg_p95": 47.47215728759754,
  "summary_bg_stdv": 24.524314880371094,
  "summary_fg_k": 3.7813725533202316,
  "summary_fg_mad": 42.547885241325176,
  "summary_fg_mean": 245.144287109375,
  "summary_fg_median": 237.65426635742188,
  "summary_fg_n": 73424.0,
  "summary_fg_p05": 182.4521797180176,
  "summary_fg_p95": 330.79730987548794,
  "summary_fg_stdv": 49.18548583984375,
  "tsnr": 44.8599967956543
}