{
  "aor": 0.0004975449101796407,
  "aqi": 0.0054341594311377245,
  "bids_meta": {
    "AcquisitionMatrixPE": 84,
    "AcquisitionNumber": 1,
    "AcquisitionTime": "08:42:27.902500",
    "BandwidthPerPixelPhaseEncode": 15.664,
    "BaseResolution": 84,
    "BodyPartExamined": "BRAIN",
    "ConsistencyInfo": "N4_VE11B_LATEST_20150530",
    "ConversionSoftware": "dcm2niix",
    "ConversionSoftwareVersion": "v1.0.20181114  Clang4.0.1",
    "DerivedVendorReportedEchoSpacing": 0.000760008,
    "DeviceSerialNumber": "67007",
    "DwellTime": 3.8e-06,
    "EchoTime": 0.03,
    "EchoTrainLength": 74,
    "EffectiveEchoSpacing": 0.000760008,
    "FlipAngle": 40,
    "ImageComments": "Unaliased_MB4_PE3",
    "ImageOrientationPatientDICOM": [
      1,
      0,
      0,
      0,
      0.958323,
      -0.285688
    ],
    "ImageType": [
      "ORIGINAL",
      "PRIMARY",
      "M",
      "MB",
      "ND",
      "NORM",
      "MOSAIC"
    ],
    "ImagingFrequency": 123.211,
    "InPlanePhaseEncodingDirectionDICOM": "COL",
    "InstitutionAddress": "Perth_Drive_100_London_Ontario_CA_N6A_5K8",
    "InstitutionName": "Robarts_Research_Institute",
    "InstitutionalDepartmentName": "CFMM",
    "MRAcquisitionType": "2D",
    "MagneticFieldStrength": 3,
    "Manufacturer": "Siemens",
    "ManufacturersModelName": "Prisma_fit",
    "Modality": "MR",
    "MultibandAccelerationFactor": 4,
    "PartialFourier": 0.875,
    "PatientPosition": "HFS",
    "PercentPhaseFOV": 100,
    "PhaseEncodingDirection": "j-",
    "PhaseEncodingSteps": 74,
    "PhaseResolution": 1,
    "PixelBandwidth": 1565,
    "ProcedureStepDescription": "Ansari_ITG",
    "ProtocolName": "ep_bold_mb4_nfa_2.5iso",
    "PulseSequenceDetails": "%CustomerSeq%_cmrr_mbep2d_bold",
    "ReceiveCoilActiveElements": "HEA;HEP",
    "ReceiveCoilName": "Head_32",
    "ReconMatrixPE": 84,
    "RepetitionTime": 1,
    "SAR": 0.0516198,
    "ScanOptions": "PFP_FS",
    "ScanningSequence": "EP",
    "SequenceName": "epfid2d1_84",
    "SequenceVariant": "SK_SS",
    "SeriesDescription": "ep_bold_mb4_nfa_2.5iso",
    "SeriesNumber": 9,
    "ShimSetting": [
      5249,
      -6188,
      -3937,
      505,
      -48,
      183,
      49,
      -25
    ],
    "SliceThickness": 2.5,
    "SliceTiming": [
      0,
      0.4075,
      0.815,
      0.245,
      0.6525,
      0.08,
      0.49,
      0.8975,
      0.325,
      0.735,
      0.1625,
      0.57,
      0,
      0.4075,
      0.815,
      0.245,
      0.6525,
      0.08,
      0.49,
      0.8975,
      0.325,
      0.735,
      0.1625,
      0.57,
      0,
      0.4075,
      0.815,
      0.245,
      0.6525,
      0.08,
      0.49,
      0.8975,
      0.325,
      0.735,
      0.1625,
      0.57,
      0,
      0.4075,
      0.815,
      0.245,
      0.6525,
      0.08,
      0.49,
      0.8975,
      0.325,
      0.735,
      0.1625,
      0.57
    ],
    "SoftwareVersions": "syngo_MR_E11",
    "SpacingBetweenSlices": 2.5,
    "StationName": "MRC35368",
    "TaskName": "ChangeDetection",
    "TotalReadoutTime": 0.0630806,
    "TxRefAmp": 243.712,
    "WipMemBlock": "adbca668-a350-4334-ba89-b33e925d7674||Sequence: ve11b/master r/50434d5; Mar  3 2017 10:46:13 by eja",
    "dataset": "ds002033",
    "modality": "bold",
    "run_id": 4,
    "session_id": "01",
    "subject_id": "01",
    "task_id": "ChangeDetection"
  },
  "dummy_trs": 1,
  "dvars_nstd": 21.501921347417404,
  "dvars_std": 1.0855642462462456,
  "dvars_vstd": 1.0067107936936937,
  "efc": 0.5287704705097547,
  "fber": 6826.8798828125,
  "fd_mean": 0.09794143024674062,
  "fd_num": 0,
  "fd_perc": 0.0,
  "fwhm_avg": 1.868951389606058,
  "fwhm_x": 1.7463558974825089,
  "fwhm_y": 2.0397662713356652,
  "fwhm_z": 1.820732,
  "gcor": 0.00927633,
  "gsr_x": -0.008737538941204548,
  "gsr_y": 0.049237411469221115,
  "provenance": {
    "md5sum": "b33f31148ecf164d52b26961525ce248",
    "settings": {
      "fd_thres": 0.2,
      "testing": false
    },
    "software": "mriqc",
    "version": "22.0.6",
    "webapi_port": null,
    "webapi_url": "https://mriqc.nimh.nih.gov/api/v1"
  },
  "size_t": 334,
  "size_x": 84,
  "size_y": 84,
  "size_z": 48,
  "snr": 5.633200097691707,
  "spacing_tr": 1.0,
  "spacing_x": 2.4761905670166016,
  "spacing_y": 2.4761905670166016,
  "spacing_z": 2.5,
  "summary_bg_k": 19.71365584775435,
  "summary_bg_mad": 2.105120114093987,
  "summary_bg_mean": 9.858028411865234,
  "summary_bg_median": 2.6270675659179688,
  "summary_bg_n": 208024.0,
  "summary_bg_p05": 1.0078723967075347,
  "summary_bg_p95": 45.72037277221676,
  "summary_bg_stdv": 19.15888214111328,
  "summary_fg_k": 4.258234535921965,
  "summary_fg_mad": 33.5425178308183,
  "summary_fg_mean": 228.82000732421875,
  "summary_fg_median": 224.0895233154297,
  "summary_fg_n": 72783.0,
  "summary_fg_p05": 177.71778869628906,
  "summary_fg_p95": 294.49551391601557,
  "summary_fg_stdv": 39.77987289428711,
  "tsnr": 68.92874145507812
}