{
  "bids_meta": {
    "AcquisitionMatrixPE": 256,
    "AcquisitionNumber": 1,
    "AcquisitionTime": "14:19:43.050000",
    "BaseResolution": 256,
    "BodyPartExamined": "BRAIN",
    "ConsistencyInfo": "N4_VE11B_LATEST_20150530",
    "ConversionSoftware": "dcm2niix",
    "ConversionSoftwareVersion": "v1.0.20181114  Clang4.0.1",
    "DeviceSerialNumber": "67007",
    "DwellTime": 8.2e-06,
    "EchoTime": 0.00298,
    "FlipAngle": 9,
    "ImageOrientationPatientDICOM": [
      0,
      1,
      0,
      0,
      0,
      -1
    ],
    "ImageType": [
      "ORIGINAL",
      "PRIMARY",
      "M",
      "ND",
      "NORM"
    ],
    "ImagingFrequency": 123.211,
    "InPlanePhaseEncodingDirectionDICOM": "ROW",
    "InstitutionAddress": "Perth_Drive_100_London_Ontario_CA_N6A_5K8",
    "InstitutionName": "Robarts_Research_Institute",
    "InstitutionalDepartmentName": "CFMM",
    "InversionTime": 0.9,
    "MRAcquisitionType": "3D",
    "MagneticFieldStrength": 3,
    "Manufacturer": "Siemens",
    "ManufacturersModelName": "Prisma_fit",
    "Modality": "MR",
    "PartialFourier": 1,
    "PatientPosition": "HFS",
    "PercentPhaseFOV": 100,
    "PhaseEncodingSteps": 255,
    "PhaseResolution": 1,
    "PixelBandwidth": 240,
    "ProcedureStepDescription": "Ansari_ITG",
    "ProtocolName": "mprage_sag_p2",
    "PulseSequenceDetails": "%SiemensSeq%_tfl",
    "ReceiveCoilActiveElements": "HEA;HEP;SP1",
    "ReceiveCoilName": "Spine_32",
    "ReconMatrixPE": 256,
    "RepetitionTime": 2.3,
    "SAR": 0.0623926,
    "ScanOptions": "IR",
    "ScanningSequence": "GR_IR",
    "SequenceName": "_tfl3d1_16ns",
    "SequenceVariant": "SK_SP_MP",
    "SeriesDescription": "mprage_sag_p2",
    "SeriesNumber": 4,
    "ShimSetting": [
      5248,
      -6173,
      -3907,
      391,
      40,
      -126,
      19,
      -2
    ],
    "SliceThickness": 1,
    "SoftwareVersions": "syngo_MR_E11",
    "StationName": "MRC35368",
    "TxRefAmp": 266.55,
    "dataset": "ds002033",
    "modality": "T1w",
    "session_id": "01",
    "subject_id": "39"
  },
  "cjv": 0.32485733109642634,
  "cnr": 4.129367659825416,
  "efc": 0.5588277045017801,
  "fber": 33497.31869834711,
  "fwhm_avg": 3.9007733333333334,
  "fwhm_x": 3.85351,
  "fwhm_y": 4.1492,
  "fwhm_z": 3.69961,
  "icvs_csf": 0.18132043349419316,
  "icvs_gm": 0.4652763311998925,
  "icvs_wm": 0.3534032353059144,
  "inu_med": 0.4524751752614975,
  "inu_range": 0.11208713948726656,
  "provenance": {
    "md5sum": "41ca2fbe24e0fd8ec4a7dcfdfff77e8a",
    "settings": {
      "testing": false
    },
    "software": "mriqc",
    "version": "22.0.6",
    "warnings": {
      "large_rot_frame": true,
      "small_air_mask": false
    },
    "webapi_port": null,
    "webapi_url": "https://mriqc.nimh.nih.gov/api/v1"
  },
  "qi_1": 0.02452204703354159,
  "qi_2": 0.025154047142903996,
  "rpve_csf": 22.90631393100356,
  "rpve_gm": 9.918148349506417,
  "rpve_wm": 14.619448079833136,
  "size_x": 176,
  "size_y": 256,
  "size_z": 256,
  "snr_csf": 2.1352402625655444,
  "snr_gm": 11.358505101433265,
  "snr_total": 12.142669701244023,
  "snr_wm": 22.934263739733254,
  "snrd_csf": 26.442446243301283,
  "snrd_gm": 81.95342602848197,
  "snrd_total": 75.7059609826969,
  "snrd_wm": 118.72201067630743,
  "spacing_x": 1.0,
  "spacing_y": 1.0,
  "spacing_z": 1.0,
  "summary_bg_k": 18.767648490747945,
  "summary_bg_mad": 0.0,
  "summary_bg_mean": 2.5483091213464477,
  "summary_bg_median": 0.0,
  "summary_bg_n": 2527942.0,
  "summary_bg_p05": 0.0,
  "summary_bg_p95": 12.547086656093597,
  "summary_bg_stdv": 5.518394902380508,
  "summary_csf_k": 13.659105549607574,
  "summary_csf_mad": 79.19641181452072,
  "summary_csf_mean": 235.24950212464594,
  "summary_csf_median": 222.73203039169312,
  "summary_csf_n": 42158.0,
  "summary_csf_p05": 91.05842798948288,
  "summary_csf_p95": 425.6096414923668,
  "summary_csf_stdv": 104.31116003507674,
  "summary_gm_k": 0.09072190331838614,
  "summary_gm_mad": 59.88021381097907,
  "summary_gm_mean": 689.2575048126929,
  "summary_gm_median": 690.31635004282,
  "summary_gm_n": 63125.0,
  "summary_gm_p05": 587.9853701591492,
  "summary_gm_p95": 787.1526689529419,
  "summary_gm_stdv": 60.77480055731814,
  "summary_wm_k": 0.9112006730810451,
  "summary_wm_mad": 40.73198274659867,
  "summary_wm_mean": 1000.2652109201694,
  "summary_wm_median": 1000.0282971858978,
  "summary_wm_n": 252453.0,
  "summary_wm_p05": 929.928885281086,
  "summary_wm_p95": 1070.892429947853,
  "summary_wm_stdv": 43.60402966975052,
  "tpm_overlap_csf": 0.13723955423331685,
  "tpm_overlap_gm": 0.4635128690412374,
  "tpm_overlap_wm": 0.49514259728649307,
  "wm2max": 0.60273130761352
}