{
  "bids_meta": {
    "AcquisitionMatrixPE": 240,
    "AcquisitionNumber": 1,
    "AcquisitionTime": "15:09:29.720000",
    "BaseResolution": 256,
    "BodyPartExamined": "BRAIN",
    "ConsistencyInfo": "N4_VE11B_LATEST_20150530",
    "ConversionSoftware": "dcm2niix",
    "ConversionSoftwareVersion": "v1.0.20181114  Clang4.0.1",
    "DeviceSerialNumber": "67007",
    "DwellTime": 8.2e-06,
    "EchoTime": 0.00298,
    "FlipAngle": 9,
    "ImageOrientationPatientDICOM": [
      0,
      1,
      0,
      0,
      0,
      -1
    ],
    "ImageType": [
      "ORIGINAL",
      "PRIMARY",
      "M",
      "ND",
      "NORM"
    ],
    "ImagingFrequency": 123.211,
    "InPlanePhaseEncodingDirectionDICOM": "ROW",
    "InstitutionAddress": "Perth_Drive_100_London_Ontario_CA_N6A_5K8",
    "InstitutionName": "Robarts_Research_Institute",
    "InstitutionalDepartmentName": "CFMM",
    "InversionTime": 0.9,
    "MRAcquisitionType": "3D",
    "MagneticFieldStrength": 3,
    "Manufacturer": "Siemens",
    "ManufacturersModelName": "Prisma_fit",
    "Modality": "MR",
    "PartialFourier": 1,
    "PatientPosition": "HFS",
    "PercentPhaseFOV": 93.75,
    "PhaseEncodingSteps": 239,
    "PhaseResolution": 1,
    "PixelBandwidth": 240,
    "ProcedureStepDescription": "Ansari_ITG",
    "ProtocolName": "mprage_sag_p2",
    "PulseSequenceDetails": "%SiemensSeq%_tfl",
    "ReceiveCoilActiveElements": "HEA;HEP",
    "ReceiveCoilName": "Head_32",
    "ReconMatrixPE": 256,
    "RepetitionTime": 2.3,
    "SAR": 0.0651633,
    "ScanOptions": "IR",
    "ScanningSequence": "GR_IR",
    "SequenceName": "_tfl3d1_16ns",
    "SequenceVariant": "SK_SP_MP",
    "SeriesDescription": "mprage_sag_p2",
    "SeriesNumber": 4,
    "ShimSetting": [
      5217,
      -6184,
      -3877,
      357,
      54,
      -149,
      192,
      21
    ],
    "SliceThickness": 1,
    "SoftwareVersions": "syngo_MR_E11",
    "StationName": "MRC35368",
    "TxRefAmp": 261.044,
    "dataset": "ds002033",
    "modality": "T1w",
    "session_id": "01",
    "subject_id": "35"
  },
  "cjv": 0.3742084650886528,
  "cnr": 3.536701739260807,
  "efc": 0.5410297716450465,
  "fber": 23470.6973156605,
  "fwhm_avg": 3.7877166666666664,
  "fwhm_x": 3.73522,
  "fwhm_y": 3.96961,
  "fwhm_z": 3.65832,
  "icvs_csf": 0.22015960393376116,
  "icvs_gm": 0.4135624655543993,
  "icvs_wm": 0.36627793051183954,
  "inu_med": 0.4496312737464905,
  "inu_range": 0.113801908493042,
  "provenance": {
    "md5sum": "4b23abf21fa37933af65bd7baad62052",
    "settings": {
      "testing": false
    },
    "software": "mriqc",
    "version": "22.0.6",
    "warnings": {
      "large_rot_frame": true,
      "small_air_mask": false
    },
    "webapi_port": null,
    "webapi_url": "https://mriqc.nimh.nih.gov/api/v1"
  },
  "qi_1": 0.015835247112620656,
  "qi_2": 0.02188082789536219,
  "rpve_csf": 21.82307485880875,
  "rpve_gm": 11.855596414540658,
  "rpve_wm": 15.597494826271648,
  "size_x": 176,
  "size_y": 240,
  "size_z": 256,
  "snr_csf": 1.9910772608476883,
  "snr_gm": 10.204466894067503,
  "snr_total": 11.696132915330798,
  "snr_wm": 22.892854591077203,
  "snrd_csf": 26.741499675664006,
  "snrd_gm": 87.59362852790338,
  "snrd_total": 79.28712627660077,
  "snrd_wm": 123.52625062623491,
  "spacing_x": 1.0,
  "spacing_y": 1.0,
  "spacing_z": 1.0,
  "summary_bg_k": 33.76634959206456,
  "summary_bg_mad": 0.0,
  "summary_bg_mean": 2.464326276796134,
  "summary_bg_median": 0.0,
  "summary_bg_n": 2565713.0,
  "summary_bg_p05": 0.0,
  "summary_bg_p95": 12.976346351206303,
  "summary_bg_stdv": 5.30379486617428,
  "summary_csf_k": 2.305639378936897,
  "summary_csf_mad": 80.4131457613697,
  "summary_csf_mean": 238.91320321832634,
  "summary_csf_median": 216.49144925177097,
  "summary_csf_n": 45197.0,
  "summary_csf_p05": 90.9001274779439,
  "summary_csf_p95": 453.3771157562729,
  "summary_csf_stdv": 108.72961010587781,
  "summary_gm_k": 0.07992497229307371,
  "summary_gm_mad": 67.70095251865772,
  "summary_gm_mean": 708.3542746825007,
  "summary_gm_median": 709.132689461112,
  "summary_gm_n": 27864.0,
  "summary_gm_p05": 592.1583186946809,
  "summary_gm_p95": 822.263433586806,
  "summary_gm_stdv": 69.49113283603728,
  "summary_wm_k": 0.758314749405729,
  "summary_wm_mad": 41.15633444479552,
  "summary_wm_mean": 1000.4636988920519,
  "summary_wm_median": 1000.0328082963824,
  "summary_wm_n": 231596.0,
  "summary_wm_p05": 929.8948349803686,
  "summary_wm_p95": 1071.7805055901408,
  "summary_wm_stdv": 43.68309095367526,
  "tpm_overlap_csf": 0.15276764659103925,
  "tpm_overlap_gm": 0.4736905314231307,
  "tpm_overlap_wm": 0.533496144542182,
  "wm2max": 0.5168051175879315
}