{
  "aor": 0.0003206707317073171,
  "aqi": 0.0057405180487804875,
  "bids_meta": {
    "AcquisitionMatrixPE": 84,
    "AcquisitionNumber": 1,
    "AcquisitionTime": "14:19:36.942500",
    "BandwidthPerPixelPhaseEncode": 15.664,
    "BaseResolution": 84,
    "BodyPartExamined": "BRAIN",
    "ConsistencyInfo": "N4_VE11B_LATEST_20150530",
    "ConversionSoftware": "dcm2niix",
    "ConversionSoftwareVersion": "v1.0.20181114  Clang4.0.1",
    "DerivedVendorReportedEchoSpacing": 0.000760008,
    "DeviceSerialNumber": "67007",
    "DwellTime": 3.8e-06,
    "EchoTime": 0.03,
    "EchoTrainLength": 74,
    "EffectiveEchoSpacing": 0.000760008,
    "FlipAngle": 40,
    "ImageComments": "Unaliased_MB4_PE3",
    "ImageOrientationPatientDICOM": [
      0.999297,
      -0.0080566,
      -0.0366165,
      1.58744e-08,
      0.976639,
      -0.214886
    ],
    "ImageType": [
      "ORIGINAL",
      "PRIMARY",
      "M",
      "MB",
      "ND",
      "NORM",
      "MOSAIC"
    ],
    "ImagingFrequency": 123.211,
    "InPlanePhaseEncodingDirectionDICOM": "COL",
    "InstitutionAddress": "Perth_Drive_100_London_Ontario_CA_N6A_5K8",
    "InstitutionName": "Robarts_Research_Institute",
    "InstitutionalDepartmentName": "CFMM",
    "MRAcquisitionType": "2D",
    "MagneticFieldStrength": 3,
    "Manufacturer": "Siemens",
    "ManufacturersModelName": "Prisma_fit",
    "Modality": "MR",
    "MultibandAccelerationFactor": 4,
    "PartialFourier": 0.875,
    "PatientPosition": "HFS",
    "PercentPhaseFOV": 100,
    "PhaseEncodingDirection": "j-",
    "PhaseEncodingSteps": 74,
    "PhaseResolution": 1,
    "PixelBandwidth": 1565,
    "ProcedureStepDescription": "Ansari_ITG",
    "ProtocolName": "ep_bold_mb4_nfa_2.5iso",
    "PulseSequenceDetails": "%CustomerSeq%_cmrr_mbep2d_bold",
    "ReceiveCoilActiveElements": "HEA;HEP",
    "ReceiveCoilName": "Head_32",
    "ReconMatrixPE": 84,
    "RepetitionTime": 1,
    "SAR": 0.0511363,
    "ScanOptions": "PFP_FS",
    "ScanningSequence": "EP",
    "SequenceName": "epfid2d1_84",
    "SequenceVariant": "SK_SS",
    "SeriesDescription": "ep_bold_mb4_nfa_2.5iso",
    "SeriesNumber": 3,
    "ShimSetting": [
      5248,
      -6270,
      -3917,
      469,
      70,
      -103,
      91,
      4
    ],
    "SliceThickness": 2.5,
    "SliceTiming": [
      0,
      0.4075,
      0.8175,
      0.245,
      0.6525,
      0.0825,
      0.49,
      0.8975,
      0.3275,
      0.735,
      0.1625,
      0.5725,
      0,
      0.4075,
      0.8175,
      0.245,
      0.6525,
      0.0825,
      0.49,
      0.8975,
      0.3275,
      0.735,
      0.1625,
      0.5725,
      0,
      0.4075,
      0.8175,
      0.245,
      0.6525,
      0.0825,
      0.49,
      0.8975,
      0.3275,
      0.735,
      0.1625,
      0.5725,
      0,
      0.4075,
      0.8175,
      0.245,
      0.6525,
      0.0825,
      0.49,
      0.8975,
      0.3275,
      0.735,
      0.1625,
      0.5725
    ],
    "SoftwareVersions": "syngo_MR_E11",
    "SpacingBetweenSlices": 2.5,
    "StationName": "MRC35368",
    "TaskName": "ChangeDetection",
    "TotalReadoutTime": 0.0630806,
    "TxRefAmp": 252.143,
    "WipMemBlock": "3fbf3b68-1ebc-405d-820f-6cd0e1858466||Sequence: ve11b/master r/50434d5; Mar  3 2017 10:46:13 by eja",
    "dataset": "ds002033",
    "modality": "bold",
    "run_id": 2,
    "session_id": "01",
    "subject_id": "34",
    "task_id": "ChangeDetection"
  },
  "dummy_trs": 7,
  "dvars_nstd": 28.29803272568809,
  "dvars_std": 1.1997682818042814,
  "dvars_vstd": 0.9933607096941894,
  "efc": 0.5432643224308153,
  "fber": 3449.829345703125,
  "fd_mean": 0.23225328141231433,
  "fd_num": 194,
  "fd_perc": 59.146341463414636,
  "fwhm_avg": 1.9445010178402053,
  "fwhm_x": 1.8181355102342638,
  "fwhm_y": 2.016779543286351,
  "fwhm_z": 1.9985880000000003,
  "gcor": 0.0181491,
  "gsr_x": -0.015613584779202938,
  "gsr_y": 0.04275578260421753,
  "provenance": {
    "md5sum": "c36ca70abc78fada78c1ee439936c8f6",
    "settings": {
      "fd_thres": 0.2,
      "testing": false
    },
    "software": "mriqc",
    "version": "22.0.6",
    "webapi_port": null,
    "webapi_url": "https://mriqc.nimh.nih.gov/api/v1"
  },
  "size_t": 328,
  "size_x": 84,
  "size_y": 84,
  "size_z": 48,
  "snr": 4.604003034397266,
  "spacing_tr": 1.0,
  "spacing_x": 2.4761905670166016,
  "spacing_y": 2.4761903285980225,
  "spacing_z": 2.5,
  "summary_bg_k": 26.406940526346197,
  "summary_bg_mad": 51.7240089009971,
  "summary_bg_mean": 219.62750244140625,
  "summary_bg_median": 67.12470245361328,
  "summary_bg_n": 205389.0,
  "summary_bg_p05": 27.722801971435548,
  "summary_bg_p95": 905.2559082031191,
  "summary_bg_stdv": 399.6988525390625,
  "summary_fg_k": 4.321912105955251,
  "summary_fg_mad": 758.1439916823671,
  "summary_fg_mean": 4222.974609375,
  "summary_fg_median": 4087.16552734375,
  "summary_fg_n": 75613.0,
  "summary_fg_p05": 3133.8423828125,
  "summary_fg_p95": 5778.723828124999,
  "summary_fg_stdv": 887.73583984375,
  "tsnr": 61.91663360595703
}