{
  "aor": 0.0032294294294294293,
  "aqi": 0.01117094975975976,
  "bids_meta": {
    "AcquisitionMatrixPE": 84,
    "AcquisitionNumber": 1,
    "AcquisitionTime": "14:26:54.395000",
    "BandwidthPerPixelPhaseEncode": 15.664,
    "BaseResolution": 84,
    "BodyPartExamined": "BRAIN",
    "ConsistencyInfo": "N4_VE11B_LATEST_20150530",
    "ConversionSoftware": "dcm2niix",
    "ConversionSoftwareVersion": "v1.0.20181114  Clang4.0.1",
    "DerivedVendorReportedEchoSpacing": 0.000760008,
    "DeviceSerialNumber": "67007",
    "DwellTime": 3.8e-06,
    "EchoTime": 0.03,
    "EchoTrainLength": 74,
    "EffectiveEchoSpacing": 0.000760008,
    "FlipAngle": 40,
    "ImageComments": "Unaliased_MB4_PE3",
    "ImageOrientationPatientDICOM": [
      0.999236,
      0.00886607,
      0.0380686,
      -8.08977e-08,
      0.973936,
      -0.226825
    ],
    "ImageType": [
      "ORIGINAL",
      "PRIMARY",
      "M",
      "MB",
      "ND",
      "NORM",
      "MOSAIC"
    ],
    "ImagingFrequency": 123.211,
    "InPlanePhaseEncodingDirectionDICOM": "COL",
    "InstitutionAddress": "Perth_Drive_100_London_Ontario_CA_N6A_5K8",
    "InstitutionName": "Robarts_Research_Institute",
    "InstitutionalDepartmentName": "CFMM",
    "MRAcquisitionType": "2D",
    "MagneticFieldStrength": 3,
    "Manufacturer": "Siemens",
    "ManufacturersModelName": "Prisma_fit",
    "Modality": "MR",
    "MultibandAccelerationFactor": 4,
    "PartialFourier": 0.875,
    "PatientPosition": "HFS",
    "PercentPhaseFOV": 100,
    "PhaseEncodingDirection": "j-",
    "PhaseEncodingSteps": 74,
    "PhaseResolution": 1,
    "PixelBandwidth": 1565,
    "ProcedureStepDescription": "Ansari_ITG",
    "ProtocolName": "ep_bold_mb4_nfa_2.5iso",
    "PulseSequenceDetails": "%CustomerSeq%_cmrr_mbep2d_bold",
    "ReceiveCoilActiveElements": "HEA;HEP",
    "ReceiveCoilName": "Head_32",
    "ReconMatrixPE": 84,
    "RepetitionTime": 1,
    "SAR": 0.0485159,
    "ScanOptions": "PFP_FS",
    "ScanningSequence": "EP",
    "SequenceName": "epfid2d1_84",
    "SequenceVariant": "SK_SS",
    "SeriesDescription": "ep_bold_mb4_nfa_2.5iso",
    "SeriesNumber": 9,
    "ShimSetting": [
      5243,
      -6203,
      -4044,
      451,
      -12,
      365,
      228,
      31
    ],
    "SliceThickness": 2.5,
    "SliceTiming": [
      0,
      0.4075,
      0.815,
      0.2425,
      0.6525,
      0.08,
      0.4875,
      0.8975,
      0.325,
      0.7325,
      0.1625,
      0.57,
      0,
      0.4075,
      0.815,
      0.2425,
      0.6525,
      0.08,
      0.4875,
      0.8975,
      0.325,
      0.7325,
      0.1625,
      0.57,
      0,
      0.4075,
      0.815,
      0.2425,
      0.6525,
      0.08,
      0.4875,
      0.8975,
      0.325,
      0.7325,
      0.1625,
      0.57,
      0,
      0.4075,
      0.815,
      0.2425,
      0.6525,
      0.08,
      0.4875,
      0.8975,
      0.325,
      0.7325,
      0.1625,
      0.57
    ],
    "SoftwareVersions": "syngo_MR_E11",
    "SpacingBetweenSlices": 2.5,
    "StationName": "MRC35368",
    "TaskName": "ChangeDetection",
    "TotalReadoutTime": 0.0630806,
    "TxRefAmp": 238.392,
    "WipMemBlock": "e9d32790-9031-4596-ada9-a8981bbc7633||Sequence: ve11b/master r/50434d5; Mar  3 2017 10:46:13 by eja",
    "dataset": "ds002033",
    "modality": "bold",
    "run_id": 3,
    "session_id": "01",
    "subject_id": "26",
    "task_id": "ChangeDetection"
  },
  "dummy_trs": 2,
  "dvars_nstd": 23.915433331927712,
  "dvars_std": 1.1055142606927713,
  "dvars_vstd": 1.0045021790060236,
  "efc": 0.5277720794688402,
  "fber": 5659.94091796875,
  "fd_mean": 0.12338211807198425,
  "fd_num": 22,
  "fd_perc": 6.606606606606607,
  "fwhm_avg": 1.9372369914245242,
  "fwhm_x": 1.8233976254258661,
  "fwhm_y": 2.0237093488477065,
  "fwhm_z": 1.964604,
  "gcor": 0.00368013,
  "gsr_x": -0.012244874611496925,
  "gsr_y": 0.026184219866991043,
  "provenance": {
    "md5sum": "da50ca9da0abcb66b0ac8a9488100baf",
    "settings": {
      "fd_thres": 0.2,
      "testing": false
    },
    "software": "mriqc",
    "version": "22.0.6",
    "webapi_port": null,
    "webapi_url": "https://mriqc.nimh.nih.gov/api/v1"
  },
  "size_t": 333,
  "size_x": 84,
  "size_y": 84,
  "size_z": 48,
  "snr": 4.82748143872655,
  "spacing_tr": 1.0,
  "spacing_x": 2.4761905670166016,
  "spacing_y": 2.4761905670166016,
  "spacing_z": 2.5,
  "summary_bg_k": 38.95328710744671,
  "summary_bg_mad": 2.455904920796269,
  "summary_bg_mean": 11.356278419494629,
  "summary_bg_median": 3.0861501693725586,
  "summary_bg_n": 207979.0,
  "summary_bg_p05": 1.0652480959892274,
  "summary_bg_p95": 47.87550315856931,
  "summary_bg_stdv": 24.587827682495117,
  "summary_fg_k": 3.7321754093361,
  "summary_fg_mad": 42.63130650110208,
  "summary_fg_mean": 246.25657653808594,
  "summary_fg_median": 238.4477996826172,
  "summary_fg_n": 73329.0,
  "summary_fg_p05": 183.65030517578126,
  "summary_fg_p95": 332.9104553222656,
  "summary_fg_stdv": 49.39349365234375,
  "tsnr": 50.71250915527344
}