{
  "aor": 0.0003019571865443425,
  "aqi": 0.009005413455657491,
  "bids_meta": {
    "AcquisitionMatrixPE": 84,
    "AcquisitionNumber": 1,
    "AcquisitionTime": "15:24:14.270000",
    "BandwidthPerPixelPhaseEncode": 15.664,
    "BaseResolution": 84,
    "BodyPartExamined": "BRAIN",
    "ConsistencyInfo": "N4_VE11B_LATEST_20150530",
    "ConversionSoftware": "dcm2niix",
    "ConversionSoftwareVersion": "v1.0.20181114  Clang4.0.1",
    "DerivedVendorReportedEchoSpacing": 0.000760008,
    "DeviceSerialNumber": "67007",
    "DwellTime": 3.8e-06,
    "EchoTime": 0.03,
    "EchoTrainLength": 74,
    "EffectiveEchoSpacing": 0.000760008,
    "FlipAngle": 40,
    "ImageComments": "Unaliased_MB4_PE3",
    "ImageOrientationPatientDICOM": [
      1,
      0,
      0,
      0,
      0.904827,
      -0.425779
    ],
    "ImageType": [
      "ORIGINAL",
      "PRIMARY",
      "M",
      "MB",
      "ND",
      "NORM",
      "MOSAIC"
    ],
    "ImagingFrequency": 123.211,
    "InPlanePhaseEncodingDirectionDICOM": "COL",
    "InstitutionAddress": "Perth_Drive_100_London_Ontario_CA_N6A_5K8",
    "InstitutionName": "Robarts_Research_Institute",
    "InstitutionalDepartmentName": "CFMM",
    "MRAcquisitionType": "2D",
    "MagneticFieldStrength": 3,
    "Manufacturer": "Siemens",
    "ManufacturersModelName": "Prisma_fit",
    "Modality": "MR",
    "MultibandAccelerationFactor": 4,
    "PartialFourier": 0.875,
    "PatientPosition": "HFS",
    "PercentPhaseFOV": 100,
    "PhaseEncodingDirection": "j-",
    "PhaseEncodingSteps": 74,
    "PhaseResolution": 1,
    "PixelBandwidth": 1565,
    "ProcedureStepDescription": "Ansari_ITG",
    "ProtocolName": "ep_bold_mb4_nfa_2.5iso",
    "PulseSequenceDetails": "%CustomerSeq%_cmrr_mbep2d_bold",
    "ReceiveCoilActiveElements": "HEA;HEP",
    "ReceiveCoilName": "Head_32",
    "ReconMatrixPE": 84,
    "RepetitionTime": 1,
    "SAR": 0.0604074,
    "ScanOptions": "PFP_FS",
    "ScanningSequence": "EP",
    "SequenceName": "epfid2d1_84",
    "SequenceVariant": "SK_SS",
    "SeriesDescription": "ep_bold_mb4_nfa_2.5iso",
    "SeriesNumber": 9,
    "ShimSetting": [
      5261,
      -6160,
      -3999,
      802,
      92,
      -1,
      101,
      -15
    ],
    "SliceThickness": 2.5,
    "SliceTiming": [
      0,
      0.41,
      0.8175,
      0.245,
      0.655,
      0.0825,
      0.49,
      0.9,
      0.3275,
      0.735,
      0.165,
      0.5725,
      0,
      0.41,
      0.8175,
      0.245,
      0.655,
      0.0825,
      0.49,
      0.9,
      0.3275,
      0.735,
      0.165,
      0.5725,
      0,
      0.41,
      0.8175,
      0.245,
      0.655,
      0.0825,
      0.49,
      0.9,
      0.3275,
      0.735,
      0.165,
      0.5725,
      0,
      0.41,
      0.8175,
      0.245,
      0.655,
      0.0825,
      0.49,
      0.9,
      0.3275,
      0.735,
      0.165,
      0.5725
    ],
    "SoftwareVersions": "syngo_MR_E11",
    "SpacingBetweenSlices": 2.5,
    "StationName": "MRC35368",
    "TaskName": "ChangeDetection",
    "TotalReadoutTime": 0.0630806,
    "TxRefAmp": 258.023,
    "WipMemBlock": "ad24af6a-541d-4254-83b5-fc40360218b2||Sequence: ve11b/master r/50434d5; Mar  3 2017 10:46:13 by eja",
    "dataset": "ds002033",
    "modality": "bold",
    "run_id": 3,
    "session_id": "01",
    "subject_id": "16",
    "task_id": "ChangeDetection"
  },
  "dummy_trs": 8,
  "dvars_nstd": 27.89020936171779,
  "dvars_std": 1.1326698025460122,
  "dvars_vstd": 0.9833040855828216,
  "efc": 0.5257455463026319,
  "fber": 5631.69189453125,
  "fd_mean": 0.18860259962289158,
  "fd_num": 152,
  "fd_perc": 46.48318042813456,
  "fwhm_avg": 1.8901612098602438,
  "fwhm_x": 1.7800407039392654,
  "fwhm_y": 2.027234925641466,
  "fwhm_z": 1.8632079999999998,
  "gcor": 0.0253016,
  "gsr_x": -0.020551074296236038,
  "gsr_y": 0.033468492329120636,
  "provenance": {
    "md5sum": "a739e53f79295f981de5bf4480d22f79",
    "settings": {
      "fd_thres": 0.2,
      "testing": false
    },
    "software": "mriqc",
    "version": "22.0.6",
    "webapi_port": null,
    "webapi_url": "https://mriqc.nimh.nih.gov/api/v1"
  },
  "size_t": 327,
  "size_x": 84,
  "size_y": 84,
  "size_z": 48,
  "snr": 5.132669983740696,
  "spacing_tr": 1.0,
  "spacing_x": 2.4761905670166016,
  "spacing_y": 2.4761905670166016,
  "spacing_z": 2.5,
  "summary_bg_k": 35.819392939169276,
  "summary_bg_mad": 1.837945148702897,
  "summary_bg_mean": 7.808836936950684,
  "summary_bg_median": 2.624000310897827,
  "summary_bg_n": 205095.0,
  "summary_bg_p05": 1.0213750839233398,
  "summary_bg_p95": 30.438623619079582,
  "summary_bg_stdv": 15.13510799407959,
  "summary_fg_k": 3.3074669820041978,
  "summary_fg_mad": 36.59699149930874,
  "summary_fg_mean": 209.4344482421875,
  "summary_fg_median": 204.93756103515625,
  "summary_fg_n": 74060.0,
  "summary_fg_p05": 156.58660430908202,
  "summary_fg_p95": 275.57330322265625,
  "summary_fg_stdv": 39.927791595458984,
  "tsnr": 53.00730895996094
}