{
  "aor": 0.0003161746987951807,
  "aqi": 0.007154326897590361,
  "bids_meta": {
    "AcquisitionMatrixPE": 84,
    "AcquisitionNumber": 1,
    "AcquisitionTime": "15:11:58.142500",
    "BandwidthPerPixelPhaseEncode": 15.664,
    "BaseResolution": 84,
    "BodyPartExamined": "BRAIN",
    "ConsistencyInfo": "N4_VE11B_LATEST_20150530",
    "ConversionSoftware": "dcm2niix",
    "ConversionSoftwareVersion": "v1.0.20181114  Clang4.0.1",
    "DerivedVendorReportedEchoSpacing": 0.000760008,
    "DeviceSerialNumber": "67007",
    "DwellTime": 3.8e-06,
    "EchoTime": 0.03,
    "EchoTrainLength": 74,
    "EffectiveEchoSpacing": 0.000760008,
    "FlipAngle": 40,
    "ImageComments": "Unaliased_MB4_PE3",
    "ImageOrientationPatientDICOM": [
      1,
      0,
      0,
      0,
      0.904827,
      -0.425779
    ],
    "ImageType": [
      "ORIGINAL",
      "PRIMARY",
      "M",
      "MB",
      "ND",
      "NORM",
      "MOSAIC"
    ],
    "ImagingFrequency": 123.211,
    "InPlanePhaseEncodingDirectionDICOM": "COL",
    "InstitutionAddress": "Perth_Drive_100_London_Ontario_CA_N6A_5K8",
    "InstitutionName": "Robarts_Research_Institute",
    "InstitutionalDepartmentName": "CFMM",
    "MRAcquisitionType": "2D",
    "MagneticFieldStrength": 3,
    "Manufacturer": "Siemens",
    "ManufacturersModelName": "Prisma_fit",
    "Modality": "MR",
    "MultibandAccelerationFactor": 4,
    "PartialFourier": 0.875,
    "PatientPosition": "HFS",
    "PercentPhaseFOV": 100,
    "PhaseEncodingDirection": "j-",
    "PhaseEncodingSteps": 74,
    "PhaseResolution": 1,
    "PixelBandwidth": 1565,
    "ProcedureStepDescription": "Ansari_ITG",
    "ProtocolName": "ep_bold_mb4_nfa_2.5iso",
    "PulseSequenceDetails": "%CustomerSeq%_cmrr_mbep2d_bold",
    "ReceiveCoilActiveElements": "HEA;HEP",
    "ReceiveCoilName": "Head_32",
    "ReconMatrixPE": 84,
    "RepetitionTime": 1,
    "SAR": 0.0604074,
    "ScanOptions": "PFP_FS",
    "ScanningSequence": "EP",
    "SequenceName": "epfid2d1_84",
    "SequenceVariant": "SK_SS",
    "SeriesDescription": "ep_bold_mb4_nfa_2.5iso",
    "SeriesNumber": 6,
    "ShimSetting": [
      5261,
      -6160,
      -3999,
      802,
      92,
      -1,
      101,
      -15
    ],
    "SliceThickness": 2.5,
    "SliceTiming": [
      0,
      0.41,
      0.8175,
      0.245,
      0.655,
      0.0825,
      0.49,
      0.9,
      0.3275,
      0.735,
      0.165,
      0.5725,
      0,
      0.41,
      0.8175,
      0.245,
      0.655,
      0.0825,
      0.49,
      0.9,
      0.3275,
      0.735,
      0.165,
      0.5725,
      0,
      0.41,
      0.8175,
      0.245,
      0.655,
      0.0825,
      0.49,
      0.9,
      0.3275,
      0.735,
      0.165,
      0.5725,
      0,
      0.41,
      0.8175,
      0.245,
      0.655,
      0.0825,
      0.49,
      0.9,
      0.3275,
      0.735,
      0.165,
      0.5725
    ],
    "SoftwareVersions": "syngo_MR_E11",
    "SpacingBetweenSlices": 2.5,
    "StationName": "MRC35368",
    "TaskName": "ChangeDetection",
    "TotalReadoutTime": 0.0630806,
    "TxRefAmp": 258.023,
    "WipMemBlock": "a8f6bd3a-8329-42ba-a3a9-8c83e0fb4f9d||Sequence: ve11b/master r/50434d5; Mar  3 2017 10:46:13 by eja",
    "dataset": "ds002033",
    "modality": "bold",
    "run_id": 2,
    "session_id": "01",
    "subject_id": "16",
    "task_id": "ChangeDetection"
  },
  "dummy_trs": 3,
  "dvars_nstd": 27.586497586132932,
  "dvars_std": 1.1489856720543803,
  "dvars_vstd": 0.9954358175226579,
  "efc": 0.5248935055571912,
  "fber": 5610.6142578125,
  "fd_mean": 0.16783404104880548,
  "fd_num": 119,
  "fd_perc": 35.8433734939759,
  "fwhm_avg": 1.8851544408352765,
  "fwhm_x": 1.7701060889190494,
  "fwhm_y": 2.0203372335867797,
  "fwhm_z": 1.8650200000000001,
  "gcor": 0.034305,
  "gsr_x": -0.020785251632332802,
  "gsr_y": 0.03178519383072853,
  "provenance": {
    "md5sum": "e6cae897f332e91329957a95a9da2847",
    "settings": {
      "fd_thres": 0.2,
      "testing": false
    },
    "software": "mriqc",
    "version": "22.0.6",
    "webapi_port": null,
    "webapi_url": "https://mriqc.nimh.nih.gov/api/v1"
  },
  "size_t": 332,
  "size_x": 84,
  "size_y": 84,
  "size_z": 48,
  "snr": 5.10129709759338,
  "spacing_tr": 1.0,
  "spacing_x": 2.4761905670166016,
  "spacing_y": 2.4761905670166016,
  "spacing_z": 2.5,
  "summary_bg_k": 38.276111243749625,
  "summary_bg_mad": 1.8243031216300154,
  "summary_bg_mean": 7.629843711853027,
  "summary_bg_median": 2.6213605403900146,
  "summary_bg_n": 205031.0,
  "summary_bg_p05": 1.0218471884727478,
  "summary_bg_p95": 29.68507480621338,
  "summary_bg_stdv": 14.67613410949707,
  "summary_fg_k": 3.4202811522478003,
  "summary_fg_mad": 36.84330761495646,
  "summary_fg_mean": 209.55960083007812,
  "summary_fg_median": 204.99020385742188,
  "summary_fg_n": 74060.0,
  "summary_fg_p05": 156.69473419189453,
  "summary_fg_p95": 275.9878250122071,
  "summary_fg_stdv": 40.18366622924805,
  "tsnr": 57.86021423339844
}