{
  "aor": 0.00039325373134328355,
  "aqi": 0.0065010302388059694,
  "bids_meta": {
    "AcquisitionMatrixPE": 84,
    "AcquisitionNumber": 1,
    "AcquisitionTime": "15:05:54.847500",
    "BandwidthPerPixelPhaseEncode": 15.664,
    "BaseResolution": 84,
    "BodyPartExamined": "BRAIN",
    "ConsistencyInfo": "N4_VE11B_LATEST_20150530",
    "ConversionSoftware": "dcm2niix",
    "ConversionSoftwareVersion": "v1.0.20181114  Clang4.0.1",
    "DerivedVendorReportedEchoSpacing": 0.000760008,
    "DeviceSerialNumber": "67007",
    "DwellTime": 3.8e-06,
    "EchoTime": 0.03,
    "EchoTrainLength": 74,
    "EffectiveEchoSpacing": 0.000760008,
    "FlipAngle": 40,
    "ImageComments": "Unaliased_MB4_PE3",
    "ImageOrientationPatientDICOM": [
      1,
      0,
      0,
      0,
      0.904827,
      -0.425779
    ],
    "ImageType": [
      "ORIGINAL",
      "PRIMARY",
      "M",
      "MB",
      "ND",
      "NORM",
      "MOSAIC"
    ],
    "ImagingFrequency": 123.211,
    "InPlanePhaseEncodingDirectionDICOM": "COL",
    "InstitutionAddress": "Perth_Drive_100_London_Ontario_CA_N6A_5K8",
    "InstitutionName": "Robarts_Research_Institute",
    "InstitutionalDepartmentName": "CFMM",
    "MRAcquisitionType": "2D",
    "MagneticFieldStrength": 3,
    "Manufacturer": "Siemens",
    "ManufacturersModelName": "Prisma_fit",
    "Modality": "MR",
    "MultibandAccelerationFactor": 4,
    "PartialFourier": 0.875,
    "PatientPosition": "HFS",
    "PercentPhaseFOV": 100,
    "PhaseEncodingDirection": "j-",
    "PhaseEncodingSteps": 74,
    "PhaseResolution": 1,
    "PixelBandwidth": 1565,
    "ProcedureStepDescription": "Ansari_ITG",
    "ProtocolName": "ep_bold_mb4_nfa_2.5iso",
    "PulseSequenceDetails": "%CustomerSeq%_cmrr_mbep2d_bold",
    "ReceiveCoilActiveElements": "HEA;HEP",
    "ReceiveCoilName": "Head_32",
    "ReconMatrixPE": 84,
    "RepetitionTime": 1,
    "SAR": 0.0604074,
    "ScanOptions": "PFP_FS",
    "ScanningSequence": "EP",
    "SequenceName": "epfid2d1_84",
    "SequenceVariant": "SK_SS",
    "SeriesDescription": "ep_bold_mb4_nfa_2.5iso",
    "SeriesNumber": 4,
    "ShimSetting": [
      5261,
      -6160,
      -3999,
      802,
      92,
      -1,
      101,
      -15
    ],
    "SliceThickness": 2.5,
    "SliceTiming": [
      0,
      0.41,
      0.8175,
      0.245,
      0.655,
      0.0825,
      0.49,
      0.9,
      0.3275,
      0.735,
      0.165,
      0.5725,
      0,
      0.41,
      0.8175,
      0.245,
      0.655,
      0.0825,
      0.49,
      0.9,
      0.3275,
      0.735,
      0.165,
      0.5725,
      0,
      0.41,
      0.8175,
      0.245,
      0.655,
      0.0825,
      0.49,
      0.9,
      0.3275,
      0.735,
      0.165,
      0.5725,
      0,
      0.41,
      0.8175,
      0.245,
      0.655,
      0.0825,
      0.49,
      0.9,
      0.3275,
      0.735,
      0.165,
      0.5725
    ],
    "SoftwareVersions": "syngo_MR_E11",
    "SpacingBetweenSlices": 2.5,
    "StationName": "MRC35368",
    "TaskName": "ChangeDetection",
    "TotalReadoutTime": 0.0630806,
    "TxRefAmp": 258.023,
    "WipMemBlock": "baac7661-bd22-4950-ad24-4b90b77cff05||Sequence: ve11b/master r/50434d5; Mar  3 2017 10:46:13 by eja",
    "dataset": "ds002033",
    "modality": "bold",
    "run_id": 1,
    "session_id": "01",
    "subject_id": "16",
    "task_id": "ChangeDetection"
  },
  "dummy_trs": 0,
  "dvars_nstd": 29.848205378023952,
  "dvars_std": 1.1960587676047902,
  "dvars_vstd": 0.9985380210778431,
  "efc": 0.5242217504526403,
  "fber": 5609.64599609375,
  "fd_mean": 0.17517704612067225,
  "fd_num": 141,
  "fd_perc": 42.08955223880597,
  "fwhm_avg": 1.8902300689545388,
  "fwhm_x": 1.771878973469405,
  "fwhm_y": 2.025587233394211,
  "fwhm_z": 1.873224,
  "gcor": 0.0192771,
  "gsr_x": -0.020198922604322433,
  "gsr_y": 0.031535804271698,
  "provenance": {
    "md5sum": "fe0b52e3319a16e8406d9c80bcdc8444",
    "settings": {
      "fd_thres": 0.2,
      "testing": false
    },
    "software": "mriqc",
    "version": "22.0.6",
    "webapi_port": null,
    "webapi_url": "https://mriqc.nimh.nih.gov/api/v1"
  },
  "size_t": 335,
  "size_x": 84,
  "size_y": 84,
  "size_z": 48,
  "snr": 5.093273920280387,
  "spacing_tr": 1.0,
  "spacing_x": 2.4761905670166016,
  "spacing_y": 2.4761905670166016,
  "spacing_z": 2.5,
  "summary_bg_k": 37.635371962749026,
  "summary_bg_mad": 1.8297110108390278,
  "summary_bg_mean": 7.55488920211792,
  "summary_bg_median": 2.6178982257843018,
  "summary_bg_n": 205165.0,
  "summary_bg_p05": 1.0189202070236205,
  "summary_bg_p95": 29.461742401122976,
  "summary_bg_stdv": 14.41980266571045,
  "summary_fg_k": 3.402465155534749,
  "summary_fg_mad": 36.93440928631147,
  "summary_fg_mean": 209.59840393066406,
  "summary_fg_median": 205.0529327392578,
  "summary_fg_n": 73975.0,
  "summary_fg_p05": 156.66657104492188,
  "summary_fg_p95": 275.99390869140626,
  "summary_fg_stdv": 40.259281158447266,
  "tsnr": 60.193939208984375
}