{
  "bids_meta": {
    "AcquisitionMatrixPE": 240,
    "AcquisitionNumber": 1,
    "AcquisitionTime": "15:29:20.660000",
    "BaseResolution": 256,
    "BodyPartExamined": "BRAIN",
    "ConsistencyInfo": "N4_VE11B_LATEST_20150530",
    "ConversionSoftware": "dcm2niix",
    "ConversionSoftwareVersion": "v1.0.20181114  Clang4.0.1",
    "DeviceSerialNumber": "67007",
    "DwellTime": 8.2e-06,
    "EchoTime": 0.00298,
    "FlipAngle": 9,
    "ImageOrientationPatientDICOM": [
      0.0105386,
      0.999944,
      1.5387e-08,
      -0.000172399,
      1.83233e-06,
      -1
    ],
    "ImageType": [
      "ORIGINAL",
      "PRIMARY",
      "M",
      "ND",
      "NORM"
    ],
    "ImagingFrequency": 123.211,
    "InPlanePhaseEncodingDirectionDICOM": "ROW",
    "InstitutionAddress": "Perth_Drive_100_London_Ontario_CA_N6A_5K8",
    "InstitutionName": "Robarts_Research_Institute",
    "InstitutionalDepartmentName": "CFMM",
    "InversionTime": 0.9,
    "MRAcquisitionType": "3D",
    "MagneticFieldStrength": 3,
    "Manufacturer": "Siemens",
    "ManufacturersModelName": "Prisma_fit",
    "Modality": "MR",
    "PartialFourier": 1,
    "PatientPosition": "HFS",
    "PercentPhaseFOV": 93.75,
    "PhaseEncodingSteps": 239,
    "PhaseResolution": 1,
    "PixelBandwidth": 240,
    "ProcedureStepDescription": "Ansari_ITG",
    "ProtocolName": "mprage_sag_p2",
    "PulseSequenceDetails": "%SiemensSeq%_tfl",
    "ReceiveCoilActiveElements": "HEA;HEP",
    "ReceiveCoilName": "Head_32",
    "ReconMatrixPE": 256,
    "RepetitionTime": 2.3,
    "SAR": 0.0627513,
    "ScanOptions": "IR",
    "ScanningSequence": "GR_IR",
    "SequenceName": "_tfl3d1_16ns",
    "SequenceVariant": "SK_SP_MP",
    "SeriesDescription": "mprage_sag_p2",
    "SeriesNumber": 6,
    "ShimSetting": [
      5252,
      -6162,
      -3892,
      408,
      19,
      -113,
      77,
      -20
    ],
    "SliceThickness": 1,
    "SoftwareVersions": "syngo_MR_E11",
    "StationName": "MRC35368",
    "TxRefAmp": 256.912,
    "dataset": "ds002033",
    "modality": "T1w",
    "session_id": "01",
    "subject_id": "21"
  },
  "cjv": 0.3962513181982135,
  "cnr": 3.3452975902482365,
  "efc": 0.5855746767691045,
  "fber": 15011.782767950051,
  "fwhm_avg": 3.5712433333333333,
  "fwhm_x": 3.63021,
  "fwhm_y": 3.71745,
  "fwhm_z": 3.36607,
  "icvs_csf": 0.2371774008653897,
  "icvs_gm": 0.41199391700251453,
  "icvs_wm": 0.3508286821320958,
  "inu_med": 0.4822981655597687,
  "inu_range": 0.12764406204223633,
  "provenance": {
    "md5sum": "94577421f431659b2c74ffb1a42e685d",
    "settings": {
      "testing": false
    },
    "software": "mriqc",
    "version": "22.0.6",
    "warnings": {
      "large_rot_frame": true,
      "small_air_mask": false
    },
    "webapi_port": null,
    "webapi_url": "https://mriqc.nimh.nih.gov/api/v1"
  },
  "qi_1": 0.0,
  "qi_2": 0.017025578965175984,
  "rpve_csf": 18.757596329825766,
  "rpve_gm": 10.892213657030059,
  "rpve_wm": 15.076297442754095,
  "size_x": 176,
  "size_y": 240,
  "size_z": 256,
  "snr_csf": 2.615175040122776,
  "snr_gm": 9.613896427310019,
  "snr_total": 11.800781351713418,
  "snr_wm": 23.173272587707462,
  "snrd_csf": 28.670474918171887,
  "snrd_gm": 80.07506259237279,
  "snrd_total": 73.71248984040761,
  "snrd_wm": 112.39193201067815,
  "spacing_x": 1.0,
  "spacing_y": 1.0,
  "spacing_z": 1.0,
  "summary_bg_k": 10.136848998993697,
  "summary_bg_mad": 0.0,
  "summary_bg_mean": 3.4812880415896426,
  "summary_bg_median": 0.0,
  "summary_bg_n": 2347223.0,
  "summary_bg_p05": 0.0,
  "summary_bg_p95": 13.3820819593966,
  "summary_bg_stdv": 5.829034262524884,
  "summary_csf_k": 1.6092565228912008,
  "summary_csf_mad": 76.59831049332432,
  "summary_csf_mean": 269.36101260711774,
  "summary_csf_median": 255.093718836084,
  "summary_csf_n": 53548.0,
  "summary_csf_p05": 135.4536465704441,
  "summary_csf_p95": 460.44478368330726,
  "summary_csf_stdv": 97.5427392028745,
  "summary_gm_k": 0.03293337885711667,
  "summary_gm_mad": 72.78286733924256,
  "summary_gm_mean": 712.0457126333017,
  "summary_gm_median": 712.4627534430474,
  "summary_gm_n": 23076.0,
  "summary_gm_p05": 587.5159935038537,
  "summary_gm_p95": 834.5165699347854,
  "summary_gm_stdv": 74.10599036010831,
  "summary_wm_k": 0.5258754612127028,
  "summary_wm_mad": 41.15415926195783,
  "summary_wm_mean": 1000.1202093681194,
  "summary_wm_median": 1000.0000343769789,
  "summary_wm_n": 220287.0,
  "summary_wm_p05": 929.965955581516,
  "summary_wm_p95": 1070.7795341834426,
  "summary_wm_stdv": 43.1530661378629,
  "tpm_overlap_csf": 0.16843874648290416,
  "tpm_overlap_gm": 0.4538816237868627,
  "tpm_overlap_wm": 0.5159276161854871,
  "wm2max": 0.5226716141001855
}