{
  "aor": 0.0004028181818181818,
  "aqi": 0.005673178575757575,
  "bids_meta": {
    "AcquisitionMatrixPE": 84,
    "AcquisitionNumber": 1,
    "AcquisitionTime": "14:31:52.785000",
    "BandwidthPerPixelPhaseEncode": 15.664,
    "BaseResolution": 84,
    "BodyPartExamined": "BRAIN",
    "ConsistencyInfo": "N4_VE11B_LATEST_20150530",
    "ConversionSoftware": "dcm2niix",
    "ConversionSoftwareVersion": "v1.0.20181114  Clang4.0.1",
    "DerivedVendorReportedEchoSpacing": 0.000760008,
    "DeviceSerialNumber": "67007",
    "DwellTime": 3.8e-06,
    "EchoTime": 0.03,
    "EchoTrainLength": 74,
    "EffectiveEchoSpacing": 0.000760008,
    "FlipAngle": 40,
    "ImageComments": "Unaliased_MB4_PE3",
    "ImageOrientationPatientDICOM": [
      0.999297,
      -0.0080566,
      -0.0366165,
      1.58744e-08,
      0.976639,
      -0.214886
    ],
    "ImageType": [
      "ORIGINAL",
      "PRIMARY",
      "M",
      "MB",
      "ND",
      "NORM",
      "MOSAIC"
    ],
    "ImagingFrequency": 123.211,
    "InPlanePhaseEncodingDirectionDICOM": "COL",
    "InstitutionAddress": "Perth_Drive_100_London_Ontario_CA_N6A_5K8",
    "InstitutionName": "Robarts_Research_Institute",
    "InstitutionalDepartmentName": "CFMM",
    "MRAcquisitionType": "2D",
    "MagneticFieldStrength": 3,
    "Manufacturer": "Siemens",
    "ManufacturersModelName": "Prisma_fit",
    "Modality": "MR",
    "MultibandAccelerationFactor": 4,
    "PartialFourier": 0.875,
    "PatientPosition": "HFS",
    "PercentPhaseFOV": 100,
    "PhaseEncodingDirection": "j-",
    "PhaseEncodingSteps": 74,
    "PhaseResolution": 1,
    "PixelBandwidth": 1565,
    "ProcedureStepDescription": "Ansari_ITG",
    "ProtocolName": "ep_bold_mb4_nfa_2.5iso",
    "PulseSequenceDetails": "%CustomerSeq%_cmrr_mbep2d_bold",
    "ReceiveCoilActiveElements": "HEA;HEP",
    "ReceiveCoilName": "Head_32",
    "ReconMatrixPE": 84,
    "RepetitionTime": 1,
    "SAR": 0.0511363,
    "ScanOptions": "PFP_FS",
    "ScanningSequence": "EP",
    "SequenceName": "epfid2d1_84",
    "SequenceVariant": "SK_SS",
    "SeriesDescription": "ep_bold_mb4_nfa_2.5iso",
    "SeriesNumber": 5,
    "ShimSetting": [
      5248,
      -6270,
      -3917,
      469,
      70,
      -103,
      91,
      4
    ],
    "SliceThickness": 2.5,
    "SliceTiming": [
      0,
      0.41,
      0.8175,
      0.245,
      0.655,
      0.0825,
      0.49,
      0.9,
      0.3275,
      0.735,
      0.165,
      0.5725,
      0,
      0.41,
      0.8175,
      0.245,
      0.655,
      0.0825,
      0.49,
      0.9,
      0.3275,
      0.735,
      0.165,
      0.5725,
      0,
      0.41,
      0.8175,
      0.245,
      0.655,
      0.0825,
      0.49,
      0.9,
      0.3275,
      0.735,
      0.165,
      0.5725,
      0,
      0.41,
      0.8175,
      0.245,
      0.655,
      0.0825,
      0.49,
      0.9,
      0.3275,
      0.735,
      0.165,
      0.5725
    ],
    "SoftwareVersions": "syngo_MR_E11",
    "SpacingBetweenSlices": 2.5,
    "StationName": "MRC35368",
    "TaskName": "ChangeDetection",
    "TotalReadoutTime": 0.0630806,
    "TxRefAmp": 252.143,
    "WipMemBlock": "1fee3222-3eb0-42bf-90bd-26054f156a8a||Sequence: ve11b/master r/50434d5; Mar  3 2017 10:46:13 by eja",
    "dataset": "ds002033",
    "modality": "bold",
    "run_id": 3,
    "session_id": "01",
    "subject_id": "34",
    "task_id": "ChangeDetection"
  },
  "dummy_trs": 5,
  "dvars_nstd": 27.505920381337372,
  "dvars_std": 1.1783387011550148,
  "dvars_vstd": 0.9997320805167171,
  "efc": 0.5445032920078734,
  "fber": 3381.730224609375,
  "fd_mean": 0.2446290565900556,
  "fd_num": 199,
  "fd_perc": 60.303030303030305,
  "fwhm_avg": 1.9411409793742969,
  "fwhm_x": 1.81358416424736,
  "fwhm_y": 2.01375877387553,
  "fwhm_z": 1.9960799999999999,
  "gcor": 0.0157736,
  "gsr_x": -0.015447302721440792,
  "gsr_y": 0.044516321271657944,
  "provenance": {
    "md5sum": "91cb27b99470f7ea4424b81ce8d4c47d",
    "settings": {
      "fd_thres": 0.2,
      "testing": false
    },
    "software": "mriqc",
    "version": "22.0.6",
    "webapi_port": null,
    "webapi_url": "https://mriqc.nimh.nih.gov/api/v1"
  },
  "size_t": 330,
  "size_x": 84,
  "size_y": 84,
  "size_z": 48,
  "snr": 4.621752318561199,
  "spacing_tr": 1.0,
  "spacing_x": 2.4761905670166016,
  "spacing_y": 2.4761903285980225,
  "spacing_z": 2.5,
  "summary_bg_k": 26.21193979703673,
  "summary_bg_mad": 52.20209755469821,
  "summary_bg_mean": 221.62423706054688,
  "summary_bg_median": 67.58293914794922,
  "summary_bg_n": 205282.0,
  "summary_bg_p05": 27.83169641494751,
  "summary_bg_p95": 915.6440155029279,
  "summary_bg_stdv": 401.09039306640625,
  "summary_fg_k": 4.365948002536372,
  "summary_fg_mad": 751.4570792349373,
  "summary_fg_mean": 4207.46337890625,
  "summary_fg_median": 4073.1708984375,
  "summary_fg_n": 75872.0,
  "summary_fg_p05": 3122.8789306640624,
  "summary_fg_p95": 5740.991723632811,
  "summary_fg_stdv": 881.2986450195312,
  "tsnr": 61.29824447631836
}