{
  "aor": 0.00044838905775075984,
  "aqi": 0.007568090790273555,
  "bids_meta": {
    "AcquisitionMatrixPE": 84,
    "AcquisitionNumber": 1,
    "AcquisitionTime": "14:05:23.115000",
    "BandwidthPerPixelPhaseEncode": 15.664,
    "BaseResolution": 84,
    "BodyPartExamined": "BRAIN",
    "ConsistencyInfo": "N4_VE11B_LATEST_20150530",
    "ConversionSoftware": "dcm2niix",
    "ConversionSoftwareVersion": "v1.0.20181114  Clang4.0.1",
    "DerivedVendorReportedEchoSpacing": 0.000760008,
    "DeviceSerialNumber": "67007",
    "DwellTime": 3.8e-06,
    "EchoTime": 0.03,
    "EchoTrainLength": 74,
    "EffectiveEchoSpacing": 0.000760008,
    "FlipAngle": 40,
    "ImageComments": "Unaliased_MB4_PE3",
    "ImageOrientationPatientDICOM": [
      0.999054,
      -0.00333978,
      -0.0433624,
      4.73606e-08,
      0.997047,
      -0.0767917
    ],
    "ImageType": [
      "ORIGINAL",
      "PRIMARY",
      "M",
      "MB",
      "ND",
      "NORM",
      "MOSAIC"
    ],
    "ImagingFrequency": 123.209,
    "InPlanePhaseEncodingDirectionDICOM": "COL",
    "InstitutionAddress": "Perth_Drive_100_London_Ontario_CA_N6A_5K8",
    "InstitutionName": "Robarts_Research_Institute",
    "InstitutionalDepartmentName": "CFMM",
    "MRAcquisitionType": "2D",
    "MagneticFieldStrength": 3,
    "Manufacturer": "Siemens",
    "ManufacturersModelName": "Prisma_fit",
    "Modality": "MR",
    "MultibandAccelerationFactor": 4,
    "PartialFourier": 0.875,
    "PatientPosition": "HFS",
    "PercentPhaseFOV": 100,
    "PhaseEncodingDirection": "j-",
    "PhaseEncodingSteps": 74,
    "PhaseResolution": 1,
    "PixelBandwidth": 1565,
    "ProcedureStepDescription": "Ansari_ITG",
    "ProtocolName": "ep_bold_mb4_nfa_2.5iso",
    "PulseSequenceDetails": "%CustomerSeq%_cmrr_mbep2d_bold",
    "ReceiveCoilActiveElements": "HEA;HEP",
    "ReceiveCoilName": "Head_32",
    "ReconMatrixPE": 84,
    "RepetitionTime": 1,
    "SAR": 0.0541774,
    "ScanOptions": "PFP_FS",
    "ScanningSequence": "EP",
    "SequenceName": "epfid2d1_84",
    "SequenceVariant": "SK_SS",
    "SeriesDescription": "ep_bold_mb4_nfa_2.5iso",
    "SeriesNumber": 2,
    "ShimSetting": [
      5256,
      -6181,
      -4031,
      277,
      7,
      372,
      248,
      -68
    ],
    "SliceThickness": 2.5,
    "SliceTiming": [
      0,
      0.4075,
      0.8175,
      0.245,
      0.6525,
      0.0825,
      0.49,
      0.8975,
      0.3275,
      0.735,
      0.1625,
      0.5725,
      0,
      0.4075,
      0.8175,
      0.245,
      0.6525,
      0.0825,
      0.49,
      0.8975,
      0.3275,
      0.735,
      0.1625,
      0.5725,
      0,
      0.4075,
      0.8175,
      0.245,
      0.6525,
      0.0825,
      0.49,
      0.8975,
      0.3275,
      0.735,
      0.1625,
      0.5725,
      0,
      0.4075,
      0.8175,
      0.245,
      0.6525,
      0.0825,
      0.49,
      0.8975,
      0.3275,
      0.735,
      0.1625,
      0.5725
    ],
    "SoftwareVersions": "syngo_MR_E11",
    "SpacingBetweenSlices": 2.5,
    "StationName": "MRC35368",
    "TaskName": "ChangeDetection",
    "TotalReadoutTime": 0.0630806,
    "TxRefAmp": 241.565,
    "WipMemBlock": "b1baa92f-6cf4-456f-b4e0-4eb31f89a04e||Sequence: ve11b/master r/50434d5; Mar  3 2017 10:46:13 by eja",
    "dataset": "ds002033",
    "modality": "bold",
    "run_id": 1,
    "session_id": "01",
    "subject_id": "05",
    "task_id": "ChangeDetection"
  },
  "dummy_trs": 6,
  "dvars_nstd": 29.60279978768292,
  "dvars_std": 1.158669128749999,
  "dvars_vstd": 0.987407633079268,
  "efc": 0.5312938764373407,
  "fber": 5566.53564453125,
  "fd_mean": 0.18076436071273427,
  "fd_num": 136,
  "fd_perc": 41.33738601823708,
  "fwhm_avg": 1.901758277506499,
  "fwhm_x": 1.7861145498703241,
  "fwhm_y": 2.0097564647441106,
  "fwhm_z": 1.9094038179050619,
  "gcor": 0.0192405,
  "gsr_x": -0.018003569915890694,
  "gsr_y": 0.04467824101448059,
  "provenance": {
    "md5sum": "9d777d844e096157ec2d5fda47015040",
    "settings": {
      "fd_thres": 0.2,
      "testing": false
    },
    "software": "mriqc",
    "version": "22.0.6",
    "webapi_port": null,
    "webapi_url": "https://mriqc.nimh.nih.gov/api/v1"
  },
  "size_t": 329,
  "size_x": 84,
  "size_y": 84,
  "size_z": 48,
  "snr": 5.143131694104852,
  "spacing_tr": 1.0,
  "spacing_x": 2.4761905670166016,
  "spacing_y": 2.4761905670166016,
  "spacing_z": 2.500000238418579,
  "summary_bg_k": 20.41621473135949,
  "summary_bg_mad": 2.395116096232776,
  "summary_bg_mean": 11.60407543182373,
  "summary_bg_median": 3.1229374408721924,
  "summary_bg_n": 207796.0,
  "summary_bg_p05": 1.0959788858890533,
  "summary_bg_p95": 51.707974433898926,
  "summary_bg_stdv": 22.34099769592285,
  "summary_fg_k": 3.8460137841447892,
  "summary_fg_mad": 41.830281425527645,
  "summary_fg_mean": 247.42507934570312,
  "summary_fg_median": 240.67271423339844,
  "summary_fg_n": 72431.0,
  "summary_fg_p05": 187.4320831298828,
  "summary_fg_p95": 326.4130554199219,
  "summary_fg_stdv": 46.79465103149414,
  "tsnr": 55.71457290649414
}