{
  "aor": 0.0002687423312883436,
  "aqi": 0.006978668036809816,
  "bids_meta": {
    "AcquisitionMatrixPE": 84,
    "AcquisitionNumber": 1,
    "AcquisitionTime": "15:21:33.105000",
    "BandwidthPerPixelPhaseEncode": 15.664,
    "BaseResolution": 84,
    "BodyPartExamined": "BRAIN",
    "ConsistencyInfo": "N4_VE11B_LATEST_20150530",
    "ConversionSoftware": "dcm2niix",
    "ConversionSoftwareVersion": "v1.0.20181114  Clang4.0.1",
    "DerivedVendorReportedEchoSpacing": 0.000760008,
    "DeviceSerialNumber": "67007",
    "DwellTime": 3.8e-06,
    "EchoTime": 0.03,
    "EchoTrainLength": 74,
    "EffectiveEchoSpacing": 0.000760008,
    "FlipAngle": 40,
    "ImageComments": "Unaliased_MB4_PE3",
    "ImageOrientationPatientDICOM": [
      0.998998,
      -0.0139909,
      -0.0425065,
      -3.10256e-08,
      0.949869,
      -0.312648
    ],
    "ImageType": [
      "ORIGINAL",
      "PRIMARY",
      "M",
      "MB",
      "ND",
      "NORM",
      "MOSAIC"
    ],
    "ImagingFrequency": 123.211,
    "InPlanePhaseEncodingDirectionDICOM": "COL",
    "InstitutionAddress": "Perth_Drive_100_London_Ontario_CA_N6A_5K8",
    "InstitutionName": "Robarts_Research_Institute",
    "InstitutionalDepartmentName": "CFMM",
    "MRAcquisitionType": "2D",
    "MagneticFieldStrength": 3,
    "Manufacturer": "Siemens",
    "ManufacturersModelName": "Prisma_fit",
    "Modality": "MR",
    "MultibandAccelerationFactor": 4,
    "PartialFourier": 0.875,
    "PatientPosition": "HFS",
    "PercentPhaseFOV": 100,
    "PhaseEncodingDirection": "j-",
    "PhaseEncodingSteps": 74,
    "PhaseResolution": 1,
    "PixelBandwidth": 1565,
    "ProcedureStepDescription": "Ansari_ITG",
    "ProtocolName": "ep_bold_mb4_nfa_2.5iso",
    "PulseSequenceDetails": "%CustomerSeq%_cmrr_mbep2d_bold",
    "ReceiveCoilActiveElements": "HEA;HEP",
    "ReceiveCoilName": "Head_32",
    "ReconMatrixPE": 84,
    "RepetitionTime": 1,
    "SAR": 0.0699184,
    "ScanOptions": "PFP_FS",
    "ScanningSequence": "EP",
    "SequenceName": "epfid2d1_84",
    "SequenceVariant": "SK_SS",
    "SeriesDescription": "ep_bold_mb4_nfa_2.5iso",
    "SeriesNumber": 6,
    "ShimSetting": [
      5215,
      -6182,
      -3903,
      642,
      62,
      60,
      182,
      10
    ],
    "SliceThickness": 2.5,
    "SliceTiming": [
      0,
      0.4075,
      0.815,
      0.245,
      0.6525,
      0.08,
      0.49,
      0.8975,
      0.325,
      0.735,
      0.1625,
      0.57,
      0,
      0.4075,
      0.815,
      0.245,
      0.6525,
      0.08,
      0.49,
      0.8975,
      0.325,
      0.735,
      0.1625,
      0.57,
      0,
      0.4075,
      0.815,
      0.245,
      0.6525,
      0.08,
      0.49,
      0.8975,
      0.325,
      0.735,
      0.1625,
      0.57,
      0,
      0.4075,
      0.815,
      0.245,
      0.6525,
      0.08,
      0.49,
      0.8975,
      0.325,
      0.735,
      0.1625,
      0.57
    ],
    "SoftwareVersions": "syngo_MR_E11",
    "SpacingBetweenSlices": 2.5,
    "StationName": "MRC35368",
    "TaskName": "ChangeDetection",
    "TotalReadoutTime": 0.0630806,
    "TxRefAmp": 261.044,
    "WipMemBlock": "4ff911fd-c4a3-489b-b15a-1eca211a6c35||Sequence: ve11b/master r/50434d5; Mar  3 2017 10:46:13 by eja",
    "dataset": "ds002033",
    "modality": "bold",
    "run_id": 4,
    "session_id": "01",
    "subject_id": "35",
    "task_id": "ChangeDetection"
  },
  "dummy_trs": 9,
  "dvars_nstd": 34.111188430707685,
  "dvars_std": 1.2415743764923084,
  "dvars_vstd": 0.9906102515999997,
  "efc": 0.5530698251744964,
  "fber": 3366.288818359375,
  "fd_mean": 0.19587379427211812,
  "fd_num": 164,
  "fd_perc": 50.306748466257666,
  "fwhm_avg": 1.8967178001818361,
  "fwhm_x": 1.779943780865897,
  "fwhm_y": 1.9800576196796116,
  "fwhm_z": 1.930152,
  "gcor": 0.00650169,
  "gsr_x": -0.029803236946463585,
  "gsr_y": 0.048800524324178696,
  "provenance": {
    "md5sum": "0db77779412d2cbb19b28da3fb8aad09",
    "settings": {
      "fd_thres": 0.2,
      "testing": false
    },
    "software": "mriqc",
    "version": "22.0.6",
    "webapi_port": null,
    "webapi_url": "https://mriqc.nimh.nih.gov/api/v1"
  },
  "size_t": 326,
  "size_x": 84,
  "size_y": 84,
  "size_z": 48,
  "snr": 4.745297856526503,
  "spacing_tr": 1.0,
  "spacing_x": 2.4761905670166016,
  "spacing_y": 2.4761905670166016,
  "spacing_z": 2.5,
  "summary_bg_k": 25.715934192648774,
  "summary_bg_mad": 40.13572699472378,
  "summary_bg_mean": 189.82139587402344,
  "summary_bg_median": 58.17313003540039,
  "summary_bg_n": 200497.0,
  "summary_bg_p05": 26.43539695739746,
  "summary_bg_p95": 789.1155639648437,
  "summary_bg_stdv": 353.2041931152344,
  "summary_fg_k": 4.473587443558476,
  "summary_fg_mad": 617.3145171325152,
  "summary_fg_mean": 3626.234375,
  "summary_fg_median": 3517.094970703125,
  "summary_fg_n": 78683.0,
  "summary_fg_p05": 2689.6123046875,
  "summary_fg_p95": 4908.9605957031235,
  "summary_fg_stdv": 741.1700439453125,
  "tsnr": 57.29925537109375
}