{
  "aor": 0.0004014714714714715,
  "aqi": 0.00609528921921922,
  "bids_meta": {
    "AcquisitionMatrixPE": 84,
    "AcquisitionNumber": 1,
    "AcquisitionTime": "15:15:23.182500",
    "BandwidthPerPixelPhaseEncode": 15.664,
    "BaseResolution": 84,
    "BodyPartExamined": "BRAIN",
    "ConsistencyInfo": "N4_VE11B_LATEST_20150530",
    "ConversionSoftware": "dcm2niix",
    "ConversionSoftwareVersion": "v1.0.20181114  Clang4.0.1",
    "DerivedVendorReportedEchoSpacing": 0.000760008,
    "DeviceSerialNumber": "67007",
    "DwellTime": 3.8e-06,
    "EchoTime": 0.03,
    "EchoTrainLength": 74,
    "EffectiveEchoSpacing": 0.000760008,
    "FlipAngle": 40,
    "ImageComments": "Unaliased_MB4_PE3",
    "ImageOrientationPatientDICOM": [
      0.998998,
      -0.0139909,
      -0.0425065,
      -3.10256e-08,
      0.949869,
      -0.312648
    ],
    "ImageType": [
      "ORIGINAL",
      "PRIMARY",
      "M",
      "MB",
      "ND",
      "NORM",
      "MOSAIC"
    ],
    "ImagingFrequency": 123.211,
    "InPlanePhaseEncodingDirectionDICOM": "COL",
    "InstitutionAddress": "Perth_Drive_100_London_Ontario_CA_N6A_5K8",
    "InstitutionName": "Robarts_Research_Institute",
    "InstitutionalDepartmentName": "CFMM",
    "MRAcquisitionType": "2D",
    "MagneticFieldStrength": 3,
    "Manufacturer": "Siemens",
    "ManufacturersModelName": "Prisma_fit",
    "Modality": "MR",
    "MultibandAccelerationFactor": 4,
    "PartialFourier": 0.875,
    "PatientPosition": "HFS",
    "PercentPhaseFOV": 100,
    "PhaseEncodingDirection": "j-",
    "PhaseEncodingSteps": 74,
    "PhaseResolution": 1,
    "PixelBandwidth": 1565,
    "ProcedureStepDescription": "Ansari_ITG",
    "ProtocolName": "ep_bold_mb4_nfa_2.5iso",
    "PulseSequenceDetails": "%CustomerSeq%_cmrr_mbep2d_bold",
    "ReceiveCoilActiveElements": "HEA;HEP",
    "ReceiveCoilName": "Head_32",
    "ReconMatrixPE": 84,
    "RepetitionTime": 1,
    "SAR": 0.0699184,
    "ScanOptions": "PFP_FS",
    "ScanningSequence": "EP",
    "SequenceName": "epfid2d1_84",
    "SequenceVariant": "SK_SS",
    "SeriesDescription": "ep_bold_mb4_nfa_2.5iso",
    "SeriesNumber": 5,
    "ShimSetting": [
      5215,
      -6182,
      -3903,
      642,
      62,
      60,
      182,
      10
    ],
    "SliceThickness": 2.5,
    "SliceTiming": [
      0,
      0.41,
      0.8175,
      0.245,
      0.655,
      0.0825,
      0.49,
      0.9,
      0.3275,
      0.735,
      0.165,
      0.5725,
      0,
      0.41,
      0.8175,
      0.245,
      0.655,
      0.0825,
      0.49,
      0.9,
      0.3275,
      0.735,
      0.165,
      0.5725,
      0,
      0.41,
      0.8175,
      0.245,
      0.655,
      0.0825,
      0.49,
      0.9,
      0.3275,
      0.735,
      0.165,
      0.5725,
      0,
      0.41,
      0.8175,
      0.245,
      0.655,
      0.0825,
      0.49,
      0.9,
      0.3275,
      0.735,
      0.165,
      0.5725
    ],
    "SoftwareVersions": "syngo_MR_E11",
    "SpacingBetweenSlices": 2.5,
    "StationName": "MRC35368",
    "TaskName": "ChangeDetection",
    "TotalReadoutTime": 0.0630806,
    "TxRefAmp": 261.044,
    "WipMemBlock": "20e9eb53-9aad-490b-8c47-ceb65d501ff6||Sequence: ve11b/master r/50434d5; Mar  3 2017 10:46:13 by eja",
    "dataset": "ds002033",
    "modality": "bold",
    "run_id": 3,
    "session_id": "01",
    "subject_id": "35",
    "task_id": "ChangeDetection"
  },
  "dummy_trs": 2,
  "dvars_nstd": 34.222169887891575,
  "dvars_std": 1.2587367669879523,
  "dvars_vstd": 1.0004282945180727,
  "efc": 0.552550251973321,
  "fber": 3386.005615234375,
  "fd_mean": 0.19294959335026007,
  "fd_num": 165,
  "fd_perc": 49.549549549549546,
  "fwhm_avg": 1.8933767233502048,
  "fwhm_x": 1.7760951271609111,
  "fwhm_y": 1.9764270428897035,
  "fwhm_z": 1.927608,
  "gcor": 0.0128112,
  "gsr_x": -0.029163438826799393,
  "gsr_y": 0.048021573573350906,
  "provenance": {
    "md5sum": "529e332bf641015b5579da07fa9d1eb8",
    "settings": {
      "fd_thres": 0.2,
      "testing": false
    },
    "software": "mriqc",
    "version": "22.0.6",
    "webapi_port": null,
    "webapi_url": "https://mriqc.nimh.nih.gov/api/v1"
  },
  "size_t": 333,
  "size_x": 84,
  "size_y": 84,
  "size_z": 48,
  "snr": 4.744281319993023,
  "spacing_tr": 1.0,
  "spacing_x": 2.4761905670166016,
  "spacing_y": 2.4761905670166016,
  "spacing_z": 2.5,
  "summary_bg_k": 26.495689694887133,
  "summary_bg_mad": 39.631050995788,
  "summary_bg_mean": 188.5310516357422,
  "summary_bg_median": 58.10841369628906,
  "summary_bg_n": 200476.0,
  "summary_bg_p05": 26.606162548065186,
  "summary_bg_p95": 784.7327423095703,
  "summary_bg_stdv": 352.114013671875,
  "summary_fg_k": 4.36851927806335,
  "summary_fg_mad": 620.6805960707459,
  "summary_fg_mean": 3627.852294921875,
  "summary_fg_median": 3520.2041015625,
  "summary_fg_n": 78716.0,
  "summary_fg_p05": 2683.5924072265625,
  "summary_fg_p95": 4907.47607421875,
  "summary_fg_stdv": 741.9841918945312,
  "tsnr": 61.142974853515625
}