{
  "aor": 0.0003355454545454546,
  "aqi": 0.008068344787878788,
  "bids_meta": {
    "AcquisitionMatrixPE": 84,
    "AcquisitionNumber": 1,
    "AcquisitionTime": "15:03:8.592500",
    "BandwidthPerPixelPhaseEncode": 15.664,
    "BaseResolution": 84,
    "BodyPartExamined": "BRAIN",
    "ConsistencyInfo": "N4_VE11B_LATEST_20150530",
    "ConversionSoftware": "dcm2niix",
    "ConversionSoftwareVersion": "v1.0.20181114  Clang4.0.1",
    "DerivedVendorReportedEchoSpacing": 0.000760008,
    "DeviceSerialNumber": "67007",
    "DwellTime": 3.8e-06,
    "EchoTime": 0.03,
    "EchoTrainLength": 74,
    "EffectiveEchoSpacing": 0.000760008,
    "FlipAngle": 40,
    "ImageComments": "Unaliased_MB4_PE3",
    "ImageOrientationPatientDICOM": [
      0.998998,
      -0.0139909,
      -0.0425065,
      -3.10256e-08,
      0.949869,
      -0.312648
    ],
    "ImageType": [
      "ORIGINAL",
      "PRIMARY",
      "M",
      "MB",
      "ND",
      "NORM",
      "MOSAIC"
    ],
    "ImagingFrequency": 123.211,
    "InPlanePhaseEncodingDirectionDICOM": "COL",
    "InstitutionAddress": "Perth_Drive_100_London_Ontario_CA_N6A_5K8",
    "InstitutionName": "Robarts_Research_Institute",
    "InstitutionalDepartmentName": "CFMM",
    "MRAcquisitionType": "2D",
    "MagneticFieldStrength": 3,
    "Manufacturer": "Siemens",
    "ManufacturersModelName": "Prisma_fit",
    "Modality": "MR",
    "MultibandAccelerationFactor": 4,
    "PartialFourier": 0.875,
    "PatientPosition": "HFS",
    "PercentPhaseFOV": 100,
    "PhaseEncodingDirection": "j-",
    "PhaseEncodingSteps": 74,
    "PhaseResolution": 1,
    "PixelBandwidth": 1565,
    "ProcedureStepDescription": "Ansari_ITG",
    "ProtocolName": "ep_bold_mb4_nfa_2.5iso",
    "PulseSequenceDetails": "%CustomerSeq%_cmrr_mbep2d_bold",
    "ReceiveCoilActiveElements": "HEA;HEP",
    "ReceiveCoilName": "Head_32",
    "ReconMatrixPE": 84,
    "RepetitionTime": 1,
    "SAR": 0.0699184,
    "ScanOptions": "PFP_FS",
    "ScanningSequence": "EP",
    "SequenceName": "epfid2d1_84",
    "SequenceVariant": "SK_SS",
    "SeriesDescription": "ep_bold_mb4_nfa_2.5iso",
    "SeriesNumber": 3,
    "ShimSetting": [
      5215,
      -6182,
      -3903,
      642,
      62,
      60,
      182,
      10
    ],
    "SliceThickness": 2.5,
    "SliceTiming": [
      0,
      0.41,
      0.8175,
      0.245,
      0.655,
      0.0825,
      0.49,
      0.9,
      0.3275,
      0.735,
      0.165,
      0.5725,
      0,
      0.41,
      0.8175,
      0.245,
      0.655,
      0.0825,
      0.49,
      0.9,
      0.3275,
      0.735,
      0.165,
      0.5725,
      0,
      0.41,
      0.8175,
      0.245,
      0.655,
      0.0825,
      0.49,
      0.9,
      0.3275,
      0.735,
      0.165,
      0.5725,
      0,
      0.41,
      0.8175,
      0.245,
      0.655,
      0.0825,
      0.49,
      0.9,
      0.3275,
      0.735,
      0.165,
      0.5725
    ],
    "SoftwareVersions": "syngo_MR_E11",
    "SpacingBetweenSlices": 2.5,
    "StationName": "MRC35368",
    "TaskName": "ChangeDetection",
    "TotalReadoutTime": 0.0630806,
    "TxRefAmp": 261.044,
    "WipMemBlock": "f2f9c151-d284-4666-9e56-16ddca784a61||Sequence: ve11b/master r/50434d5; Mar  3 2017 10:46:13 by eja",
    "dataset": "ds002033",
    "modality": "bold",
    "run_id": 2,
    "session_id": "01",
    "subject_id": "35",
    "task_id": "ChangeDetection"
  },
  "dummy_trs": 5,
  "dvars_nstd": 34.45857245711247,
  "dvars_std": 1.2456797020972648,
  "dvars_vstd": 0.9883597142857146,
  "efc": 0.5527976175785477,
  "fber": 3400.5341796875,
  "fd_mean": 0.19244512822974683,
  "fd_num": 159,
  "fd_perc": 48.18181818181818,
  "fwhm_avg": 1.901483992440004,
  "fwhm_x": 1.7793985885782027,
  "fwhm_y": 1.9846533887418092,
  "fwhm_z": 1.9404,
  "gcor": 0.00755786,
  "gsr_x": -0.0294113177806139,
  "gsr_y": 0.04814577102661133,
  "provenance": {
    "md5sum": "bc60f44c963a7130b070db305042e87d",
    "settings": {
      "fd_thres": 0.2,
      "testing": false
    },
    "software": "mriqc",
    "version": "22.0.6",
    "webapi_port": null,
    "webapi_url": "https://mriqc.nimh.nih.gov/api/v1"
  },
  "size_t": 330,
  "size_x": 84,
  "size_y": 84,
  "size_z": 48,
  "snr": 4.72913173265277,
  "spacing_tr": 1.0,
  "spacing_x": 2.4761905670166016,
  "spacing_y": 2.4761905670166016,
  "spacing_z": 2.5,
  "summary_bg_k": 25.607852101821116,
  "summary_bg_mad": 40.17633759511891,
  "summary_bg_mean": 188.89254760742188,
  "summary_bg_median": 57.94194793701172,
  "summary_bg_n": 200414.0,
  "summary_bg_p05": 25.905444812774657,
  "summary_bg_p95": 782.8723327636701,
  "summary_bg_stdv": 353.90740966796875,
  "summary_fg_k": 4.285800890499995,
  "summary_fg_mad": 621.4524830900241,
  "summary_fg_mean": 3625.4599609375,
  "summary_fg_median": 3514.423828125,
  "summary_fg_n": 78844.0,
  "summary_fg_p05": 2685.1947265625,
  "summary_fg_p95": 4913.051806640625,
  "summary_fg_stdv": 743.1388549804688,
  "tsnr": 53.82368850708008
}