{
  "bids_meta": {
    "AcquisitionMatrixPE": 216,
    "AcquisitionNumber": 1,
    "AcquisitionTime": "11:43:29.137500",
    "BaseResolution": 256,
    "BodyPartExamined": "BRAIN",
    "ConsistencyInfo": "N4_VE11B_LATEST_20150530",
    "ConversionSoftware": "dcm2niix",
    "ConversionSoftwareVersion": "v1.0.20181114  Clang4.0.1",
    "DeviceSerialNumber": "67007",
    "DwellTime": 8.2e-06,
    "EchoTime": 0.00298,
    "FlipAngle": 9,
    "ImageOrientationPatientDICOM": [
      0.0348995,
      0.999391,
      0,
      0,
      0,
      -1
    ],
    "ImageType": [
      "ORIGINAL",
      "PRIMARY",
      "M",
      "ND",
      "NORM"
    ],
    "ImagingFrequency": 123.211,
    "InPlanePhaseEncodingDirectionDICOM": "ROW",
    "InstitutionAddress": "Perth_Drive_100_London_Ontario_CA_N6A_5K8",
    "InstitutionName": "Robarts_Research_Institute",
    "InstitutionalDepartmentName": "CFMM",
    "InversionTime": 0.9,
    "MRAcquisitionType": "3D",
    "MagneticFieldStrength": 3,
    "Manufacturer": "Siemens",
    "ManufacturersModelName": "Prisma_fit",
    "Modality": "MR",
    "PartialFourier": 1,
    "PatientPosition": "HFS",
    "PercentPhaseFOV": 84.375,
    "PhaseEncodingSteps": 215,
    "PhaseResolution": 1,
    "PixelBandwidth": 240,
    "ProcedureStepDescription": "Ansari_ITG",
    "ProtocolName": "mprage_sag_p2",
    "PulseSequenceDetails": "%SiemensSeq%_tfl",
    "ReceiveCoilActiveElements": "HEA;HEP",
    "ReceiveCoilName": "Head_32",
    "ReconMatrixPE": 256,
    "RepetitionTime": 2.3,
    "SAR": 0.0483606,
    "ScanOptions": "IR",
    "ScanningSequence": "GR_IR",
    "SequenceName": "_tfl3d1_16ns",
    "SequenceVariant": "SK_SP_MP",
    "SeriesDescription": "mprage_sag_p2",
    "SeriesNumber": 5,
    "ShimSetting": [
      5244,
      -6203,
      -3937,
      398,
      77,
      -267,
      -20,
      -25
    ],
    "SliceThickness": 1,
    "SoftwareVersions": "syngo_MR_E11",
    "StationName": "MRC35368",
    "TxRefAmp": 245.713,
    "dataset": "ds002033",
    "modality": "T1w",
    "session_id": "01",
    "subject_id": "33"
  },
  "cjv": 0.3298132022681299,
  "cnr": 3.969452335197561,
  "efc": 0.5646168420622425,
  "fber": 17601.543150341422,
  "fwhm_avg": 3.5522933333333335,
  "fwhm_x": 3.73337,
  "fwhm_y": 3.53206,
  "fwhm_z": 3.39145,
  "icvs_csf": 0.19102277705483234,
  "icvs_gm": 0.4526222338623767,
  "icvs_wm": 0.35635498908279095,
  "inu_med": 0.4356209486722946,
  "inu_range": 0.11274005174636842,
  "provenance": {
    "md5sum": "ba298891fa886e34e6d35e80c7cdf167",
    "settings": {
      "testing": false
    },
    "software": "mriqc",
    "version": "22.0.6",
    "warnings": {
      "large_rot_frame": true,
      "small_air_mask": false
    },
    "webapi_port": null,
    "webapi_url": "https://mriqc.nimh.nih.gov/api/v1"
  },
  "qi_1": 0.0,
  "qi_2": 0.0207756605723772,
  "rpve_csf": 22.763484225289037,
  "rpve_gm": 10.460978962988827,
  "rpve_wm": 15.076467751676438,
  "size_x": 176,
  "size_y": 216,
  "size_z": 256,
  "snr_csf": 2.04694647829428,
  "snr_gm": 10.44875407437353,
  "snr_total": 11.904412709012535,
  "snr_wm": 23.217537574369796,
  "snrd_csf": 27.717786074939337,
  "snrd_gm": 72.63060794461286,
  "snrd_total": 68.68863092969231,
  "snrd_wm": 105.71749876952477,
  "spacing_x": 1.0,
  "spacing_y": 1.0,
  "spacing_z": 1.0,
  "summary_bg_k": 24.100505914708123,
  "summary_bg_mad": 0.0,
  "summary_bg_mean": 3.8699531707435892,
  "summary_bg_median": 0.0,
  "summary_bg_n": 2457121.0,
  "summary_bg_p05": 0.0,
  "summary_bg_p95": 13.510403774678707,
  "summary_bg_stdv": 6.197047762509506,
  "summary_csf_k": 2.516564454536005,
  "summary_csf_mad": 104.92891502117936,
  "summary_csf_mean": 280.7266758871394,
  "summary_csf_median": 262.18730050325394,
  "summary_csf_n": 24465.0,
  "summary_csf_p05": 97.70224355012179,
  "summary_csf_p95": 516.971820154786,
  "summary_csf_stdv": 128.0844149138956,
  "summary_gm_k": 0.16909825716622517,
  "summary_gm_mad": 63.015832383829505,
  "summary_gm_mean": 687.3060287824335,
  "summary_gm_median": 687.025398761034,
  "summary_gm_n": 28856.0,
  "summary_gm_p05": 578.7778084203601,
  "summary_gm_p95": 796.817974448204,
  "summary_gm_stdv": 65.75075740044177,
  "summary_wm_k": 0.8074787552855773,
  "summary_wm_mad": 40.20731764629493,
  "summary_wm_mean": 999.9884834874736,
  "summary_wm_median": 999.9999835267663,
  "summary_wm_n": 201845.0,
  "summary_wm_p05": 930.146922647953,
  "summary_wm_p95": 1069.7215562909842,
  "summary_wm_stdv": 43.07078229860797,
  "tpm_overlap_csf": 0.163078588220003,
  "tpm_overlap_gm": 0.47715435913533794,
  "tpm_overlap_wm": 0.5167836050800251,
  "wm2max": 0.5014926829726559
}