{
  "bids_meta": {
    "AcquisitionMatrixPE": 248,
    "AcquisitionNumber": 1,
    "AcquisitionTime": "13:23:25.785000",
    "BaseResolution": 256,
    "BodyPartExamined": "BRAIN",
    "ConsistencyInfo": "N4_VE11B_LATEST_20150530",
    "ConversionSoftware": "dcm2niix",
    "ConversionSoftwareVersion": "v1.0.20181114  Clang4.0.1",
    "DeviceSerialNumber": "67007",
    "DwellTime": 8.2e-06,
    "EchoTime": 0.00298,
    "FlipAngle": 9,
    "ImageOrientationPatientDICOM": [
      -0.0226873,
      0.999743,
      0,
      0,
      0,
      -1
    ],
    "ImageType": [
      "ORIGINAL",
      "PRIMARY",
      "M",
      "ND",
      "NORM"
    ],
    "ImagingFrequency": 123.209,
    "InPlanePhaseEncodingDirectionDICOM": "ROW",
    "InstitutionAddress": "Perth_Drive_100_London_Ontario_CA_N6A_5K8",
    "InstitutionName": "Robarts_Research_Institute",
    "InstitutionalDepartmentName": "CFMM",
    "InversionTime": 0.9,
    "MRAcquisitionType": "3D",
    "MagneticFieldStrength": 3,
    "Manufacturer": "Siemens",
    "ManufacturersModelName": "Prisma_fit",
    "Modality": "MR",
    "PartialFourier": 1,
    "PatientPosition": "HFS",
    "PercentPhaseFOV": 96.875,
    "PhaseEncodingSteps": 247,
    "PhaseResolution": 1,
    "PixelBandwidth": 240,
    "ProcedureStepDescription": "Ansari_ITG",
    "ProtocolName": "mprage_sag_p2",
    "PulseSequenceDetails": "%SiemensSeq%_tfl",
    "ReceiveCoilActiveElements": "HEA;HEP",
    "ReceiveCoilName": "Head_32",
    "ReconMatrixPE": 256,
    "RepetitionTime": 2.3,
    "SAR": 0.0667232,
    "ScanOptions": "IR",
    "ScanningSequence": "GR_IR",
    "SequenceName": "_tfl3d1_16ns",
    "SequenceVariant": "SK_SP_MP",
    "SeriesDescription": "mprage_sag_p2",
    "SeriesNumber": 6,
    "ShimSetting": [
      5263,
      -6197,
      -3897,
      305,
      56,
      -89,
      101,
      -7
    ],
    "SliceThickness": 1,
    "SoftwareVersions": "syngo_MR_E11",
    "StationName": "MRC35368",
    "TxRefAmp": 279.1,
    "dataset": "ds002033",
    "modality": "T1w",
    "session_id": "01",
    "subject_id": "04"
  },
  "cjv": 0.3594413644663279,
  "cnr": 3.6900964851872624,
  "efc": 0.5846801972144173,
  "fber": 17489.225484697963,
  "fwhm_avg": 3.5742366666666663,
  "fwhm_x": 3.5428,
  "fwhm_y": 3.76365,
  "fwhm_z": 3.41626,
  "icvs_csf": 0.23108582301312122,
  "icvs_gm": 0.4293264150447736,
  "icvs_wm": 0.33958776194210516,
  "inu_med": 0.4608553946018219,
  "inu_range": 0.10040775835514065,
  "provenance": {
    "md5sum": "6f3f6340a19f026b95521a2a18531bf3",
    "settings": {
      "testing": false
    },
    "software": "mriqc",
    "version": "22.0.6",
    "warnings": {
      "large_rot_frame": true,
      "small_air_mask": false
    },
    "webapi_port": null,
    "webapi_url": "https://mriqc.nimh.nih.gov/api/v1"
  },
  "qi_1": 0.0,
  "qi_2": 0.013868196053654235,
  "rpve_csf": 21.95894408413117,
  "rpve_gm": 12.060559631581713,
  "rpve_wm": 17.5611404832642,
  "size_x": 176,
  "size_y": 248,
  "size_z": 256,
  "snr_csf": 2.211608449860177,
  "snr_gm": 9.733753985442963,
  "snr_total": 11.684565286863839,
  "snr_wm": 23.10833342528838,
  "snrd_csf": 26.71361601668083,
  "snrd_gm": 74.48272676628925,
  "snrd_total": 69.60753221464478,
  "snrd_wm": 107.62625386096423,
  "spacing_x": 1.0,
  "spacing_y": 1.0,
  "spacing_z": 1.0,
  "summary_bg_k": 13.767623579831689,
  "summary_bg_mad": 0.0,
  "summary_bg_mean": 3.4463342079485817,
  "summary_bg_median": 0.0,
  "summary_bg_n": 2604883.0,
  "summary_bg_p05": 0.0,
  "summary_bg_p95": 12.789867393672466,
  "summary_bg_stdv": 6.087142996042352,
  "summary_csf_k": 1.093459557560994,
  "summary_csf_mad": 96.49134010078826,
  "summary_csf_mean": 260.199684056588,
  "summary_csf_median": 248.20724452938884,
  "summary_csf_n": 39804.0,
  "summary_csf_p05": 83.6758448210545,
  "summary_csf_p95": 464.00521343015134,
  "summary_csf_stdv": 112.22787951338658,
  "summary_gm_k": -0.02130235122567381,
  "summary_gm_mad": 70.18807233660964,
  "summary_gm_mean": 691.4400051107423,
  "summary_gm_median": 692.0497907940298,
  "summary_gm_n": 24492.0,
  "summary_gm_p05": 571.5083949454129,
  "summary_gm_p95": 808.1830284632742,
  "summary_gm_stdv": 71.09648174860403,
  "summary_wm_k": 0.8955249062491601,
  "summary_wm_mad": 40.50196961063376,
  "summary_wm_mean": 999.9081196617497,
  "summary_wm_median": 999.9999960009009,
  "summary_wm_n": 189638.0,
  "summary_wm_p05": 929.717812070623,
  "summary_wm_p95": 1069.5060957446694,
  "summary_wm_stdv": 43.27431758019942,
  "tpm_overlap_csf": 0.16027677832922688,
  "tpm_overlap_gm": 0.4756851253451031,
  "tpm_overlap_wm": 0.5219729389906674,
  "wm2max": 0.5628592895458755
}