{
  "bids_meta": {
    "AcquisitionMatrixPE": 224,
    "AcquisitionNumber": 1,
    "AcquisitionTime": "15:03:31.175000",
    "BaseResolution": 256,
    "BodyPartExamined": "BRAIN",
    "ConsistencyInfo": "N4_VE11B_LATEST_20150530",
    "ConversionSoftware": "dcm2niix",
    "ConversionSoftwareVersion": "v1.0.20181114  Clang4.0.1",
    "DeviceSerialNumber": "67007",
    "DwellTime": 8.2e-06,
    "EchoTime": 0.00298,
    "FlipAngle": 9,
    "ImageOrientationPatientDICOM": [
      -0.00516929,
      0.999987,
      1.60606e-08,
      -0.00366132,
      -1.89106e-05,
      -0.999993
    ],
    "ImageType": [
      "ORIGINAL",
      "PRIMARY",
      "M",
      "ND",
      "NORM"
    ],
    "ImagingFrequency": 123.211,
    "InPlanePhaseEncodingDirectionDICOM": "ROW",
    "InstitutionAddress": "Perth_Drive_100_London_Ontario_CA_N6A_5K8",
    "InstitutionName": "Robarts_Research_Institute",
    "InstitutionalDepartmentName": "CFMM",
    "InversionTime": 0.9,
    "MRAcquisitionType": "3D",
    "MagneticFieldStrength": 3,
    "Manufacturer": "Siemens",
    "ManufacturersModelName": "Prisma_fit",
    "Modality": "MR",
    "PartialFourier": 1,
    "PatientPosition": "HFS",
    "PercentPhaseFOV": 87.5,
    "PhaseEncodingSteps": 223,
    "PhaseResolution": 1,
    "PixelBandwidth": 240,
    "ProcedureStepDescription": "Ansari_ITG",
    "ProtocolName": "mprage_sag_p2",
    "PulseSequenceDetails": "%SiemensSeq%_tfl",
    "ReceiveCoilActiveElements": "HEA;HEP",
    "ReceiveCoilName": "Head_32",
    "ReconMatrixPE": 256,
    "RepetitionTime": 2.3,
    "SAR": 0.0528729,
    "ScanOptions": "IR",
    "ScanningSequence": "GR_IR",
    "SequenceName": "_tfl3d1_16ns",
    "SequenceVariant": "SK_SP_MP",
    "SeriesDescription": "mprage_sag_p2",
    "SeriesNumber": 6,
    "ShimSetting": [
      5238,
      -6157,
      -3983,
      627,
      7,
      91,
      -120,
      -16
    ],
    "SliceThickness": 1,
    "SoftwareVersions": "syngo_MR_E11",
    "StationName": "MRC35368",
    "TxRefAmp": 250.695,
    "dataset": "ds002033",
    "modality": "T1w",
    "session_id": "01",
    "subject_id": "10"
  },
  "cjv": 0.311722428962534,
  "cnr": 4.253192648421182,
  "efc": 0.5320611198380937,
  "fber": -1.0,
  "fwhm_avg": 3.6363233333333334,
  "fwhm_x": 3.67443,
  "fwhm_y": 3.71987,
  "fwhm_z": 3.51467,
  "icvs_csf": 0.19212919067025122,
  "icvs_gm": 0.4779797387890434,
  "icvs_wm": 0.32989107054070543,
  "inu_med": 0.49113211035728455,
  "inu_range": 0.14360395073890686,
  "provenance": {
    "md5sum": "95c532f14c6de29339d9ebba77faee52",
    "settings": {
      "testing": false
    },
    "software": "mriqc",
    "version": "22.0.6",
    "warnings": {
      "large_rot_frame": true,
      "small_air_mask": false
    },
    "webapi_port": null,
    "webapi_url": "https://mriqc.nimh.nih.gov/api/v1"
  },
  "qi_1": 0.02634409893063229,
  "qi_2": 0.03662982133059477,
  "rpve_csf": 25.070981665049562,
  "rpve_gm": 11.002444198895027,
  "rpve_wm": 17.363100465804347,
  "size_x": 176,
  "size_y": 224,
  "size_z": 256,
  "snr_csf": 1.9891366433438826,
  "snr_gm": 11.402127404120556,
  "snr_total": 12.03457396955786,
  "snr_wm": 22.712457861209142,
  "snrd_csf": 28.627956246145402,
  "snrd_gm": 75.03982947311776,
  "snrd_total": 71.18690363918465,
  "snrd_wm": 109.89292519829075,
  "spacing_x": 1.0,
  "spacing_y": 1.0,
  "spacing_z": 1.0,
  "summary_bg_k": 25.85361080801988,
  "summary_bg_mad": 0.0,
  "summary_bg_mean": 2.747767403097237,
  "summary_bg_median": 0.0,
  "summary_bg_n": 2417120.0,
  "summary_bg_p05": 0.0,
  "summary_bg_p95": 13.392545640468597,
  "summary_bg_stdv": 5.961588823078817,
  "summary_csf_k": 2.662955348614334,
  "summary_csf_mad": 113.01744901835997,
  "summary_csf_mean": 273.96600493498954,
  "summary_csf_median": 260.5077415704727,
  "summary_csf_n": 24941.0,
  "summary_csf_p05": 70.94902116060257,
  "summary_csf_p95": 504.68566900491714,
  "summary_csf_stdv": 130.96260626937917,
  "summary_gm_k": 0.193400981633999,
  "summary_gm_mad": 58.11585337136767,
  "summary_gm_mean": 683.1507356102217,
  "summary_gm_median": 682.8449902534485,
  "summary_gm_n": 45951.0,
  "summary_gm_p05": 584.8661054372787,
  "summary_gm_p95": 782.484830468893,
  "summary_gm_stdv": 59.886855835638556,
  "summary_wm_k": 0.7698896023099917,
  "summary_wm_mad": 40.74849308643621,
  "summary_wm_mean": 999.5296320868571,
  "summary_wm_median": 1000.0000528097153,
  "summary_wm_n": 174338.0,
  "summary_wm_p05": 926.8480802774429,
  "summary_wm_p95": 1070.5644316673279,
  "summary_wm_stdv": 44.0285763400929,
  "tpm_overlap_csf": 0.13018140793029567,
  "tpm_overlap_gm": 0.48311637018567993,
  "tpm_overlap_wm": 0.4994796073496253,
  "wm2max": 0.513865191712917
}