{
  "bids_meta": {
    "AcquisitionMatrixPE": 256,
    "AcquisitionNumber": 1,
    "AcquisitionTime": "08:30:17.837500",
    "BaseResolution": 256,
    "BodyPartExamined": "BRAIN",
    "ConsistencyInfo": "N4_VE11B_LATEST_20150530",
    "ConversionSoftware": "dcm2niix",
    "ConversionSoftwareVersion": "v1.0.20181114  Clang4.0.1",
    "DeviceSerialNumber": "67007",
    "DwellTime": 8.2e-06,
    "EchoTime": 0.00298,
    "FlipAngle": 9,
    "ImageOrientationPatientDICOM": [
      -0.00692679,
      0.999976,
      -4.15134e-08,
      -0.0280795,
      -0.000194547,
      -0.999606
    ],
    "ImageType": [
      "ORIGINAL",
      "PRIMARY",
      "M",
      "ND",
      "NORM"
    ],
    "ImagingFrequency": 123.211,
    "InPlanePhaseEncodingDirectionDICOM": "ROW",
    "InstitutionAddress": "Perth_Drive_100_London_Ontario_CA_N6A_5K8",
    "InstitutionName": "Robarts_Research_Institute",
    "InstitutionalDepartmentName": "CFMM",
    "InversionTime": 0.9,
    "MRAcquisitionType": "3D",
    "MagneticFieldStrength": 3,
    "Manufacturer": "Siemens",
    "ManufacturersModelName": "Prisma_fit",
    "Modality": "MR",
    "PartialFourier": 1,
    "PatientPosition": "HFS",
    "PercentPhaseFOV": 100,
    "PhaseEncodingSteps": 255,
    "PhaseResolution": 1,
    "PixelBandwidth": 240,
    "ProcedureStepDescription": "Ansari_ITG",
    "ProtocolName": "mprage_sag_p2",
    "PulseSequenceDetails": "%SiemensSeq%_tfl",
    "ReceiveCoilActiveElements": "HEA;HEP",
    "ReceiveCoilName": "Head_32",
    "ReconMatrixPE": 256,
    "RepetitionTime": 2.3,
    "SAR": 0.0481219,
    "ScanOptions": "IR",
    "ScanningSequence": "GR_IR",
    "SequenceName": "_tfl3d1_16ns",
    "SequenceVariant": "SK_SP_MP",
    "SeriesDescription": "mprage_sag_p2",
    "SeriesNumber": 6,
    "ShimSetting": [
      5246,
      -6169,
      -3913,
      408,
      -43,
      -56,
      27,
      -13
    ],
    "SliceThickness": 1,
    "SoftwareVersions": "syngo_MR_E11",
    "StationName": "MRC35368",
    "TxRefAmp": 243.712,
    "dataset": "ds002033",
    "modality": "T1w",
    "session_id": "01",
    "subject_id": "01"
  },
  "cjv": 0.34448930019584434,
  "cnr": 3.822997510370849,
  "efc": 0.5044910631790672,
  "fber": -1.0,
  "fwhm_avg": 3.4371500000000004,
  "fwhm_x": 3.5002,
  "fwhm_y": 3.55159,
  "fwhm_z": 3.25966,
  "icvs_csf": 0.1790192584946743,
  "icvs_gm": 0.46931122070217396,
  "icvs_wm": 0.3516695208031518,
  "inu_med": 0.42575958371162415,
  "inu_range": 0.11088310480117797,
  "provenance": {
    "md5sum": "b32ab8014be15fb7ed7ed2fa751ba72f",
    "settings": {
      "testing": false
    },
    "software": "mriqc",
    "version": "22.0.6",
    "warnings": {
      "large_rot_frame": true,
      "small_air_mask": false
    },
    "webapi_port": null,
    "webapi_url": "https://mriqc.nimh.nih.gov/api/v1"
  },
  "qi_1": 0.003934741384524213,
  "qi_2": 0.05029683012779382,
  "rpve_csf": 27.335864930577923,
  "rpve_gm": 11.673509636290541,
  "rpve_wm": 17.56920435119244,
  "size_x": 176,
  "size_y": 256,
  "size_z": 256,
  "snr_csf": 2.1014283393775863,
  "snr_gm": 10.227200646719696,
  "snr_total": 12.610638570476922,
  "snr_wm": 25.50328672533348,
  "snrd_csf": 53.11574200317855,
  "snrd_gm": 139.89654126834557,
  "snrd_total": 131.08572981221923,
  "snrd_wm": 200.2449061651335,
  "spacing_x": 1.0,
  "spacing_y": 1.0,
  "spacing_z": 1.0,
  "summary_bg_k": 41.199326902527744,
  "summary_bg_mad": 0.0,
  "summary_bg_mean": 1.1343840015633284,
  "summary_bg_median": 0.0,
  "summary_bg_n": 3591955.0,
  "summary_bg_p05": 0.0,
  "summary_bg_p95": 5.837664803490043,
  "summary_bg_stdv": 3.271675659056194,
  "summary_csf_k": 1.275178518323206,
  "summary_csf_mad": 107.00107735154975,
  "summary_csf_mean": 284.26354253108764,
  "summary_csf_median": 265.25389250926673,
  "summary_csf_n": 18458.0,
  "summary_csf_p05": 101.30614194367081,
  "summary_csf_p95": 524.5794898025689,
  "summary_csf_stdv": 126.22210432059177,
  "summary_gm_k": 0.028167653045783503,
  "summary_gm_mad": 66.98682404833862,
  "summary_gm_mean": 700.5272579830532,
  "summary_gm_median": 698.6272001583129,
  "summary_gm_n": 42630.0,
  "summary_gm_p05": 590.803665317595,
  "summary_gm_p95": 817.2997284922749,
  "summary_gm_stdv": 68.30989536272052,
  "summary_wm_k": 0.6216058111888505,
  "summary_wm_mad": 36.83287316404224,
  "summary_wm_mean": 1000.0013837651827,
  "summary_wm_median": 999.999977638945,
  "summary_wm_n": 198613.0,
  "summary_wm_p05": 935.9456008225679,
  "summary_wm_p95": 1063.8411064259708,
  "summary_wm_stdv": 39.210532781404915,
  "tpm_overlap_csf": 0.15025768566079,
  "tpm_overlap_gm": 0.4727453421337125,
  "tpm_overlap_wm": 0.5219138465229833,
  "wm2max": 0.6224179981086059
}