{
  "bids_meta": {
    "AcquisitionMatrixPE": 248,
    "AcquisitionNumber": 1,
    "AcquisitionTime": "13:32:54.695000",
    "BaseResolution": 256,
    "BodyPartExamined": "BRAIN",
    "ConsistencyInfo": "N4_VE11B_LATEST_20150530",
    "ConversionSoftware": "dcm2niix",
    "ConversionSoftwareVersion": "v1.0.20181114  Clang4.0.1",
    "DeviceSerialNumber": "67007",
    "DwellTime": 8.2e-06,
    "EchoTime": 0.00298,
    "FlipAngle": 9,
    "ImageOrientationPatientDICOM": [
      -0.0313446,
      0.999509,
      -7.83364e-09,
      0.00680207,
      0.000213305,
      -0.999977
    ],
    "ImageType": [
      "ORIGINAL",
      "PRIMARY",
      "M",
      "ND",
      "NORM"
    ],
    "ImagingFrequency": 123.211,
    "InPlanePhaseEncodingDirectionDICOM": "ROW",
    "InstitutionAddress": "Perth_Drive_100_London_Ontario_CA_N6A_5K8",
    "InstitutionName": "Robarts_Research_Institute",
    "InstitutionalDepartmentName": "CFMM",
    "InversionTime": 0.9,
    "MRAcquisitionType": "3D",
    "MagneticFieldStrength": 3,
    "Manufacturer": "Siemens",
    "ManufacturersModelName": "Prisma_fit",
    "Modality": "MR",
    "PartialFourier": 1,
    "PatientPosition": "HFS",
    "PercentPhaseFOV": 96.875,
    "PhaseEncodingSteps": 247,
    "PhaseResolution": 1,
    "PixelBandwidth": 240,
    "ProcedureStepDescription": "Ansari_ITG",
    "ProtocolName": "mprage_sag_p2",
    "PulseSequenceDetails": "%SiemensSeq%_tfl",
    "ReceiveCoilActiveElements": "HEA;HEP",
    "ReceiveCoilName": "Head_32",
    "ReconMatrixPE": 256,
    "RepetitionTime": 2.3,
    "SAR": 0.0649186,
    "ScanOptions": "IR",
    "ScanningSequence": "GR_IR",
    "SequenceName": "_tfl3d1_16ns",
    "SequenceVariant": "SK_SP_MP",
    "SeriesDescription": "mprage_sag_p2",
    "SeriesNumber": 6,
    "ShimSetting": [
      5248,
      -6180,
      -3869,
      227,
      -12,
      -124,
      5,
      -27
    ],
    "SliceThickness": 1,
    "SoftwareVersions": "syngo_MR_E11",
    "StationName": "MRC35368",
    "TxRefAmp": 287.086,
    "dataset": "ds002033",
    "modality": "T1w",
    "session_id": "01",
    "subject_id": "25"
  },
  "cjv": 0.346323847580515,
  "cnr": 3.790241833646215,
  "efc": 0.6172933848510643,
  "fber": 15025.374586521435,
  "fwhm_avg": 3.618909852651375,
  "fwhm_x": 3.7081495579541253,
  "fwhm_y": 3.68106,
  "fwhm_z": 3.46752,
  "icvs_csf": 0.23355375283899626,
  "icvs_gm": 0.4302900422573449,
  "icvs_wm": 0.33615620490365883,
  "inu_med": 0.46942874789237976,
  "inu_range": 0.1043887019157409,
  "provenance": {
    "md5sum": "3bfdb2230f46de7fe5b5f2dbdfa0de18",
    "settings": {
      "testing": false
    },
    "software": "mriqc",
    "version": "22.0.6",
    "warnings": {
      "large_rot_frame": true,
      "small_air_mask": false
    },
    "webapi_port": null,
    "webapi_url": "https://mriqc.nimh.nih.gov/api/v1"
  },
  "qi_1": 0.0,
  "qi_2": 0.018716194143434544,
  "rpve_csf": 20.70948126989461,
  "rpve_gm": 11.444318198341168,
  "rpve_wm": 16.57912049990813,
  "size_x": 176,
  "size_y": 248,
  "size_z": 256,
  "snr_csf": 2.1936051597887163,
  "snr_gm": 10.203400624242596,
  "snr_total": 11.422683218607972,
  "snr_wm": 21.871043871792605,
  "snrd_csf": 20.915132155412383,
  "snrd_gm": 60.9201651315162,
  "snrd_total": 56.73040889880097,
  "snrd_wm": 88.35592940947431,
  "spacing_x": 1.0000001192092896,
  "spacing_y": 1.0,
  "spacing_z": 1.0,
  "summary_bg_k": 12.459024721248133,
  "summary_bg_mad": 0.0,
  "summary_bg_mean": 4.637825904670177,
  "summary_bg_median": 0.0,
  "summary_bg_n": 2299247.0,
  "summary_bg_p05": 0.0,
  "summary_bg_p95": 18.310946682468057,
  "summary_bg_stdv": 7.41474186917904,
  "summary_csf_k": 2.4594062018632785,
  "summary_csf_mad": 82.08447784592973,
  "summary_csf_mean": 250.76547870662512,
  "summary_csf_median": 236.71453164890409,
  "summary_csf_n": 55870.0,
  "summary_csf_p05": 83.86598851531744,
  "summary_csf_p95": 457.4062129883093,
  "summary_csf_stdv": 107.91021900304622,
  "summary_gm_k": 0.09755255829185083,
  "summary_gm_mad": 65.14568431386391,
  "summary_gm_mean": 689.7372526377324,
  "summary_gm_median": 689.4858827535063,
  "summary_gm_n": 32856.0,
  "summary_gm_p05": 578.0145209934562,
  "summary_gm_p95": 803.5201594792306,
  "summary_gm_stdv": 67.57309798206745,
  "summary_wm_k": 0.8376684913397496,
  "summary_wm_mad": 42.39276435322416,
  "summary_wm_mean": 1000.7706547922846,
  "summary_wm_median": 1000.0000140164047,
  "summary_wm_n": 203557.0,
  "summary_wm_p05": 927.4664326384664,
  "summary_wm_p95": 1076.1772576346993,
  "summary_wm_stdv": 45.72244304208164,
  "tpm_overlap_csf": 0.17119831634089586,
  "tpm_overlap_gm": 0.46612610384278874,
  "tpm_overlap_wm": 0.5069049442797905,
  "wm2max": 0.5520891934741472
}