{
  "bids_meta": {
    "AcquisitionMatrixPE": 256,
    "AcquisitionNumber": 1,
    "AcquisitionTime": "15:17:43.785000",
    "BaseResolution": 256,
    "BodyPartExamined": "BRAIN",
    "ConsistencyInfo": "N4_VE11B_LATEST_20150530",
    "ConversionSoftware": "dcm2niix",
    "ConversionSoftwareVersion": "v1.0.20181114  Clang4.0.1",
    "DeviceSerialNumber": "67007",
    "DwellTime": 8.2e-06,
    "EchoTime": 0.00298,
    "FlipAngle": 9,
    "ImageOrientationPatientDICOM": [
      -0.00866056,
      0.999963,
      -1.65599e-09,
      -0.00714996,
      -6.19266e-05,
      -0.999974
    ],
    "ImageType": [
      "ORIGINAL",
      "PRIMARY",
      "M",
      "ND",
      "NORM"
    ],
    "ImagingFrequency": 123.211,
    "InPlanePhaseEncodingDirectionDICOM": "ROW",
    "InstitutionAddress": "Perth_Drive_100_London_Ontario_CA_N6A_5K8",
    "InstitutionName": "Robarts_Research_Institute",
    "InstitutionalDepartmentName": "CFMM",
    "InversionTime": 0.9,
    "MRAcquisitionType": "3D",
    "MagneticFieldStrength": 3,
    "Manufacturer": "Siemens",
    "ManufacturersModelName": "Prisma_fit",
    "Modality": "MR",
    "PartialFourier": 1,
    "PatientPosition": "HFS",
    "PercentPhaseFOV": 100,
    "PhaseEncodingSteps": 255,
    "PhaseResolution": 1,
    "PixelBandwidth": 240,
    "ProcedureStepDescription": "Ansari_ITG",
    "ProtocolName": "mprage_sag_p2",
    "PulseSequenceDetails": "%SiemensSeq%_tfl",
    "ReceiveCoilActiveElements": "HEA;HEP",
    "ReceiveCoilName": "Head_32",
    "ReconMatrixPE": 256,
    "RepetitionTime": 2.3,
    "SAR": 0.0634322,
    "ScanOptions": "IR",
    "ScanningSequence": "GR_IR",
    "SequenceName": "_tfl3d1_16ns",
    "SequenceVariant": "SK_SP_MP",
    "SeriesDescription": "mprage_sag_p2",
    "SeriesNumber": 8,
    "ShimSetting": [
      5246,
      -6160,
      -3883,
      377,
      21,
      -140,
      56,
      43
    ],
    "SliceThickness": 1,
    "SoftwareVersions": "syngo_MR_E11",
    "StationName": "MRC35368",
    "TxRefAmp": 275.538,
    "dataset": "ds002033",
    "modality": "T1w",
    "session_id": "01",
    "subject_id": "06"
  },
  "cjv": 0.31578668374939123,
  "cnr": 4.159530075363491,
  "efc": 0.5618948395529186,
  "fber": 24508.603475161504,
  "fwhm_avg": 3.5820933333333334,
  "fwhm_x": 3.59721,
  "fwhm_y": 3.73817,
  "fwhm_z": 3.4109,
  "icvs_csf": 0.16153879258440534,
  "icvs_gm": 0.47065008733405805,
  "icvs_wm": 0.3678111200815366,
  "inu_med": 0.46332991123199463,
  "inu_range": 0.1196057230234146,
  "provenance": {
    "md5sum": "7e5503d13ea1fbebda7ef7f2d46bb0f5",
    "settings": {
      "testing": false
    },
    "software": "mriqc",
    "version": "22.0.6",
    "warnings": {
      "large_rot_frame": true,
      "small_air_mask": false
    },
    "webapi_port": null,
    "webapi_url": "https://mriqc.nimh.nih.gov/api/v1"
  },
  "qi_1": 0.018570341851376175,
  "qi_2": 0.026785524386732113,
  "rpve_csf": 30.846747181141424,
  "rpve_gm": 12.114991602609306,
  "rpve_wm": 17.167814135517695,
  "size_x": 176,
  "size_y": 256,
  "size_z": 256,
  "snr_csf": 2.063289376990488,
  "snr_gm": 11.565764773094378,
  "snr_total": 12.155491675506495,
  "snr_wm": 22.837420876434614,
  "snrd_csf": 28.571944755580205,
  "snrd_gm": 76.2013481766471,
  "snrd_total": 71.68742719353513,
  "snrd_wm": 110.28898864837807,
  "spacing_x": 1.0,
  "spacing_y": 1.0,
  "spacing_z": 1.0,
  "summary_bg_k": 72.67535771591096,
  "summary_bg_mad": 0.0,
  "summary_bg_mean": 2.6579181966115724,
  "summary_bg_median": 0.0,
  "summary_bg_n": 2276113.0,
  "summary_bg_p05": 0.0,
  "summary_bg_p95": 13.463774431496859,
  "summary_bg_stdv": 5.940371696650574,
  "summary_csf_k": 0.9722131019236326,
  "summary_csf_mad": 111.53504290388308,
  "summary_csf_mean": 268.13420804514465,
  "summary_csf_median": 259.07272431254387,
  "summary_csf_n": 16751.0,
  "summary_csf_p05": 67.93232950568199,
  "summary_csf_p95": 492.8806920479983,
  "summary_csf_stdv": 125.55921337729019,
  "summary_gm_k": 0.3907733343370974,
  "summary_gm_mad": 56.48555820883349,
  "summary_gm_mean": 692.7654905709378,
  "summary_gm_median": 690.9466974437237,
  "summary_gm_n": 51725.0,
  "summary_gm_p05": 597.862616661936,
  "summary_gm_p95": 794.4530956991016,
  "summary_gm_stdv": 59.740106419827534,
  "summary_wm_k": 0.5996471824776042,
  "summary_wm_mad": 41.119571611345734,
  "summary_wm_mean": 1000.3622109016287,
  "summary_wm_median": 1000.0323392488062,
  "summary_wm_n": 213092.0,
  "summary_wm_p05": 929.5816058926284,
  "summary_wm_p95": 1073.0014764554799,
  "summary_wm_stdv": 43.7890950198194,
  "tpm_overlap_csf": 0.1502586098307759,
  "tpm_overlap_gm": 0.4850180471652219,
  "tpm_overlap_wm": 0.5371097892121506,
  "wm2max": 0.5305231064369155
}